STORAGE: NONE
RESTRICTION: || (== net5.0) (== net6.0) (== net8.0) (== netstandard2.0) (== netstandard2.1)
NUGET
  remote: https://www.nuget.org/api/v2
    Accord (3.8)
    Accord.Math (3.8)
      Accord (>= 3.8)
    Accord.Statistics (3.8)
      Accord (>= 3.8)
      Accord.Math (>= 3.8)
    DynamicInterop (0.9.1) - restriction: || (== net5.0) (== net6.0) (== net8.0) (&& (== netstandard2.0) (>= net5.0)) (&& (== netstandard2.1) (>= net5.0))
    FSharp.Core (8.0.400)
    FSharp.Data (6.4)
      FSharp.Core (>= 6.0.1)
      FSharp.Data.Csv.Core (>= 6.4)
      FSharp.Data.Html.Core (>= 6.4)
      FSharp.Data.Http (>= 6.4)
      FSharp.Data.Json.Core (>= 6.4)
      FSharp.Data.Runtime.Utilities (>= 6.4)
      FSharp.Data.WorldBank.Core (>= 6.4)
      FSharp.Data.Xml.Core (>= 6.4)
    FSharp.Data.Csv.Core (6.4)
      FSharp.Core (>= 6.0.1)
      FSharp.Data.Runtime.Utilities (>= 6.4)
    FSharp.Data.Html.Core (6.4)
      FSharp.Core (>= 6.0.1)
      FSharp.Data.Csv.Core (>= 6.4)
      FSharp.Data.Runtime.Utilities (>= 6.4)
    FSharp.Data.Http (6.4)
      FSharp.Core (>= 6.0.1)
    FSharp.Data.Json.Core (6.4)
      FSharp.Core (>= 6.0.1)
      FSharp.Data.Http (>= 6.4)
      FSharp.Data.Runtime.Utilities (>= 6.4)
    FSharp.Data.Runtime.Utilities (6.4)
      FSharp.Core (>= 6.0.1)
      FSharp.Data.Http (>= 6.4)
    FSharp.Data.WorldBank.Core (6.4)
      FSharp.Core (>= 6.0.1)
      FSharp.Data.Http (>= 6.4)
      FSharp.Data.Json.Core (>= 6.4)
      FSharp.Data.Runtime.Utilities (>= 6.4)
    FSharp.Data.Xml.Core (6.4)
      FSharp.Core (>= 6.0.1)
      FSharp.Data.Http (>= 6.4)
      FSharp.Data.Json.Core (>= 6.4)
      FSharp.Data.Runtime.Utilities (>= 6.4)
    MathNet.Numerics (5.0)
    MathNet.Numerics.FSharp (5.0)
      FSharp.Core (>= 6.0.2)
      MathNet.Numerics (>= 5.0)
    Microsoft.CSharp (4.7) - restriction: || (== net5.0) (== net6.0) (== net8.0) (&& (== netstandard2.0) (>= net5.0)) (&& (== netstandard2.1) (>= net5.0))
    Microsoft.Win32.Registry (5.0) - restriction: || (== net5.0) (== net6.0) (== net8.0) (&& (== netstandard2.0) (>= net5.0)) (&& (== netstandard2.1) (>= net5.0))
      System.Security.AccessControl (>= 5.0)
      System.Security.Principal.Windows (>= 5.0)
    Newtonsoft.Json (13.0.3) - restriction: || (== net5.0) (== net6.0) (== net8.0) (&& (== netstandard2.0) (>= net5.0)) (&& (== netstandard2.1) (>= net5.0))
    PipeMethodCalls (4.0.2) - restriction: || (== net5.0) (== net6.0) (== net8.0) (&& (== netstandard2.0) (>= net5.0)) (&& (== netstandard2.1) (>= net5.0))
    R.NET (1.9) - restriction: || (== net5.0) (== net6.0) (== net8.0) (&& (== netstandard2.0) (>= net5.0)) (&& (== netstandard2.1) (>= net5.0))
      DynamicInterop (>= 0.9.1)
      Microsoft.CSharp (>= 4.5)
      Microsoft.Win32.Registry (>= 4.5)
    R.NET.FSharp (1.9) - restriction: || (== net5.0) (== net6.0) (== net8.0) (&& (== netstandard2.0) (>= net5.0)) (&& (== netstandard2.1) (>= net5.0))
      DynamicInterop (>= 0.9.1)
      FSharp.Core (>= 4.6.2)
      R.NET (>= 1.9)
    RProvider (2.1)
      FSharp.Core (>= 4.6.2) - restriction: || (== net5.0) (== net6.0) (== net8.0) (&& (== netstandard2.0) (>= net5.0)) (&& (== netstandard2.1) (>= net5.0))
      Newtonsoft.Json (>= 13.0.1) - restriction: || (== net5.0) (== net6.0) (== net8.0) (&& (== netstandard2.0) (>= net5.0)) (&& (== netstandard2.1) (>= net5.0))
      PipeMethodCalls (>= 3.0.4) - restriction: || (== net5.0) (== net6.0) (== net8.0) (&& (== netstandard2.0) (>= net5.0)) (&& (== netstandard2.1) (>= net5.0))
      R.NET (>= 1.9) - restriction: || (== net5.0) (== net6.0) (== net8.0) (&& (== netstandard2.0) (>= net5.0)) (&& (== netstandard2.1) (>= net5.0))
      R.NET.FSharp (>= 1.9) - restriction: || (== net5.0) (== net6.0) (== net8.0) (&& (== netstandard2.0) (>= net5.0)) (&& (== netstandard2.1) (>= net5.0))
      System.ComponentModel.Composition (>= 5.0) - restriction: || (== net5.0) (== net6.0) (== net8.0) (&& (== netstandard2.0) (>= net5.0)) (&& (== netstandard2.1) (>= net5.0))
      System.Reflection.MetadataLoadContext (>= 5.0) - restriction: || (== net5.0) (== net6.0) (== net8.0) (&& (== netstandard2.0) (>= net5.0)) (&& (== netstandard2.1) (>= net5.0))
    System.Collections.Immutable (8.0) - restriction: || (== net5.0) (== net6.0) (== net8.0) (&& (== netstandard2.0) (>= net5.0)) (&& (== netstandard2.1) (>= net5.0))
      System.Memory (>= 4.5.5) - restriction: || (== net5.0) (&& (== net6.0) (>= net462)) (&& (== net8.0) (>= net462)) (&& (== net8.0) (< net6.0)) (== netstandard2.0) (== netstandard2.1)
      System.Runtime.CompilerServices.Unsafe (>= 6.0) - restriction: || (== net5.0) (== net6.0) (&& (== net8.0) (>= net462)) (&& (== net8.0) (< net6.0)) (&& (== net8.0) (< net7.0)) (== netstandard2.0) (== netstandard2.1)
    System.ComponentModel.Composition (8.0) - restriction: || (== net5.0) (== net6.0) (== net8.0) (&& (== netstandard2.0) (>= net5.0)) (&& (== netstandard2.1) (>= net5.0))
    System.Memory (4.5.5) - restriction: || (== net5.0) (&& (== net6.0) (== netstandard2.0)) (&& (== net6.0) (== netstandard2.1)) (&& (== net6.0) (>= net462)) (&& (== net8.0) (== netstandard2.0)) (&& (== net8.0) (== netstandard2.1)) (&& (== net8.0) (>= net462)) (&& (== net8.0) (< net6.0)) (&& (== netstandard2.0) (>= net5.0)) (&& (== netstandard2.1) (>= net5.0))
    System.Reflection.Metadata (8.0) - restriction: || (== net5.0) (== net6.0) (== net8.0) (&& (== netstandard2.0) (>= net5.0)) (&& (== netstandard2.1) (>= net5.0))
      System.Collections.Immutable (>= 8.0)
      System.Memory (>= 4.5.5) - restriction: || (== net5.0) (&& (== net6.0) (>= net462)) (&& (== net8.0) (>= net462)) (&& (== net8.0) (< net6.0)) (== netstandard2.0) (== netstandard2.1)
    System.Reflection.MetadataLoadContext (8.0) - restriction: || (== net5.0) (== net6.0) (== net8.0) (&& (== netstandard2.0) (>= net5.0)) (&& (== netstandard2.1) (>= net5.0))
      System.Collections.Immutable (>= 8.0)
      System.Memory (>= 4.5.5) - restriction: || (== net5.0) (&& (== net6.0) (>= net462)) (&& (== net8.0) (>= net462)) (&& (== net8.0) (< net6.0)) (== netstandard2.0) (== netstandard2.1)
      System.Reflection.Metadata (>= 8.0)
    System.Runtime.CompilerServices.Unsafe (6.0) - restriction: || (== net5.0) (== net6.0) (&& (== net8.0) (== netstandard2.0)) (&& (== net8.0) (== netstandard2.1)) (&& (== net8.0) (>= net462)) (&& (== net8.0) (< net6.0)) (&& (== net8.0) (< net7.0)) (&& (== netstandard2.0) (>= net5.0)) (&& (== netstandard2.0) (>= net6.0)) (&& (== netstandard2.1) (>= net5.0)) (&& (== netstandard2.1) (>= net6.0))
    System.Security.AccessControl (6.0.1) - restriction: || (== net5.0) (== net6.0) (== net8.0) (&& (== netstandard2.0) (>= net5.0)) (&& (== netstandard2.1) (>= net5.0))
      System.Security.Principal.Windows (>= 5.0) - restriction: || (== net5.0) (&& (== net6.0) (>= net461)) (&& (== net8.0) (>= net461)) (&& (== net8.0) (< net6.0)) (== netstandard2.0) (== netstandard2.1)
    System.Security.Principal.Windows (5.0) - restriction: || (== net5.0) (== net6.0) (== net8.0) (&& (== netstandard2.0) (>= net5.0)) (&& (== netstandard2.1) (>= net5.0))
GITHUB
  remote: fsprojects/FSharp.TypeProviders.SDK
    src/ProvidedTypes.fs (3a9510e466cb8ab04e0b86841dc777994909f881)
    src/ProvidedTypes.fsi (3a9510e466cb8ab04e0b86841dc777994909f881)
GROUP Test
STORAGE: NONE
NUGET
  remote: https://www.nuget.org/api/v2
    BenchmarkDotNet (0.13.12) - restriction: >= net6.0
      BenchmarkDotNet.Annotations (>= 0.13.12) - restriction: >= netstandard2.0
      CommandLineParser (>= 2.9.1) - restriction: >= netstandard2.0
      Gee.External.Capstone (>= 2.3) - restriction: >= netstandard2.0
      Iced (>= 1.17) - restriction: >= netstandard2.0
      Microsoft.CodeAnalysis.CSharp (>= 4.1) - restriction: >= netstandard2.0
      Microsoft.Diagnostics.Runtime (>= 2.2.332302) - restriction: >= netstandard2.0
      Microsoft.Diagnostics.Tracing.TraceEvent (>= 3.0.2) - restriction: >= netstandard2.0
      Microsoft.DotNet.PlatformAbstractions (>= 3.1.6) - restriction: >= netstandard2.0
      Perfolizer (0.2.1) - restriction: >= netstandard2.0
      System.Management (>= 5.0) - restriction: >= netstandard2.0
    BenchmarkDotNet.Annotations (0.14) - restriction: >= net6.0
    CommandLineParser (2.9.1) - restriction: >= net6.0
    Expecto (10.2.1)
      FSharp.Core (>= 7.0.200) - restriction: >= net6.0
      Mono.Cecil (>= 0.11.4 < 1.0) - restriction: >= net6.0
    Expecto.BenchmarkDotNet (10.2.1)
      BenchmarkDotNet (>= 0.13.5 < 0.14) - restriction: >= net6.0
      FSharp.Core (>= 7.0.200) - restriction: >= net6.0
    Expecto.FsCheck (10.2.1)
      Expecto (>= 10.2.1) - restriction: >= net6.0
      FsCheck (>= 2.16.5 < 3.0) - restriction: >= net6.0
    Expecto.Hopac (10.2.1)
      Expecto (>= 10.2.1) - restriction: >= net6.0
      Hopac (>= 0.5.1 < 1.0) - restriction: >= net6.0
    FsCheck (2.16.6) - restriction: >= net6.0
      FSharp.Core (>= 4.2.3) - restriction: || (>= net452) (>= netstandard1.6)
    FSharp.Core (8.0.400) - restriction: >= net6.0
    Gee.External.Capstone (2.3) - restriction: >= net6.0
    Hopac (0.5.1) - restriction: >= net6.0
      FSharp.Core (>= 4.5.2) - restriction: >= netstandard2.0
    Iced (1.21) - restriction: >= net6.0
    Microsoft.CodeAnalysis.Analyzers (3.3.4) - restriction: >= net6.0
    Microsoft.CodeAnalysis.Common (4.11) - restriction: >= net6.0
      Microsoft.CodeAnalysis.Analyzers (>= 3.3.4) - restriction: >= netstandard2.0
      System.Buffers (>= 4.5.1) - restriction: && (< net7.0) (>= netstandard2.0)
      System.Collections.Immutable (>= 8.0) - restriction: >= netstandard2.0
      System.Memory (>= 4.5.5) - restriction: && (< net7.0) (>= netstandard2.0)
      System.Numerics.Vectors (>= 4.5) - restriction: && (< net7.0) (>= netstandard2.0)
      System.Reflection.Metadata (>= 8.0) - restriction: >= netstandard2.0
      System.Runtime.CompilerServices.Unsafe (>= 6.0) - restriction: && (< net7.0) (>= netstandard2.0)
      System.Text.Encoding.CodePages (>= 7.0) - restriction: && (< net7.0) (>= netstandard2.0)
      System.Threading.Tasks.Extensions (>= 4.5.4) - restriction: && (< net7.0) (>= netstandard2.0)
    Microsoft.CodeAnalysis.CSharp (4.11) - restriction: >= net6.0
      Microsoft.CodeAnalysis.Analyzers (>= 3.3.4) - restriction: >= netstandard2.0
      Microsoft.CodeAnalysis.Common (4.11) - restriction: >= netstandard2.0
      System.Buffers (>= 4.5.1) - restriction: && (< net7.0) (>= netstandard2.0)
      System.Collections.Immutable (>= 8.0) - restriction: >= netstandard2.0
      System.Memory (>= 4.5.5) - restriction: && (< net7.0) (>= netstandard2.0)
      System.Numerics.Vectors (>= 4.5) - restriction: && (< net7.0) (>= netstandard2.0)
      System.Reflection.Metadata (>= 8.0) - restriction: >= netstandard2.0
      System.Runtime.CompilerServices.Unsafe (>= 6.0) - restriction: && (< net7.0) (>= netstandard2.0)
      System.Text.Encoding.CodePages (>= 7.0) - restriction: && (< net7.0) (>= netstandard2.0)
      System.Threading.Tasks.Extensions (>= 4.5.4) - restriction: && (< net7.0) (>= netstandard2.0)
    Microsoft.Diagnostics.NETCore.Client (0.2.532401) - restriction: >= net6.0
      Microsoft.Extensions.Logging.Abstractions (>= 6.0.4) - restriction: >= netstandard2.0
    Microsoft.Diagnostics.Runtime (3.1.512801) - restriction: >= net6.0
      Microsoft.Diagnostics.NETCore.Client (>= 0.2.410101) - restriction: >= netstandard2.0
    Microsoft.Diagnostics.Tracing.TraceEvent (3.1.15) - restriction: >= net6.0
      Microsoft.Diagnostics.NETCore.Client (>= 0.2.510501) - restriction: >= netstandard2.0
      Microsoft.Win32.Registry (>= 5.0) - restriction: >= netstandard2.0
      System.Collections.Immutable (>= 8.0) - restriction: >= netstandard2.0
      System.Reflection.Metadata (>= 8.0) - restriction: >= netstandard2.0
      System.Reflection.TypeExtensions (>= 4.7) - restriction: >= netstandard2.0
      System.Runtime.CompilerServices.Unsafe (>= 6.0) - restriction: >= netstandard2.0
    Microsoft.DotNet.PlatformAbstractions (3.1.6) - restriction: >= net6.0
    Microsoft.Extensions.DependencyInjection.Abstractions (8.0.1) - restriction: >= net6.0
    Microsoft.Extensions.Logging.Abstractions (8.0.1) - restriction: >= net6.0
      Microsoft.Extensions.DependencyInjection.Abstractions (>= 8.0.1) - restriction: || (>= net462) (>= netstandard2.0)
    Microsoft.Win32.Registry (5.0) - restriction: >= net6.0
      System.Buffers (>= 4.5.1) - restriction: || (&& (>= monoandroid) (< netstandard1.3)) (>= monotouch) (&& (< net46) (< netcoreapp2.0) (>= netstandard2.0)) (>= xamarinios) (>= xamarinmac) (>= xamarintvos) (>= xamarinwatchos)
      System.Security.AccessControl (>= 5.0) - restriction: || (&& (>= monoandroid) (< netstandard1.3)) (&& (< monoandroid) (>= netcoreapp2.0)) (>= monotouch) (&& (< net46) (< netcoreapp2.0) (>= netstandard2.0)) (>= net461) (>= netcoreapp2.1) (>= uap10.1) (>= xamarinios) (>= xamarinmac) (>= xamarintvos) (>= xamarinwatchos)
      System.Security.Principal.Windows (>= 5.0) - restriction: || (&& (>= monoandroid) (< netstandard1.3)) (&& (< monoandroid) (>= netcoreapp2.0)) (>= monotouch) (&& (< net46) (< netcoreapp2.0) (>= netstandard2.0)) (>= net461) (>= netcoreapp2.1) (>= uap10.1) (>= xamarinios) (>= xamarinmac) (>= xamarintvos) (>= xamarinwatchos)
    Mono.Cecil (0.11.5) - restriction: >= net6.0
    Perfolizer (0.2.1) - restriction: >= net6.0
      System.Memory (>= 4.5.3) - restriction: >= netstandard2.0
    System.Buffers (4.5.1) - restriction: || (&& (>= monoandroid) (>= net6.0) (< netstandard1.1)) (&& (>= monoandroid) (>= net6.0) (< netstandard1.3)) (&& (< monoandroid) (>= net6.0) (< netstandard1.1)) (&& (< monoandroid) (>= net6.0) (< netstandard2.0)) (&& (>= monotouch) (>= net6.0)) (&& (>= net45) (>= net6.0) (< netstandard2.0)) (&& (>= net461) (>= net6.0)) (&& (>= net6.0) (< net7.0)) (&& (>= net6.0) (< netcoreapp2.0)) (&& (>= net6.0) (< netstandard1.1) (>= win8)) (&& (>= net6.0) (< netstandard2.0) (>= wpa81)) (&& (>= net6.0) (>= xamarinios)) (&& (>= net6.0) (>= xamarinmac)) (&& (>= net6.0) (>= xamarintvos)) (&& (>= net6.0) (>= xamarinwatchos))
    System.CodeDom (8.0) - restriction: >= net6.0
    System.Collections.Immutable (8.0) - restriction: >= net6.0
      System.Runtime.CompilerServices.Unsafe (>= 6.0) - restriction: || (>= net462) (&& (>= net6.0) (< net7.0)) (&& (< net6.0) (>= netstandard2.0))
    System.Management (8.0) - restriction: >= net6.0
      System.CodeDom (>= 8.0) - restriction: >= netstandard2.0
    System.Memory (4.5.5) - restriction: >= net6.0
      System.Buffers (>= 4.5.1) - restriction: || (&& (>= monoandroid) (< netstandard1.1)) (&& (< monoandroid) (< net45) (>= netstandard1.1) (< netstandard2.0) (< win8) (< wpa81)) (&& (< monoandroid) (< netstandard1.1) (>= portable-net45+win8+wpa81) (< win8)) (>= monotouch) (&& (>= net45) (< netstandard2.0)) (&& (< net45) (< netcoreapp2.0) (>= netstandard2.0)) (>= net461) (&& (< netstandard1.1) (>= win8)) (&& (< netstandard2.0) (< uap10.1) (>= wpa81)) (>= xamarinios) (>= xamarinmac) (>= xamarintvos) (>= xamarinwatchos)
      System.Runtime.CompilerServices.Unsafe (>= 4.5.3) - restriction: || (&& (>= monoandroid) (< netstandard1.1)) (&& (< monoandroid) (< net45) (>= netstandard1.1) (< netstandard2.0) (< win8) (< wpa81)) (&& (< monoandroid) (>= netcoreapp2.0) (< netcoreapp2.1)) (&& (< monoandroid) (< netstandard1.1) (>= portable-net45+win8+wpa81) (< win8)) (>= monotouch) (&& (>= net45) (< netstandard2.0)) (&& (< net45) (< netcoreapp2.0) (>= netstandard2.0)) (>= net461) (&& (< netstandard1.1) (>= win8)) (&& (< netstandard2.0) (>= wpa81)) (>= uap10.1) (>= xamarinios) (>= xamarinmac) (>= xamarintvos) (>= xamarinwatchos)
    System.Numerics.Vectors (4.5) - restriction: && (>= net6.0) (< net7.0)
    System.Reflection.Metadata (8.0) - restriction: >= net6.0
      System.Collections.Immutable (>= 8.0) - restriction: || (>= net462) (>= netstandard2.0)
    System.Reflection.TypeExtensions (4.7) - restriction: >= net6.0
    System.Runtime.CompilerServices.Unsafe (6.0) - restriction: >= net6.0
    System.Security.AccessControl (6.0.1) - restriction: >= net6.0
    System.Security.Principal.Windows (5.0) - restriction: >= net6.0
    System.Text.Encoding.CodePages (8.0) - restriction: && (>= net6.0) (< net7.0)
      System.Runtime.CompilerServices.Unsafe (>= 6.0) - restriction: || (>= net462) (&& (>= net6.0) (< net7.0)) (&& (< net6.0) (>= netstandard2.0))
    System.Threading.Tasks.Extensions (4.5.4) - restriction: && (>= net6.0) (< net7.0)
