NUGET
  remote: https://www.nuget.org/api/v2
    DynamicInterop (0.7.4)
    FSharp.Core (4.5.1) - restriction: || (>= net45) (>= netstandard1.6)
    FSharp.Data (3.0.0-beta4)
      FSharp.Core (>= 4.0.0.1) - restriction: >= net45
      FSharp.Core (>= 4.3.4) - restriction: && (< net45) (>= netstandard2.0)
    MathNet.Numerics (4.5.1)
      NETStandard.Library (>= 2.0.2) - restriction: && (< net40) (>= netstandard1.3) (< netstandard2.0)
      System.Runtime (>= 4.3) - restriction: && (< net40) (>= netstandard1.3) (< netstandard2.0)
      System.Runtime.Numerics (>= 4.3) - restriction: && (< net40) (>= netstandard1.3) (< netstandard2.0)
      System.Runtime.Serialization.Formatters (>= 4.3) - restriction: && (< net40) (>= netstandard1.3) (< netstandard2.0)
      System.Runtime.Serialization.Primitives (>= 4.3) - restriction: && (< net40) (>= netstandard1.3) (< netstandard2.0)
      System.Runtime.Serialization.Xml (>= 4.3) - restriction: && (< net40) (>= netstandard1.3) (< netstandard2.0)
      System.Security.Cryptography.Algorithms (>= 4.3.1) - restriction: && (< net40) (>= netstandard1.3) (< netstandard2.0)
    MathNet.Numerics.FSharp (4.5.1)
      FSharp.Core (>= 4.3.3) - restriction: || (>= net45) (>= netstandard1.6)
      MathNet.Numerics (>= 4.5.1) - restriction: || (>= net45) (>= netstandard1.6)
      NETStandard.Library (>= 2.0.2) - restriction: && (< net45) (>= netstandard1.6) (< netstandard2.0)
      System.Runtime (>= 4.3) - restriction: && (< net45) (>= netstandard1.6) (< netstandard2.0)
      System.Runtime.Numerics (>= 4.3) - restriction: && (< net45) (>= netstandard1.6) (< netstandard2.0)
      System.Runtime.Serialization.Formatters (>= 4.3) - restriction: && (< net45) (>= netstandard1.6) (< netstandard2.0)
      System.Runtime.Serialization.Primitives (>= 4.3) - restriction: && (< net45) (>= netstandard1.6) (< netstandard2.0)
      System.Runtime.Serialization.Xml (>= 4.3) - restriction: && (< net45) (>= netstandard1.6) (< netstandard2.0)
      System.Security.Cryptography.Algorithms (>= 4.3.1) - restriction: && (< net45) (>= netstandard1.6) (< netstandard2.0)
    Microsoft.NETCore.Platforms (2.1) - restriction: || (&& (< monoandroid) (< monotouch) (< net40) (>= netstandard1.5) (< netstandard2.0) (< win8) (< wpa81) (< xamarinios) (< xamarinmac) (< xamarintvos) (< xamarinwatchos)) (&& (< monoandroid) (< monotouch) (< net40) (>= netstandard1.6) (< netstandard2.0) (< xamarinios) (< xamarinmac) (< xamarintvos) (< xamarinwatchos)) (&& (< monoandroid) (< net40) (< netstandard1.2) (>= netstandard1.6) (< win8)) (&& (< monoandroid) (< net40) (>= netstandard1.3) (< netstandard1.5) (< win8) (< wpa81)) (&& (< monoandroid) (< net40) (< netstandard1.4) (>= netstandard1.6) (< win8) (< wpa81)) (&& (< monoandroid) (< net40) (< netstandard1.5) (>= netstandard1.6) (< win8) (< wpa81)) (&& (< net40) (>= net46) (< netstandard1.4)) (&& (< net40) (< netstandard1.0) (>= netstandard1.3) (< portable-net45+win8)) (&& (< net40) (< netstandard1.0) (>= netstandard1.3) (< win8)) (&& (< net40) (< netstandard1.2) (>= netstandard1.3) (< win8)) (&& (< net40) (>= netstandard1.3) (< netstandard1.4) (< win8) (< wpa81)) (&& (< net40) (>= netstandard1.3) (< portable-net45+win8+wp8+wpa81)) (&& (< net40) (>= netstandard1.3) (< portable-net45+win8+wpa81)) (&& (< net40) (>= netstandard1.4) (< netstandard1.5) (< win8) (< wpa81)) (&& (< net40) (>= netstandard1.5) (< netstandard1.6) (< win8) (< wpa81)) (&& (< net40) (>= netstandard1.6) (< netstandard2.0) (< win8) (< wpa81)) (>= net461) (&& (>= netcoreapp2.0) (< netstandard2.0)) (&& (< netstandard1.0) (>= netstandard1.3) (>= win8)) (&& (>= netstandard1.3) (>= wp8)) (&& (< netstandard1.5) (>= uap10.0)) (>= uap10.1)
    Microsoft.NETCore.Targets (2.1) - restriction: || (&& (< monoandroid) (< monotouch) (< net40) (>= netstandard1.5) (< netstandard2.0) (< win8) (< wpa81) (< xamarinios) (< xamarinmac) (< xamarintvos) (< xamarinwatchos)) (&& (< monoandroid) (< monotouch) (< net40) (>= netstandard1.6) (< netstandard2.0) (< win8) (< wpa81) (< xamarinios) (< xamarinmac) (< xamarintvos) (< xamarinwatchos)) (&& (< monoandroid) (< net40) (< netstandard1.2) (>= netstandard1.3) (< win8)) (&& (< monoandroid) (< net40) (< netstandard1.2) (>= netstandard1.6) (< win8)) (&& (< monoandroid) (< net40) (>= netstandard1.3) (< netstandard1.4) (< win8) (< wpa81)) (&& (< monoandroid) (< net40) (>= netstandard1.3) (< netstandard1.5) (< win8) (< wpa81)) (&& (< monoandroid) (< net40) (>= netstandard1.4) (< netstandard1.5) (< win8) (< wpa81)) (&& (< monoandroid) (< net40) (< netstandard1.4) (>= netstandard1.6) (< win8) (< wpa81)) (&& (< monoandroid) (< net40) (>= netstandard1.5) (< netstandard1.6) (< win8) (< wpa81)) (&& (< monoandroid) (< net40) (< netstandard1.5) (>= netstandard1.6) (< win8) (< wpa81)) (&& (< net40) (>= net46) (< netstandard1.4)) (&& (< net40) (>= netstandard1.3) (< portable-net45+win8+wp8+wpa81)) (&& (< netstandard1.5) (>= netstandard1.6) (>= uap10.0)) (&& (< netstandard1.5) (>= uap10.0) (< uap10.1)) (&& (< netstandard1.5) (>= uap10.0) (< win8) (< wpa81))
    Microsoft.Win32.Primitives (4.3) - restriction: || (&& (< monoandroid) (< net40) (< netstandard1.2) (>= netstandard1.3) (< win8)) (&& (< net40) (>= net46) (< netstandard1.4)) (&& (< net40) (>= netstandard1.3) (< netstandard1.4) (< win8) (< wpa81)) (&& (< net40) (>= netstandard1.4) (< netstandard1.5) (< win8) (< wpa81)) (&& (< net40) (>= netstandard1.5) (< netstandard1.6) (< win8) (< wpa81)) (&& (< net40) (>= netstandard1.6) (< netstandard2.0) (< win8) (< wpa81)) (&& (< netstandard1.5) (>= uap10.0) (< uap10.1)) (&& (< netstandard1.5) (>= uap10.0) (< win8) (< wpa81))
      Microsoft.NETCore.Platforms (>= 1.1) - restriction: && (< monoandroid) (< monotouch) (< net46) (>= netstandard1.3) (< xamarinios) (< xamarinmac) (< xamarintvos) (< xamarinwatchos)
      Microsoft.NETCore.Targets (>= 1.1) - restriction: && (< monoandroid) (< monotouch) (< net46) (>= netstandard1.3) (< xamarinios) (< xamarinmac) (< xamarintvos) (< xamarinwatchos)
      System.Runtime (>= 4.3) - restriction: && (< monoandroid) (< monotouch) (< net46) (>= netstandard1.3) (< xamarinios) (< xamarinmac) (< xamarintvos) (< xamarinwatchos)
    NETStandard.Library (2.0.3) - restriction: || (&& (< net40) (>= netstandard1.3) (< netstandard2.0)) (&& (< net45) (>= netstandard1.6) (< netstandard2.0)) (>= net461)
      Microsoft.NETCore.Platforms (>= 1.1) - restriction: || (&& (>= net45) (< netstandard1.3)) (&& (< net45) (>= netstandard1.1) (< netstandard1.2) (< win8)) (&& (< net45) (>= netstandard1.2) (< netstandard1.3) (< win8) (< wpa81)) (&& (< net45) (>= netstandard1.3) (< netstandard1.4) (< win8) (< wpa81)) (&& (< net45) (>= netstandard1.4) (< netstandard1.5) (< win8) (< wpa81)) (&& (< net45) (>= netstandard1.5) (< netstandard1.6) (< win8) (< wpa81)) (&& (< net45) (>= netstandard1.6) (< netstandard2.0) (< win8) (< wpa81)) (&& (< net45) (>= netstandard2.0)) (&& (>= net46) (< netstandard1.4)) (>= net461) (>= netcoreapp2.0) (&& (>= netstandard1.0) (< portable-net45+win8+wpa81)) (&& (< netstandard1.0) (>= portable-net45+win8) (< win8)) (&& (< netstandard1.0) (< portable-net45+win8) (>= portable-net45+win8+wpa81)) (&& (< netstandard1.0) (>= portable-net45+win8+wp8+wpa81) (< portable-net45+win8+wpa81)) (&& (< netstandard1.0) (>= win8)) (&& (< netstandard1.3) (< win8) (>= wpa81)) (&& (< netstandard1.5) (>= uap10.0)) (>= uap10.1) (>= wp8)
      Microsoft.Win32.Primitives (>= 4.3) - restriction: || (&& (< net45) (>= netstandard1.3) (< netstandard1.4) (< win8) (< wpa81)) (&& (< net45) (>= netstandard1.4) (< netstandard1.5) (< win8) (< wpa81)) (&& (< net45) (>= netstandard1.5) (< netstandard1.6) (< win8) (< wpa81)) (&& (< net45) (>= netstandard1.6) (< netstandard2.0) (< win8) (< wpa81)) (&& (>= net46) (< netstandard1.4)) (&& (< netstandard1.5) (>= uap10.0) (< uap10.1))
      System.AppContext (>= 4.3) - restriction: || (&& (< net45) (>= netstandard1.3) (< netstandard1.4) (< win8) (< wpa81)) (&& (< net45) (>= netstandard1.4) (< netstandard1.5) (< win8) (< wpa81)) (&& (< net45) (>= netstandard1.5) (< netstandard1.6) (< win8) (< wpa81)) (&& (< net45) (>= netstandard1.6) (< netstandard2.0) (< win8) (< wpa81)) (&& (>= net46) (< netstandard1.4)) (&& (< netstandard1.5) (>= uap10.0) (< uap10.1))
      System.Collections (>= 4.3) - restriction: || (&& (< net45) (>= netstandard1.1) (< netstandard1.2) (< win8)) (&& (< net45) (>= netstandard1.2) (< netstandard1.3) (< win8) (< wpa81)) (&& (< net45) (>= netstandard1.3) (< netstandard1.4) (< win8) (< wpa81)) (&& (< net45) (>= netstandard1.4) (< netstandard1.5) (< win8) (< wpa81)) (&& (< net45) (>= netstandard1.5) (< netstandard1.6) (< win8) (< wpa81)) (&& (< net45) (>= netstandard1.6) (< netstandard2.0) (< win8) (< wpa81)) (&& (>= netstandard1.0) (< portable-net45+win8+wpa81) (< wp8)) (&& (< netstandard1.5) (>= uap10.0) (< uap10.1))
      System.Collections.Concurrent (>= 4.3) - restriction: || (&& (< net45) (>= netstandard1.1) (< netstandard1.2) (< win8)) (&& (< net45) (>= netstandard1.2) (< netstandard1.3) (< win8) (< wpa81)) (&& (< net45) (>= netstandard1.3) (< netstandard1.4) (< win8) (< wpa81)) (&& (< net45) (>= netstandard1.4) (< netstandard1.5) (< win8) (< wpa81)) (&& (< net45) (>= netstandard1.5) (< netstandard1.6) (< win8) (< wpa81)) (&& (< net45) (>= netstandard1.6) (< netstandard2.0) (< win8) (< wpa81)) (&& (< netstandard1.5) (>= uap10.0) (< uap10.1))
      System.Console (>= 4.3) - restriction: || (&& (< net45) (>= netstandard1.3) (< netstandard1.4) (< win8) (< wpa81)) (&& (< net45) (>= netstandard1.4) (< netstandard1.5) (< win8) (< wpa81)) (&& (< net45) (>= netstandard1.5) (< netstandard1.6) (< win8) (< wpa81)) (&& (< net45) (>= netstandard1.6) (< netstandard2.0) (< win8) (< wpa81)) (&& (>= net46) (< netstandard1.4)) (&& (< netstandard1.5) (>= uap10.0) (< uap10.1))
      System.Diagnostics.Debug (>= 4.3) - restriction: || (&& (< net45) (>= netstandard1.1) (< netstandard1.2) (< win8)) (&& (< net45) (>= netstandard1.2) (< netstandard1.3) (< win8) (< wpa81)) (&& (< net45) (>= netstandard1.3) (< netstandard1.4) (< win8) (< wpa81)) (&& (< net45) (>= netstandard1.4) (< netstandard1.5) (< win8) (< wpa81)) (&& (< net45) (>= netstandard1.5) (< netstandard1.6) (< win8) (< wpa81)) (&& (< net45) (>= netstandard1.6) (< netstandard2.0) (< win8) (< wpa81)) (&& (>= netstandard1.0) (< portable-net45+win8+wpa81) (< wp8)) (&& (< netstandard1.5) (>= uap10.0) (< uap10.1))
      System.Diagnostics.Tools (>= 4.3) - restriction: || (&& (< net45) (>= netstandard1.1) (< netstandard1.2) (< win8)) (&& (< net45) (>= netstandard1.2) (< netstandard1.3) (< win8) (< wpa81)) (&& (< net45) (>= netstandard1.3) (< netstandard1.4) (< win8) (< wpa81)) (&& (< net45) (>= netstandard1.4) (< netstandard1.5) (< win8) (< wpa81)) (&& (< net45) (>= netstandard1.5) (< netstandard1.6) (< win8) (< wpa81)) (&& (< net45) (>= netstandard1.6) (< netstandard2.0) (< win8) (< wpa81)) (&& (>= netstandard1.0) (< portable-net45+win8+wpa81) (< wp8)) (&& (< netstandard1.5) (>= uap10.0) (< uap10.1))
      System.Diagnostics.Tracing (>= 4.3) - restriction: || (&& (< net45) (>= netstandard1.1) (< netstandard1.2) (< win8)) (&& (< net45) (>= netstandard1.2) (< netstandard1.3) (< win8) (< wpa81)) (&& (< net45) (>= netstandard1.3) (< netstandard1.4) (< win8) (< wpa81)) (&& (< net45) (>= netstandard1.4) (< netstandard1.5) (< win8) (< wpa81)) (&& (< net45) (>= netstandard1.5) (< netstandard1.6) (< win8) (< wpa81)) (&& (< net45) (>= netstandard1.6) (< netstandard2.0) (< win8) (< wpa81)) (&& (< netstandard1.5) (>= uap10.0) (< uap10.1))
      System.Globalization (>= 4.3) - restriction: || (&& (< net45) (>= netstandard1.1) (< netstandard1.2) (< win8)) (&& (< net45) (>= netstandard1.2) (< netstandard1.3) (< win8) (< wpa81)) (&& (< net45) (>= netstandard1.3) (< netstandard1.4) (< win8) (< wpa81)) (&& (< net45) (>= netstandard1.4) (< netstandard1.5) (< win8) (< wpa81)) (&& (< net45) (>= netstandard1.5) (< netstandard1.6) (< win8) (< wpa81)) (&& (< net45) (>= netstandard1.6) (< netstandard2.0) (< win8) (< wpa81)) (&& (>= netstandard1.0) (< portable-net45+win8+wpa81) (< wp8)) (&& (< netstandard1.5) (>= uap10.0) (< uap10.1))
      System.Globalization.Calendars (>= 4.3) - restriction: || (&& (< net45) (>= netstandard1.3) (< netstandard1.4) (< win8) (< wpa81)) (&& (< net45) (>= netstandard1.4) (< netstandard1.5) (< win8) (< wpa81)) (&& (< net45) (>= netstandard1.5) (< netstandard1.6) (< win8) (< wpa81)) (&& (< net45) (>= netstandard1.6) (< netstandard2.0) (< win8) (< wpa81)) (&& (>= net46) (< netstandard1.4)) (&& (< netstandard1.5) (>= uap10.0) (< uap10.1))
      System.IO (>= 4.3) - restriction: || (&& (< net45) (>= netstandard1.1) (< netstandard1.2) (< win8)) (&& (< net45) (>= netstandard1.2) (< netstandard1.3) (< win8) (< wpa81)) (&& (< net45) (>= netstandard1.3) (< netstandard1.4) (< win8) (< wpa81)) (&& (< net45) (>= netstandard1.4) (< netstandard1.5) (< win8) (< wpa81)) (&& (< net45) (>= netstandard1.5) (< netstandard1.6) (< win8) (< wpa81)) (&& (< net45) (>= netstandard1.6) (< netstandard2.0) (< win8) (< wpa81)) (&& (>= netstandard1.0) (< portable-net45+win8+wpa81) (< wp8)) (&& (< netstandard1.5) (>= uap10.0) (< uap10.1))
      System.IO.Compression (>= 4.3) - restriction: || (&& (< net45) (>= netstandard1.1) (< netstandard1.2) (< win8)) (&& (< net45) (>= netstandard1.2) (< netstandard1.3) (< win8) (< wpa81)) (&& (< net45) (>= netstandard1.3) (< netstandard1.4) (< win8) (< wpa81)) (&& (< net45) (>= netstandard1.4) (< netstandard1.5) (< win8) (< wpa81)) (&& (< net45) (>= netstandard1.5) (< netstandard1.6) (< win8) (< wpa81)) (&& (< net45) (>= netstandard1.6) (< netstandard2.0) (< win8) (< wpa81)) (&& (>= net46) (< netstandard1.4)) (&& (< netstandard1.5) (>= uap10.0) (< uap10.1))
      System.IO.Compression.ZipFile (>= 4.3) - restriction: || (&& (< net45) (>= netstandard1.3) (< netstandard1.4) (< win8) (< wpa81)) (&& (< net45) (>= netstandard1.4) (< netstandard1.5) (< win8) (< wpa81)) (&& (< net45) (>= netstandard1.5) (< netstandard1.6) (< win8) (< wpa81)) (&& (< net45) (>= netstandard1.6) (< netstandard2.0) (< win8) (< wpa81)) (&& (>= net46) (< netstandard1.4)) (&& (< netstandard1.5) (>= uap10.0) (< uap10.1))
      System.IO.FileSystem (>= 4.3) - restriction: || (&& (< net45) (>= netstandard1.3) (< netstandard1.4) (< win8) (< wpa81)) (&& (< net45) (>= netstandard1.4) (< netstandard1.5) (< win8) (< wpa81)) (&& (< net45) (>= netstandard1.5) (< netstandard1.6) (< win8) (< wpa81)) (&& (< net45) (>= netstandard1.6) (< netstandard2.0) (< win8) (< wpa81)) (&& (>= net46) (< netstandard1.4)) (&& (< netstandard1.5) (>= uap10.0) (< uap10.1))
      System.IO.FileSystem.Primitives (>= 4.3) - restriction: || (&& (< net45) (>= netstandard1.3) (< netstandard1.4) (< win8) (< wpa81)) (&& (< net45) (>= netstandard1.4) (< netstandard1.5) (< win8) (< wpa81)) (&& (< net45) (>= netstandard1.5) (< netstandard1.6) (< win8) (< wpa81)) (&& (< net45) (>= netstandard1.6) (< netstandard2.0) (< win8) (< wpa81)) (&& (>= net46) (< netstandard1.4)) (&& (< netstandard1.5) (>= uap10.0) (< uap10.1))
      System.Linq (>= 4.3) - restriction: || (&& (< net45) (>= netstandard1.1) (< netstandard1.2) (< win8)) (&& (< net45) (>= netstandard1.2) (< netstandard1.3) (< win8) (< wpa81)) (&& (< net45) (>= netstandard1.3) (< netstandard1.4) (< win8) (< wpa81)) (&& (< net45) (>= netstandard1.4) (< netstandard1.5) (< win8) (< wpa81)) (&& (< net45) (>= netstandard1.5) (< netstandard1.6) (< win8) (< wpa81)) (&& (< net45) (>= netstandard1.6) (< netstandard2.0) (< win8) (< wpa81)) (&& (>= netstandard1.0) (< portable-net45+win8+wpa81) (< wp8)) (&& (< netstandard1.5) (>= uap10.0) (< uap10.1))
      System.Linq.Expressions (>= 4.3) - restriction: || (&& (< net45) (>= netstandard1.1) (< netstandard1.2) (< win8)) (&& (< net45) (>= netstandard1.2) (< netstandard1.3) (< win8) (< wpa81)) (&& (< net45) (>= netstandard1.3) (< netstandard1.4) (< win8) (< wpa81)) (&& (< net45) (>= netstandard1.4) (< netstandard1.5) (< win8) (< wpa81)) (&& (< net45) (>= netstandard1.5) (< netstandard1.6) (< win8) (< wpa81)) (&& (< net45) (>= netstandard1.6) (< netstandard2.0) (< win8) (< wpa81)) (&& (>= netstandard1.0) (< portable-net45+win8+wpa81) (< wp8)) (&& (< netstandard1.5) (>= uap10.0) (< uap10.1))
      System.Net.Http (>= 4.3.2) - restriction: || (&& (< net45) (>= netstandard1.1) (< netstandard1.2) (< win8)) (&& (< net45) (>= netstandard1.2) (< netstandard1.3) (< win8) (< wpa81)) (&& (< net45) (>= netstandard1.3) (< netstandard1.4) (< win8) (< wpa81)) (&& (< net45) (>= netstandard1.4) (< netstandard1.5) (< win8) (< wpa81)) (&& (< net45) (>= netstandard1.5) (< netstandard1.6) (< win8) (< wpa81)) (&& (< net45) (>= netstandard1.6) (< netstandard2.0) (< win8) (< wpa81)) (&& (>= net46) (< netstandard1.4)) (&& (< netstandard1.5) (>= uap10.0) (< uap10.1))
      System.Net.Primitives (>= 4.3) - restriction: || (&& (< net45) (>= netstandard1.1) (< netstandard1.2) (< win8)) (&& (< net45) (>= netstandard1.2) (< netstandard1.3) (< win8) (< wpa81)) (&& (< net45) (>= netstandard1.3) (< netstandard1.4) (< win8) (< wpa81)) (&& (< net45) (>= netstandard1.4) (< netstandard1.5) (< win8) (< wpa81)) (&& (< net45) (>= netstandard1.5) (< netstandard1.6) (< win8) (< wpa81)) (&& (< net45) (>= netstandard1.6) (< netstandard2.0) (< win8) (< wpa81)) (&& (>= netstandard1.0) (< portable-net45+win8+wpa81) (< wp8)) (&& (< netstandard1.5) (>= uap10.0) (< uap10.1))
      System.Net.Sockets (>= 4.3) - restriction: || (&& (< net45) (>= netstandard1.3) (< netstandard1.4) (< win8) (< wpa81)) (&& (< net45) (>= netstandard1.4) (< netstandard1.5) (< win8) (< wpa81)) (&& (< net45) (>= netstandard1.5) (< netstandard1.6) (< win8) (< wpa81)) (&& (< net45) (>= netstandard1.6) (< netstandard2.0) (< win8) (< wpa81)) (&& (>= net46) (< netstandard1.4)) (&& (< netstandard1.5) (>= uap10.0) (< uap10.1))
      System.ObjectModel (>= 4.3) - restriction: || (&& (< net45) (>= netstandard1.1) (< netstandard1.2) (< win8)) (&& (< net45) (>= netstandard1.2) (< netstandard1.3) (< win8) (< wpa81)) (&& (< net45) (>= netstandard1.3) (< netstandard1.4) (< win8) (< wpa81)) (&& (< net45) (>= netstandard1.4) (< netstandard1.5) (< win8) (< wpa81)) (&& (< net45) (>= netstandard1.5) (< netstandard1.6) (< win8) (< wpa81)) (&& (< net45) (>= netstandard1.6) (< netstandard2.0) (< win8) (< wpa81)) (&& (>= netstandard1.0) (< portable-net45+win8+wpa81) (< wp8)) (&& (< netstandard1.5) (>= uap10.0) (< uap10.1))
      System.Reflection (>= 4.3) - restriction: || (&& (< net45) (>= netstandard1.1) (< netstandard1.2) (< win8)) (&& (< net45) (>= netstandard1.2) (< netstandard1.3) (< win8) (< wpa81)) (&& (< net45) (>= netstandard1.3) (< netstandard1.4) (< win8) (< wpa81)) (&& (< net45) (>= netstandard1.4) (< netstandard1.5) (< win8) (< wpa81)) (&& (< net45) (>= netstandard1.5) (< netstandard1.6) (< win8) (< wpa81)) (&& (< net45) (>= netstandard1.6) (< netstandard2.0) (< win8) (< wpa81)) (&& (>= netstandard1.0) (< portable-net45+win8+wpa81) (< wp8)) (&& (< netstandard1.5) (>= uap10.0) (< uap10.1))
      System.Reflection.Extensions (>= 4.3) - restriction: || (&& (< net45) (>= netstandard1.1) (< netstandard1.2) (< win8)) (&& (< net45) (>= netstandard1.2) (< netstandard1.3) (< win8) (< wpa81)) (&& (< net45) (>= netstandard1.3) (< netstandard1.4) (< win8) (< wpa81)) (&& (< net45) (>= netstandard1.4) (< netstandard1.5) (< win8) (< wpa81)) (&& (< net45) (>= netstandard1.5) (< netstandard1.6) (< win8) (< wpa81)) (&& (< net45) (>= netstandard1.6) (< netstandard2.0) (< win8) (< wpa81)) (&& (>= netstandard1.0) (< portable-net45+win8+wpa81) (< wp8)) (&& (< netstandard1.5) (>= uap10.0) (< uap10.1))
      System.Reflection.Primitives (>= 4.3) - restriction: || (&& (< net45) (>= netstandard1.1) (< netstandard1.2) (< win8)) (&& (< net45) (>= netstandard1.2) (< netstandard1.3) (< win8) (< wpa81)) (&& (< net45) (>= netstandard1.3) (< netstandard1.4) (< win8) (< wpa81)) (&& (< net45) (>= netstandard1.4) (< netstandard1.5) (< win8) (< wpa81)) (&& (< net45) (>= netstandard1.5) (< netstandard1.6) (< win8) (< wpa81)) (&& (< net45) (>= netstandard1.6) (< netstandard2.0) (< win8) (< wpa81)) (&& (>= netstandard1.0) (< portable-net45+win8+wpa81) (< wp8)) (&& (< netstandard1.5) (>= uap10.0) (< uap10.1))
      System.Resources.ResourceManager (>= 4.3) - restriction: || (&& (< net45) (>= netstandard1.1) (< netstandard1.2) (< win8)) (&& (< net45) (>= netstandard1.2) (< netstandard1.3) (< win8) (< wpa81)) (&& (< net45) (>= netstandard1.3) (< netstandard1.4) (< win8) (< wpa81)) (&& (< net45) (>= netstandard1.4) (< netstandard1.5) (< win8) (< wpa81)) (&& (< net45) (>= netstandard1.5) (< netstandard1.6) (< win8) (< wpa81)) (&& (< net45) (>= netstandard1.6) (< netstandard2.0) (< win8) (< wpa81)) (&& (>= netstandard1.0) (< portable-net45+win8+wpa81) (< wp8)) (&& (< netstandard1.5) (>= uap10.0) (< uap10.1))
      System.Runtime (>= 4.3) - restriction: || (&& (< net45) (>= netstandard1.1) (< netstandard1.2) (< win8)) (&& (< net45) (>= netstandard1.2) (< netstandard1.3) (< win8) (< wpa81)) (&& (< net45) (>= netstandard1.3) (< netstandard1.4) (< win8) (< wpa81)) (&& (< net45) (>= netstandard1.4) (< netstandard1.5) (< win8) (< wpa81)) (&& (< net45) (>= netstandard1.5) (< netstandard1.6) (< win8) (< wpa81)) (&& (< net45) (>= netstandard1.6) (< netstandard2.0) (< win8) (< wpa81)) (&& (>= netstandard1.0) (< portable-net45+win8+wpa81) (< wp8)) (&& (< netstandard1.5) (>= uap10.0) (< uap10.1))
      System.Runtime.Extensions (>= 4.3) - restriction: || (&& (< net45) (>= netstandard1.1) (< netstandard1.2) (< win8)) (&& (< net45) (>= netstandard1.2) (< netstandard1.3) (< win8) (< wpa81)) (&& (< net45) (>= netstandard1.3) (< netstandard1.4) (< win8) (< wpa81)) (&& (< net45) (>= netstandard1.4) (< netstandard1.5) (< win8) (< wpa81)) (&& (< net45) (>= netstandard1.5) (< netstandard1.6) (< win8) (< wpa81)) (&& (< net45) (>= netstandard1.6) (< netstandard2.0) (< win8) (< wpa81)) (&& (>= netstandard1.0) (< portable-net45+win8+wpa81) (< wp8)) (&& (< netstandard1.5) (>= uap10.0) (< uap10.1))
      System.Runtime.Handles (>= 4.3) - restriction: || (&& (< net45) (>= netstandard1.3) (< netstandard1.4) (< win8) (< wpa81)) (&& (< net45) (>= netstandard1.4) (< netstandard1.5) (< win8) (< wpa81)) (&& (< net45) (>= netstandard1.5) (< netstandard1.6) (< win8) (< wpa81)) (&& (< net45) (>= netstandard1.6) (< netstandard2.0) (< win8) (< wpa81)) (&& (< netstandard1.5) (>= uap10.0) (< uap10.1))
      System.Runtime.InteropServices (>= 4.3) - restriction: || (&& (< net45) (>= netstandard1.1) (< netstandard1.2) (< win8)) (&& (< net45) (>= netstandard1.2) (< netstandard1.3) (< win8) (< wpa81)) (&& (< net45) (>= netstandard1.3) (< netstandard1.4) (< win8) (< wpa81)) (&& (< net45) (>= netstandard1.4) (< netstandard1.5) (< win8) (< wpa81)) (&& (< net45) (>= netstandard1.5) (< netstandard1.6) (< win8) (< wpa81)) (&& (< net45) (>= netstandard1.6) (< netstandard2.0) (< win8) (< wpa81)) (&& (< netstandard1.5) (>= uap10.0) (< uap10.1))
      System.Runtime.InteropServices.RuntimeInformation (>= 4.3) - restriction: || (&& (>= net45) (< netstandard1.3)) (&& (< net45) (>= netstandard1.1) (< netstandard1.2) (< win8)) (&& (< net45) (>= netstandard1.2) (< netstandard1.3) (< win8) (< wpa81)) (&& (< net45) (>= netstandard1.3) (< netstandard1.4) (< win8) (< wpa81)) (&& (< net45) (>= netstandard1.4) (< netstandard1.5) (< win8) (< wpa81)) (&& (< net45) (>= netstandard1.5) (< netstandard1.6) (< win8) (< wpa81)) (&& (< net45) (>= netstandard1.6) (< netstandard2.0) (< win8) (< wpa81)) (&& (>= net46) (< netstandard1.4)) (&& (< netstandard1.0) (>= portable-net45+win8) (< win8)) (&& (< netstandard1.0) (< portable-net45+win8) (>= portable-net45+win8+wpa81)) (&& (< netstandard1.0) (>= win8)) (&& (< netstandard1.3) (< win8) (>= wpa81)) (&& (< netstandard1.5) (>= uap10.0) (< uap10.1))
      System.Runtime.Numerics (>= 4.3) - restriction: || (&& (< net45) (>= netstandard1.1) (< netstandard1.2) (< win8)) (&& (< net45) (>= netstandard1.2) (< netstandard1.3) (< win8) (< wpa81)) (&& (< net45) (>= netstandard1.3) (< netstandard1.4) (< win8) (< wpa81)) (&& (< net45) (>= netstandard1.4) (< netstandard1.5) (< win8) (< wpa81)) (&& (< net45) (>= netstandard1.5) (< netstandard1.6) (< win8) (< wpa81)) (&& (< net45) (>= netstandard1.6) (< netstandard2.0) (< win8) (< wpa81)) (&& (< netstandard1.5) (>= uap10.0) (< uap10.1))
      System.Security.Cryptography.Algorithms (>= 4.3) - restriction: || (&& (< net45) (>= netstandard1.3) (< netstandard1.4) (< win8) (< wpa81)) (&& (< net45) (>= netstandard1.4) (< netstandard1.5) (< win8) (< wpa81)) (&& (< net45) (>= netstandard1.5) (< netstandard1.6) (< win8) (< wpa81)) (&& (< net45) (>= netstandard1.6) (< netstandard2.0) (< win8) (< wpa81)) (&& (>= net46) (< netstandard1.4)) (&& (< netstandard1.5) (>= uap10.0) (< uap10.1))
      System.Security.Cryptography.Encoding (>= 4.3) - restriction: || (&& (< net45) (>= netstandard1.3) (< netstandard1.4) (< win8) (< wpa81)) (&& (< net45) (>= netstandard1.4) (< netstandard1.5) (< win8) (< wpa81)) (&& (< net45) (>= netstandard1.5) (< netstandard1.6) (< win8) (< wpa81)) (&& (< net45) (>= netstandard1.6) (< netstandard2.0) (< win8) (< wpa81)) (&& (>= net46) (< netstandard1.4)) (&& (< netstandard1.5) (>= uap10.0) (< uap10.1))
      System.Security.Cryptography.Primitives (>= 4.3) - restriction: || (&& (< net45) (>= netstandard1.3) (< netstandard1.4) (< win8) (< wpa81)) (&& (< net45) (>= netstandard1.4) (< netstandard1.5) (< win8) (< wpa81)) (&& (< net45) (>= netstandard1.5) (< netstandard1.6) (< win8) (< wpa81)) (&& (< net45) (>= netstandard1.6) (< netstandard2.0) (< win8) (< wpa81)) (&& (>= net46) (< netstandard1.4)) (&& (< netstandard1.5) (>= uap10.0) (< uap10.1))
      System.Security.Cryptography.X509Certificates (>= 4.3) - restriction: || (&& (< net45) (>= netstandard1.3) (< netstandard1.4) (< win8) (< wpa81)) (&& (< net45) (>= netstandard1.4) (< netstandard1.5) (< win8) (< wpa81)) (&& (< net45) (>= netstandard1.5) (< netstandard1.6) (< win8) (< wpa81)) (&& (< net45) (>= netstandard1.6) (< netstandard2.0) (< win8) (< wpa81)) (&& (>= net46) (< netstandard1.4)) (&& (< netstandard1.5) (>= uap10.0) (< uap10.1))
      System.Text.Encoding (>= 4.3) - restriction: || (&& (< net45) (>= netstandard1.1) (< netstandard1.2) (< win8)) (&& (< net45) (>= netstandard1.2) (< netstandard1.3) (< win8) (< wpa81)) (&& (< net45) (>= netstandard1.3) (< netstandard1.4) (< win8) (< wpa81)) (&& (< net45) (>= netstandard1.4) (< netstandard1.5) (< win8) (< wpa81)) (&& (< net45) (>= netstandard1.5) (< netstandard1.6) (< win8) (< wpa81)) (&& (< net45) (>= netstandard1.6) (< netstandard2.0) (< win8) (< wpa81)) (&& (>= netstandard1.0) (< portable-net45+win8+wpa81) (< wp8)) (&& (< netstandard1.5) (>= uap10.0) (< uap10.1))
      System.Text.Encoding.Extensions (>= 4.3) - restriction: || (&& (< net45) (>= netstandard1.1) (< netstandard1.2) (< win8)) (&& (< net45) (>= netstandard1.2) (< netstandard1.3) (< win8) (< wpa81)) (&& (< net45) (>= netstandard1.3) (< netstandard1.4) (< win8) (< wpa81)) (&& (< net45) (>= netstandard1.4) (< netstandard1.5) (< win8) (< wpa81)) (&& (< net45) (>= netstandard1.5) (< netstandard1.6) (< win8) (< wpa81)) (&& (< net45) (>= netstandard1.6) (< netstandard2.0) (< win8) (< wpa81)) (&& (>= netstandard1.0) (< portable-net45+win8+wpa81) (< wp8)) (&& (< netstandard1.5) (>= uap10.0) (< uap10.1))
      System.Text.RegularExpressions (>= 4.3) - restriction: || (&& (< net45) (>= netstandard1.1) (< netstandard1.2) (< win8)) (&& (< net45) (>= netstandard1.2) (< netstandard1.3) (< win8) (< wpa81)) (&& (< net45) (>= netstandard1.3) (< netstandard1.4) (< win8) (< wpa81)) (&& (< net45) (>= netstandard1.4) (< netstandard1.5) (< win8) (< wpa81)) (&& (< net45) (>= netstandard1.5) (< netstandard1.6) (< win8) (< wpa81)) (&& (< net45) (>= netstandard1.6) (< netstandard2.0) (< win8) (< wpa81)) (&& (>= netstandard1.0) (< portable-net45+win8+wpa81) (< wp8)) (&& (< netstandard1.5) (>= uap10.0) (< uap10.1))
      System.Threading (>= 4.3) - restriction: || (&& (< net45) (>= netstandard1.1) (< netstandard1.2) (< win8)) (&& (< net45) (>= netstandard1.2) (< netstandard1.3) (< win8) (< wpa81)) (&& (< net45) (>= netstandard1.3) (< netstandard1.4) (< win8) (< wpa81)) (&& (< net45) (>= netstandard1.4) (< netstandard1.5) (< win8) (< wpa81)) (&& (< net45) (>= netstandard1.5) (< netstandard1.6) (< win8) (< wpa81)) (&& (< net45) (>= netstandard1.6) (< netstandard2.0) (< win8) (< wpa81)) (&& (>= netstandard1.0) (< portable-net45+win8+wpa81) (< wp8)) (&& (< netstandard1.5) (>= uap10.0) (< uap10.1))
      System.Threading.Tasks (>= 4.3) - restriction: || (&& (< net45) (>= netstandard1.1) (< netstandard1.2) (< win8)) (&& (< net45) (>= netstandard1.2) (< netstandard1.3) (< win8) (< wpa81)) (&& (< net45) (>= netstandard1.3) (< netstandard1.4) (< win8) (< wpa81)) (&& (< net45) (>= netstandard1.4) (< netstandard1.5) (< win8) (< wpa81)) (&& (< net45) (>= netstandard1.5) (< netstandard1.6) (< win8) (< wpa81)) (&& (< net45) (>= netstandard1.6) (< netstandard2.0) (< win8) (< wpa81)) (&& (>= netstandard1.0) (< portable-net45+win8+wpa81) (< wp8)) (&& (< netstandard1.5) (>= uap10.0) (< uap10.1))
      System.Threading.Timer (>= 4.3) - restriction: || (&& (< net45) (>= netstandard1.2) (< netstandard1.3) (< win8) (< wpa81)) (&& (< net45) (>= netstandard1.3) (< netstandard1.4) (< win8) (< wpa81)) (&& (< net45) (>= netstandard1.4) (< netstandard1.5) (< win8) (< wpa81)) (&& (< net45) (>= netstandard1.5) (< netstandard1.6) (< win8) (< wpa81)) (&& (< net45) (>= netstandard1.6) (< netstandard2.0) (< win8) (< wpa81)) (&& (< netstandard1.5) (>= uap10.0) (< uap10.1))
      System.Xml.ReaderWriter (>= 4.3) - restriction: || (&& (< net45) (>= netstandard1.1) (< netstandard1.2) (< win8)) (&& (< net45) (>= netstandard1.2) (< netstandard1.3) (< win8) (< wpa81)) (&& (< net45) (>= netstandard1.3) (< netstandard1.4) (< win8) (< wpa81)) (&& (< net45) (>= netstandard1.4) (< netstandard1.5) (< win8) (< wpa81)) (&& (< net45) (>= netstandard1.5) (< netstandard1.6) (< win8) (< wpa81)) (&& (< net45) (>= netstandard1.6) (< netstandard2.0) (< win8) (< wpa81)) (&& (>= net46) (< netstandard1.4)) (&& (>= netstandard1.0) (< portable-net45+win8+wpa81) (< wp8)) (&& (< netstandard1.5) (>= uap10.0) (< uap10.1))
      System.Xml.XDocument (>= 4.3) - restriction: || (&& (< net45) (>= netstandard1.1) (< netstandard1.2) (< win8)) (&& (< net45) (>= netstandard1.2) (< netstandard1.3) (< win8) (< wpa81)) (&& (< net45) (>= netstandard1.3) (< netstandard1.4) (< win8) (< wpa81)) (&& (< net45) (>= netstandard1.4) (< netstandard1.5) (< win8) (< wpa81)) (&& (< net45) (>= netstandard1.5) (< netstandard1.6) (< win8) (< wpa81)) (&& (< net45) (>= netstandard1.6) (< netstandard2.0) (< win8) (< wpa81)) (&& (>= netstandard1.0) (< portable-net45+win8+wpa81) (< wp8)) (&& (< netstandard1.5) (>= uap10.0) (< uap10.1))
    NETStandard.Library.NETFramework (2.0.0-preview2-25405-01)
      Microsoft.NETCore.Platforms (>= 2.0.0-preview2-25405-01) - restriction: >= net461
      NETStandard.Library (>= 2.0.0-preview2-25401-01) - restriction: >= net461
    R.NET.Community (1.6.5)
      DynamicInterop (0.7.4)
    R.NET.Community.FSharp (1.6.5)
      R.NET.Community (>= 1.6.5)
    RProvider (1.1.20)
      DynamicInterop (0.7.4)
      R.NET.Community (1.6.5)
      R.NET.Community.FSharp (1.6.5)
    runtime.debian.8-x64.runtime.native.System.Security.Cryptography.OpenSsl (4.3.3) - restriction: && (< monoandroid) (< monotouch) (< net40) (>= netstandard1.6) (< netstandard2.0) (< xamarinios) (< xamarinmac) (< xamarintvos) (< xamarinwatchos)
    runtime.debian.9-x64.runtime.native.System.Security.Cryptography.OpenSsl (4.3.3) - restriction: && (< monoandroid) (< monotouch) (< net40) (>= netstandard1.6) (< netstandard2.0) (< xamarinios) (< xamarinmac) (< xamarintvos) (< xamarinwatchos)
    runtime.fedora.23-x64.runtime.native.System.Security.Cryptography.OpenSsl (4.3.3) - restriction: && (< monoandroid) (< monotouch) (< net40) (>= netstandard1.6) (< netstandard2.0) (< xamarinios) (< xamarinmac) (< xamarintvos) (< xamarinwatchos)
    runtime.fedora.24-x64.runtime.native.System.Security.Cryptography.OpenSsl (4.3.3) - restriction: && (< monoandroid) (< monotouch) (< net40) (>= netstandard1.6) (< netstandard2.0) (< xamarinios) (< xamarinmac) (< xamarintvos) (< xamarinwatchos)
    runtime.fedora.27-x64.runtime.native.System.Security.Cryptography.OpenSsl (4.3.3) - restriction: && (< monoandroid) (< monotouch) (< net40) (>= netstandard1.6) (< netstandard2.0) (< xamarinios) (< xamarinmac) (< xamarintvos) (< xamarinwatchos)
    runtime.fedora.28-x64.runtime.native.System.Security.Cryptography.OpenSsl (4.3.3) - restriction: && (< monoandroid) (< monotouch) (< net40) (>= netstandard1.6) (< netstandard2.0) (< xamarinios) (< xamarinmac) (< xamarintvos) (< xamarinwatchos)
    runtime.native.System (4.3.1) - restriction: || (&& (< monoandroid) (< monotouch) (< net40) (>= netstandard1.6) (< netstandard2.0) (< win8) (< wpa81) (< xamarinios) (< xamarinmac) (< xamarintvos) (< xamarinwatchos)) (&& (< monoandroid) (< net40) (< netstandard1.2) (>= netstandard1.3) (< win8)) (&& (< monoandroid) (< net40) (< netstandard1.2) (>= netstandard1.6) (< win8)) (&& (< monoandroid) (< net40) (>= netstandard1.3) (< netstandard1.4) (< win8) (< wpa81)) (&& (< monoandroid) (< net40) (>= netstandard1.4) (< netstandard1.5) (< win8) (< wpa81)) (&& (< monoandroid) (< net40) (< netstandard1.4) (>= netstandard1.6) (< win8) (< wpa81)) (&& (< monoandroid) (< net40) (>= netstandard1.5) (< netstandard1.6) (< win8) (< wpa81)) (&& (< monoandroid) (< net40) (< netstandard1.5) (>= netstandard1.6) (< win8) (< wpa81)) (&& (< net40) (>= net46) (< netstandard1.4)) (&& (< netstandard1.5) (>= netstandard1.6) (>= uap10.0)) (&& (< netstandard1.5) (>= uap10.0) (< win8) (< wpa81))
      Microsoft.NETCore.Platforms (>= 1.1.1)
      Microsoft.NETCore.Targets (>= 1.1.3)
    runtime.native.System.IO.Compression (4.3.2) - restriction: || (&& (< monoandroid) (< monotouch) (< net40) (>= netstandard1.6) (< netstandard2.0) (< win8) (< wpa81) (< xamarinios) (< xamarinmac) (< xamarintvos) (< xamarinwatchos)) (&& (< monoandroid) (< net40) (< netstandard1.2) (>= netstandard1.3) (< win8)) (&& (< monoandroid) (< net40) (>= netstandard1.3) (< netstandard1.4) (< win8) (< wpa81)) (&& (< monoandroid) (< net40) (>= netstandard1.4) (< netstandard1.5) (< win8) (< wpa81)) (&& (< monoandroid) (< net40) (>= netstandard1.5) (< netstandard1.6) (< win8) (< wpa81)) (&& (< net40) (>= net46) (< netstandard1.4)) (&& (< net40) (>= net46) (< portable-net45+win8+wpa81)) (&& (< net40) (>= netstandard1.3) (< portable-net45+win8+wpa81)) (&& (< net40) (>= netstandard1.4) (< portable-net45+win8+wpa81)) (&& (< net40) (>= netstandard1.5) (< portable-net45+win8+wpa81)) (&& (< net40) (>= netstandard1.6) (< portable-net45+win8+wpa81)) (&& (< netstandard1.5) (>= uap10.0) (< win8) (< wpa81)) (&& (< portable-net45+win8+wpa81) (>= uap10.0))
      Microsoft.NETCore.Platforms (>= 1.1.1)
      Microsoft.NETCore.Targets (>= 1.1.3)
    runtime.native.System.Net.Http (4.3.1) - restriction: || (&& (< monoandroid) (< monotouch) (< net40) (>= netstandard1.6) (< netstandard2.0) (< win8) (< wpa81) (< xamarinios) (< xamarinmac) (< xamarintvos) (< xamarinwatchos)) (&& (< monoandroid) (< net40) (< netstandard1.2) (>= netstandard1.6) (< win8)) (&& (< monoandroid) (< net40) (< netstandard1.4) (>= netstandard1.6) (< win8) (< wpa81)) (&& (< monoandroid) (< net40) (< netstandard1.5) (>= netstandard1.6) (< win8) (< wpa81)) (&& (< net40) (>= net46) (< netstandard1.4) (>= netstandard1.6)) (&& (< netstandard1.5) (>= netstandard1.6) (>= uap10.0))
      Microsoft.NETCore.Platforms (>= 1.1.1)
      Microsoft.NETCore.Targets (>= 1.1.3)
    runtime.native.System.Security.Cryptography.Apple (4.3.1) - restriction: && (< monoandroid) (< monotouch) (< net40) (>= netstandard1.6) (< netstandard2.0) (< xamarinios) (< xamarinmac) (< xamarintvos) (< xamarinwatchos)
      runtime.osx.10.10-x64.runtime.native.System.Security.Cryptography.Apple (>= 4.3.1)
    runtime.native.System.Security.Cryptography.OpenSsl (4.3.3) - restriction: || (&& (< monoandroid) (< monotouch) (< net40) (>= netstandard1.6) (< netstandard2.0) (< xamarinios) (< xamarinmac) (< xamarintvos) (< xamarinwatchos)) (&& (< monoandroid) (< net40) (>= netstandard1.3) (< netstandard1.4) (< win8) (< wpa81)) (&& (< monoandroid) (< net40) (>= netstandard1.4) (< netstandard1.5) (< win8) (< wpa81)) (&& (< monoandroid) (< net40) (>= netstandard1.5) (< netstandard1.6) (< win8) (< wpa81)) (&& (< net40) (>= net46) (< netstandard1.4)) (&& (< netstandard1.5) (>= uap10.0) (< uap10.1))
      runtime.debian.8-x64.runtime.native.System.Security.Cryptography.OpenSsl (>= 4.3.3)
      runtime.debian.9-x64.runtime.native.System.Security.Cryptography.OpenSsl (>= 4.3.3)
      runtime.fedora.23-x64.runtime.native.System.Security.Cryptography.OpenSsl (>= 4.3.3)
      runtime.fedora.24-x64.runtime.native.System.Security.Cryptography.OpenSsl (>= 4.3.3)
      runtime.fedora.27-x64.runtime.native.System.Security.Cryptography.OpenSsl (>= 4.3.3)
      runtime.fedora.28-x64.runtime.native.System.Security.Cryptography.OpenSsl (>= 4.3.3)
      runtime.opensuse.13.2-x64.runtime.native.System.Security.Cryptography.OpenSsl (>= 4.3.3)
      runtime.opensuse.42.1-x64.runtime.native.System.Security.Cryptography.OpenSsl (>= 4.3.3)
      runtime.opensuse.42.3-x64.runtime.native.System.Security.Cryptography.OpenSsl (>= 4.3.3)
      runtime.osx.10.10-x64.runtime.native.System.Security.Cryptography.OpenSsl (>= 4.3.3)
      runtime.rhel.7-x64.runtime.native.System.Security.Cryptography.OpenSsl (>= 4.3.3)
      runtime.ubuntu.14.04-x64.runtime.native.System.Security.Cryptography.OpenSsl (>= 4.3.3)
      runtime.ubuntu.16.04-x64.runtime.native.System.Security.Cryptography.OpenSsl (>= 4.3.3)
      runtime.ubuntu.16.10-x64.runtime.native.System.Security.Cryptography.OpenSsl (>= 4.3.3)
      runtime.ubuntu.18.04-x64.runtime.native.System.Security.Cryptography.OpenSsl (>= 4.3.3)
    runtime.opensuse.13.2-x64.runtime.native.System.Security.Cryptography.OpenSsl (4.3.3) - restriction: && (< monoandroid) (< monotouch) (< net40) (>= netstandard1.6) (< netstandard2.0) (< xamarinios) (< xamarinmac) (< xamarintvos) (< xamarinwatchos)
    runtime.opensuse.42.1-x64.runtime.native.System.Security.Cryptography.OpenSsl (4.3.3) - restriction: && (< monoandroid) (< monotouch) (< net40) (>= netstandard1.6) (< netstandard2.0) (< xamarinios) (< xamarinmac) (< xamarintvos) (< xamarinwatchos)
    runtime.opensuse.42.3-x64.runtime.native.System.Security.Cryptography.OpenSsl (4.3.3) - restriction: && (< monoandroid) (< monotouch) (< net40) (>= netstandard1.6) (< netstandard2.0) (< xamarinios) (< xamarinmac) (< xamarintvos) (< xamarinwatchos)
    runtime.osx.10.10-x64.runtime.native.System.Security.Cryptography.Apple (4.3.1) - restriction: && (< monoandroid) (< monotouch) (< net40) (>= netstandard1.6) (< netstandard2.0) (< xamarinios) (< xamarinmac) (< xamarintvos) (< xamarinwatchos)
    runtime.osx.10.10-x64.runtime.native.System.Security.Cryptography.OpenSsl (4.3.3) - restriction: && (< monoandroid) (< monotouch) (< net40) (>= netstandard1.6) (< netstandard2.0) (< xamarinios) (< xamarinmac) (< xamarintvos) (< xamarinwatchos)
    runtime.rhel.7-x64.runtime.native.System.Security.Cryptography.OpenSsl (4.3.3) - restriction: && (< monoandroid) (< monotouch) (< net40) (>= netstandard1.6) (< netstandard2.0) (< xamarinios) (< xamarinmac) (< xamarintvos) (< xamarinwatchos)
    runtime.ubuntu.14.04-x64.runtime.native.System.Security.Cryptography.OpenSsl (4.3.3) - restriction: && (< monoandroid) (< monotouch) (< net40) (>= netstandard1.6) (< netstandard2.0) (< xamarinios) (< xamarinmac) (< xamarintvos) (< xamarinwatchos)
    runtime.ubuntu.16.04-x64.runtime.native.System.Security.Cryptography.OpenSsl (4.3.3) - restriction: && (< monoandroid) (< monotouch) (< net40) (>= netstandard1.6) (< netstandard2.0) (< xamarinios) (< xamarinmac) (< xamarintvos) (< xamarinwatchos)
    runtime.ubuntu.16.10-x64.runtime.native.System.Security.Cryptography.OpenSsl (4.3.3) - restriction: && (< monoandroid) (< monotouch) (< net40) (>= netstandard1.6) (< netstandard2.0) (< xamarinios) (< xamarinmac) (< xamarintvos) (< xamarinwatchos)
    runtime.ubuntu.18.04-x64.runtime.native.System.Security.Cryptography.OpenSsl (4.3.3) - restriction: && (< monoandroid) (< monotouch) (< net40) (>= netstandard1.6) (< netstandard2.0) (< xamarinios) (< xamarinmac) (< xamarintvos) (< xamarinwatchos)
    System.AppContext (4.3) - restriction: || (&& (< net40) (>= net46) (< netstandard1.4)) (&& (< net40) (>= netstandard1.3) (< netstandard1.4) (< win8) (< wpa81)) (&& (< net40) (>= netstandard1.4) (< netstandard1.5) (< win8) (< wpa81)) (&& (< net40) (>= netstandard1.5) (< netstandard1.6) (< win8) (< wpa81)) (&& (< net40) (>= netstandard1.6) (< netstandard2.0) (< win8) (< wpa81)) (&& (< netstandard1.5) (>= uap10.0) (< uap10.1))
      System.Runtime (>= 4.3) - restriction: || (&& (< monoandroid) (< monotouch) (< net46) (>= netstandard1.6) (< xamarinios) (< xamarinmac) (< xamarintvos) (< xamarinwatchos)) (&& (< monoandroid) (< net46) (>= netstandard1.3) (< netstandard1.6)) (&& (< monoandroid) (< netstandard1.3))
    System.Buffers (4.5) - restriction: || (&& (< monoandroid) (< monotouch) (< net40) (>= netstandard1.6) (< netstandard2.0) (< win8) (< wpa81) (< xamarinios) (< xamarinmac) (< xamarintvos) (< xamarinwatchos)) (&& (< monoandroid) (< net40) (< netstandard1.2) (>= netstandard1.3) (< win8)) (&& (< monoandroid) (< net40) (>= netstandard1.3) (< netstandard1.4) (< win8) (< wpa81)) (&& (< monoandroid) (< net40) (>= netstandard1.4) (< netstandard1.5) (< win8) (< wpa81)) (&& (< monoandroid) (< net40) (>= netstandard1.5) (< netstandard1.6) (< win8) (< wpa81)) (&& (< net40) (>= net46) (< netstandard1.4)) (&& (< net40) (>= net46) (< portable-net45+win8+wpa81)) (&& (< net40) (>= netstandard1.3) (< portable-net45+win8+wpa81)) (&& (< net40) (>= netstandard1.4) (< portable-net45+win8+wpa81)) (&& (< net40) (>= netstandard1.5) (< portable-net45+win8+wpa81)) (&& (< net40) (>= netstandard1.6) (< portable-net45+win8+wpa81)) (&& (< netstandard1.5) (>= uap10.0) (< uap10.1)) (&& (< netstandard1.5) (>= uap10.0) (< win8) (< wpa81)) (&& (< portable-net45+win8+wpa81) (>= uap10.0))
      System.Diagnostics.Debug (>= 4.3) - restriction: && (< net45) (>= netstandard1.1) (< netstandard2.0) (< win8) (< wpa81)
      System.Diagnostics.Tracing (>= 4.3) - restriction: && (< net45) (>= netstandard1.1) (< netstandard2.0) (< win8) (< wpa81)
      System.Resources.ResourceManager (>= 4.3) - restriction: && (< net45) (>= netstandard1.1) (< netstandard2.0) (< win8) (< wpa81)
      System.Runtime (>= 4.3) - restriction: && (< net45) (>= netstandard1.1) (< netstandard2.0) (< win8) (< wpa81)
      System.Threading (>= 4.3) - restriction: && (< net45) (>= netstandard1.1) (< netstandard2.0) (< win8) (< wpa81)
    System.Collections (4.3) - restriction: || (&& (< monoandroid) (< monotouch) (< net40) (>= netstandard1.4) (< netstandard2.0) (< xamarinios) (< xamarinmac) (< xamarintvos) (< xamarinwatchos)) (&& (< monoandroid) (< monotouch) (< net40) (>= netstandard1.6) (< netstandard2.0) (< xamarinios) (< xamarinmac) (< xamarintvos) (< xamarinwatchos)) (&& (< monoandroid) (< net40) (< netstandard1.2) (>= netstandard1.6) (< win8)) (&& (< monoandroid) (< net40) (< netstandard1.4) (>= netstandard1.6) (< win8) (< wpa81)) (&& (< monoandroid) (< net40) (< netstandard1.5) (>= netstandard1.6) (< win8) (< wpa81)) (&& (< net40) (>= net46) (< netstandard1.4)) (&& (< net40) (>= net46) (< portable-net45+win8+wpa81)) (&& (< net40) (< netstandard1.2) (>= netstandard1.3) (< win8)) (&& (< net40) (>= netstandard1.3) (< netstandard1.4) (< win8) (< wpa81)) (&& (< net40) (>= netstandard1.3) (< portable-net45+win8+wp8+wpa81)) (&& (< net40) (>= netstandard1.3) (< portable-net45+win8+wpa81)) (&& (< net40) (>= netstandard1.4) (< netstandard1.5) (< win8) (< wpa81)) (&& (< net40) (>= netstandard1.4) (< portable-net45+win8+wp8+wpa81)) (&& (< net40) (>= netstandard1.4) (< portable-net45+win8+wpa81)) (&& (< net40) (>= netstandard1.5) (< netstandard1.6) (< win8) (< wpa81)) (&& (< net40) (>= netstandard1.5) (< portable-net45+win8+wp8+wpa81)) (&& (< net40) (>= netstandard1.5) (< portable-net45+win8+wpa81)) (&& (< net40) (>= netstandard1.6) (< netstandard2.0) (< win8) (< wpa81)) (&& (< net40) (>= netstandard1.6) (< portable-net45+win8+wp8+wpa81)) (&& (< net40) (>= netstandard1.6) (< portable-net45+win8+wpa81)) (&& (< netstandard1.5) (>= netstandard1.6) (>= uap10.0)) (&& (< netstandard1.5) (>= uap10.0) (< uap10.1)) (&& (< netstandard1.5) (>= uap10.0) (< win8) (< wpa81)) (&& (< portable-net45+win8+wp8+wpa81) (>= uap10.0)) (&& (< portable-net45+win8+wpa81) (>= uap10.0))
      Microsoft.NETCore.Platforms (>= 1.1) - restriction: || (&& (< monoandroid) (< monotouch) (< net45) (>= netstandard1.3) (< win8) (< wpa81) (< xamarinios) (< xamarinmac) (< xamarintvos) (< xamarinwatchos)) (&& (< monoandroid) (< net45) (>= netstandard1.0) (< netstandard1.3) (< win8) (< wp8) (< wpa81)) (< portable-net45+win8+wp8+wpa81)
      Microsoft.NETCore.Targets (>= 1.1) - restriction: || (&& (< monoandroid) (< monotouch) (< net45) (>= netstandard1.3) (< win8) (< wpa81) (< xamarinios) (< xamarinmac) (< xamarintvos) (< xamarinwatchos)) (&& (< monoandroid) (< net45) (>= netstandard1.0) (< netstandard1.3) (< win8) (< wp8) (< wpa81)) (< portable-net45+win8+wp8+wpa81)
      System.Runtime (>= 4.3) - restriction: || (&& (< monoandroid) (< monotouch) (< net45) (>= netstandard1.3) (< win8) (< wpa81) (< xamarinios) (< xamarinmac) (< xamarintvos) (< xamarinwatchos)) (&& (< monoandroid) (< net45) (>= netstandard1.0) (< netstandard1.3) (< win8) (< wp8) (< wpa81)) (< portable-net45+win8+wp8+wpa81)
    System.Collections.Concurrent (4.3) - restriction: || (&& (< monoandroid) (< monotouch) (< net40) (>= netstandard1.3) (< netstandard2.0) (< win8) (< wpa81) (< xamarinios) (< xamarinmac) (< xamarintvos) (< xamarinwatchos)) (&& (< net40) (>= net46) (< netstandard1.4)) (&& (< net40) (< netstandard1.2) (>= netstandard1.3) (< win8)) (&& (< net40) (>= netstandard1.3) (< netstandard1.4) (< win8) (< wpa81)) (&& (< net40) (>= netstandard1.3) (< portable-net45+win8+wp8+wpa81)) (&& (< net40) (>= netstandard1.4) (< netstandard1.5) (< win8) (< wpa81)) (&& (< net40) (>= netstandard1.5) (< netstandard1.6) (< win8) (< wpa81)) (&& (< net40) (>= netstandard1.6) (< netstandard2.0) (< win8) (< wpa81)) (&& (< netstandard1.5) (>= uap10.0) (< uap10.1))
      System.Collections (>= 4.3) - restriction: || (&& (< monoandroid) (< monotouch) (< net45) (>= netstandard1.3) (< win8) (< wpa81) (< xamarinios) (< xamarinmac) (< xamarintvos) (< xamarinwatchos)) (< portable-net45+win8+wpa81)
      System.Diagnostics.Debug (>= 4.3) - restriction: || (&& (< monoandroid) (< monotouch) (< net45) (>= netstandard1.3) (< win8) (< wpa81) (< xamarinios) (< xamarinmac) (< xamarintvos) (< xamarinwatchos)) (< portable-net45+win8+wpa81)
      System.Diagnostics.Tracing (>= 4.3) - restriction: || (&& (< monoandroid) (< monotouch) (< net45) (>= netstandard1.3) (< win8) (< wpa81) (< xamarinios) (< xamarinmac) (< xamarintvos) (< xamarinwatchos)) (< portable-net45+win8+wpa81)
      System.Globalization (>= 4.3) - restriction: || (&& (< monoandroid) (< monotouch) (< net45) (>= netstandard1.3) (< win8) (< wpa81) (< xamarinios) (< xamarinmac) (< xamarintvos) (< xamarinwatchos)) (< portable-net45+win8+wpa81)
      System.Reflection (>= 4.3) - restriction: && (< monoandroid) (< monotouch) (< net45) (>= netstandard1.3) (< win8) (< wpa81) (< xamarinios) (< xamarinmac) (< xamarintvos) (< xamarinwatchos)
      System.Resources.ResourceManager (>= 4.3) - restriction: || (&& (< monoandroid) (< monotouch) (< net45) (>= netstandard1.3) (< win8) (< wpa81) (< xamarinios) (< xamarinmac) (< xamarintvos) (< xamarinwatchos)) (< portable-net45+win8+wpa81)
      System.Runtime (>= 4.3) - restriction: || (&& (< monoandroid) (< monotouch) (< net45) (>= netstandard1.3) (< win8) (< wpa81) (< xamarinios) (< xamarinmac) (< xamarintvos) (< xamarinwatchos)) (&& (< monoandroid) (< net45) (>= netstandard1.1) (< netstandard1.3) (< win8) (< wpa81)) (< portable-net45+win8+wpa81)
      System.Runtime.Extensions (>= 4.3) - restriction: || (&& (< monoandroid) (< monotouch) (< net45) (>= netstandard1.3) (< win8) (< wpa81) (< xamarinios) (< xamarinmac) (< xamarintvos) (< xamarinwatchos)) (< portable-net45+win8+wpa81)
      System.Threading (>= 4.3) - restriction: || (&& (< monoandroid) (< monotouch) (< net45) (>= netstandard1.3) (< win8) (< wpa81) (< xamarinios) (< xamarinmac) (< xamarintvos) (< xamarinwatchos)) (< portable-net45+win8+wpa81)
      System.Threading.Tasks (>= 4.3) - restriction: || (&& (< monoandroid) (< monotouch) (< net45) (>= netstandard1.3) (< win8) (< wpa81) (< xamarinios) (< xamarinmac) (< xamarintvos) (< xamarinwatchos)) (&& (< monoandroid) (< net45) (>= netstandard1.1) (< netstandard1.3) (< win8) (< wpa81)) (< portable-net45+win8+wpa81)
    System.Console (4.3.1) - restriction: || (&& (< net40) (>= net46) (< netstandard1.4)) (&& (< net40) (>= netstandard1.3) (< netstandard1.4) (< win8) (< wpa81)) (&& (< net40) (>= netstandard1.4) (< netstandard1.5) (< win8) (< wpa81)) (&& (< net40) (>= netstandard1.5) (< netstandard1.6) (< win8) (< wpa81)) (&& (< net40) (>= netstandard1.6) (< netstandard2.0) (< win8) (< wpa81)) (&& (< netstandard1.5) (>= uap10.0) (< uap10.1))
      Microsoft.NETCore.Platforms (>= 1.1) - restriction: && (< monoandroid) (< monotouch) (< net46) (>= netstandard1.3) (< xamarinios) (< xamarinmac) (< xamarintvos) (< xamarinwatchos)
      Microsoft.NETCore.Targets (>= 1.1.2) - restriction: && (< monoandroid) (< monotouch) (< net46) (>= netstandard1.3) (< xamarinios) (< xamarinmac) (< xamarintvos) (< xamarinwatchos)
      System.IO (>= 4.3) - restriction: && (< monoandroid) (< monotouch) (< net46) (>= netstandard1.3) (< xamarinios) (< xamarinmac) (< xamarintvos) (< xamarinwatchos)
      System.Runtime (>= 4.3) - restriction: && (< monoandroid) (< monotouch) (< net46) (>= netstandard1.3) (< xamarinios) (< xamarinmac) (< xamarintvos) (< xamarinwatchos)
      System.Text.Encoding (>= 4.3) - restriction: && (< monoandroid) (< monotouch) (< net46) (>= netstandard1.3) (< xamarinios) (< xamarinmac) (< xamarintvos) (< xamarinwatchos)
    System.Diagnostics.Debug (4.3) - restriction: || (&& (< monoandroid) (< net40) (< netstandard1.2) (>= netstandard1.6) (< win8)) (&& (< monoandroid) (< net40) (< netstandard1.4) (>= netstandard1.6) (< win8) (< wpa81)) (&& (< monoandroid) (< net40) (< netstandard1.5) (>= netstandard1.6) (< win8) (< wpa81)) (&& (< net40) (>= net46) (< netstandard1.4)) (&& (< net40) (>= net46) (< portable-net45+win8+wpa81)) (&& (< net40) (< netstandard1.2) (>= netstandard1.3) (< win8)) (&& (< net40) (>= netstandard1.3) (< netstandard1.4) (< win8) (< wpa81)) (&& (< net40) (>= netstandard1.3) (< portable-net45+win8+wp8+wpa81)) (&& (< net40) (>= netstandard1.3) (< portable-net45+win8+wpa81)) (&& (< net40) (>= netstandard1.4) (< netstandard1.5) (< win8) (< wpa81)) (&& (< net40) (>= netstandard1.4) (< portable-net45+win8+wp8+wpa81)) (&& (< net40) (>= netstandard1.4) (< portable-net45+win8+wpa81)) (&& (< net40) (>= netstandard1.5) (< netstandard1.6) (< win8) (< wpa81)) (&& (< net40) (>= netstandard1.5) (< portable-net45+win8+wp8+wpa81)) (&& (< net40) (>= netstandard1.5) (< portable-net45+win8+wpa81)) (&& (< net40) (>= netstandard1.6) (< netstandard2.0) (< win8) (< wpa81)) (&& (< net40) (>= netstandard1.6) (< portable-net45+win8+wp8+wpa81)) (&& (< net40) (>= netstandard1.6) (< portable-net45+win8+wpa81)) (&& (< netstandard1.5) (>= netstandard1.6) (>= uap10.0)) (&& (< netstandard1.5) (>= uap10.0) (< uap10.1)) (&& (< netstandard1.5) (>= uap10.0) (< win8) (< wpa81)) (&& (< portable-net45+win8+wp8+wpa81) (>= uap10.0)) (&& (< portable-net45+win8+wpa81) (>= uap10.0))
      Microsoft.NETCore.Platforms (>= 1.1) - restriction: || (&& (< monoandroid) (< monotouch) (< net45) (>= netstandard1.3) (< win8) (< wpa81) (< xamarinios) (< xamarinmac) (< xamarintvos) (< xamarinwatchos)) (&& (< monoandroid) (< net45) (>= netstandard1.0) (< netstandard1.3) (< win8) (< wp8) (< wpa81)) (< portable-net45+win8+wp8+wpa81)
      Microsoft.NETCore.Targets (>= 1.1) - restriction: || (&& (< monoandroid) (< monotouch) (< net45) (>= netstandard1.3) (< win8) (< wpa81) (< xamarinios) (< xamarinmac) (< xamarintvos) (< xamarinwatchos)) (&& (< monoandroid) (< net45) (>= netstandard1.0) (< netstandard1.3) (< win8) (< wp8) (< wpa81)) (< portable-net45+win8+wp8+wpa81)
      System.Runtime (>= 4.3) - restriction: || (&& (< monoandroid) (< monotouch) (< net45) (>= netstandard1.3) (< win8) (< wpa81) (< xamarinios) (< xamarinmac) (< xamarintvos) (< xamarinwatchos)) (&& (< monoandroid) (< net45) (>= netstandard1.0) (< netstandard1.3) (< win8) (< wp8) (< wpa81)) (< portable-net45+win8+wp8+wpa81)
    System.Diagnostics.DiagnosticSource (4.5) - restriction: || (&& (< monoandroid) (< monotouch) (< net40) (>= netstandard1.6) (< netstandard2.0) (< win8) (< wpa81) (< xamarinios) (< xamarinmac) (< xamarintvos) (< xamarinwatchos)) (&& (< monoandroid) (< net40) (< netstandard1.2) (>= netstandard1.3) (< win8)) (&& (< monoandroid) (< net40) (< netstandard1.2) (>= netstandard1.6) (< win8)) (&& (< monoandroid) (< net40) (>= netstandard1.3) (< netstandard1.4) (< win8) (< wpa81)) (&& (< monoandroid) (< net40) (>= netstandard1.4) (< netstandard1.5) (< win8) (< wpa81)) (&& (< monoandroid) (< net40) (< netstandard1.4) (>= netstandard1.6) (< win8) (< wpa81)) (&& (< monoandroid) (< net40) (>= netstandard1.5) (< netstandard1.6) (< win8) (< wpa81)) (&& (< monoandroid) (< net40) (< netstandard1.5) (>= netstandard1.6) (< win8) (< wpa81)) (&& (< net40) (>= net46) (< netstandard1.4)) (&& (< net40) (>= net46) (< portable-net45+win8+wpa81)) (&& (< net40) (>= netstandard1.3) (< portable-net45+win8+wpa81)) (&& (< net40) (>= netstandard1.4) (< portable-net45+win8+wpa81)) (&& (< net40) (>= netstandard1.5) (< portable-net45+win8+wpa81)) (&& (< net40) (>= netstandard1.6) (< portable-net45+win8+wpa81)) (&& (< netstandard1.5) (>= netstandard1.6) (>= uap10.0)) (&& (< netstandard1.5) (>= uap10.0) (< win8) (< wpa81)) (&& (< portable-net45+win8+wpa81) (>= uap10.0))
      System.Collections (>= 4.3) - restriction: || (&& (< net45) (>= netstandard1.1) (< netstandard1.3) (< win8) (< wpa81)) (&& (< net45) (>= netstandard1.3) (< netstandard2.0) (< win8) (< wpa81))
      System.Diagnostics.Debug (>= 4.3) - restriction: && (< net45) (>= netstandard1.3) (< netstandard2.0) (< win8) (< wpa81)
      System.Diagnostics.Tracing (>= 4.3) - restriction: || (&& (< net45) (>= netstandard1.1) (< netstandard1.3) (< win8) (< wpa81)) (&& (< net45) (>= netstandard1.3) (< netstandard2.0) (< win8) (< wpa81))
      System.Reflection (>= 4.3) - restriction: || (&& (< net45) (>= netstandard1.1) (< netstandard1.3) (< win8) (< wpa81)) (&& (< net45) (>= netstandard1.3) (< netstandard2.0) (< win8) (< wpa81))
      System.Runtime (>= 4.3) - restriction: || (&& (< net45) (>= netstandard1.1) (< netstandard1.3) (< win8) (< wpa81)) (&& (< net45) (>= netstandard1.3) (< netstandard2.0) (< win8) (< wpa81))
      System.Runtime.Extensions (>= 4.3) - restriction: && (< net45) (>= netstandard1.3) (< netstandard2.0) (< win8) (< wpa81)
      System.Threading (>= 4.3) - restriction: || (&& (< net45) (>= netstandard1.1) (< netstandard1.3) (< win8) (< wpa81)) (&& (< net45) (>= netstandard1.3) (< netstandard2.0) (< win8) (< wpa81))
    System.Diagnostics.Tools (4.3) - restriction: || (&& (< net40) (< netstandard1.2) (>= netstandard1.3) (< win8)) (&& (< net40) (>= netstandard1.3) (< netstandard1.4) (< win8) (< wpa81)) (&& (< net40) (>= netstandard1.3) (< portable-net45+win8+wp8+wpa81)) (&& (< net40) (>= netstandard1.3) (< portable-net45+win8+wpa81)) (&& (< net40) (>= netstandard1.4) (< netstandard1.5) (< win8) (< wpa81)) (&& (< net40) (>= netstandard1.4) (< portable-net45+win8+wp8+wpa81)) (&& (< net40) (>= netstandard1.5) (< netstandard1.6) (< win8) (< wpa81)) (&& (< net40) (>= netstandard1.5) (< portable-net45+win8+wp8+wpa81)) (&& (< net40) (>= netstandard1.6) (< netstandard2.0) (< win8) (< wpa81)) (&& (< net40) (>= netstandard1.6) (< portable-net45+win8+wp8+wpa81)) (&& (< netstandard1.5) (>= uap10.0) (< uap10.1)) (&& (< netstandard1.5) (>= uap10.0) (< win8) (< wpa81)) (&& (< portable-net45+win8+wp8+wpa81) (>= uap10.0))
      Microsoft.NETCore.Platforms (>= 1.1) - restriction: || (&& (< monoandroid) (< monotouch) (< net45) (>= netstandard1.0) (< win8) (< wp8) (< wpa81) (< xamarinios) (< xamarinmac) (< xamarintvos) (< xamarinwatchos)) (< portable-net45+win8+wp8+wpa81)
      Microsoft.NETCore.Targets (>= 1.1) - restriction: || (&& (< monoandroid) (< monotouch) (< net45) (>= netstandard1.0) (< win8) (< wp8) (< wpa81) (< xamarinios) (< xamarinmac) (< xamarintvos) (< xamarinwatchos)) (< portable-net45+win8+wp8+wpa81)
      System.Runtime (>= 4.3) - restriction: || (&& (< monoandroid) (< monotouch) (< net45) (>= netstandard1.0) (< win8) (< wp8) (< wpa81) (< xamarinios) (< xamarinmac) (< xamarintvos) (< xamarinwatchos)) (< portable-net45+win8+wp8+wpa81)
    System.Diagnostics.Tracing (4.3) - restriction: || (&& (< monoandroid) (< net40) (< netstandard1.2) (>= netstandard1.6) (< win8)) (&& (< monoandroid) (< net40) (< netstandard1.4) (>= netstandard1.6) (< win8) (< wpa81)) (&& (< monoandroid) (< net40) (< netstandard1.5) (>= netstandard1.6) (< win8) (< wpa81)) (&& (< net40) (>= net46) (< netstandard1.4)) (&& (< net40) (>= net46) (< portable-net45+win8+wpa81)) (&& (< net40) (< netstandard1.2) (>= netstandard1.3) (< win8)) (&& (< net40) (>= netstandard1.3) (< netstandard1.4) (< win8) (< wpa81)) (&& (< net40) (>= netstandard1.3) (< portable-net45+win8+wpa81)) (&& (< net40) (>= netstandard1.4) (< netstandard1.5) (< win8) (< wpa81)) (&& (< net40) (>= netstandard1.4) (< portable-net45+win8+wpa81)) (&& (< net40) (>= netstandard1.5) (< netstandard1.6) (< win8) (< wpa81)) (&& (< net40) (>= netstandard1.5) (< portable-net45+win8+wpa81)) (&& (< net40) (>= netstandard1.6) (< netstandard2.0) (< win8) (< wpa81)) (&& (< net40) (>= netstandard1.6) (< portable-net45+win8+wpa81)) (&& (< netstandard1.5) (>= netstandard1.6) (>= uap10.0)) (&& (< netstandard1.5) (>= uap10.0) (< uap10.1)) (&& (< netstandard1.5) (>= uap10.0) (< win8) (< wpa81)) (&& (< portable-net45+win8+wpa81) (>= uap10.0))
      Microsoft.NETCore.Platforms (>= 1.1) - restriction: || (&& (< monoandroid) (< monotouch) (< net45) (>= netstandard1.5) (< win8) (< wpa81) (< xamarinios) (< xamarinmac) (< xamarintvos) (< xamarinwatchos)) (&& (< monoandroid) (< net45) (>= netstandard1.1) (< netstandard1.2) (< win8)) (&& (< monoandroid) (< net45) (>= netstandard1.2) (< netstandard1.3) (< win8) (< wpa81)) (&& (< monoandroid) (< net45) (>= netstandard1.3) (< netstandard1.5) (< win8) (< wpa81)) (< portable-net45+win8+wpa81)
      Microsoft.NETCore.Targets (>= 1.1) - restriction: || (&& (< monoandroid) (< monotouch) (< net45) (>= netstandard1.5) (< win8) (< wpa81) (< xamarinios) (< xamarinmac) (< xamarintvos) (< xamarinwatchos)) (&& (< monoandroid) (< net45) (>= netstandard1.1) (< netstandard1.2) (< win8)) (&& (< monoandroid) (< net45) (>= netstandard1.2) (< netstandard1.3) (< win8) (< wpa81)) (&& (< monoandroid) (< net45) (>= netstandard1.3) (< netstandard1.5) (< win8) (< wpa81)) (< portable-net45+win8+wpa81)
      System.Runtime (>= 4.3) - restriction: || (&& (< monoandroid) (< monotouch) (< net45) (>= netstandard1.5) (< win8) (< wpa81) (< xamarinios) (< xamarinmac) (< xamarintvos) (< xamarinwatchos)) (&& (< monoandroid) (< net45) (>= netstandard1.1) (< netstandard1.2) (< win8)) (&& (< monoandroid) (< net45) (>= netstandard1.2) (< netstandard1.3) (< win8) (< wpa81)) (&& (< monoandroid) (< net45) (>= netstandard1.3) (< netstandard1.5) (< win8) (< wpa81)) (< portable-net45+win8+wpa81)
    System.Globalization (4.3) - restriction: || (&& (< monoandroid) (< monotouch) (< net40) (>= netstandard1.3) (< netstandard2.0) (< win8) (< wpa81) (< xamarinios) (< xamarinmac) (< xamarintvos) (< xamarinwatchos)) (&& (< monoandroid) (< net40) (< netstandard1.2) (>= netstandard1.6) (< win8)) (&& (< monoandroid) (< net40) (< netstandard1.4) (>= netstandard1.6) (< win8) (< wpa81)) (&& (< monoandroid) (< net40) (< netstandard1.5) (>= netstandard1.6) (< win8) (< wpa81)) (&& (< net40) (>= net46) (< netstandard1.4)) (&& (< net40) (< netstandard1.2) (>= netstandard1.3) (< win8)) (&& (< net40) (>= netstandard1.3) (< netstandard1.4) (< win8) (< wpa81)) (&& (< net40) (>= netstandard1.3) (< portable-net45+win8+wp8+wpa81)) (&& (< net40) (>= netstandard1.3) (< portable-net45+win8+wpa81)) (&& (< net40) (>= netstandard1.4) (< netstandard1.5) (< win8) (< wpa81)) (&& (< net40) (>= netstandard1.4) (< portable-net45+win8+wp8+wpa81)) (&& (< net40) (>= netstandard1.5) (< netstandard1.6) (< win8) (< wpa81)) (&& (< net40) (>= netstandard1.5) (< portable-net45+win8+wp8+wpa81)) (&& (< net40) (>= netstandard1.6) (< netstandard2.0) (< win8) (< wpa81)) (&& (< net40) (>= netstandard1.6) (< portable-net45+win8+wp8+wpa81)) (&& (< net40) (>= netstandard1.6) (< portable-net45+win8+wpa81)) (&& (< netstandard1.5) (>= netstandard1.6) (>= uap10.0)) (&& (< netstandard1.5) (>= uap10.0) (< uap10.1)) (&& (< portable-net45+win8+wp8+wpa81) (>= uap10.0))
      Microsoft.NETCore.Platforms (>= 1.1) - restriction: || (&& (< monoandroid) (< monotouch) (< net45) (>= netstandard1.3) (< win8) (< wpa81) (< xamarinios) (< xamarinmac) (< xamarintvos) (< xamarinwatchos)) (&& (< monoandroid) (< net45) (>= netstandard1.0) (< netstandard1.3) (< win8) (< wp8) (< wpa81)) (< portable-net45+win8+wp8+wpa81)
      Microsoft.NETCore.Targets (>= 1.1) - restriction: || (&& (< monoandroid) (< monotouch) (< net45) (>= netstandard1.3) (< win8) (< wpa81) (< xamarinios) (< xamarinmac) (< xamarintvos) (< xamarinwatchos)) (&& (< monoandroid) (< net45) (>= netstandard1.0) (< netstandard1.3) (< win8) (< wp8) (< wpa81)) (< portable-net45+win8+wp8+wpa81)
      System.Runtime (>= 4.3) - restriction: || (&& (< monoandroid) (< monotouch) (< net45) (>= netstandard1.3) (< win8) (< wpa81) (< xamarinios) (< xamarinmac) (< xamarintvos) (< xamarinwatchos)) (&& (< monoandroid) (< net45) (>= netstandard1.0) (< netstandard1.3) (< win8) (< wp8) (< wpa81)) (< portable-net45+win8+wp8+wpa81)
    System.Globalization.Calendars (4.3) - restriction: || (&& (< monoandroid) (< net40) (< netstandard1.3) (>= netstandard1.4) (< win8) (< wpa81)) (&& (< monoandroid) (< net40) (< netstandard1.3) (>= netstandard1.5) (< win8) (< wpa81)) (&& (< monoandroid) (< net40) (< netstandard1.3) (>= netstandard1.6) (< win8) (< wpa81)) (&& (< monoandroid) (< net40) (< netstandard1.4) (>= netstandard1.6) (< win8) (< wpa81)) (&& (< monoandroid) (< net40) (< netstandard1.5) (>= netstandard1.6) (< win8) (< wpa81)) (&& (< net40) (>= net46) (< netstandard1.3)) (&& (< net40) (>= net46) (< netstandard1.4)) (&& (< net40) (>= netstandard1.3) (< netstandard1.4) (< win8) (< wpa81)) (&& (< net40) (>= netstandard1.4) (< netstandard1.5) (< win8) (< wpa81)) (&& (< net40) (>= netstandard1.5) (< netstandard1.6) (< win8) (< wpa81)) (&& (< net40) (>= netstandard1.6) (< netstandard2.0) (< win8) (< wpa81)) (&& (< netstandard1.3) (>= uap10.0)) (&& (< netstandard1.5) (>= netstandard1.6) (>= uap10.0)) (&& (< netstandard1.5) (>= uap10.0) (< uap10.1))
      Microsoft.NETCore.Platforms (>= 1.1) - restriction: && (< monoandroid) (< monotouch) (< net46) (>= netstandard1.3) (< xamarinios) (< xamarinmac) (< xamarintvos) (< xamarinwatchos)
      Microsoft.NETCore.Targets (>= 1.1) - restriction: && (< monoandroid) (< monotouch) (< net46) (>= netstandard1.3) (< xamarinios) (< xamarinmac) (< xamarintvos) (< xamarinwatchos)
      System.Globalization (>= 4.3) - restriction: && (< monoandroid) (< monotouch) (< net46) (>= netstandard1.3) (< xamarinios) (< xamarinmac) (< xamarintvos) (< xamarinwatchos)
      System.Runtime (>= 4.3) - restriction: && (< monoandroid) (< monotouch) (< net46) (>= netstandard1.3) (< xamarinios) (< xamarinmac) (< xamarintvos) (< xamarinwatchos)
    System.Globalization.Extensions (4.3) - restriction: || (&& (< monoandroid) (< monotouch) (< net40) (>= netstandard1.6) (< netstandard2.0) (< win8) (< wpa81) (< xamarinios) (< xamarinmac) (< xamarintvos) (< xamarinwatchos)) (&& (< monoandroid) (< net40) (< netstandard1.2) (>= netstandard1.6) (< win8)) (&& (< monoandroid) (< net40) (< netstandard1.4) (>= netstandard1.6) (< win8) (< wpa81)) (&& (< monoandroid) (< net40) (< netstandard1.5) (>= netstandard1.6) (< win8) (< wpa81)) (&& (< net40) (>= net46) (< netstandard1.4) (>= netstandard1.6)) (&& (< netstandard1.5) (>= netstandard1.6) (>= uap10.0))
      Microsoft.NETCore.Platforms (>= 1.1) - restriction: && (< monoandroid) (< monotouch) (< net46) (>= netstandard1.3) (< xamarinios) (< xamarinmac) (< xamarintvos) (< xamarinwatchos)
      System.Globalization (>= 4.3) - restriction: && (< monoandroid) (< monotouch) (< net46) (>= netstandard1.3) (< xamarinios) (< xamarinmac) (< xamarintvos) (< xamarinwatchos)
      System.Resources.ResourceManager (>= 4.3) - restriction: && (< monoandroid) (< monotouch) (< net46) (>= netstandard1.3) (< xamarinios) (< xamarinmac) (< xamarintvos) (< xamarinwatchos)
      System.Runtime (>= 4.3) - restriction: && (< monoandroid) (< monotouch) (< net46) (>= netstandard1.3) (< xamarinios) (< xamarinmac) (< xamarintvos) (< xamarinwatchos)
      System.Runtime.Extensions (>= 4.3) - restriction: && (< monoandroid) (< monotouch) (< net46) (>= netstandard1.3) (< xamarinios) (< xamarinmac) (< xamarintvos) (< xamarinwatchos)
      System.Runtime.InteropServices (>= 4.3) - restriction: && (< monoandroid) (< monotouch) (< net46) (>= netstandard1.3) (< xamarinios) (< xamarinmac) (< xamarintvos) (< xamarinwatchos)
    System.IO (4.3) - restriction: || (&& (< monoandroid) (< monotouch) (< net40) (>= netstandard1.3) (< netstandard2.0) (< win8) (< wpa81) (< xamarinios) (< xamarinmac) (< xamarintvos) (< xamarinwatchos)) (&& (< monoandroid) (< monotouch) (< net40) (>= netstandard1.6) (< netstandard2.0) (< xamarinios) (< xamarinmac) (< xamarintvos) (< xamarinwatchos)) (&& (< monoandroid) (< net40) (< netstandard1.2) (>= netstandard1.6) (< win8)) (&& (< monoandroid) (< net40) (>= netstandard1.3) (< netstandard1.4)) (&& (< monoandroid) (< net40) (>= netstandard1.4) (< netstandard1.6)) (&& (< monoandroid) (< net40) (< netstandard1.4) (>= netstandard1.6) (< win8) (< wpa81)) (&& (< monoandroid) (< net40) (< netstandard1.5) (>= netstandard1.6) (< win8) (< wpa81)) (&& (< net40) (>= net46) (< netstandard1.4)) (&& (< net40) (>= net463) (< netstandard2.0)) (&& (< net40) (< netstandard1.2) (>= netstandard1.3) (< win8)) (&& (< net40) (>= netstandard1.3) (< netstandard1.4) (< win8) (< wpa81)) (&& (< net40) (>= netstandard1.3) (< portable-net45+win8+wp8+wpa81)) (&& (< net40) (>= netstandard1.3) (< portable-net45+win8+wpa81)) (&& (< net40) (>= netstandard1.4) (< netstandard1.5) (< win8) (< wpa81)) (&& (< net40) (>= netstandard1.4) (< portable-net45+win8+wp8+wpa81)) (&& (< net40) (>= netstandard1.5) (< netstandard1.6) (< win8) (< wpa81)) (&& (< net40) (>= netstandard1.5) (< portable-net45+win8+wp8+wpa81)) (&& (< net40) (>= netstandard1.6) (< netstandard2.0) (< win8) (< wpa81)) (&& (< net40) (>= netstandard1.6) (< portable-net45+win8+wp8+wpa81)) (&& (< net40) (>= netstandard1.6) (< portable-net45+win8+wpa81)) (&& (< netstandard1.5) (>= netstandard1.6) (>= uap10.0)) (&& (< netstandard1.5) (>= uap10.0) (< uap10.1)) (&& (< portable-net45+win8+wp8+wpa81) (>= uap10.0))
      Microsoft.NETCore.Platforms (>= 1.1) - restriction: || (&& (< monoandroid) (< monotouch) (< net45) (>= netstandard1.5) (< win8) (< wpa81) (< xamarinios) (< xamarinmac) (< xamarintvos) (< xamarinwatchos)) (&& (< monoandroid) (< net45) (>= netstandard1.0) (< netstandard1.3) (< win8) (< wp8) (< wpa81)) (&& (< monoandroid) (< net45) (>= netstandard1.3) (< netstandard1.5) (< win8) (< wpa81)) (< portable-net45+win8+wp8+wpa81)
      Microsoft.NETCore.Targets (>= 1.1) - restriction: || (&& (< monoandroid) (< monotouch) (< net45) (>= netstandard1.5) (< win8) (< wpa81) (< xamarinios) (< xamarinmac) (< xamarintvos) (< xamarinwatchos)) (&& (< monoandroid) (< net45) (>= netstandard1.0) (< netstandard1.3) (< win8) (< wp8) (< wpa81)) (&& (< monoandroid) (< net45) (>= netstandard1.3) (< netstandard1.5) (< win8) (< wpa81)) (< portable-net45+win8+wp8+wpa81)
      System.Runtime (>= 4.3) - restriction: || (&& (< monoandroid) (< monotouch) (< net45) (>= netstandard1.5) (< win8) (< wpa81) (< xamarinios) (< xamarinmac) (< xamarintvos) (< xamarinwatchos)) (&& (< monoandroid) (< net45) (>= netstandard1.0) (< netstandard1.3) (< win8) (< wp8) (< wpa81)) (&& (< monoandroid) (< net45) (>= netstandard1.3) (< netstandard1.5) (< win8) (< wpa81)) (< portable-net45+win8+wp8+wpa81)
      System.Text.Encoding (>= 4.3) - restriction: || (&& (< monoandroid) (< monotouch) (< net45) (>= netstandard1.5) (< win8) (< wpa81) (< xamarinios) (< xamarinmac) (< xamarintvos) (< xamarinwatchos)) (&& (< monoandroid) (< net45) (>= netstandard1.0) (< netstandard1.3) (< win8) (< wp8) (< wpa81)) (&& (< monoandroid) (< net45) (>= netstandard1.3) (< netstandard1.5) (< win8) (< wpa81)) (< portable-net45+win8+wp8+wpa81)
      System.Threading.Tasks (>= 4.3) - restriction: || (&& (< monoandroid) (< monotouch) (< net45) (>= netstandard1.5) (< win8) (< wpa81) (< xamarinios) (< xamarinmac) (< xamarintvos) (< xamarinwatchos)) (&& (< monoandroid) (< net45) (>= netstandard1.0) (< netstandard1.3) (< win8) (< wp8) (< wpa81)) (&& (< monoandroid) (< net45) (>= netstandard1.3) (< netstandard1.5) (< win8) (< wpa81)) (< portable-net45+win8+wp8+wpa81)
    System.IO.Compression (4.3) - restriction: || (&& (< net40) (>= net46) (< netstandard1.4)) (&& (< net40) (< netstandard1.2) (>= netstandard1.3) (< win8)) (&& (< net40) (>= netstandard1.3) (< netstandard1.4) (< win8) (< wpa81)) (&& (< net40) (>= netstandard1.4) (< netstandard1.5) (< win8) (< wpa81)) (&& (< net40) (>= netstandard1.5) (< netstandard1.6) (< win8) (< wpa81)) (&& (< net40) (>= netstandard1.6) (< netstandard2.0) (< win8) (< wpa81)) (&& (< netstandard1.5) (>= uap10.0) (< uap10.1)) (&& (< netstandard1.5) (>= uap10.0) (< win8) (< wpa81))
      Microsoft.NETCore.Platforms (>= 1.1) - restriction: && (< monoandroid) (< monotouch) (< net45) (>= netstandard1.3) (< win8) (< wpa81) (< xamarinios) (< xamarinmac) (< xamarintvos) (< xamarinwatchos)
      runtime.native.System (>= 4.3) - restriction: && (< monoandroid) (< monotouch) (< net45) (>= netstandard1.3) (< win8) (< wpa81) (< xamarinios) (< xamarinmac) (< xamarintvos) (< xamarinwatchos)
      runtime.native.System.IO.Compression (>= 4.3) - restriction: || (&& (< monoandroid) (< monotouch) (< net45) (>= netstandard1.3) (< win8) (< wpa81) (< xamarinios) (< xamarinmac) (< xamarintvos) (< xamarinwatchos)) (< portable-net45+win8+wpa81)
      System.Buffers (>= 4.3) - restriction: || (&& (< monoandroid) (< monotouch) (< net45) (>= netstandard1.3) (< win8) (< wpa81) (< xamarinios) (< xamarinmac) (< xamarintvos) (< xamarinwatchos)) (< portable-net45+win8+wpa81)
      System.Collections (>= 4.3) - restriction: || (&& (< monoandroid) (< monotouch) (< net45) (>= netstandard1.3) (< win8) (< wpa81) (< xamarinios) (< xamarinmac) (< xamarintvos) (< xamarinwatchos)) (< portable-net45+win8+wpa81)
      System.Diagnostics.Debug (>= 4.3) - restriction: || (&& (< monoandroid) (< monotouch) (< net45) (>= netstandard1.3) (< win8) (< wpa81) (< xamarinios) (< xamarinmac) (< xamarintvos) (< xamarinwatchos)) (< portable-net45+win8+wpa81)
      System.IO (>= 4.3) - restriction: || (&& (< monoandroid) (< monotouch) (< net45) (>= netstandard1.3) (< win8) (< wpa81) (< xamarinios) (< xamarinmac) (< xamarintvos) (< xamarinwatchos)) (&& (< monoandroid) (< net45) (>= netstandard1.1) (< netstandard1.3) (< win8) (< wpa81)) (< portable-net45+win8+wpa81)
      System.Resources.ResourceManager (>= 4.3) - restriction: || (&& (< monoandroid) (< monotouch) (< net45) (>= netstandard1.3) (< win8) (< wpa81) (< xamarinios) (< xamarinmac) (< xamarintvos) (< xamarinwatchos)) (< portable-net45+win8+wpa81)
      System.Runtime (>= 4.3) - restriction: || (&& (< monoandroid) (< monotouch) (< net45) (>= netstandard1.3) (< win8) (< wpa81) (< xamarinios) (< xamarinmac) (< xamarintvos) (< xamarinwatchos)) (&& (< monoandroid) (< net45) (>= netstandard1.1) (< netstandard1.3) (< win8) (< wpa81)) (< portable-net45+win8+wpa81)
      System.Runtime.Extensions (>= 4.3) - restriction: || (&& (< monoandroid) (< monotouch) (< net45) (>= netstandard1.3) (< win8) (< wpa81) (< xamarinios) (< xamarinmac) (< xamarintvos) (< xamarinwatchos)) (< portable-net45+win8+wpa81)
      System.Runtime.Handles (>= 4.3) - restriction: || (&& (< monoandroid) (< monotouch) (< net45) (>= netstandard1.3) (< win8) (< wpa81) (< xamarinios) (< xamarinmac) (< xamarintvos) (< xamarinwatchos)) (< portable-net45+win8+wpa81)
      System.Runtime.InteropServices (>= 4.3) - restriction: || (&& (< monoandroid) (< monotouch) (< net45) (>= netstandard1.3) (< win8) (< wpa81) (< xamarinios) (< xamarinmac) (< xamarintvos) (< xamarinwatchos)) (< portable-net45+win8+wpa81)
      System.Text.Encoding (>= 4.3) - restriction: || (&& (< monoandroid) (< monotouch) (< net45) (>= netstandard1.3) (< win8) (< wpa81) (< xamarinios) (< xamarinmac) (< xamarintvos) (< xamarinwatchos)) (&& (< monoandroid) (< net45) (>= netstandard1.1) (< netstandard1.3) (< win8) (< wpa81)) (< portable-net45+win8+wpa81)
      System.Threading (>= 4.3) - restriction: || (&& (< monoandroid) (< monotouch) (< net45) (>= netstandard1.3) (< win8) (< wpa81) (< xamarinios) (< xamarinmac) (< xamarintvos) (< xamarinwatchos)) (< portable-net45+win8+wpa81)
      System.Threading.Tasks (>= 4.3) - restriction: || (&& (< monoandroid) (< monotouch) (< net45) (>= netstandard1.3) (< win8) (< wpa81) (< xamarinios) (< xamarinmac) (< xamarintvos) (< xamarinwatchos)) (< portable-net45+win8+wpa81)
    System.IO.Compression.ZipFile (4.3) - restriction: || (&& (< net40) (>= net46) (< netstandard1.4)) (&& (< net40) (>= netstandard1.3) (< netstandard1.4) (< win8) (< wpa81)) (&& (< net40) (>= netstandard1.4) (< netstandard1.5) (< win8) (< wpa81)) (&& (< net40) (>= netstandard1.5) (< netstandard1.6) (< win8) (< wpa81)) (&& (< net40) (>= netstandard1.6) (< netstandard2.0) (< win8) (< wpa81)) (&& (< netstandard1.5) (>= uap10.0) (< uap10.1))
      System.Buffers (>= 4.3) - restriction: && (< monoandroid) (< monotouch) (< net46) (>= netstandard1.3) (< xamarinios) (< xamarinmac) (< xamarintvos) (< xamarinwatchos)
      System.IO (>= 4.3) - restriction: && (< monoandroid) (< monotouch) (< net46) (>= netstandard1.3) (< xamarinios) (< xamarinmac) (< xamarintvos) (< xamarinwatchos)
      System.IO.Compression (>= 4.3) - restriction: && (< monoandroid) (< monotouch) (< net46) (>= netstandard1.3) (< xamarinios) (< xamarinmac) (< xamarintvos) (< xamarinwatchos)
      System.IO.FileSystem (>= 4.3) - restriction: && (< monoandroid) (< monotouch) (< net46) (>= netstandard1.3) (< xamarinios) (< xamarinmac) (< xamarintvos) (< xamarinwatchos)
      System.IO.FileSystem.Primitives (>= 4.3) - restriction: && (< monoandroid) (< monotouch) (< net46) (>= netstandard1.3) (< xamarinios) (< xamarinmac) (< xamarintvos) (< xamarinwatchos)
      System.Resources.ResourceManager (>= 4.3) - restriction: && (< monoandroid) (< monotouch) (< net46) (>= netstandard1.3) (< xamarinios) (< xamarinmac) (< xamarintvos) (< xamarinwatchos)
      System.Runtime (>= 4.3) - restriction: && (< monoandroid) (< monotouch) (< net46) (>= netstandard1.3) (< xamarinios) (< xamarinmac) (< xamarintvos) (< xamarinwatchos)
      System.Runtime.Extensions (>= 4.3) - restriction: && (< monoandroid) (< monotouch) (< net46) (>= netstandard1.3) (< xamarinios) (< xamarinmac) (< xamarintvos) (< xamarinwatchos)
      System.Text.Encoding (>= 4.3) - restriction: && (< monoandroid) (< monotouch) (< net46) (>= netstandard1.3) (< xamarinios) (< xamarinmac) (< xamarintvos) (< xamarinwatchos)
    System.IO.FileSystem (4.3) - restriction: || (&& (< monoandroid) (< net40) (< netstandard1.2) (>= netstandard1.3) (< win8)) (&& (< monoandroid) (< net40) (< netstandard1.2) (>= netstandard1.6) (< win8)) (&& (< monoandroid) (< net40) (< netstandard1.4) (>= netstandard1.6) (< win8) (< wpa81)) (&& (< monoandroid) (< net40) (< netstandard1.5) (>= netstandard1.6) (< win8) (< wpa81)) (&& (< net40) (>= net46) (< netstandard1.4)) (&& (< net40) (>= net46) (< portable-net45+win8+wp8+wpa81)) (&& (< net40) (>= netstandard1.3) (< netstandard1.4) (< win8) (< wpa81)) (&& (< net40) (>= netstandard1.3) (< portable-net45+win8+wp8+wpa81)) (&& (< net40) (>= netstandard1.3) (< portable-net45+win8+wpa81)) (&& (< net40) (>= netstandard1.4) (< netstandard1.5) (< win8) (< wpa81)) (&& (< net40) (>= netstandard1.4) (< portable-net45+win8+wp8+wpa81)) (&& (< net40) (>= netstandard1.5) (< netstandard1.6) (< win8) (< wpa81)) (&& (< net40) (>= netstandard1.5) (< portable-net45+win8+wp8+wpa81)) (&& (< net40) (>= netstandard1.6) (< netstandard2.0) (< win8) (< wpa81)) (&& (< net40) (>= netstandard1.6) (< portable-net45+win8+wp8+wpa81)) (&& (< netstandard1.5) (>= netstandard1.6) (>= uap10.0)) (&& (< netstandard1.5) (>= uap10.0) (< uap10.1)) (&& (< netstandard1.5) (>= uap10.0) (< win8) (< wpa81)) (&& (< portable-net45+win8+wp8+wpa81) (>= uap10.0))
      Microsoft.NETCore.Platforms (>= 1.1) - restriction: && (< monoandroid) (< monotouch) (< net46) (>= netstandard1.3) (< xamarinios) (< xamarinmac) (< xamarintvos) (< xamarinwatchos)
      Microsoft.NETCore.Targets (>= 1.1) - restriction: && (< monoandroid) (< monotouch) (< net46) (>= netstandard1.3) (< xamarinios) (< xamarinmac) (< xamarintvos) (< xamarinwatchos)
      System.IO (>= 4.3) - restriction: && (< monoandroid) (< monotouch) (< net46) (>= netstandard1.3) (< xamarinios) (< xamarinmac) (< xamarintvos) (< xamarinwatchos)
      System.IO.FileSystem.Primitives (>= 4.3) - restriction: || (&& (< monoandroid) (< monotouch) (>= netstandard1.3) (< xamarinios) (< xamarinmac) (< xamarintvos) (< xamarinwatchos)) (>= net46)
      System.Runtime (>= 4.3) - restriction: && (< monoandroid) (< monotouch) (< net46) (>= netstandard1.3) (< xamarinios) (< xamarinmac) (< xamarintvos) (< xamarinwatchos)
      System.Runtime.Handles (>= 4.3) - restriction: && (< monoandroid) (< monotouch) (< net46) (>= netstandard1.3) (< xamarinios) (< xamarinmac) (< xamarintvos) (< xamarinwatchos)
      System.Text.Encoding (>= 4.3) - restriction: && (< monoandroid) (< monotouch) (< net46) (>= netstandard1.3) (< xamarinios) (< xamarinmac) (< xamarintvos) (< xamarinwatchos)
      System.Threading.Tasks (>= 4.3) - restriction: && (< monoandroid) (< monotouch) (< net46) (>= netstandard1.3) (< xamarinios) (< xamarinmac) (< xamarintvos) (< xamarinwatchos)
    System.IO.FileSystem.Primitives (4.3) - restriction: || (&& (< monoandroid) (< net40) (< netstandard1.2) (>= netstandard1.3) (< win8)) (&& (< monoandroid) (< net40) (< netstandard1.4) (>= netstandard1.6) (< win8) (< wpa81)) (&& (< monoandroid) (< net40) (< netstandard1.5) (>= netstandard1.6) (< win8) (< wpa81)) (&& (< net40) (>= net46) (< netstandard1.4)) (&& (< net40) (>= net46) (< portable-net45+win8+wp8+wpa81)) (&& (< net40) (>= netstandard1.3) (< netstandard1.4) (< win8) (< wpa81)) (&& (< net40) (>= netstandard1.3) (< portable-net45+win8+wp8+wpa81)) (&& (< net40) (>= netstandard1.3) (< portable-net45+win8+wpa81)) (&& (< net40) (>= netstandard1.4) (< netstandard1.5) (< win8) (< wpa81)) (&& (< net40) (>= netstandard1.4) (< portable-net45+win8+wp8+wpa81)) (&& (< net40) (>= netstandard1.5) (< netstandard1.6) (< win8) (< wpa81)) (&& (< net40) (>= netstandard1.5) (< portable-net45+win8+wp8+wpa81)) (&& (< net40) (>= netstandard1.6) (< netstandard2.0) (< win8) (< wpa81)) (&& (< net40) (>= netstandard1.6) (< portable-net45+win8+wp8+wpa81)) (&& (< netstandard1.5) (>= netstandard1.6) (>= uap10.0)) (&& (< netstandard1.5) (>= uap10.0) (< uap10.1)) (&& (< netstandard1.5) (>= uap10.0) (< win8) (< wpa81)) (&& (< portable-net45+win8+wp8+wpa81) (>= uap10.0))
      System.Runtime (>= 4.3) - restriction: && (< monoandroid) (< monotouch) (< net46) (>= netstandard1.3) (< xamarinios) (< xamarinmac) (< xamarintvos) (< xamarinwatchos)
    System.Linq (4.3) - restriction: || (&& (< monoandroid) (< monotouch) (< net40) (>= netstandard1.3) (< netstandard2.0) (< win8) (< wpa81) (< xamarinios) (< xamarinmac) (< xamarintvos) (< xamarinwatchos)) (&& (< monoandroid) (< net40) (< netstandard1.2) (>= netstandard1.6) (< win8)) (&& (< monoandroid) (< net40) (< netstandard1.4) (>= netstandard1.6) (< win8) (< wpa81)) (&& (< monoandroid) (< net40) (< netstandard1.5) (>= netstandard1.6) (< win8) (< wpa81)) (&& (< net40) (>= net46) (< netstandard1.4)) (&& (< net40) (< netstandard1.2) (>= netstandard1.3) (< win8)) (&& (< net40) (>= netstandard1.3) (< netstandard1.4) (< win8) (< wpa81)) (&& (< net40) (>= netstandard1.3) (< portable-net45+win8+wp8+wpa81)) (&& (< net40) (>= netstandard1.3) (< portable-net45+win8+wpa81)) (&& (< net40) (>= netstandard1.4) (< netstandard1.5) (< win8) (< wpa81)) (&& (< net40) (>= netstandard1.4) (< portable-net45+win8+wp8+wpa81)) (&& (< net40) (>= netstandard1.5) (< netstandard1.6) (< win8) (< wpa81)) (&& (< net40) (>= netstandard1.5) (< portable-net45+win8+wp8+wpa81)) (&& (< net40) (>= netstandard1.6) (< netstandard2.0) (< win8) (< wpa81)) (&& (< net40) (>= netstandard1.6) (< portable-net45+win8+wp8+wpa81)) (&& (< net40) (>= netstandard1.6) (< portable-net45+win8+wpa81)) (&& (< netstandard1.5) (>= netstandard1.6) (>= uap10.0)) (&& (< netstandard1.5) (>= uap10.0) (< uap10.1)) (&& (< portable-net45+win8+wp8+wpa81) (>= uap10.0))
      System.Collections (>= 4.3) - restriction: || (&& (< monoandroid) (< monotouch) (< net45) (>= netstandard1.6) (< xamarinios) (< xamarinmac) (< xamarintvos) (< xamarinwatchos)) (&& (< monoandroid) (< net45) (>= netstandard1.0) (< netstandard1.6) (< win8) (< wp8) (< wpa81)) (< portable-net45+win8+wp8+wpa81)
      System.Diagnostics.Debug (>= 4.3) - restriction: || (&& (< monoandroid) (< monotouch) (< net45) (>= netstandard1.6) (< xamarinios) (< xamarinmac) (< xamarintvos) (< xamarinwatchos)) (< portable-net45+win8+wp8+wpa81)
      System.Resources.ResourceManager (>= 4.3) - restriction: || (&& (< monoandroid) (< monotouch) (< net45) (>= netstandard1.6) (< xamarinios) (< xamarinmac) (< xamarintvos) (< xamarinwatchos)) (< portable-net45+win8+wp8+wpa81)
      System.Runtime (>= 4.3) - restriction: || (&& (< monoandroid) (< monotouch) (< net45) (>= netstandard1.6) (< xamarinios) (< xamarinmac) (< xamarintvos) (< xamarinwatchos)) (&& (< monoandroid) (< net45) (>= netstandard1.0) (< netstandard1.6) (< win8) (< wp8) (< wpa81)) (< portable-net45+win8+wp8+wpa81)
      System.Runtime.Extensions (>= 4.3) - restriction: || (&& (< monoandroid) (< monotouch) (< net45) (>= netstandard1.6) (< xamarinios) (< xamarinmac) (< xamarintvos) (< xamarinwatchos)) (< portable-net45+win8+wp8+wpa81)
    System.Linq.Expressions (4.3) - restriction: || (&& (< net40) (< netstandard1.2) (>= netstandard1.3) (< win8)) (&& (< net40) (>= netstandard1.3) (< netstandard1.4) (< win8) (< wpa81)) (&& (< net40) (>= netstandard1.3) (< portable-net45+win8+wpa81)) (&& (< net40) (>= netstandard1.4) (< netstandard1.5) (< win8) (< wpa81)) (&& (< net40) (>= netstandard1.5) (< netstandard1.6) (< win8) (< wpa81)) (&& (< net40) (>= netstandard1.6) (< netstandard2.0) (< win8) (< wpa81)) (&& (< netstandard1.5) (>= uap10.0) (< uap10.1))
      System.Collections (>= 4.3) - restriction: || (&& (< monoandroid) (< monotouch) (< net45) (>= netstandard1.6) (< xamarinios) (< xamarinmac) (< xamarintvos) (< xamarinwatchos)) (< portable-net45+win8+wp8+wpa81)
      System.Diagnostics.Debug (>= 4.3) - restriction: || (&& (< monoandroid) (< monotouch) (< net45) (>= netstandard1.6) (< xamarinios) (< xamarinmac) (< xamarintvos) (< xamarinwatchos)) (< portable-net45+win8+wp8+wpa81)
      System.Globalization (>= 4.3) - restriction: || (&& (< monoandroid) (< monotouch) (< net45) (>= netstandard1.6) (< xamarinios) (< xamarinmac) (< xamarintvos) (< xamarinwatchos)) (< portable-net45+win8+wp8+wpa81)
      System.IO (>= 4.3) - restriction: || (&& (< monoandroid) (< monotouch) (< net45) (>= netstandard1.6) (< xamarinios) (< xamarinmac) (< xamarintvos) (< xamarinwatchos)) (< portable-net45+win8+wp8+wpa81)
      System.Linq (>= 4.3) - restriction: || (&& (< monoandroid) (< monotouch) (< net45) (>= netstandard1.6) (< xamarinios) (< xamarinmac) (< xamarintvos) (< xamarinwatchos)) (< portable-net45+win8+wp8+wpa81)
      System.ObjectModel (>= 4.3) - restriction: && (< monoandroid) (< monotouch) (< net45) (>= netstandard1.6) (< xamarinios) (< xamarinmac) (< xamarintvos) (< xamarinwatchos)
      System.Reflection (>= 4.3) - restriction: || (&& (< monoandroid) (< monotouch) (< net45) (>= netstandard1.6) (< xamarinios) (< xamarinmac) (< xamarintvos) (< xamarinwatchos)) (&& (< monoandroid) (< net45) (>= netstandard1.0) (< netstandard1.3) (< win8) (< wp8) (< wpa81)) (&& (< monoandroid) (< net45) (>= netstandard1.3) (< netstandard1.6) (< win8) (< wpa81)) (< portable-net45+win8+wp8+wpa81)
      System.Reflection.Emit (>= 4.3) - restriction: && (< monoandroid) (< monotouch) (< net45) (>= netstandard1.6) (< xamarinios) (< xamarinmac) (< xamarintvos) (< xamarinwatchos)
      System.Reflection.Emit.ILGeneration (>= 4.3) - restriction: || (&& (< monoandroid) (< monotouch) (< net45) (>= netstandard1.6) (< xamarinios) (< xamarinmac) (< xamarintvos) (< xamarinwatchos)) (< portable-net45+win8+wp8+wpa81)
      System.Reflection.Emit.Lightweight (>= 4.3) - restriction: || (&& (< monoandroid) (< monotouch) (< net45) (>= netstandard1.6) (< xamarinios) (< xamarinmac) (< xamarintvos) (< xamarinwatchos)) (< portable-net45+win8+wp8+wpa81)
      System.Reflection.Extensions (>= 4.3) - restriction: || (&& (< monoandroid) (< monotouch) (< net45) (>= netstandard1.6) (< xamarinios) (< xamarinmac) (< xamarintvos) (< xamarinwatchos)) (< portable-net45+win8+wp8+wpa81)
      System.Reflection.Primitives (>= 4.3) - restriction: || (&& (< monoandroid) (< monotouch) (< net45) (>= netstandard1.6) (< xamarinios) (< xamarinmac) (< xamarintvos) (< xamarinwatchos)) (< portable-net45+win8+wp8+wpa81)
      System.Reflection.TypeExtensions (>= 4.3) - restriction: || (&& (< monoandroid) (< monotouch) (< net45) (>= netstandard1.6) (< xamarinios) (< xamarinmac) (< xamarintvos) (< xamarinwatchos)) (< portable-net45+win8+wp8+wpa81)
      System.Resources.ResourceManager (>= 4.3) - restriction: || (&& (< monoandroid) (< monotouch) (< net45) (>= netstandard1.6) (< xamarinios) (< xamarinmac) (< xamarintvos) (< xamarinwatchos)) (< portable-net45+win8+wp8+wpa81)
      System.Runtime (>= 4.3) - restriction: || (&& (< monoandroid) (< monotouch) (< net45) (>= netstandard1.6) (< xamarinios) (< xamarinmac) (< xamarintvos) (< xamarinwatchos)) (&& (< monoandroid) (< net45) (>= netstandard1.0) (< netstandard1.3) (< win8) (< wp8) (< wpa81)) (&& (< monoandroid) (< net45) (>= netstandard1.3) (< netstandard1.6) (< win8) (< wpa81)) (< portable-net45+win8+wp8+wpa81)
      System.Runtime.Extensions (>= 4.3) - restriction: || (&& (< monoandroid) (< monotouch) (< net45) (>= netstandard1.6) (< xamarinios) (< xamarinmac) (< xamarintvos) (< xamarinwatchos)) (< portable-net45+win8+wp8+wpa81)
      System.Threading (>= 4.3) - restriction: || (&& (< monoandroid) (< monotouch) (< net45) (>= netstandard1.6) (< xamarinios) (< xamarinmac) (< xamarintvos) (< xamarinwatchos)) (< portable-net45+win8+wp8+wpa81)
    System.Net.Http (4.3.3) - restriction: || (&& (< net40) (>= net46) (< netstandard1.4)) (&& (< net40) (< netstandard1.2) (>= netstandard1.3) (< win8)) (&& (< net40) (>= netstandard1.3) (< netstandard1.4) (< win8) (< wpa81)) (&& (< net40) (>= netstandard1.4) (< netstandard1.5) (< win8) (< wpa81)) (&& (< net40) (>= netstandard1.5) (< netstandard1.6) (< win8) (< wpa81)) (&& (< net40) (>= netstandard1.6) (< netstandard2.0) (< win8) (< wpa81)) (&& (< netstandard1.5) (>= uap10.0) (< uap10.1))
      Microsoft.NETCore.Platforms (>= 1.1) - restriction: || (&& (< monoandroid) (< monotouch) (< net45) (>= netstandard1.6) (< xamarinios) (< xamarinmac) (< xamarintvos) (< xamarinwatchos)) (&& (< monoandroid) (< net45) (>= netstandard1.3) (< netstandard1.6) (< win8) (< wpa81)) (< portable-net45+win8+wpa81)
      Microsoft.Win32.Primitives (>= 4.3) - restriction: && (< monoandroid) (< net45) (>= netstandard1.3) (< netstandard1.6) (< win8) (< wpa81)
      runtime.native.System (>= 4.3) - restriction: && (< monoandroid) (< monotouch) (< net45) (>= netstandard1.6) (< xamarinios) (< xamarinmac) (< xamarintvos) (< xamarinwatchos)
      runtime.native.System.Net.Http (>= 4.3) - restriction: && (< monoandroid) (< monotouch) (< net45) (>= netstandard1.6) (< xamarinios) (< xamarinmac) (< xamarintvos) (< xamarinwatchos)
      runtime.native.System.Security.Cryptography.OpenSsl (>= 4.3.2) - restriction: && (< monoandroid) (< monotouch) (< net45) (>= netstandard1.6) (< xamarinios) (< xamarinmac) (< xamarintvos) (< xamarinwatchos)
      System.Collections (>= 4.3) - restriction: || (&& (< monoandroid) (< monotouch) (< net45) (>= netstandard1.6) (< xamarinios) (< xamarinmac) (< xamarintvos) (< xamarinwatchos)) (&& (< monoandroid) (< net45) (>= netstandard1.3) (< netstandard1.6) (< win8) (< wpa81)) (< portable-net45+win8+wpa81)
      System.Diagnostics.Debug (>= 4.3) - restriction: || (&& (< monoandroid) (< monotouch) (< net45) (>= netstandard1.6) (< xamarinios) (< xamarinmac) (< xamarintvos) (< xamarinwatchos)) (&& (< monoandroid) (< net45) (>= netstandard1.3) (< netstandard1.6) (< win8) (< wpa81)) (< portable-net45+win8+wpa81)
      System.Diagnostics.DiagnosticSource (>= 4.3) - restriction: || (&& (< monoandroid) (< monotouch) (< net45) (>= netstandard1.6) (< xamarinios) (< xamarinmac) (< xamarintvos) (< xamarinwatchos)) (&& (< monoandroid) (< net45) (>= netstandard1.3) (< netstandard1.6) (< win8) (< wpa81)) (< portable-net45+win8+wpa81)
      System.Diagnostics.Tracing (>= 4.3) - restriction: || (&& (< monoandroid) (< monotouch) (< net45) (>= netstandard1.6) (< xamarinios) (< xamarinmac) (< xamarintvos) (< xamarinwatchos)) (&& (< monoandroid) (< net45) (>= netstandard1.3) (< netstandard1.6) (< win8) (< wpa81)) (< portable-net45+win8+wpa81)
      System.Globalization (>= 4.3) - restriction: || (&& (< monoandroid) (< monotouch) (< net45) (>= netstandard1.6) (< xamarinios) (< xamarinmac) (< xamarintvos) (< xamarinwatchos)) (&& (< monoandroid) (< net45) (>= netstandard1.3) (< netstandard1.6) (< win8) (< wpa81)) (< portable-net45+win8+wpa81)
      System.Globalization.Extensions (>= 4.3) - restriction: && (< monoandroid) (< monotouch) (< net45) (>= netstandard1.6) (< xamarinios) (< xamarinmac) (< xamarintvos) (< xamarinwatchos)
      System.IO (>= 4.3) - restriction: || (&& (< monoandroid) (< monotouch) (< net45) (>= netstandard1.6) (< xamarinios) (< xamarinmac) (< xamarintvos) (< xamarinwatchos)) (&& (< monoandroid) (< net45) (>= netstandard1.1) (< netstandard1.3) (< win8) (< wpa81)) (&& (< monoandroid) (< net45) (>= netstandard1.3) (< netstandard1.6) (< win8) (< wpa81)) (< portable-net45+win8+wpa81)
      System.IO.Compression (>= 4.3) - restriction: && (< monoandroid) (< net45) (>= netstandard1.3) (< netstandard1.6) (< win8) (< wpa81)
      System.IO.FileSystem (>= 4.3) - restriction: && (< monoandroid) (< monotouch) (< net45) (>= netstandard1.6) (< xamarinios) (< xamarinmac) (< xamarintvos) (< xamarinwatchos)
      System.Net.Primitives (>= 4.3) - restriction: || (&& (< monoandroid) (< monotouch) (< net45) (>= netstandard1.6) (< xamarinios) (< xamarinmac) (< xamarintvos) (< xamarinwatchos)) (&& (< monoandroid) (< net45) (>= netstandard1.1) (< netstandard1.3) (< win8) (< wpa81)) (&& (< monoandroid) (< net45) (>= netstandard1.3) (< netstandard1.6) (< win8) (< wpa81)) (< portable-net45+win8+wpa81)
      System.Resources.ResourceManager (>= 4.3) - restriction: || (&& (< monoandroid) (< monotouch) (< net45) (>= netstandard1.6) (< xamarinios) (< xamarinmac) (< xamarintvos) (< xamarinwatchos)) (&& (< monoandroid) (< net45) (>= netstandard1.3) (< netstandard1.6) (< win8) (< wpa81)) (< portable-net45+win8+wpa81)
      System.Runtime (>= 4.3) - restriction: || (&& (< monoandroid) (< monotouch) (< net45) (>= netstandard1.6) (< xamarinios) (< xamarinmac) (< xamarintvos) (< xamarinwatchos)) (&& (< monoandroid) (< net45) (>= netstandard1.1) (< netstandard1.3) (< win8) (< wpa81)) (&& (< monoandroid) (< net45) (>= netstandard1.3) (< netstandard1.6) (< win8) (< wpa81)) (< portable-net45+win8+wpa81)
      System.Runtime.Extensions (>= 4.3) - restriction: || (&& (< monoandroid) (< monotouch) (< net45) (>= netstandard1.6) (< xamarinios) (< xamarinmac) (< xamarintvos) (< xamarinwatchos)) (&& (< monoandroid) (< net45) (>= netstandard1.3) (< netstandard1.6) (< win8) (< wpa81)) (< portable-net45+win8+wpa81)
      System.Runtime.Handles (>= 4.3) - restriction: || (&& (< monoandroid) (< monotouch) (< net45) (>= netstandard1.6) (< xamarinios) (< xamarinmac) (< xamarintvos) (< xamarinwatchos)) (&& (< monoandroid) (< net45) (>= netstandard1.3) (< netstandard1.6) (< win8) (< wpa81))
      System.Runtime.InteropServices (>= 4.3) - restriction: || (&& (< monoandroid) (< monotouch) (< net45) (>= netstandard1.6) (< xamarinios) (< xamarinmac) (< xamarintvos) (< xamarinwatchos)) (&& (< monoandroid) (< net45) (>= netstandard1.3) (< netstandard1.6) (< win8) (< wpa81)) (< portable-net45+win8+wpa81)
      System.Security.Cryptography.Algorithms (>= 4.3) - restriction: && (< monoandroid) (< monotouch) (< net45) (>= netstandard1.6) (< xamarinios) (< xamarinmac) (< xamarintvos) (< xamarinwatchos)
      System.Security.Cryptography.Encoding (>= 4.3) - restriction: || (&& (< monoandroid) (< monotouch) (< net45) (>= netstandard1.6) (< xamarinios) (< xamarinmac) (< xamarintvos) (< xamarinwatchos)) (&& (< monoandroid) (< net45) (>= netstandard1.3) (< netstandard1.6) (< win8) (< wpa81))
      System.Security.Cryptography.OpenSsl (>= 4.3) - restriction: && (< monoandroid) (< monotouch) (< net45) (>= netstandard1.6) (< xamarinios) (< xamarinmac) (< xamarintvos) (< xamarinwatchos)
      System.Security.Cryptography.Primitives (>= 4.3) - restriction: && (< monoandroid) (< monotouch) (< net45) (>= netstandard1.6) (< xamarinios) (< xamarinmac) (< xamarintvos) (< xamarinwatchos)
      System.Security.Cryptography.X509Certificates (>= 4.3) - restriction: || (&& (< monoandroid) (< monotouch) (< net45) (>= netstandard1.6) (< xamarinios) (< xamarinmac) (< xamarintvos) (< xamarinwatchos)) (&& (< monoandroid) (< net45) (>= netstandard1.3) (< netstandard1.6) (< win8) (< wpa81)) (>= net46) (< portable-net45+win8+wpa81)
      System.Text.Encoding (>= 4.3) - restriction: || (&& (< monoandroid) (< monotouch) (< net45) (>= netstandard1.6) (< xamarinios) (< xamarinmac) (< xamarintvos) (< xamarinwatchos)) (&& (< monoandroid) (< net45) (>= netstandard1.1) (< netstandard1.3) (< win8) (< wpa81)) (&& (< monoandroid) (< net45) (>= netstandard1.3) (< netstandard1.6) (< win8) (< wpa81)) (< portable-net45+win8+wpa81)
      System.Threading (>= 4.3) - restriction: || (&& (< monoandroid) (< monotouch) (< net45) (>= netstandard1.6) (< xamarinios) (< xamarinmac) (< xamarintvos) (< xamarinwatchos)) (&& (< monoandroid) (< net45) (>= netstandard1.3) (< netstandard1.6) (< win8) (< wpa81)) (< portable-net45+win8+wpa81)
      System.Threading.Tasks (>= 4.3) - restriction: || (&& (< monoandroid) (< monotouch) (< net45) (>= netstandard1.6) (< xamarinios) (< xamarinmac) (< xamarintvos) (< xamarinwatchos)) (&& (< monoandroid) (< net45) (>= netstandard1.1) (< netstandard1.3) (< win8) (< wpa81)) (&& (< monoandroid) (< net45) (>= netstandard1.3) (< netstandard1.6) (< win8) (< wpa81)) (< portable-net45+win8+wpa81)
    System.Net.Primitives (4.3) - restriction: || (&& (< monoandroid) (< net40) (< netstandard1.2) (>= netstandard1.6) (< win8)) (&& (< monoandroid) (< net40) (< netstandard1.3) (>= netstandard1.4) (< win8) (< wpa81)) (&& (< monoandroid) (< net40) (< netstandard1.3) (>= netstandard1.5) (< win8) (< wpa81)) (&& (< monoandroid) (< net40) (< netstandard1.3) (>= netstandard1.6) (< win8) (< wpa81)) (&& (< monoandroid) (< net40) (< netstandard1.4) (>= netstandard1.6) (< win8) (< wpa81)) (&& (< monoandroid) (< net40) (< netstandard1.5) (>= netstandard1.6) (< win8) (< wpa81)) (&& (< net40) (>= net46) (< netstandard1.3)) (&& (< net40) (>= net46) (< netstandard1.4)) (&& (< net40) (>= net46) (< portable-net45+win8+wpa81)) (&& (< net40) (< netstandard1.2) (>= netstandard1.3) (< win8)) (&& (< net40) (>= netstandard1.3) (< netstandard1.4) (< win8) (< wpa81)) (&& (< net40) (>= netstandard1.3) (< portable-net45+win8+wpa81)) (&& (< net40) (>= netstandard1.4) (< netstandard1.5) (< win8) (< wpa81)) (&& (< net40) (>= netstandard1.4) (< portable-net45+win8+wpa81)) (&& (< net40) (>= netstandard1.5) (< netstandard1.6) (< win8) (< wpa81)) (&& (< net40) (>= netstandard1.5) (< portable-net45+win8+wpa81)) (&& (< net40) (>= netstandard1.6) (< netstandard2.0) (< win8) (< wpa81)) (&& (< net40) (>= netstandard1.6) (< portable-net45+win8+wpa81)) (&& (< netstandard1.3) (>= uap10.0) (< win8) (< wpa81)) (&& (< netstandard1.5) (>= netstandard1.6) (>= uap10.0)) (&& (< netstandard1.5) (>= uap10.0) (< uap10.1)) (&& (< netstandard1.5) (>= uap10.0) (< win8) (< wpa81)) (&& (< portable-net45+win8+wpa81) (>= uap10.0))
      Microsoft.NETCore.Platforms (>= 1.1) - restriction: || (&& (< monoandroid) (< monotouch) (< net45) (>= netstandard1.3) (< win8) (< wpa81) (< xamarinios) (< xamarinmac) (< xamarintvos) (< xamarinwatchos)) (&& (< monoandroid) (< net45) (>= netstandard1.1) (< netstandard1.3) (< win8) (< wpa81)) (&& (< monoandroid) (>= netstandard1.0) (< netstandard1.1) (< win8) (< wp8)) (< portable-net45+win8+wp8+wpa81)
      Microsoft.NETCore.Targets (>= 1.1) - restriction: || (&& (< monoandroid) (< monotouch) (< net45) (>= netstandard1.3) (< win8) (< wpa81) (< xamarinios) (< xamarinmac) (< xamarintvos) (< xamarinwatchos)) (&& (< monoandroid) (< net45) (>= netstandard1.1) (< netstandard1.3) (< win8) (< wpa81)) (&& (< monoandroid) (>= netstandard1.0) (< netstandard1.1) (< win8) (< wp8)) (< portable-net45+win8+wp8+wpa81)
      System.Runtime (>= 4.3) - restriction: || (&& (< monoandroid) (< monotouch) (< net45) (>= netstandard1.3) (< win8) (< wpa81) (< xamarinios) (< xamarinmac) (< xamarintvos) (< xamarinwatchos)) (&& (< monoandroid) (< net45) (>= netstandard1.1) (< netstandard1.3) (< win8) (< wpa81)) (&& (< monoandroid) (>= netstandard1.0) (< netstandard1.1) (< win8) (< wp8)) (< portable-net45+win8+wp8+wpa81)
      System.Runtime.Handles (>= 4.3) - restriction: || (&& (< monoandroid) (< monotouch) (< net45) (>= netstandard1.3) (< win8) (< wpa81) (< xamarinios) (< xamarinmac) (< xamarintvos) (< xamarinwatchos)) (< portable-net45+win8+wp8+wpa81)
    System.Net.Sockets (4.3) - restriction: || (&& (< net40) (>= net46) (< netstandard1.4)) (&& (< net40) (>= netstandard1.3) (< netstandard1.4) (< win8) (< wpa81)) (&& (< net40) (>= netstandard1.4) (< netstandard1.5) (< win8) (< wpa81)) (&& (< net40) (>= netstandard1.5) (< netstandard1.6) (< win8) (< wpa81)) (&& (< net40) (>= netstandard1.6) (< netstandard2.0) (< win8) (< wpa81)) (&& (< netstandard1.5) (>= uap10.0) (< uap10.1))
      Microsoft.NETCore.Platforms (>= 1.1) - restriction: && (< monoandroid) (< monotouch) (< net46) (>= netstandard1.3) (< xamarinios) (< xamarinmac) (< xamarintvos) (< xamarinwatchos)
      Microsoft.NETCore.Targets (>= 1.1) - restriction: && (< monoandroid) (< monotouch) (< net46) (>= netstandard1.3) (< xamarinios) (< xamarinmac) (< xamarintvos) (< xamarinwatchos)
      System.IO (>= 4.3) - restriction: && (< monoandroid) (< monotouch) (< net46) (>= netstandard1.3) (< xamarinios) (< xamarinmac) (< xamarintvos) (< xamarinwatchos)
      System.Net.Primitives (>= 4.3) - restriction: && (< monoandroid) (< monotouch) (< net46) (>= netstandard1.3) (< xamarinios) (< xamarinmac) (< xamarintvos) (< xamarinwatchos)
      System.Runtime (>= 4.3) - restriction: && (< monoandroid) (< monotouch) (< net46) (>= netstandard1.3) (< xamarinios) (< xamarinmac) (< xamarintvos) (< xamarinwatchos)
      System.Threading.Tasks (>= 4.3) - restriction: && (< monoandroid) (< monotouch) (< net46) (>= netstandard1.3) (< xamarinios) (< xamarinmac) (< xamarintvos) (< xamarinwatchos)
    System.ObjectModel (4.3) - restriction: || (&& (< monoandroid) (< net40) (< netstandard1.2) (>= netstandard1.6) (< win8)) (&& (< monoandroid) (< net40) (< netstandard1.4) (>= netstandard1.6) (< win8) (< wpa81)) (&& (< monoandroid) (< net40) (< netstandard1.5) (>= netstandard1.6) (< win8) (< wpa81)) (&& (< net40) (< netstandard1.2) (>= netstandard1.3) (< win8)) (&& (< net40) (>= netstandard1.3) (< netstandard1.4) (< win8) (< wpa81)) (&& (< net40) (>= netstandard1.3) (< portable-net45+win8+wpa81)) (&& (< net40) (>= netstandard1.4) (< netstandard1.5) (< win8) (< wpa81)) (&& (< net40) (>= netstandard1.5) (< netstandard1.6) (< win8) (< wpa81)) (&& (< net40) (>= netstandard1.6) (< netstandard2.0) (< win8) (< wpa81)) (&& (< net40) (>= netstandard1.6) (< portable-net45+win8+wpa81)) (&& (< netstandard1.5) (>= netstandard1.6) (>= uap10.0)) (&& (< netstandard1.5) (>= uap10.0) (< uap10.1))
      System.Collections (>= 4.3) - restriction: || (&& (< monoandroid) (< monotouch) (< net45) (>= netstandard1.3) (< win8) (< wpa81) (< xamarinios) (< xamarinmac) (< xamarintvos) (< xamarinwatchos)) (< portable-net45+win8+wp8+wpa81)
      System.Diagnostics.Debug (>= 4.3) - restriction: || (&& (< monoandroid) (< monotouch) (< net45) (>= netstandard1.3) (< win8) (< wpa81) (< xamarinios) (< xamarinmac) (< xamarintvos) (< xamarinwatchos)) (< portable-net45+win8+wp8+wpa81)
      System.Resources.ResourceManager (>= 4.3) - restriction: || (&& (< monoandroid) (< monotouch) (< net45) (>= netstandard1.3) (< win8) (< wpa81) (< xamarinios) (< xamarinmac) (< xamarintvos) (< xamarinwatchos)) (< portable-net45+win8+wp8+wpa81)
      System.Runtime (>= 4.3) - restriction: || (&& (< monoandroid) (< monotouch) (< net45) (>= netstandard1.3) (< win8) (< wpa81) (< xamarinios) (< xamarinmac) (< xamarintvos) (< xamarinwatchos)) (&& (< monoandroid) (< net45) (>= netstandard1.0) (< netstandard1.3) (< win8) (< wp8) (< wpa81)) (< portable-net45+win8+wp8+wpa81)
      System.Threading (>= 4.3) - restriction: || (&& (< monoandroid) (< monotouch) (< net45) (>= netstandard1.3) (< win8) (< wpa81) (< xamarinios) (< xamarinmac) (< xamarintvos) (< xamarinwatchos)) (< portable-net45+win8+wp8+wpa81)
    System.Private.DataContractSerialization (4.3) - restriction: || (&& (< monoandroid) (< monotouch) (< net40) (>= netstandard1.3) (< netstandard2.0) (< win8) (< wpa81) (< xamarinios) (< xamarinmac) (< xamarintvos) (< xamarinwatchos)) (&& (< net40) (>= netstandard1.3) (< portable-net45+win8+wp8+wpa81))
      System.Collections (>= 4.3) - restriction: || (&& (< monoandroid) (< monotouch) (< net46) (>= netstandard1.3) (< xamarinios) (< xamarinmac) (< xamarintvos) (< xamarinwatchos)) (&& (< monoandroid) (< netstandard1.3))
      System.Collections.Concurrent (>= 4.3) - restriction: || (&& (< monoandroid) (< monotouch) (< net46) (>= netstandard1.3) (< xamarinios) (< xamarinmac) (< xamarintvos) (< xamarinwatchos)) (&& (< monoandroid) (< netstandard1.3))
      System.Diagnostics.Debug (>= 4.3) - restriction: || (&& (< monoandroid) (< monotouch) (< net46) (>= netstandard1.3) (< xamarinios) (< xamarinmac) (< xamarintvos) (< xamarinwatchos)) (&& (< monoandroid) (< netstandard1.3))
      System.Globalization (>= 4.3) - restriction: || (&& (< monoandroid) (< monotouch) (< net46) (>= netstandard1.3) (< xamarinios) (< xamarinmac) (< xamarintvos) (< xamarinwatchos)) (&& (< monoandroid) (< netstandard1.3))
      System.IO (>= 4.3) - restriction: || (&& (< monoandroid) (< monotouch) (< net46) (>= netstandard1.3) (< xamarinios) (< xamarinmac) (< xamarintvos) (< xamarinwatchos)) (&& (< monoandroid) (< netstandard1.3))
      System.Linq (>= 4.3) - restriction: || (&& (< monoandroid) (< monotouch) (< net46) (>= netstandard1.3) (< xamarinios) (< xamarinmac) (< xamarintvos) (< xamarinwatchos)) (&& (< monoandroid) (< netstandard1.3))
      System.Reflection (>= 4.3) - restriction: || (&& (< monoandroid) (< monotouch) (< net46) (>= netstandard1.3) (< xamarinios) (< xamarinmac) (< xamarintvos) (< xamarinwatchos)) (&& (< monoandroid) (< netstandard1.3))
      System.Reflection.Emit.ILGeneration (>= 4.3) - restriction: && (< monoandroid) (< monotouch) (< net46) (>= netstandard1.3) (< xamarinios) (< xamarinmac) (< xamarintvos) (< xamarinwatchos)
      System.Reflection.Emit.Lightweight (>= 4.3) - restriction: && (< monoandroid) (< monotouch) (< net46) (>= netstandard1.3) (< xamarinios) (< xamarinmac) (< xamarintvos) (< xamarinwatchos)
      System.Reflection.Extensions (>= 4.3) - restriction: || (&& (< monoandroid) (< monotouch) (< net46) (>= netstandard1.3) (< xamarinios) (< xamarinmac) (< xamarintvos) (< xamarinwatchos)) (&& (< monoandroid) (< netstandard1.3))
      System.Reflection.Primitives (>= 4.3) - restriction: || (&& (< monoandroid) (< monotouch) (< net46) (>= netstandard1.3) (< xamarinios) (< xamarinmac) (< xamarintvos) (< xamarinwatchos)) (&& (< monoandroid) (< netstandard1.3))
      System.Reflection.TypeExtensions (>= 4.3) - restriction: || (&& (< monoandroid) (< monotouch) (>= netstandard1.3) (< xamarinios) (< xamarinmac) (< xamarintvos) (< xamarinwatchos)) (&& (< monoandroid) (< netstandard1.3)) (>= net46)
      System.Resources.ResourceManager (>= 4.3) - restriction: || (&& (< monoandroid) (< monotouch) (< net46) (>= netstandard1.3) (< xamarinios) (< xamarinmac) (< xamarintvos) (< xamarinwatchos)) (&& (< monoandroid) (< netstandard1.3))
      System.Runtime (>= 4.3) - restriction: || (&& (< monoandroid) (< monotouch) (< net46) (>= netstandard1.3) (< xamarinios) (< xamarinmac) (< xamarintvos) (< xamarinwatchos)) (&& (< monoandroid) (< netstandard1.3))
      System.Runtime.Extensions (>= 4.3) - restriction: || (&& (< monoandroid) (< monotouch) (< net46) (>= netstandard1.3) (< xamarinios) (< xamarinmac) (< xamarintvos) (< xamarinwatchos)) (&& (< monoandroid) (< netstandard1.3))
      System.Runtime.Serialization.Primitives (>= 4.3) - restriction: || (&& (< monoandroid) (< monotouch) (>= netstandard1.3) (< xamarinios) (< xamarinmac) (< xamarintvos) (< xamarinwatchos)) (&& (< monoandroid) (< netstandard1.3)) (>= net46)
      System.Text.Encoding (>= 4.3) - restriction: || (&& (< monoandroid) (< monotouch) (< net46) (>= netstandard1.3) (< xamarinios) (< xamarinmac) (< xamarintvos) (< xamarinwatchos)) (&& (< monoandroid) (< netstandard1.3))
      System.Text.Encoding.Extensions (>= 4.3) - restriction: || (&& (< monoandroid) (< monotouch) (< net46) (>= netstandard1.3) (< xamarinios) (< xamarinmac) (< xamarintvos) (< xamarinwatchos)) (&& (< monoandroid) (< netstandard1.3))
      System.Text.RegularExpressions (>= 4.3) - restriction: || (&& (< monoandroid) (< monotouch) (< net46) (>= netstandard1.3) (< xamarinios) (< xamarinmac) (< xamarintvos) (< xamarinwatchos)) (&& (< monoandroid) (< netstandard1.3))
      System.Threading (>= 4.3) - restriction: || (&& (< monoandroid) (< monotouch) (< net46) (>= netstandard1.3) (< xamarinios) (< xamarinmac) (< xamarintvos) (< xamarinwatchos)) (&& (< monoandroid) (< netstandard1.3))
      System.Threading.Tasks (>= 4.3) - restriction: || (&& (< monoandroid) (< monotouch) (< net46) (>= netstandard1.3) (< xamarinios) (< xamarinmac) (< xamarintvos) (< xamarinwatchos)) (&& (< monoandroid) (< netstandard1.3))
      System.Xml.ReaderWriter (>= 4.3) - restriction: || (&& (< monoandroid) (< monotouch) (< net46) (>= netstandard1.3) (< xamarinios) (< xamarinmac) (< xamarintvos) (< xamarinwatchos)) (&& (< monoandroid) (< netstandard1.3))
      System.Xml.XDocument (>= 4.3) - restriction: || (&& (< monoandroid) (< monotouch) (< net46) (>= netstandard1.3) (< xamarinios) (< xamarinmac) (< xamarintvos) (< xamarinwatchos)) (&& (< monoandroid) (< netstandard1.3))
      System.Xml.XmlDocument (>= 4.3) - restriction: || (&& (< monoandroid) (< monotouch) (>= netstandard1.3) (< xamarinios) (< xamarinmac) (< xamarintvos) (< xamarinwatchos)) (&& (< monoandroid) (< netstandard1.3)) (>= net46)
      System.Xml.XmlSerializer (>= 4.3) - restriction: || (&& (< monoandroid) (< monotouch) (< net46) (>= netstandard1.3) (< xamarinios) (< xamarinmac) (< xamarintvos) (< xamarinwatchos)) (&& (< monoandroid) (< netstandard1.3))
    System.Reflection (4.3) - restriction: || (&& (< monoandroid) (< monotouch) (< net40) (>= netstandard1.4) (< netstandard2.0) (< xamarinios) (< xamarinmac) (< xamarintvos) (< xamarinwatchos)) (&& (< monoandroid) (< net40) (< netstandard1.2) (>= netstandard1.6) (< win8)) (&& (< monoandroid) (< net40) (< netstandard1.4) (>= netstandard1.6) (< win8) (< wpa81)) (&& (< monoandroid) (< net40) (< netstandard1.5) (>= netstandard1.6) (< win8) (< wpa81)) (&& (< net40) (< netstandard1.2) (>= netstandard1.3) (< win8)) (&& (< net40) (>= netstandard1.3) (< netstandard1.4) (< win8) (< wpa81)) (&& (< net40) (>= netstandard1.3) (< portable-net45+win8+wpa81)) (&& (< net40) (>= netstandard1.4) (< netstandard1.5) (< win8) (< wpa81)) (&& (< net40) (>= netstandard1.5) (< netstandard1.6) (< win8) (< wpa81)) (&& (< net40) (>= netstandard1.6) (< netstandard2.0) (< win8) (< wpa81)) (&& (< net40) (>= netstandard1.6) (< portable-net45+win8+wpa81)) (&& (< netstandard1.5) (>= netstandard1.6) (>= uap10.0)) (&& (< netstandard1.5) (>= uap10.0) (< uap10.1)) (&& (< netstandard1.5) (>= uap10.0) (< win8) (< wpa81))
      Microsoft.NETCore.Platforms (>= 1.1) - restriction: || (&& (< monoandroid) (< monotouch) (< net45) (>= netstandard1.5) (< win8) (< wpa81) (< xamarinios) (< xamarinmac) (< xamarintvos) (< xamarinwatchos)) (&& (< monoandroid) (< net45) (>= netstandard1.0) (< netstandard1.3) (< win8) (< wp8) (< wpa81)) (&& (< monoandroid) (< net45) (>= netstandard1.3) (< netstandard1.5) (< win8) (< wpa81)) (< portable-net45+win8+wp8+wpa81)
      Microsoft.NETCore.Targets (>= 1.1) - restriction: || (&& (< monoandroid) (< monotouch) (< net45) (>= netstandard1.5) (< win8) (< wpa81) (< xamarinios) (< xamarinmac) (< xamarintvos) (< xamarinwatchos)) (&& (< monoandroid) (< net45) (>= netstandard1.0) (< netstandard1.3) (< win8) (< wp8) (< wpa81)) (&& (< monoandroid) (< net45) (>= netstandard1.3) (< netstandard1.5) (< win8) (< wpa81)) (< portable-net45+win8+wp8+wpa81)
      System.IO (>= 4.3) - restriction: || (&& (< monoandroid) (< monotouch) (< net45) (>= netstandard1.5) (< win8) (< wpa81) (< xamarinios) (< xamarinmac) (< xamarintvos) (< xamarinwatchos)) (&& (< monoandroid) (< net45) (>= netstandard1.0) (< netstandard1.3) (< win8) (< wp8) (< wpa81)) (&& (< monoandroid) (< net45) (>= netstandard1.3) (< netstandard1.5) (< win8) (< wpa81)) (< portable-net45+win8+wp8+wpa81)
      System.Reflection.Primitives (>= 4.3) - restriction: || (&& (< monoandroid) (< monotouch) (< net45) (>= netstandard1.5) (< win8) (< wpa81) (< xamarinios) (< xamarinmac) (< xamarintvos) (< xamarinwatchos)) (&& (< monoandroid) (< net45) (>= netstandard1.0) (< netstandard1.3) (< win8) (< wp8) (< wpa81)) (&& (< monoandroid) (< net45) (>= netstandard1.3) (< netstandard1.5) (< win8) (< wpa81)) (< portable-net45+win8+wp8+wpa81)
      System.Runtime (>= 4.3) - restriction: || (&& (< monoandroid) (< monotouch) (< net45) (>= netstandard1.5) (< win8) (< wpa81) (< xamarinios) (< xamarinmac) (< xamarintvos) (< xamarinwatchos)) (&& (< monoandroid) (< net45) (>= netstandard1.0) (< netstandard1.3) (< win8) (< wp8) (< wpa81)) (&& (< monoandroid) (< net45) (>= netstandard1.3) (< netstandard1.5) (< win8) (< wpa81)) (< portable-net45+win8+wp8+wpa81)
    System.Reflection.Emit (4.3) - restriction: || (&& (< monoandroid) (< monotouch) (< net40) (>= netstandard1.3) (< netstandard2.0) (< win8) (< wpa81) (< xamarinios) (< xamarinmac) (< xamarintvos) (< xamarinwatchos)) (&& (< monoandroid) (< monotouch) (< net40) (>= netstandard1.6) (< netstandard2.0) (< win8) (< wpa81) (< xamarinios) (< xamarinmac) (< xamarintvos) (< xamarinwatchos)) (&& (< monoandroid) (< net40) (< netstandard1.2) (>= netstandard1.6) (< win8)) (&& (< monoandroid) (< net40) (< netstandard1.4) (>= netstandard1.6) (< win8) (< wpa81)) (&& (< monoandroid) (< net40) (< netstandard1.5) (>= netstandard1.6) (< win8) (< wpa81)) (&& (< net40) (>= netstandard1.3) (< portable-net45+win8+wp8+wpa81)) (&& (< net40) (>= netstandard1.6) (< portable-net45+win8+wpa81)) (&& (< netstandard1.5) (>= netstandard1.6) (>= uap10.0))
      System.IO (>= 4.3) - restriction: && (< monoandroid) (< monotouch) (< net45) (>= netstandard1.1) (< xamarinios) (< xamarinmac) (< xamarintvos) (< xamarinwatchos)
      System.Reflection (>= 4.3) - restriction: && (< monoandroid) (< monotouch) (< net45) (>= netstandard1.1) (< xamarinios) (< xamarinmac) (< xamarintvos) (< xamarinwatchos)
      System.Reflection.Emit.ILGeneration (>= 4.3) - restriction: && (< monoandroid) (< monotouch) (< net45) (>= netstandard1.1) (< xamarinios) (< xamarinmac) (< xamarintvos) (< xamarinwatchos)
      System.Reflection.Primitives (>= 4.3) - restriction: && (< monoandroid) (< monotouch) (< net45) (>= netstandard1.1) (< xamarinios) (< xamarinmac) (< xamarintvos) (< xamarinwatchos)
      System.Runtime (>= 4.3) - restriction: && (< monoandroid) (< monotouch) (< net45) (>= netstandard1.1) (< xamarinios) (< xamarinmac) (< xamarintvos) (< xamarinwatchos)
    System.Reflection.Emit.ILGeneration (4.3) - restriction: || (&& (< monoandroid) (< monotouch) (< net40) (>= netstandard1.3) (< netstandard2.0) (< win8) (< wpa81) (< xamarinios) (< xamarinmac) (< xamarintvos) (< xamarinwatchos)) (&& (< monoandroid) (< monotouch) (< net40) (>= netstandard1.6) (< netstandard2.0) (< win8) (< wpa81) (< xamarinios) (< xamarinmac) (< xamarintvos) (< xamarinwatchos)) (&& (< monoandroid) (< net40) (< netstandard1.2) (>= netstandard1.6) (< win8)) (&& (< monoandroid) (< net40) (< netstandard1.4) (>= netstandard1.6) (< win8) (< wpa81)) (&& (< monoandroid) (< net40) (< netstandard1.5) (>= netstandard1.6) (< win8) (< wpa81)) (&& (< net40) (>= netstandard1.3) (< portable-net45+win8+wp8+wpa81)) (&& (< net40) (>= netstandard1.4) (< portable-net45+win8+wp8+wpa81)) (&& (< net40) (>= netstandard1.5) (< portable-net45+win8+wp8+wpa81)) (&& (< net40) (>= netstandard1.6) (< portable-net45+win8+wp8+wpa81)) (&& (< net40) (>= netstandard1.6) (< portable-net45+win8+wpa81)) (&& (< netstandard1.5) (>= netstandard1.6) (>= uap10.0)) (&& (< portable-net45+win8+wp8+wpa81) (>= uap10.0))
      System.Reflection (>= 4.3) - restriction: && (< monoandroid) (< monotouch) (< net45) (>= netstandard1.0) (< wp8) (< xamarinios) (< xamarinmac) (< xamarintvos) (< xamarinwatchos)
      System.Reflection.Primitives (>= 4.3) - restriction: && (< monoandroid) (< monotouch) (< net45) (>= netstandard1.0) (< wp8) (< xamarinios) (< xamarinmac) (< xamarintvos) (< xamarinwatchos)
      System.Runtime (>= 4.3) - restriction: && (< monoandroid) (< monotouch) (< net45) (>= netstandard1.0) (< wp8) (< xamarinios) (< xamarinmac) (< xamarintvos) (< xamarinwatchos)
    System.Reflection.Emit.Lightweight (4.3) - restriction: || (&& (< monoandroid) (< monotouch) (< net40) (>= netstandard1.3) (< netstandard2.0) (< win8) (< wpa81) (< xamarinios) (< xamarinmac) (< xamarintvos) (< xamarinwatchos)) (&& (< monoandroid) (< monotouch) (< net40) (>= netstandard1.6) (< netstandard2.0) (< win8) (< wpa81) (< xamarinios) (< xamarinmac) (< xamarintvos) (< xamarinwatchos)) (&& (< monoandroid) (< net40) (< netstandard1.2) (>= netstandard1.6) (< win8)) (&& (< monoandroid) (< net40) (< netstandard1.4) (>= netstandard1.6) (< win8) (< wpa81)) (&& (< monoandroid) (< net40) (< netstandard1.5) (>= netstandard1.6) (< win8) (< wpa81)) (&& (< net40) (>= netstandard1.3) (< portable-net45+win8+wp8+wpa81)) (&& (< net40) (>= netstandard1.4) (< portable-net45+win8+wp8+wpa81)) (&& (< net40) (>= netstandard1.5) (< portable-net45+win8+wp8+wpa81)) (&& (< net40) (>= netstandard1.6) (< portable-net45+win8+wp8+wpa81)) (&& (< net40) (>= netstandard1.6) (< portable-net45+win8+wpa81)) (&& (< netstandard1.5) (>= netstandard1.6) (>= uap10.0)) (&& (< portable-net45+win8+wp8+wpa81) (>= uap10.0))
      System.Reflection (>= 4.3) - restriction: && (< monoandroid) (< monotouch) (< net45) (>= netstandard1.0) (< wp8) (< xamarinios) (< xamarinmac) (< xamarintvos) (< xamarinwatchos)
      System.Reflection.Emit.ILGeneration (>= 4.3) - restriction: && (< monoandroid) (< monotouch) (< net45) (>= netstandard1.0) (< wp8) (< xamarinios) (< xamarinmac) (< xamarintvos) (< xamarinwatchos)
      System.Reflection.Primitives (>= 4.3) - restriction: && (< monoandroid) (< monotouch) (< net45) (>= netstandard1.0) (< wp8) (< xamarinios) (< xamarinmac) (< xamarintvos) (< xamarinwatchos)
      System.Runtime (>= 4.3) - restriction: && (< monoandroid) (< monotouch) (< net45) (>= netstandard1.0) (< wp8) (< xamarinios) (< xamarinmac) (< xamarintvos) (< xamarinwatchos)
    System.Reflection.Extensions (4.3) - restriction: || (&& (< monoandroid) (< net40) (< netstandard1.0) (>= netstandard1.3) (< win8)) (&& (< monoandroid) (< net40) (< netstandard1.1) (>= netstandard1.3) (< win8)) (&& (< monoandroid) (< net40) (< netstandard1.1) (>= netstandard1.4) (< win8)) (&& (< monoandroid) (< net40) (< netstandard1.1) (>= netstandard1.5) (< win8)) (&& (< monoandroid) (< net40) (< netstandard1.1) (>= netstandard1.6) (< win8)) (&& (< monoandroid) (< net40) (< netstandard1.2) (>= netstandard1.6) (< win8)) (&& (< monoandroid) (< net40) (< netstandard1.4) (>= netstandard1.6) (< win8) (< wpa81)) (&& (< monoandroid) (< net40) (< netstandard1.5) (>= netstandard1.6) (< win8) (< wpa81)) (&& (< net40) (>= net46) (< netstandard1.1)) (&& (< net40) (>= net46) (< netstandard1.4)) (&& (< net40) (< netstandard1.0) (>= netstandard1.3) (< portable-net45+win8)) (&& (< net40) (< netstandard1.2) (>= netstandard1.3) (< win8)) (&& (< net40) (>= netstandard1.3) (< netstandard1.4) (< win8) (< wpa81)) (&& (< net40) (>= netstandard1.3) (< portable-net45+win8+wp8+wpa81)) (&& (< net40) (>= netstandard1.3) (< portable-net45+win8+wpa81)) (&& (< net40) (>= netstandard1.4) (< netstandard1.5) (< win8) (< wpa81)) (&& (< net40) (>= netstandard1.4) (< portable-net45+win8+wp8+wpa81)) (&& (< net40) (>= netstandard1.5) (< netstandard1.6) (< win8) (< wpa81)) (&& (< net40) (>= netstandard1.5) (< portable-net45+win8+wp8+wpa81)) (&& (< net40) (>= netstandard1.6) (< netstandard2.0) (< win8) (< wpa81)) (&& (< net40) (>= netstandard1.6) (< portable-net45+win8+wp8+wpa81)) (&& (< net40) (>= netstandard1.6) (< portable-net45+win8+wpa81)) (&& (< netstandard1.1) (>= uap10.0) (< win8)) (&& (< netstandard1.5) (>= netstandard1.6) (>= uap10.0)) (&& (< netstandard1.5) (>= uap10.0) (< uap10.1)) (&& (< netstandard1.5) (>= uap10.0) (< win8) (< wpa81)) (&& (< portable-net45+win8+wp8+wpa81) (>= uap10.0))
      Microsoft.NETCore.Platforms (>= 1.1) - restriction: || (&& (< monoandroid) (< monotouch) (< net45) (>= netstandard1.0) (< win8) (< wp8) (< wpa81) (< xamarinios) (< xamarinmac) (< xamarintvos) (< xamarinwatchos)) (< portable-net45+win8+wp8+wpa81)
      Microsoft.NETCore.Targets (>= 1.1) - restriction: || (&& (< monoandroid) (< monotouch) (< net45) (>= netstandard1.0) (< win8) (< wp8) (< wpa81) (< xamarinios) (< xamarinmac) (< xamarintvos) (< xamarinwatchos)) (< portable-net45+win8+wp8+wpa81)
      System.Reflection (>= 4.3) - restriction: || (&& (< monoandroid) (< monotouch) (< net45) (>= netstandard1.0) (< win8) (< wp8) (< wpa81) (< xamarinios) (< xamarinmac) (< xamarintvos) (< xamarinwatchos)) (< portable-net45+win8+wp8+wpa81)
      System.Runtime (>= 4.3) - restriction: || (&& (< monoandroid) (< monotouch) (< net45) (>= netstandard1.0) (< win8) (< wp8) (< wpa81) (< xamarinios) (< xamarinmac) (< xamarintvos) (< xamarinwatchos)) (< portable-net45+win8+wp8+wpa81)
    System.Reflection.Primitives (4.3) - restriction: || (&& (< monoandroid) (< net40) (< netstandard1.2) (>= netstandard1.5) (< win8)) (&& (< monoandroid) (< net40) (< netstandard1.2) (>= netstandard1.6) (< win8)) (&& (< monoandroid) (< net40) (< netstandard1.3) (>= netstandard1.4) (< win8) (< wpa81)) (&& (< monoandroid) (< net40) (< netstandard1.3) (>= netstandard1.5) (< win8) (< wpa81)) (&& (< monoandroid) (< net40) (< netstandard1.3) (>= netstandard1.6) (< win8) (< wpa81)) (&& (< monoandroid) (< net40) (< netstandard1.4) (>= netstandard1.5) (< win8) (< wpa81)) (&& (< monoandroid) (< net40) (< netstandard1.4) (>= netstandard1.6) (< win8) (< wpa81)) (&& (< monoandroid) (< net40) (< netstandard1.5) (>= netstandard1.6) (< win8) (< wpa81)) (&& (< net40) (< netstandard1.2) (>= netstandard1.3) (< win8)) (&& (< net40) (>= netstandard1.3) (< netstandard1.4) (< win8) (< wpa81)) (&& (< net40) (>= netstandard1.3) (< portable-net45+win8+wp8+wpa81)) (&& (< net40) (>= netstandard1.3) (< portable-net45+win8+wpa81)) (&& (< net40) (>= netstandard1.4) (< netstandard1.5) (< win8) (< wpa81)) (&& (< net40) (>= netstandard1.4) (< portable-net45+win8+wp8+wpa81)) (&& (< net40) (>= netstandard1.5) (< netstandard1.6) (< win8) (< wpa81)) (&& (< net40) (>= netstandard1.5) (< portable-net45+win8+wp8+wpa81)) (&& (< net40) (>= netstandard1.5) (< portable-net45+win8+wpa81)) (&& (< net40) (>= netstandard1.6) (< netstandard2.0) (< win8) (< wpa81)) (&& (< net40) (>= netstandard1.6) (< portable-net45+win8+wp8+wpa81)) (&& (< net40) (>= netstandard1.6) (< portable-net45+win8+wpa81)) (&& (< netstandard1.3) (>= uap10.0) (< win8) (< wpa81)) (&& (< netstandard1.5) (>= netstandard1.6) (>= uap10.0)) (&& (< netstandard1.5) (>= uap10.0) (< uap10.1)) (&& (< netstandard1.5) (>= uap10.0) (< win8) (< wpa81)) (&& (< portable-net45+win8+wp8+wpa81) (>= uap10.0))
      Microsoft.NETCore.Platforms (>= 1.1) - restriction: || (&& (< monoandroid) (< monotouch) (< net45) (>= netstandard1.0) (< win8) (< wp8) (< wpa81) (< xamarinios) (< xamarinmac) (< xamarintvos) (< xamarinwatchos)) (< portable-net45+win8+wp8+wpa81)
      Microsoft.NETCore.Targets (>= 1.1) - restriction: || (&& (< monoandroid) (< monotouch) (< net45) (>= netstandard1.0) (< win8) (< wp8) (< wpa81) (< xamarinios) (< xamarinmac) (< xamarintvos) (< xamarinwatchos)) (< portable-net45+win8+wp8+wpa81)
      System.Runtime (>= 4.3) - restriction: || (&& (< monoandroid) (< monotouch) (< net45) (>= netstandard1.0) (< win8) (< wp8) (< wpa81) (< xamarinios) (< xamarinmac) (< xamarintvos) (< xamarinwatchos)) (< portable-net45+win8+wp8+wpa81)
    System.Reflection.TypeExtensions (4.5) - restriction: || (&& (< monoandroid) (< monotouch) (< net40) (>= netstandard1.3) (< netstandard2.0) (< win8) (< wpa81) (< xamarinios) (< xamarinmac) (< xamarintvos) (< xamarinwatchos)) (&& (< monoandroid) (< monotouch) (< net40) (>= netstandard1.6) (< netstandard2.0) (< win8) (< wpa81) (< xamarinios) (< xamarinmac) (< xamarintvos) (< xamarinwatchos)) (&& (< monoandroid) (< net40) (< netstandard1.2) (>= netstandard1.6) (< win8)) (&& (< monoandroid) (< net40) (< netstandard1.4) (>= netstandard1.6) (< win8) (< wpa81)) (&& (< monoandroid) (< net40) (< netstandard1.5) (>= netstandard1.6) (< win8) (< wpa81)) (&& (< net40) (>= net46) (< netstandard2.0)) (&& (< net40) (>= net46) (< portable-net45+win8+wp8+wpa81)) (&& (< net40) (>= netstandard1.3) (< portable-net45+win8+wp8+wpa81)) (&& (< net40) (>= netstandard1.4) (< portable-net45+win8+wp8+wpa81)) (&& (< net40) (>= netstandard1.5) (< portable-net45+win8+wp8+wpa81)) (&& (< net40) (>= netstandard1.6) (< portable-net45+win8+wp8+wpa81)) (&& (< net40) (>= netstandard1.6) (< portable-net45+win8+wpa81)) (&& (< netstandard1.5) (>= netstandard1.6) (>= uap10.0)) (&& (< portable-net45+win8+wp8+wpa81) (>= uap10.0))
      System.Reflection (>= 4.3) - restriction: || (&& (< monoandroid) (< monotouch) (< net46) (< netcoreapp1.0) (>= netstandard1.5) (< netstandard2.0) (< xamarinios) (< xamarinmac) (< xamarintvos) (< xamarinwatchos)) (&& (< monoandroid) (< net46) (>= netstandard1.3) (< netstandard1.5) (< uap10.1)) (&& (< monoandroid) (< netstandard1.3)) (&& (>= netcoreapp1.0) (< netstandard2.0))
      System.Resources.ResourceManager (>= 4.3) - restriction: || (&& (< monoandroid) (< monotouch) (< net46) (< netcoreapp1.0) (>= netstandard1.5) (< netstandard2.0) (< xamarinios) (< xamarinmac) (< xamarintvos) (< xamarinwatchos)) (&& (< monoandroid) (< net46) (>= netstandard1.3) (< netstandard1.5) (< uap10.1)) (&& (< monoandroid) (< netstandard1.3)) (&& (>= netcoreapp1.0) (< netstandard2.0))
      System.Runtime (>= 4.3) - restriction: || (&& (< monoandroid) (< monotouch) (< net46) (< netcoreapp1.0) (>= netstandard1.5) (< netstandard2.0) (< xamarinios) (< xamarinmac) (< xamarintvos) (< xamarinwatchos)) (&& (< monoandroid) (< net46) (>= netstandard1.3) (< netstandard1.5) (< uap10.1)) (&& (< monoandroid) (< netstandard1.3)) (&& (>= netcoreapp1.0) (< netstandard2.0))
    System.Resources.ResourceManager (4.3) - restriction: || (&& (< monoandroid) (< monotouch) (< net40) (>= netstandard1.3) (< netstandard2.0) (< win8) (< wpa81) (< xamarinios) (< xamarinmac) (< xamarintvos) (< xamarinwatchos)) (&& (< monoandroid) (< monotouch) (< net40) (>= netstandard1.4) (< netstandard2.0) (< xamarinios) (< xamarinmac) (< xamarintvos) (< xamarinwatchos)) (&& (< monoandroid) (< monotouch) (< net40) (>= netstandard1.6) (< netstandard2.0) (< xamarinios) (< xamarinmac) (< xamarintvos) (< xamarinwatchos)) (&& (< monoandroid) (< net40) (< netstandard1.2) (>= netstandard1.6) (< win8)) (&& (< monoandroid) (< net40) (< netstandard1.4) (>= netstandard1.6) (< win8) (< wpa81)) (&& (< monoandroid) (< net40) (< netstandard1.5) (>= netstandard1.6) (< win8) (< wpa81)) (&& (< net40) (>= net46) (< netstandard1.4)) (&& (< net40) (< netstandard1.2) (>= netstandard1.3) (< win8)) (&& (< net40) (>= netstandard1.3) (< netstandard1.4) (< win8) (< wpa81)) (&& (< net40) (>= netstandard1.3) (< portable-net45+win8+wp8+wpa81)) (&& (< net40) (>= netstandard1.3) (< portable-net45+win8+wpa81)) (&& (< net40) (>= netstandard1.4) (< netstandard1.5) (< win8) (< wpa81)) (&& (< net40) (>= netstandard1.4) (< portable-net45+win8+wp8+wpa81)) (&& (< net40) (>= netstandard1.5) (< netstandard1.6) (< win8) (< wpa81)) (&& (< net40) (>= netstandard1.5) (< portable-net45+win8+wp8+wpa81)) (&& (< net40) (>= netstandard1.6) (< netstandard2.0) (< win8) (< wpa81)) (&& (< net40) (>= netstandard1.6) (< portable-net45+win8+wp8+wpa81)) (&& (< net40) (>= netstandard1.6) (< portable-net45+win8+wpa81)) (&& (< netstandard1.5) (>= netstandard1.6) (>= uap10.0)) (&& (< netstandard1.5) (>= uap10.0) (< uap10.1)) (&& (< portable-net45+win8+wp8+wpa81) (>= uap10.0))
      Microsoft.NETCore.Platforms (>= 1.1) - restriction: || (&& (< monoandroid) (< monotouch) (< net45) (>= netstandard1.0) (< win8) (< wp8) (< wpa81) (< xamarinios) (< xamarinmac) (< xamarintvos) (< xamarinwatchos)) (< portable-net45+win8+wp8+wpa81)
      Microsoft.NETCore.Targets (>= 1.1) - restriction: || (&& (< monoandroid) (< monotouch) (< net45) (>= netstandard1.0) (< win8) (< wp8) (< wpa81) (< xamarinios) (< xamarinmac) (< xamarintvos) (< xamarinwatchos)) (< portable-net45+win8+wp8+wpa81)
      System.Globalization (>= 4.3) - restriction: || (&& (< monoandroid) (< monotouch) (< net45) (>= netstandard1.0) (< win8) (< wp8) (< wpa81) (< xamarinios) (< xamarinmac) (< xamarintvos) (< xamarinwatchos)) (< portable-net45+win8+wp8+wpa81)
      System.Reflection (>= 4.3) - restriction: || (&& (< monoandroid) (< monotouch) (< net45) (>= netstandard1.0) (< win8) (< wp8) (< wpa81) (< xamarinios) (< xamarinmac) (< xamarintvos) (< xamarinwatchos)) (< portable-net45+win8+wp8+wpa81)
      System.Runtime (>= 4.3) - restriction: || (&& (< monoandroid) (< monotouch) (< net45) (>= netstandard1.0) (< win8) (< wp8) (< wpa81) (< xamarinios) (< xamarinmac) (< xamarintvos) (< xamarinwatchos)) (< portable-net45+win8+wp8+wpa81)
    System.Runtime (4.3) - restriction: || (&& (< monoandroid) (< monotouch) (< net40) (>= netstandard1.6) (< netstandard2.0) (< xamarinios) (< xamarinmac) (< xamarintvos) (< xamarinwatchos)) (&& (< monoandroid) (< net40) (< netstandard1.2) (>= netstandard1.6) (< win8)) (&& (< monoandroid) (< net40) (>= netstandard1.3) (< netstandard1.4)) (&& (< monoandroid) (< net40) (>= netstandard1.4) (< netstandard1.6)) (&& (< monoandroid) (< net40) (< netstandard1.4) (>= netstandard1.6) (< win8) (< wpa81)) (&& (< monoandroid) (< net40) (< netstandard1.5) (>= netstandard1.6) (< win8) (< wpa81)) (&& (< net40) (>= net46) (< netstandard1.4)) (&& (< net40) (>= net463) (< netstandard2.0)) (&& (< net40) (< netstandard1.2) (>= netstandard1.3) (< win8)) (&& (< net40) (>= netstandard1.3) (< netstandard1.4) (< win8) (< wpa81)) (&& (< net40) (>= netstandard1.3) (< netstandard2.0)) (&& (< net40) (>= netstandard1.3) (< portable-net45+win8+wpa81)) (&& (< net40) (>= netstandard1.4) (< netstandard1.5) (< win8) (< wpa81)) (&& (< net40) (>= netstandard1.5) (< netstandard1.6) (< win8) (< wpa81)) (&& (< net40) (>= netstandard1.6) (< netstandard2.0) (< win8) (< wpa81)) (&& (< net40) (>= netstandard1.6) (< portable-net45+win8+wpa81)) (&& (< net45) (>= netstandard1.6) (< netstandard2.0)) (&& (< netstandard1.5) (>= netstandard1.6) (>= uap10.0)) (&& (< netstandard1.5) (>= uap10.0) (< uap10.1))
      Microsoft.NETCore.Platforms (>= 1.1) - restriction: || (&& (< monoandroid) (< monotouch) (< net45) (>= netstandard1.5) (< win8) (< wpa81) (< xamarinios) (< xamarinmac) (< xamarintvos) (< xamarinwatchos)) (&& (< monoandroid) (< net45) (>= netstandard1.0) (< netstandard1.2) (< win8) (< wp8)) (&& (< monoandroid) (< net45) (>= netstandard1.2) (< netstandard1.3) (< win8) (< wpa81)) (&& (< monoandroid) (< net45) (>= netstandard1.3) (< netstandard1.5) (< win8) (< wpa81)) (< portable-net45+win8+wp8+wpa81)
      Microsoft.NETCore.Targets (>= 1.1) - restriction: || (&& (< monoandroid) (< monotouch) (< net45) (>= netstandard1.5) (< win8) (< wpa81) (< xamarinios) (< xamarinmac) (< xamarintvos) (< xamarinwatchos)) (&& (< monoandroid) (< net45) (>= netstandard1.0) (< netstandard1.2) (< win8) (< wp8)) (&& (< monoandroid) (< net45) (>= netstandard1.2) (< netstandard1.3) (< win8) (< wpa81)) (&& (< monoandroid) (< net45) (>= netstandard1.3) (< netstandard1.5) (< win8) (< wpa81)) (< portable-net45+win8+wp8+wpa81)
    System.Runtime.CompilerServices.Unsafe (4.5.1) - restriction: || (&& (< monoandroid) (< monotouch) (< net40) (>= netstandard1.6) (< netstandard2.0) (< win8) (< wpa81) (< xamarinios) (< xamarinmac) (< xamarintvos) (< xamarinwatchos)) (&& (< monoandroid) (< net40) (< netstandard1.0) (>= netstandard1.3) (< win8)) (&& (< monoandroid) (< net40) (< netstandard1.0) (>= netstandard1.4) (< win8)) (&& (< monoandroid) (< net40) (< netstandard1.0) (>= netstandard1.5) (< win8)) (&& (< monoandroid) (< net40) (< netstandard1.0) (>= netstandard1.6) (< win8)) (&& (< monoandroid) (< net40) (< netstandard1.2) (>= netstandard1.3) (< win8)) (&& (< monoandroid) (< net40) (>= netstandard1.3) (< netstandard1.4) (< win8) (< wpa81)) (&& (< monoandroid) (< net40) (>= netstandard1.4) (< netstandard1.5) (< win8) (< wpa81)) (&& (< monoandroid) (< net40) (>= netstandard1.5) (< netstandard1.6) (< win8) (< wpa81)) (&& (< net40) (>= net45) (< netstandard1.2) (>= netstandard1.3)) (&& (< net40) (>= net45) (>= netstandard1.3) (< netstandard1.4)) (&& (< net40) (>= net45) (>= netstandard1.4) (< netstandard1.5)) (&& (< net40) (>= net45) (>= netstandard1.5) (< netstandard1.6)) (&& (< net40) (>= net45) (>= netstandard1.6) (< netstandard2.0)) (&& (< net40) (>= net46) (< netstandard1.0)) (&& (< net40) (>= net46) (< netstandard1.4)) (&& (< net40) (>= net46) (< portable-net45+win8+wp8+wpa81)) (&& (< net40) (< netstandard1.2) (>= netstandard2.0) (< win8)) (&& (< net40) (>= netstandard1.3) (< portable-net45+win8+wp8+wpa81)) (&& (< net40) (>= netstandard1.3) (< portable-net45+win8+wpa81)) (&& (< net40) (>= netstandard1.4) (< portable-net45+win8+wp8+wpa81)) (&& (< net40) (< netstandard1.4) (>= netstandard2.0) (< win8) (< wpa81)) (&& (< net40) (>= netstandard1.5) (< portable-net45+win8+wp8+wpa81)) (&& (< net40) (< netstandard1.5) (>= netstandard2.0) (< win8) (< wpa81)) (&& (< net40) (>= netstandard1.6) (< portable-net45+win8+wp8+wpa81)) (&& (< net40) (< netstandard1.6) (>= netstandard2.0) (< win8) (< wpa81)) (&& (< net40) (>= netstandard2.0) (< portable-net45+win8+wp8+wpa81)) (&& (< net40) (>= netstandard2.0) (< portable-net45+win8+wpa81)) (&& (>= net45) (< netstandard1.5) (>= uap10.0)) (&& (>= net46) (< netstandard1.0) (>= win8)) (&& (>= net46) (< netstandard1.4) (>= wpa81)) (&& (>= net46) (< portable-net45+win8+wp8+wpa81) (>= win8)) (&& (>= net46) (< portable-net45+win8+wp8+wpa81) (>= wpa81)) (&& (>= net46) (>= wp8)) (&& (< netstandard1.0) (>= netstandard1.3) (< portable-net45+win8+wpa81) (>= win8)) (&& (< netstandard1.0) (>= uap10.0) (< win8)) (&& (< netstandard1.2) (>= netstandard1.3) (< win8) (>= wpa81)) (&& (>= netstandard1.3) (< portable-net45+win8+wp8+wpa81) (>= win8)) (&& (>= netstandard1.3) (< portable-net45+win8+wp8+wpa81) (>= wpa81)) (&& (>= netstandard1.3) (< portable-net45+win8+wpa81) (>= wpa81)) (&& (>= netstandard1.3) (>= wp8)) (&& (>= netstandard1.4) (< portable-net45+win8+wp8+wpa81) (>= win8)) (&& (>= netstandard1.4) (< portable-net45+win8+wp8+wpa81) (>= wpa81)) (&& (>= netstandard1.4) (>= wp8)) (&& (>= netstandard1.5) (< portable-net45+win8+wp8+wpa81) (>= win8)) (&& (>= netstandard1.5) (< portable-net45+win8+wp8+wpa81) (>= wpa81)) (&& (>= netstandard1.5) (>= wp8)) (&& (< netstandard1.5) (>= uap10.0) (< win8) (< wpa81)) (&& (>= netstandard1.6) (< portable-net45+win8+wp8+wpa81) (>= win8)) (&& (>= netstandard1.6) (< portable-net45+win8+wp8+wpa81) (>= wpa81)) (&& (>= netstandard1.6) (>= wp8)) (&& (< portable-net45+win8+wp8+wpa81) (>= uap10.0)) (&& (>= uap10.0) (>= wp8))
      System.Runtime (>= 4.3) - restriction: && (< net45) (>= netstandard1.0) (< netstandard2.0) (< win8) (< wp8) (< wpa81)
    System.Runtime.Extensions (4.3) - restriction: || (&& (< monoandroid) (< monotouch) (< net40) (>= netstandard1.3) (< netstandard2.0) (< win8) (< wpa81) (< xamarinios) (< xamarinmac) (< xamarintvos) (< xamarinwatchos)) (&& (< monoandroid) (< monotouch) (< net40) (>= netstandard1.6) (< netstandard2.0) (< xamarinios) (< xamarinmac) (< xamarintvos) (< xamarinwatchos)) (&& (< monoandroid) (< net40) (< netstandard1.2) (>= netstandard1.6) (< win8)) (&& (< monoandroid) (< net40) (< netstandard1.4) (>= netstandard1.6) (< win8) (< wpa81)) (&& (< monoandroid) (< net40) (< netstandard1.5) (>= netstandard1.6) (< win8) (< wpa81)) (&& (< net40) (>= net46) (< netstandard1.4)) (&& (< net40) (< netstandard1.2) (>= netstandard1.3) (< win8)) (&& (< net40) (>= netstandard1.3) (< netstandard1.4) (< win8) (< wpa81)) (&& (< net40) (>= netstandard1.3) (< portable-net45+win8+wp8+wpa81)) (&& (< net40) (>= netstandard1.3) (< portable-net45+win8+wpa81)) (&& (< net40) (>= netstandard1.4) (< netstandard1.5) (< win8) (< wpa81)) (&& (< net40) (>= netstandard1.4) (< portable-net45+win8+wp8+wpa81)) (&& (< net40) (>= netstandard1.5) (< netstandard1.6) (< win8) (< wpa81)) (&& (< net40) (>= netstandard1.5) (< portable-net45+win8+wp8+wpa81)) (&& (< net40) (>= netstandard1.6) (< netstandard2.0) (< win8) (< wpa81)) (&& (< net40) (>= netstandard1.6) (< portable-net45+win8+wp8+wpa81)) (&& (< net40) (>= netstandard1.6) (< portable-net45+win8+wpa81)) (&& (< netstandard1.5) (>= netstandard1.6) (>= uap10.0)) (&& (< netstandard1.5) (>= uap10.0) (< uap10.1)) (&& (< portable-net45+win8+wp8+wpa81) (>= uap10.0))
      Microsoft.NETCore.Platforms (>= 1.1) - restriction: || (&& (< monoandroid) (< monotouch) (< net45) (>= netstandard1.5) (< win8) (< wpa81) (< xamarinios) (< xamarinmac) (< xamarintvos) (< xamarinwatchos)) (&& (< monoandroid) (< net45) (>= netstandard1.0) (< netstandard1.3) (< win8) (< wp8) (< wpa81)) (&& (< monoandroid) (< net45) (>= netstandard1.3) (< netstandard1.5) (< win8) (< wpa81)) (< portable-net45+win8+wp8+wpa81)
      Microsoft.NETCore.Targets (>= 1.1) - restriction: || (&& (< monoandroid) (< monotouch) (< net45) (>= netstandard1.5) (< win8) (< wpa81) (< xamarinios) (< xamarinmac) (< xamarintvos) (< xamarinwatchos)) (&& (< monoandroid) (< net45) (>= netstandard1.0) (< netstandard1.3) (< win8) (< wp8) (< wpa81)) (&& (< monoandroid) (< net45) (>= netstandard1.3) (< netstandard1.5) (< win8) (< wpa81)) (< portable-net45+win8+wp8+wpa81)
      System.Runtime (>= 4.3) - restriction: || (&& (< monoandroid) (< monotouch) (< net45) (>= netstandard1.5) (< win8) (< wpa81) (< xamarinios) (< xamarinmac) (< xamarintvos) (< xamarinwatchos)) (&& (< monoandroid) (< net45) (>= netstandard1.0) (< netstandard1.3) (< win8) (< wp8) (< wpa81)) (&& (< monoandroid) (< net45) (>= netstandard1.3) (< netstandard1.5) (< win8) (< wpa81)) (< portable-net45+win8+wp8+wpa81)
    System.Runtime.Handles (4.3) - restriction: || (&& (< monoandroid) (< monotouch) (< net40) (>= netstandard1.6) (< netstandard2.0) (< xamarinios) (< xamarinmac) (< xamarintvos) (< xamarinwatchos)) (&& (< monoandroid) (< net40) (< netstandard1.2) (>= netstandard1.3) (< win8)) (&& (< monoandroid) (< net40) (< netstandard1.2) (>= netstandard1.6) (< win8)) (&& (< monoandroid) (< net40) (< netstandard1.4) (>= netstandard1.6) (< win8) (< wpa81)) (&& (< monoandroid) (< net40) (< netstandard1.5) (>= netstandard1.6) (< win8) (< wpa81)) (&& (< net40) (>= net46) (< netstandard1.4)) (&& (< net40) (>= netstandard1.3) (< netstandard1.4) (< win8) (< wpa81)) (&& (< net40) (>= netstandard1.4) (< netstandard1.5) (< win8) (< wpa81)) (&& (< net40) (>= netstandard1.5) (< netstandard1.6) (< win8) (< wpa81)) (&& (< net40) (>= netstandard1.6) (< netstandard2.0) (< win8) (< wpa81)) (&& (< netstandard1.5) (>= netstandard1.6) (>= uap10.0)) (&& (< netstandard1.5) (>= uap10.0) (< uap10.1)) (&& (< netstandard1.5) (>= uap10.0) (< win8) (< wpa81))
      Microsoft.NETCore.Platforms (>= 1.1) - restriction: && (< monoandroid) (< monotouch) (< net46) (>= netstandard1.3) (< xamarinios) (< xamarinmac) (< xamarintvos) (< xamarinwatchos)
      Microsoft.NETCore.Targets (>= 1.1) - restriction: && (< monoandroid) (< monotouch) (< net46) (>= netstandard1.3) (< xamarinios) (< xamarinmac) (< xamarintvos) (< xamarinwatchos)
      System.Runtime (>= 4.3) - restriction: && (< monoandroid) (< monotouch) (< net46) (>= netstandard1.3) (< xamarinios) (< xamarinmac) (< xamarintvos) (< xamarinwatchos)
    System.Runtime.InteropServices (4.3) - restriction: || (&& (< monoandroid) (< monotouch) (< net40) (>= netstandard1.6) (< netstandard2.0) (< xamarinios) (< xamarinmac) (< xamarintvos) (< xamarinwatchos)) (&& (< monoandroid) (< net40) (< netstandard1.2) (>= netstandard1.6) (< win8)) (&& (< monoandroid) (< net40) (< netstandard1.4) (>= netstandard1.6) (< win8) (< wpa81)) (&& (< monoandroid) (< net40) (< netstandard1.5) (>= netstandard1.6) (< win8) (< wpa81)) (&& (< net40) (>= net46) (< netstandard1.4)) (&& (< net40) (>= net46) (< portable-net45+win8+wpa81)) (&& (< net40) (< netstandard1.2) (>= netstandard1.3) (< win8)) (&& (< net40) (>= netstandard1.3) (< netstandard1.4) (< win8) (< wpa81)) (&& (< net40) (>= netstandard1.3) (< portable-net45+win8+wpa81)) (&& (< net40) (>= netstandard1.4) (< netstandard1.5) (< win8) (< wpa81)) (&& (< net40) (>= netstandard1.4) (< portable-net45+win8+wpa81)) (&& (< net40) (>= netstandard1.5) (< netstandard1.6) (< win8) (< wpa81)) (&& (< net40) (>= netstandard1.5) (< portable-net45+win8+wpa81)) (&& (< net40) (>= netstandard1.6) (< netstandard2.0) (< win8) (< wpa81)) (&& (< net40) (>= netstandard1.6) (< portable-net45+win8+wpa81)) (&& (< netstandard1.5) (>= netstandard1.6) (>= uap10.0)) (&& (< netstandard1.5) (>= uap10.0) (< uap10.1)) (&& (< netstandard1.5) (>= uap10.0) (< win8) (< wpa81)) (&& (< portable-net45+win8+wpa81) (>= uap10.0))
      Microsoft.NETCore.Platforms (>= 1.1) - restriction: || (&& (< monoandroid) (< monotouch) (< net45) (>= netstandard1.5) (< win8) (< wpa81) (< xamarinios) (< xamarinmac) (< xamarintvos) (< xamarinwatchos)) (&& (< monoandroid) (< net45) (>= netstandard1.1) (< netstandard1.2) (< win8)) (&& (< monoandroid) (< net45) (>= netstandard1.2) (< netstandard1.3) (< win8) (< wpa81)) (&& (< monoandroid) (< net45) (>= netstandard1.3) (< netstandard1.5) (< win8) (< wpa81)) (>= netcoreapp1.1) (< portable-net45+win8+wpa81)
      Microsoft.NETCore.Targets (>= 1.1) - restriction: || (&& (< monoandroid) (< monotouch) (< net45) (>= netstandard1.5) (< win8) (< wpa81) (< xamarinios) (< xamarinmac) (< xamarintvos) (< xamarinwatchos)) (&& (< monoandroid) (< net45) (>= netstandard1.1) (< netstandard1.2) (< win8)) (&& (< monoandroid) (< net45) (>= netstandard1.2) (< netstandard1.3) (< win8) (< wpa81)) (&& (< monoandroid) (< net45) (>= netstandard1.3) (< netstandard1.5) (< win8) (< wpa81)) (>= netcoreapp1.1) (< portable-net45+win8+wpa81)
      System.Reflection (>= 4.3) - restriction: || (&& (< monoandroid) (< monotouch) (< net45) (>= netstandard1.5) (< win8) (< wpa81) (< xamarinios) (< xamarinmac) (< xamarintvos) (< xamarinwatchos)) (&& (< monoandroid) (< net45) (>= netstandard1.1) (< netstandard1.2) (< win8)) (&& (< monoandroid) (< net45) (>= netstandard1.2) (< netstandard1.3) (< win8) (< wpa81)) (&& (< monoandroid) (< net45) (>= netstandard1.3) (< netstandard1.5) (< win8) (< wpa81)) (>= netcoreapp1.1) (< portable-net45+win8+wpa81)
      System.Reflection.Primitives (>= 4.3) - restriction: || (&& (< monoandroid) (< monotouch) (< net45) (>= netstandard1.5) (< win8) (< wpa81) (< xamarinios) (< xamarinmac) (< xamarintvos) (< xamarinwatchos)) (&& (< monoandroid) (< net45) (>= netstandard1.1) (< netstandard1.2) (< win8)) (&& (< monoandroid) (< net45) (>= netstandard1.2) (< netstandard1.3) (< win8) (< wpa81)) (&& (< monoandroid) (< net45) (>= netstandard1.3) (< netstandard1.5) (< win8) (< wpa81)) (>= netcoreapp1.1) (< portable-net45+win8+wpa81)
      System.Runtime (>= 4.3) - restriction: || (&& (< monoandroid) (< monotouch) (< net45) (>= netstandard1.5) (< win8) (< wpa81) (< xamarinios) (< xamarinmac) (< xamarintvos) (< xamarinwatchos)) (&& (< monoandroid) (< net45) (>= netstandard1.1) (< netstandard1.2) (< win8)) (&& (< monoandroid) (< net45) (>= netstandard1.2) (< netstandard1.3) (< win8) (< wpa81)) (&& (< monoandroid) (< net45) (>= netstandard1.3) (< netstandard1.5) (< win8) (< wpa81)) (>= net462) (>= netcoreapp1.1) (< portable-net45+win8+wpa81)
      System.Runtime.Handles (>= 4.3) - restriction: || (&& (< monoandroid) (< monotouch) (< net45) (>= netstandard1.5) (< win8) (< wpa81) (< xamarinios) (< xamarinmac) (< xamarintvos) (< xamarinwatchos)) (&& (< monoandroid) (< net45) (>= netstandard1.3) (< netstandard1.5) (< win8) (< wpa81)) (>= netcoreapp1.1) (< portable-net45+win8+wpa81)
    System.Runtime.InteropServices.RuntimeInformation (4.3) - restriction: || (&& (< net40) (>= net46) (< netstandard1.4)) (&& (< net40) (< netstandard1.0) (>= netstandard1.3) (< portable-net45+win8)) (&& (< net40) (< netstandard1.0) (>= netstandard1.3) (< win8)) (&& (< net40) (< netstandard1.2) (>= netstandard1.3) (< win8)) (&& (< net40) (>= netstandard1.3) (< netstandard1.4) (< win8) (< wpa81)) (&& (< net40) (>= netstandard1.4) (< netstandard1.5) (< win8) (< wpa81)) (&& (< net40) (>= netstandard1.5) (< netstandard1.6) (< win8) (< wpa81)) (&& (< net40) (>= netstandard1.6) (< netstandard2.0) (< win8) (< wpa81)) (&& (< netstandard1.0) (>= netstandard1.3) (>= win8)) (&& (< netstandard1.5) (>= uap10.0) (< uap10.1))
      runtime.native.System (>= 4.3) - restriction: && (< monoandroid) (< monotouch) (< net45) (>= netstandard1.1) (< win8) (< wpa81) (< xamarinios) (< xamarinmac) (< xamarintvos) (< xamarinwatchos)
      System.Reflection (>= 4.3) - restriction: || (&& (< monoandroid) (< monotouch) (< net45) (>= netstandard1.1) (< win8) (< wpa81) (< xamarinios) (< xamarinmac) (< xamarintvos) (< xamarinwatchos)) (&& (< monoandroid) (< netstandard1.1) (< win8))
      System.Reflection.Extensions (>= 4.3) - restriction: || (&& (< monoandroid) (< monotouch) (< net45) (>= netstandard1.1) (< win8) (< wpa81) (< xamarinios) (< xamarinmac) (< xamarintvos) (< xamarinwatchos)) (&& (< monoandroid) (< netstandard1.1) (< win8))
      System.Resources.ResourceManager (>= 4.3) - restriction: || (&& (< monoandroid) (< monotouch) (< net45) (>= netstandard1.1) (< win8) (< wpa81) (< xamarinios) (< xamarinmac) (< xamarintvos) (< xamarinwatchos)) (&& (< monoandroid) (< netstandard1.1) (< win8))
      System.Runtime (>= 4.3) - restriction: || (&& (< monoandroid) (< monotouch) (< net45) (>= netstandard1.1) (< win8) (< wpa81) (< xamarinios) (< xamarinmac) (< xamarintvos) (< xamarinwatchos)) (&& (< monoandroid) (< netstandard1.1) (< win8))
      System.Runtime.InteropServices (>= 4.3) - restriction: && (< monoandroid) (< monotouch) (< net45) (>= netstandard1.1) (< win8) (< wpa81) (< xamarinios) (< xamarinmac) (< xamarintvos) (< xamarinwatchos)
      System.Threading (>= 4.3) - restriction: || (&& (< monoandroid) (< monotouch) (< net45) (>= netstandard1.1) (< win8) (< wpa81) (< xamarinios) (< xamarinmac) (< xamarintvos) (< xamarinwatchos)) (&& (< monoandroid) (< netstandard1.1) (< win8))
    System.Runtime.Numerics (4.3) - restriction: || (&& (< monoandroid) (< monotouch) (< net40) (>= netstandard1.6) (< netstandard2.0) (< xamarinios) (< xamarinmac) (< xamarintvos) (< xamarinwatchos)) (&& (< net40) (< netstandard1.2) (>= netstandard1.3) (< win8)) (&& (< net40) (>= netstandard1.3) (< netstandard1.4) (< win8) (< wpa81)) (&& (< net40) (>= netstandard1.3) (< netstandard2.0)) (&& (< net40) (>= netstandard1.4) (< netstandard1.5) (< win8) (< wpa81)) (&& (< net40) (>= netstandard1.5) (< netstandard1.6) (< win8) (< wpa81)) (&& (< net40) (>= netstandard1.6) (< netstandard2.0) (< win8) (< wpa81)) (&& (< net45) (>= netstandard1.6) (< netstandard2.0)) (&& (< netstandard1.5) (>= uap10.0) (< uap10.1))
      System.Globalization (>= 4.3) - restriction: || (&& (< monoandroid) (< monotouch) (< net45) (>= netstandard1.3) (< win8) (< wpa81) (< xamarinios) (< xamarinmac) (< xamarintvos) (< xamarinwatchos)) (< portable-net45+win8+wpa81)
      System.Resources.ResourceManager (>= 4.3) - restriction: || (&& (< monoandroid) (< monotouch) (< net45) (>= netstandard1.3) (< win8) (< wpa81) (< xamarinios) (< xamarinmac) (< xamarintvos) (< xamarinwatchos)) (< portable-net45+win8+wpa81)
      System.Runtime (>= 4.3) - restriction: || (&& (< monoandroid) (< monotouch) (< net45) (>= netstandard1.3) (< win8) (< wpa81) (< xamarinios) (< xamarinmac) (< xamarintvos) (< xamarinwatchos)) (&& (< monoandroid) (< net45) (>= netstandard1.1) (< netstandard1.3) (< win8) (< wpa81)) (< portable-net45+win8+wpa81)
      System.Runtime.Extensions (>= 4.3) - restriction: || (&& (< monoandroid) (< monotouch) (< net45) (>= netstandard1.3) (< win8) (< wpa81) (< xamarinios) (< xamarinmac) (< xamarintvos) (< xamarinwatchos)) (< portable-net45+win8+wpa81)
    System.Runtime.Serialization.Formatters (4.3) - restriction: || (&& (< net40) (>= netstandard1.3) (< netstandard2.0)) (&& (< net45) (>= netstandard1.6) (< netstandard2.0))
      System.Collections (>= 4.3) - restriction: && (< monoandroid) (< monotouch) (< net46) (>= netstandard1.4) (< xamarinios) (< xamarinmac) (< xamarintvos) (< xamarinwatchos)
      System.Reflection (>= 4.3) - restriction: && (< monoandroid) (< monotouch) (< net46) (>= netstandard1.4) (< xamarinios) (< xamarinmac) (< xamarintvos) (< xamarinwatchos)
      System.Resources.ResourceManager (>= 4.3) - restriction: && (< monoandroid) (< monotouch) (< net46) (>= netstandard1.4) (< xamarinios) (< xamarinmac) (< xamarintvos) (< xamarinwatchos)
      System.Runtime (>= 4.3) - restriction: || (&& (< monoandroid) (< monotouch) (< net46) (>= netstandard1.4) (< xamarinios) (< xamarinmac) (< xamarintvos) (< xamarinwatchos)) (&& (< monoandroid) (< net46) (>= netstandard1.3) (< netstandard1.4))
      System.Runtime.Serialization.Primitives (>= 4.3) - restriction: || (&& (< monoandroid) (< monotouch) (>= netstandard1.4) (< xamarinios) (< xamarinmac) (< xamarintvos) (< xamarinwatchos)) (&& (< monoandroid) (>= netstandard1.3) (< netstandard1.4)) (>= net46)
    System.Runtime.Serialization.Primitives (4.3) - restriction: || (&& (< monoandroid) (< monotouch) (< net40) (>= netstandard1.4) (< netstandard2.0) (< xamarinios) (< xamarinmac) (< xamarintvos) (< xamarinwatchos)) (&& (< monoandroid) (< net40) (>= netstandard1.3) (< netstandard1.4)) (&& (< net40) (>= net46) (< netstandard2.0)) (&& (< net40) (>= netstandard1.3) (< netstandard2.0)) (&& (< net40) (>= netstandard1.3) (< portable-net45+win8+wp8+wpa81)) (&& (< net45) (>= netstandard1.6) (< netstandard2.0))
      System.Resources.ResourceManager (>= 4.3) - restriction: || (&& (< monoandroid) (< monotouch) (< net45) (>= netstandard1.3) (< win8) (< wpa81) (< xamarinios) (< xamarinmac) (< xamarintvos) (< xamarinwatchos)) (< portable-net45+win8+wp8+wpa81)
      System.Runtime (>= 4.3) - restriction: || (&& (< monoandroid) (< monotouch) (< net45) (>= netstandard1.3) (< win8) (< wpa81) (< xamarinios) (< xamarinmac) (< xamarintvos) (< xamarinwatchos)) (&& (< monoandroid) (< net45) (>= netstandard1.0) (< netstandard1.3) (< win8) (< wp8) (< wpa81)) (< portable-net45+win8+wp8+wpa81)
    System.Runtime.Serialization.Xml (4.3) - restriction: || (&& (< net40) (>= netstandard1.3) (< netstandard2.0)) (&& (< net45) (>= netstandard1.6) (< netstandard2.0))
      System.IO (>= 4.3) - restriction: || (&& (< monoandroid) (< monotouch) (< net45) (>= netstandard1.3) (< win8) (< wpa81) (< xamarinios) (< xamarinmac) (< xamarintvos) (< xamarinwatchos)) (&& (< monoandroid) (< net45) (>= netstandard1.0) (< netstandard1.3) (< win8) (< wp8) (< wpa81)) (< portable-net45+win8+wp8+wpa81)
      System.Private.DataContractSerialization (>= 4.3) - restriction: || (&& (< monoandroid) (< monotouch) (< net45) (>= netstandard1.3) (< win8) (< wpa81) (< xamarinios) (< xamarinmac) (< xamarintvos) (< xamarinwatchos)) (< portable-net45+win8+wp8+wpa81)
      System.Runtime (>= 4.3) - restriction: || (&& (< monoandroid) (< monotouch) (< net45) (>= netstandard1.3) (< win8) (< wpa81) (< xamarinios) (< xamarinmac) (< xamarintvos) (< xamarinwatchos)) (&& (< monoandroid) (< net45) (>= netstandard1.0) (< netstandard1.3) (< win8) (< wp8) (< wpa81)) (< portable-net45+win8+wp8+wpa81)
      System.Runtime.Serialization.Primitives (>= 4.3) - restriction: || (&& (< monoandroid) (< monotouch) (< net45) (>= netstandard1.3) (< win8) (< wpa81) (< xamarinios) (< xamarinmac) (< xamarintvos) (< xamarinwatchos)) (>= net46) (< portable-net45+win8+wp8+wpa81)
      System.Text.Encoding (>= 4.3) - restriction: || (&& (< monoandroid) (< monotouch) (< net45) (>= netstandard1.3) (< win8) (< wpa81) (< xamarinios) (< xamarinmac) (< xamarintvos) (< xamarinwatchos)) (&& (< monoandroid) (< net45) (>= netstandard1.0) (< netstandard1.3) (< win8) (< wp8) (< wpa81)) (< portable-net45+win8+wp8+wpa81)
      System.Xml.ReaderWriter (>= 4.3) - restriction: || (&& (< monoandroid) (< monotouch) (< net45) (>= netstandard1.3) (< win8) (< wpa81) (< xamarinios) (< xamarinmac) (< xamarintvos) (< xamarinwatchos)) (&& (< monoandroid) (< net45) (>= netstandard1.0) (< netstandard1.3) (< win8) (< wp8) (< wpa81)) (< portable-net45+win8+wp8+wpa81)
    System.Security.Cryptography.Algorithms (4.3.1) - restriction: || (&& (< monoandroid) (< net40) (< netstandard1.2) (>= netstandard1.6) (< win8)) (&& (< monoandroid) (< net40) (< netstandard1.3) (>= netstandard1.4) (< win8) (< wpa81)) (&& (< monoandroid) (< net40) (< netstandard1.3) (>= netstandard1.5) (< win8) (< wpa81)) (&& (< monoandroid) (< net40) (< netstandard1.3) (>= netstandard1.6) (< win8) (< wpa81)) (&& (< monoandroid) (< net40) (< netstandard1.4) (>= netstandard1.5) (< win8) (< wpa81)) (&& (< monoandroid) (< net40) (< netstandard1.4) (>= netstandard1.6) (< win8) (< wpa81)) (&& (< monoandroid) (< net40) (< netstandard1.5) (>= netstandard1.6) (< win8) (< wpa81)) (&& (< net40) (>= net46) (< netstandard1.3)) (&& (< net40) (>= net46) (< netstandard1.4)) (&& (< net40) (>= net461) (< netstandard1.4)) (&& (< net40) (>= net461) (>= netstandard1.5) (< netstandard1.6)) (&& (< net40) (>= net461) (< netstandard1.5)) (&& (< net40) (>= net461) (>= netstandard1.6) (< netstandard2.0)) (&& (< net40) (>= netstandard1.3) (< netstandard1.4) (< win8) (< wpa81)) (&& (< net40) (>= netstandard1.3) (< netstandard2.0)) (&& (< net40) (>= netstandard1.4) (< netstandard1.5) (< win8) (< wpa81)) (&& (< net40) (>= netstandard1.5) (< netstandard1.6) (< win8) (< wpa81)) (&& (< net40) (>= netstandard1.6) (< netstandard2.0) (< win8) (< wpa81)) (&& (< net45) (>= netstandard1.6) (< netstandard2.0)) (&& (>= net461) (< netstandard1.5) (>= uap10.0)) (&& (< netstandard1.3) (>= uap10.0)) (&& (< netstandard1.4) (>= uap10.0)) (&& (< netstandard1.5) (>= netstandard1.6) (>= uap10.0)) (&& (< netstandard1.5) (>= uap10.0) (< uap10.1))
      Microsoft.NETCore.Platforms (>= 1.1) - restriction: || (&& (< monoandroid) (< monotouch) (< net46) (>= netstandard1.6) (< xamarinios) (< xamarinmac) (< xamarintvos) (< xamarinwatchos)) (&& (< monoandroid) (< netstandard1.3))
      runtime.native.System.Security.Cryptography.Apple (>= 4.3.1) - restriction: && (< monoandroid) (< monotouch) (< net46) (>= netstandard1.6) (< xamarinios) (< xamarinmac) (< xamarintvos) (< xamarinwatchos)
      runtime.native.System.Security.Cryptography.OpenSsl (>= 4.3.2) - restriction: && (< monoandroid) (< monotouch) (< net46) (>= netstandard1.6) (< xamarinios) (< xamarinmac) (< xamarintvos) (< xamarinwatchos)
      System.Collections (>= 4.3) - restriction: && (< monoandroid) (< monotouch) (< net46) (>= netstandard1.6) (< xamarinios) (< xamarinmac) (< xamarintvos) (< xamarinwatchos)
      System.IO (>= 4.3) - restriction: || (&& (< monoandroid) (< monotouch) (< net46) (>= netstandard1.6) (< xamarinios) (< xamarinmac) (< xamarintvos) (< xamarinwatchos)) (&& (< monoandroid) (< net46) (>= netstandard1.3) (< netstandard1.4)) (&& (< monoandroid) (< net46) (>= netstandard1.4) (< netstandard1.6)) (&& (< monoandroid) (< netstandard1.3)) (>= net463)
      System.Resources.ResourceManager (>= 4.3) - restriction: || (&& (< monoandroid) (< monotouch) (< net46) (>= netstandard1.6) (< xamarinios) (< xamarinmac) (< xamarintvos) (< xamarinwatchos)) (&& (< monoandroid) (< netstandard1.3))
      System.Runtime (>= 4.3) - restriction: || (&& (< monoandroid) (< monotouch) (< net46) (>= netstandard1.6) (< xamarinios) (< xamarinmac) (< xamarintvos) (< xamarinwatchos)) (&& (< monoandroid) (< net46) (>= netstandard1.3) (< netstandard1.4)) (&& (< monoandroid) (< net46) (>= netstandard1.4) (< netstandard1.6)) (&& (< monoandroid) (< netstandard1.3)) (>= net463)
      System.Runtime.Extensions (>= 4.3) - restriction: || (&& (< monoandroid) (< monotouch) (< net46) (>= netstandard1.6) (< xamarinios) (< xamarinmac) (< xamarintvos) (< xamarinwatchos)) (&& (< monoandroid) (< netstandard1.3))
      System.Runtime.Handles (>= 4.3) - restriction: || (&& (< monoandroid) (< monotouch) (< net46) (>= netstandard1.6) (< xamarinios) (< xamarinmac) (< xamarintvos) (< xamarinwatchos)) (&& (< monoandroid) (< netstandard1.3))
      System.Runtime.InteropServices (>= 4.3) - restriction: || (&& (< monoandroid) (< monotouch) (< net46) (>= netstandard1.6) (< xamarinios) (< xamarinmac) (< xamarintvos) (< xamarinwatchos)) (&& (< monoandroid) (< netstandard1.3))
      System.Runtime.Numerics (>= 4.3) - restriction: && (< monoandroid) (< monotouch) (< net46) (>= netstandard1.6) (< xamarinios) (< xamarinmac) (< xamarintvos) (< xamarinwatchos)
      System.Security.Cryptography.Encoding (>= 4.3) - restriction: || (&& (< monoandroid) (< monotouch) (< net46) (>= netstandard1.6) (< xamarinios) (< xamarinmac) (< xamarintvos) (< xamarinwatchos)) (&& (< monoandroid) (< netstandard1.3)) (>= net463)
      System.Security.Cryptography.Primitives (>= 4.3) - restriction: || (&& (< monoandroid) (< monotouch) (< net46) (>= netstandard1.6) (< xamarinios) (< xamarinmac) (< xamarintvos) (< xamarinwatchos)) (&& (< monoandroid) (< net46) (>= netstandard1.3) (< netstandard1.4)) (&& (< monoandroid) (< net46) (>= netstandard1.4) (< netstandard1.6)) (&& (< monoandroid) (< netstandard1.3)) (&& (>= net46) (< netstandard1.4)) (&& (>= net461) (< netstandard1.6)) (>= net463)
      System.Text.Encoding (>= 4.3) - restriction: || (&& (< monoandroid) (< monotouch) (< net46) (>= netstandard1.6) (< xamarinios) (< xamarinmac) (< xamarintvos) (< xamarinwatchos)) (&& (< monoandroid) (< netstandard1.3))
    System.Security.Cryptography.Cng (4.5) - restriction: || (&& (< monoandroid) (< monotouch) (< net40) (>= netstandard1.6) (< netstandard2.0) (< win8) (< wpa81) (< xamarinios) (< xamarinmac) (< xamarintvos) (< xamarinwatchos)) (&& (< monoandroid) (< net40) (< netstandard1.3) (>= netstandard1.4) (< win8) (< wpa81)) (&& (< monoandroid) (< net40) (< netstandard1.3) (>= netstandard1.5) (< win8) (< wpa81)) (&& (< monoandroid) (< net40) (< netstandard1.3) (>= netstandard1.6) (< win8) (< wpa81)) (&& (< monoandroid) (< net40) (< netstandard1.4) (>= netstandard1.6) (< win8) (< wpa81)) (&& (< monoandroid) (< net40) (< netstandard1.5) (>= netstandard1.6) (< win8) (< wpa81)) (&& (< net40) (>= net46) (< netstandard1.3)) (&& (< net40) (>= net46) (< netstandard1.4) (>= netstandard1.6)) (&& (< netstandard1.3) (>= uap10.0)) (&& (< netstandard1.5) (>= netstandard1.6) (>= uap10.0))
      System.IO (>= 4.3) - restriction: || (&& (< monoandroid) (< monotouch) (< net46) (>= netstandard1.6) (< netstandard2.0) (< xamarinios) (< xamarinmac) (< xamarintvos) (< xamarinwatchos)) (&& (< monoandroid) (< net46) (>= netstandard1.3) (< netstandard1.4)) (&& (< monoandroid) (< net46) (>= netstandard1.4) (< netstandard1.6) (< uap10.1))
      System.Resources.ResourceManager (>= 4.3) - restriction: || (&& (< monoandroid) (< monotouch) (< net46) (>= netstandard1.6) (< netstandard2.0) (< xamarinios) (< xamarinmac) (< xamarintvos) (< xamarinwatchos)) (&& (< monoandroid) (< net46) (>= netstandard1.3) (< netstandard1.4)) (&& (< monoandroid) (< net46) (>= netstandard1.4) (< netstandard1.6) (< uap10.1))
      System.Runtime (>= 4.3) - restriction: || (&& (< monoandroid) (< monotouch) (< net46) (>= netstandard1.6) (< netstandard2.0) (< xamarinios) (< xamarinmac) (< xamarintvos) (< xamarinwatchos)) (&& (< monoandroid) (< net46) (>= netstandard1.3) (< netstandard1.4)) (&& (< monoandroid) (< net46) (>= netstandard1.4) (< netstandard1.6) (< uap10.1))
      System.Runtime.Extensions (>= 4.3) - restriction: || (&& (< monoandroid) (< monotouch) (< net46) (>= netstandard1.6) (< netstandard2.0) (< xamarinios) (< xamarinmac) (< xamarintvos) (< xamarinwatchos)) (&& (< monoandroid) (< net46) (>= netstandard1.4) (< netstandard1.6) (< uap10.1))
      System.Runtime.Handles (>= 4.3) - restriction: || (&& (< monoandroid) (< monotouch) (< net46) (>= netstandard1.6) (< netstandard2.0) (< xamarinios) (< xamarinmac) (< xamarintvos) (< xamarinwatchos)) (&& (< monoandroid) (< net46) (>= netstandard1.3) (< netstandard1.4)) (&& (< monoandroid) (< net46) (>= netstandard1.4) (< netstandard1.6) (< uap10.1))
      System.Runtime.InteropServices (>= 4.3) - restriction: || (&& (< monoandroid) (< monotouch) (< net46) (>= netstandard1.6) (< netstandard2.0) (< xamarinios) (< xamarinmac) (< xamarintvos) (< xamarinwatchos)) (&& (< monoandroid) (< net46) (>= netstandard1.3) (< netstandard1.4)) (&& (< monoandroid) (< net46) (>= netstandard1.4) (< netstandard1.6) (< uap10.1))
      System.Security.Cryptography.Algorithms (>= 4.3) - restriction: || (&& (< monoandroid) (< monotouch) (< net46) (>= netstandard1.6) (< netstandard2.0) (< xamarinios) (< xamarinmac) (< xamarintvos) (< xamarinwatchos)) (&& (< monoandroid) (< net46) (>= netstandard1.3) (< netstandard1.4)) (&& (< monoandroid) (< net46) (>= netstandard1.4) (< netstandard1.6) (< uap10.1)) (&& (>= net46) (< netstandard1.4))
      System.Security.Cryptography.Encoding (>= 4.3) - restriction: || (&& (< monoandroid) (< monotouch) (< net46) (>= netstandard1.6) (< netstandard2.0) (< xamarinios) (< xamarinmac) (< xamarintvos) (< xamarinwatchos)) (&& (< monoandroid) (< net46) (>= netstandard1.4) (< netstandard1.6) (< uap10.1))
      System.Security.Cryptography.Primitives (>= 4.3) - restriction: || (&& (< monoandroid) (< monotouch) (< net46) (>= netstandard1.6) (< netstandard2.0) (< xamarinios) (< xamarinmac) (< xamarintvos) (< xamarinwatchos)) (&& (< monoandroid) (< net46) (>= netstandard1.3) (< netstandard1.4)) (&& (< monoandroid) (< net46) (>= netstandard1.4) (< netstandard1.6) (< uap10.1)) (&& (>= net46) (< netstandard1.4))
      System.Text.Encoding (>= 4.3) - restriction: || (&& (< monoandroid) (< monotouch) (< net46) (>= netstandard1.6) (< netstandard2.0) (< xamarinios) (< xamarinmac) (< xamarintvos) (< xamarinwatchos)) (&& (< monoandroid) (< net46) (>= netstandard1.4) (< netstandard1.6) (< uap10.1))
    System.Security.Cryptography.Csp (4.3) - restriction: || (&& (< monoandroid) (< monotouch) (< net40) (>= netstandard1.6) (< netstandard2.0) (< win8) (< wpa81) (< xamarinios) (< xamarinmac) (< xamarintvos) (< xamarinwatchos)) (&& (< monoandroid) (< net40) (< netstandard1.4) (>= netstandard1.6) (< win8) (< wpa81)) (&& (< monoandroid) (< net40) (< netstandard1.5) (>= netstandard1.6) (< win8) (< wpa81)) (&& (< net40) (>= net46) (< netstandard1.4) (>= netstandard1.6)) (&& (< netstandard1.5) (>= netstandard1.6) (>= uap10.0))
      Microsoft.NETCore.Platforms (>= 1.1) - restriction: && (< monoandroid) (< monotouch) (< net46) (>= netstandard1.3) (< xamarinios) (< xamarinmac) (< xamarintvos) (< xamarinwatchos)
      System.IO (>= 4.3) - restriction: && (< monoandroid) (< monotouch) (< net46) (>= netstandard1.3) (< xamarinios) (< xamarinmac) (< xamarintvos) (< xamarinwatchos)
      System.Reflection (>= 4.3) - restriction: && (< monoandroid) (< monotouch) (< net46) (>= netstandard1.3) (< xamarinios) (< xamarinmac) (< xamarintvos) (< xamarinwatchos)
      System.Resources.ResourceManager (>= 4.3) - restriction: && (< monoandroid) (< monotouch) (< net46) (>= netstandard1.3) (< xamarinios) (< xamarinmac) (< xamarintvos) (< xamarinwatchos)
      System.Runtime (>= 4.3) - restriction: && (< monoandroid) (< monotouch) (< net46) (>= netstandard1.3) (< xamarinios) (< xamarinmac) (< xamarintvos) (< xamarinwatchos)
      System.Runtime.Extensions (>= 4.3) - restriction: && (< monoandroid) (< monotouch) (< net46) (>= netstandard1.3) (< xamarinios) (< xamarinmac) (< xamarintvos) (< xamarinwatchos)
      System.Runtime.Handles (>= 4.3) - restriction: && (< monoandroid) (< monotouch) (< net46) (>= netstandard1.3) (< xamarinios) (< xamarinmac) (< xamarintvos) (< xamarinwatchos)
      System.Runtime.InteropServices (>= 4.3) - restriction: && (< monoandroid) (< monotouch) (< net46) (>= netstandard1.3) (< xamarinios) (< xamarinmac) (< xamarintvos) (< xamarinwatchos)
      System.Security.Cryptography.Algorithms (>= 4.3) - restriction: || (&& (< monoandroid) (< monotouch) (>= netstandard1.3) (< xamarinios) (< xamarinmac) (< xamarintvos) (< xamarinwatchos)) (>= net46)
      System.Security.Cryptography.Encoding (>= 4.3) - restriction: && (< monoandroid) (< monotouch) (< net46) (>= netstandard1.3) (< xamarinios) (< xamarinmac) (< xamarintvos) (< xamarinwatchos)
      System.Security.Cryptography.Primitives (>= 4.3) - restriction: || (&& (< monoandroid) (< monotouch) (>= netstandard1.3) (< xamarinios) (< xamarinmac) (< xamarintvos) (< xamarinwatchos)) (>= net46)
      System.Text.Encoding (>= 4.3) - restriction: && (< monoandroid) (< monotouch) (< net46) (>= netstandard1.3) (< xamarinios) (< xamarinmac) (< xamarintvos) (< xamarinwatchos)
      System.Threading (>= 4.3) - restriction: && (< monoandroid) (< monotouch) (< net46) (>= netstandard1.3) (< xamarinios) (< xamarinmac) (< xamarintvos) (< xamarinwatchos)
    System.Security.Cryptography.Encoding (4.3) - restriction: || (&& (< monoandroid) (< monotouch) (< net40) (>= netstandard1.6) (< netstandard2.0) (< xamarinios) (< xamarinmac) (< xamarintvos) (< xamarinwatchos)) (&& (< monoandroid) (< net40) (< netstandard1.2) (>= netstandard1.3) (< win8)) (&& (< monoandroid) (< net40) (< netstandard1.2) (>= netstandard1.6) (< win8)) (&& (< monoandroid) (< net40) (< netstandard1.3) (>= netstandard1.4) (< win8) (< wpa81)) (&& (< monoandroid) (< net40) (< netstandard1.3) (>= netstandard1.5) (< win8) (< wpa81)) (&& (< monoandroid) (< net40) (< netstandard1.3) (>= netstandard1.6) (< win8) (< wpa81)) (&& (< monoandroid) (< net40) (< netstandard1.4) (>= netstandard1.5) (< win8) (< wpa81)) (&& (< monoandroid) (< net40) (< netstandard1.4) (>= netstandard1.6) (< win8) (< wpa81)) (&& (< monoandroid) (< net40) (< netstandard1.5) (>= netstandard1.6) (< win8) (< wpa81)) (&& (< net40) (>= net46) (< netstandard1.3)) (&& (< net40) (>= net46) (< netstandard1.4)) (&& (< net40) (>= net461) (< netstandard1.4)) (&& (< net40) (>= net461) (>= netstandard1.5) (< netstandard1.6)) (&& (< net40) (>= net461) (< netstandard1.5)) (&& (< net40) (>= net461) (>= netstandard1.6) (< netstandard2.0)) (&& (< net40) (>= net463) (< netstandard2.0)) (&& (< net40) (>= netstandard1.3) (< netstandard1.4) (< win8) (< wpa81)) (&& (< net40) (>= netstandard1.4) (< netstandard1.5) (< win8) (< wpa81)) (&& (< net40) (>= netstandard1.5) (< netstandard1.6) (< win8) (< wpa81)) (&& (< net40) (>= netstandard1.6) (< netstandard2.0) (< win8) (< wpa81)) (&& (>= net461) (< netstandard1.5) (>= uap10.0)) (&& (< netstandard1.3) (>= uap10.0)) (&& (< netstandard1.4) (>= uap10.0)) (&& (< netstandard1.5) (>= netstandard1.6) (>= uap10.0)) (&& (< netstandard1.5) (>= uap10.0) (< uap10.1)) (&& (< netstandard1.5) (>= uap10.0) (< win8) (< wpa81))
      Microsoft.NETCore.Platforms (>= 1.1) - restriction: && (< monoandroid) (< monotouch) (< net46) (>= netstandard1.3) (< xamarinios) (< xamarinmac) (< xamarintvos) (< xamarinwatchos)
      runtime.native.System.Security.Cryptography.OpenSsl (>= 4.3) - restriction: && (< monoandroid) (< monotouch) (< net46) (>= netstandard1.3) (< xamarinios) (< xamarinmac) (< xamarintvos) (< xamarinwatchos)
      System.Collections (>= 4.3) - restriction: && (< monoandroid) (< monotouch) (< net46) (>= netstandard1.3) (< xamarinios) (< xamarinmac) (< xamarintvos) (< xamarinwatchos)
      System.Collections.Concurrent (>= 4.3) - restriction: && (< monoandroid) (< monotouch) (< net46) (>= netstandard1.3) (< xamarinios) (< xamarinmac) (< xamarintvos) (< xamarinwatchos)
      System.Linq (>= 4.3) - restriction: && (< monoandroid) (< monotouch) (< net46) (>= netstandard1.3) (< xamarinios) (< xamarinmac) (< xamarintvos) (< xamarinwatchos)
      System.Resources.ResourceManager (>= 4.3) - restriction: && (< monoandroid) (< monotouch) (< net46) (>= netstandard1.3) (< xamarinios) (< xamarinmac) (< xamarintvos) (< xamarinwatchos)
      System.Runtime (>= 4.3) - restriction: && (< monoandroid) (< monotouch) (< net46) (>= netstandard1.3) (< xamarinios) (< xamarinmac) (< xamarintvos) (< xamarinwatchos)
      System.Runtime.Extensions (>= 4.3) - restriction: && (< monoandroid) (< monotouch) (< net46) (>= netstandard1.3) (< xamarinios) (< xamarinmac) (< xamarintvos) (< xamarinwatchos)
      System.Runtime.Handles (>= 4.3) - restriction: && (< monoandroid) (< monotouch) (< net46) (>= netstandard1.3) (< xamarinios) (< xamarinmac) (< xamarintvos) (< xamarinwatchos)
      System.Runtime.InteropServices (>= 4.3) - restriction: && (< monoandroid) (< monotouch) (< net46) (>= netstandard1.3) (< xamarinios) (< xamarinmac) (< xamarintvos) (< xamarinwatchos)
      System.Security.Cryptography.Primitives (>= 4.3) - restriction: && (< monoandroid) (< monotouch) (< net46) (>= netstandard1.3) (< xamarinios) (< xamarinmac) (< xamarintvos) (< xamarinwatchos)
      System.Text.Encoding (>= 4.3) - restriction: && (< monoandroid) (< monotouch) (< net46) (>= netstandard1.3) (< xamarinios) (< xamarinmac) (< xamarintvos) (< xamarinwatchos)
    System.Security.Cryptography.OpenSsl (4.5) - restriction: || (&& (< monoandroid) (< monotouch) (< net40) (>= netstandard1.6) (< netstandard2.0) (< win8) (< wpa81) (< xamarinios) (< xamarinmac) (< xamarintvos) (< xamarinwatchos)) (&& (< monoandroid) (< net40) (< netstandard1.2) (>= netstandard1.6) (< win8)) (&& (< monoandroid) (< net40) (< netstandard1.4) (>= netstandard1.6) (< win8) (< wpa81)) (&& (< monoandroid) (< net40) (< netstandard1.5) (>= netstandard1.6) (< win8) (< wpa81)) (&& (< net40) (>= net46) (< netstandard1.4) (>= netstandard1.6)) (&& (< netstandard1.5) (>= netstandard1.6) (>= uap10.0))
      System.Collections (>= 4.3) - restriction: && (>= netstandard1.6) (< netstandard2.0)
      System.IO (>= 4.3) - restriction: && (>= netstandard1.6) (< netstandard2.0)
      System.Resources.ResourceManager (>= 4.3) - restriction: && (>= netstandard1.6) (< netstandard2.0)
      System.Runtime (>= 4.3) - restriction: && (>= netstandard1.6) (< netstandard2.0)
      System.Runtime.Extensions (>= 4.3) - restriction: && (>= netstandard1.6) (< netstandard2.0)
      System.Runtime.Handles (>= 4.3) - restriction: && (>= netstandard1.6) (< netstandard2.0)
      System.Runtime.InteropServices (>= 4.3) - restriction: && (>= netstandard1.6) (< netstandard2.0)
      System.Runtime.Numerics (>= 4.3) - restriction: && (>= netstandard1.6) (< netstandard2.0)
      System.Security.Cryptography.Algorithms (>= 4.3) - restriction: && (>= netstandard1.6) (< netstandard2.0)
      System.Security.Cryptography.Encoding (>= 4.3) - restriction: && (>= netstandard1.6) (< netstandard2.0)
      System.Security.Cryptography.Primitives (>= 4.3) - restriction: && (>= netstandard1.6) (< netstandard2.0)
      System.Text.Encoding (>= 4.3) - restriction: && (>= netstandard1.6) (< netstandard2.0)
    System.Security.Cryptography.Primitives (4.3) - restriction: || (&& (< monoandroid) (< monotouch) (< net40) (>= netstandard1.6) (< netstandard2.0) (< xamarinios) (< xamarinmac) (< xamarintvos) (< xamarinwatchos)) (&& (< monoandroid) (< net40) (< netstandard1.2) (>= netstandard1.6) (< win8)) (&& (< monoandroid) (< net40) (>= netstandard1.3) (< netstandard1.4)) (&& (< monoandroid) (< net40) (>= netstandard1.4) (< netstandard1.6)) (&& (< monoandroid) (< net40) (< netstandard1.4) (>= netstandard1.6) (< win8) (< wpa81)) (&& (< monoandroid) (< net40) (< netstandard1.5) (>= netstandard1.6) (< win8) (< wpa81)) (&& (< net40) (>= net46) (< netstandard1.4)) (&& (< net40) (>= net461) (< netstandard1.6)) (&& (< net40) (>= net463) (< netstandard2.0)) (&& (< net40) (>= netstandard1.3) (< netstandard1.4) (< win8) (< wpa81)) (&& (< net40) (>= netstandard1.4) (< netstandard1.5) (< win8) (< wpa81)) (&& (< net40) (>= netstandard1.5) (< netstandard1.6) (< win8) (< wpa81)) (&& (< net40) (>= netstandard1.6) (< netstandard2.0) (< win8) (< wpa81)) (&& (< netstandard1.5) (>= netstandard1.6) (>= uap10.0)) (&& (< netstandard1.5) (>= uap10.0) (< uap10.1))
      System.Diagnostics.Debug (>= 4.3) - restriction: && (< monoandroid) (< monotouch) (< net46) (>= netstandard1.3) (< xamarinios) (< xamarinmac) (< xamarintvos) (< xamarinwatchos)
      System.Globalization (>= 4.3) - restriction: && (< monoandroid) (< monotouch) (< net46) (>= netstandard1.3) (< xamarinios) (< xamarinmac) (< xamarintvos) (< xamarinwatchos)
      System.IO (>= 4.3) - restriction: && (< monoandroid) (< monotouch) (< net46) (>= netstandard1.3) (< xamarinios) (< xamarinmac) (< xamarintvos) (< xamarinwatchos)
      System.Resources.ResourceManager (>= 4.3) - restriction: && (< monoandroid) (< monotouch) (< net46) (>= netstandard1.3) (< xamarinios) (< xamarinmac) (< xamarintvos) (< xamarinwatchos)
      System.Runtime (>= 4.3) - restriction: && (< monoandroid) (< monotouch) (< net46) (>= netstandard1.3) (< xamarinios) (< xamarinmac) (< xamarintvos) (< xamarinwatchos)
      System.Threading (>= 4.3) - restriction: && (< monoandroid) (< monotouch) (< net46) (>= netstandard1.3) (< xamarinios) (< xamarinmac) (< xamarintvos) (< xamarinwatchos)
      System.Threading.Tasks (>= 4.3) - restriction: && (< monoandroid) (< monotouch) (< net46) (>= netstandard1.3) (< xamarinios) (< xamarinmac) (< xamarintvos) (< xamarinwatchos)
    System.Security.Cryptography.X509Certificates (4.3.2) - restriction: || (&& (< monoandroid) (< net40) (< netstandard1.2) (>= netstandard1.3) (< win8)) (&& (< monoandroid) (< net40) (< netstandard1.2) (>= netstandard1.6) (< win8)) (&& (< monoandroid) (< net40) (< netstandard1.4) (>= netstandard1.6) (< win8) (< wpa81)) (&& (< monoandroid) (< net40) (< netstandard1.5) (>= netstandard1.6) (< win8) (< wpa81)) (&& (< net40) (>= net46) (< netstandard1.2)) (&& (< net40) (>= net46) (>= netstandard1.4) (< netstandard1.5)) (&& (< net40) (>= net46) (< netstandard1.4)) (&& (< net40) (>= net46) (>= netstandard1.5) (< netstandard1.6)) (&& (< net40) (>= net46) (>= netstandard1.6) (< netstandard2.0)) (&& (< net40) (>= net46) (< portable-net45+win8+wpa81)) (&& (< net40) (>= netstandard1.3) (< netstandard1.4) (< win8) (< wpa81)) (&& (< net40) (>= netstandard1.3) (< portable-net45+win8+wpa81)) (&& (< net40) (>= netstandard1.4) (< netstandard1.5) (< win8) (< wpa81)) (&& (< net40) (>= netstandard1.4) (< portable-net45+win8+wpa81)) (&& (< net40) (>= netstandard1.5) (< netstandard1.6) (< win8) (< wpa81)) (&& (< net40) (>= netstandard1.5) (< portable-net45+win8+wpa81)) (&& (< net40) (>= netstandard1.6) (< netstandard2.0) (< win8) (< wpa81)) (&& (< net40) (>= netstandard1.6) (< portable-net45+win8+wpa81)) (&& (>= net46) (< netstandard1.5) (>= uap10.0)) (&& (< netstandard1.5) (>= netstandard1.6) (>= uap10.0)) (&& (< netstandard1.5) (>= uap10.0) (< uap10.1)) (&& (< netstandard1.5) (>= uap10.0) (< win8) (< wpa81)) (&& (< portable-net45+win8+wpa81) (>= uap10.0))
      Microsoft.NETCore.Platforms (>= 1.1) - restriction: || (&& (< monoandroid) (< monotouch) (< net46) (>= netstandard1.6) (< xamarinios) (< xamarinmac) (< xamarintvos) (< xamarinwatchos)) (&& (< monoandroid) (< netstandard1.3))
      runtime.native.System (>= 4.3) - restriction: && (< monoandroid) (< monotouch) (< net46) (>= netstandard1.6) (< xamarinios) (< xamarinmac) (< xamarintvos) (< xamarinwatchos)
      runtime.native.System.Net.Http (>= 4.3) - restriction: && (< monoandroid) (< monotouch) (< net46) (>= netstandard1.6) (< xamarinios) (< xamarinmac) (< xamarintvos) (< xamarinwatchos)
      runtime.native.System.Security.Cryptography.OpenSsl (>= 4.3.2) - restriction: && (< monoandroid) (< monotouch) (< net46) (>= netstandard1.6) (< xamarinios) (< xamarinmac) (< xamarintvos) (< xamarinwatchos)
      System.Collections (>= 4.3) - restriction: || (&& (< monoandroid) (< monotouch) (< net46) (>= netstandard1.6) (< xamarinios) (< xamarinmac) (< xamarintvos) (< xamarinwatchos)) (&& (< monoandroid) (< netstandard1.3))
      System.Diagnostics.Debug (>= 4.3) - restriction: && (< monoandroid) (< monotouch) (< net46) (>= netstandard1.6) (< xamarinios) (< xamarinmac) (< xamarintvos) (< xamarinwatchos)
      System.Globalization (>= 4.3) - restriction: || (&& (< monoandroid) (< monotouch) (< net46) (>= netstandard1.6) (< xamarinios) (< xamarinmac) (< xamarintvos) (< xamarinwatchos)) (&& (< monoandroid) (< netstandard1.3))
      System.Globalization.Calendars (>= 4.3) - restriction: || (&& (< monoandroid) (< monotouch) (< net46) (>= netstandard1.6) (< xamarinios) (< xamarinmac) (< xamarintvos) (< xamarinwatchos)) (&& (< monoandroid) (< netstandard1.3))
      System.IO (>= 4.3) - restriction: || (&& (< monoandroid) (< monotouch) (< net46) (>= netstandard1.6) (< xamarinios) (< xamarinmac) (< xamarintvos) (< xamarinwatchos)) (&& (< monoandroid) (< netstandard1.3))
      System.IO.FileSystem (>= 4.3) - restriction: || (&& (< monoandroid) (< monotouch) (< net46) (>= netstandard1.6) (< xamarinios) (< xamarinmac) (< xamarintvos) (< xamarinwatchos)) (&& (< monoandroid) (< netstandard1.3))
      System.IO.FileSystem.Primitives (>= 4.3) - restriction: && (< monoandroid) (< monotouch) (< net46) (>= netstandard1.6) (< xamarinios) (< xamarinmac) (< xamarintvos) (< xamarinwatchos)
      System.Resources.ResourceManager (>= 4.3) - restriction: || (&& (< monoandroid) (< monotouch) (< net46) (>= netstandard1.6) (< xamarinios) (< xamarinmac) (< xamarintvos) (< xamarinwatchos)) (&& (< monoandroid) (< netstandard1.3))
      System.Runtime (>= 4.3) - restriction: || (&& (< monoandroid) (< monotouch) (< net46) (>= netstandard1.6) (< xamarinios) (< xamarinmac) (< xamarintvos) (< xamarinwatchos)) (&& (< monoandroid) (< net46) (>= netstandard1.3) (< netstandard1.4)) (&& (< monoandroid) (< net46) (>= netstandard1.4) (< netstandard1.6)) (&& (< monoandroid) (< netstandard1.3))
      System.Runtime.Extensions (>= 4.3) - restriction: || (&& (< monoandroid) (< monotouch) (< net46) (>= netstandard1.6) (< xamarinios) (< xamarinmac) (< xamarintvos) (< xamarinwatchos)) (&& (< monoandroid) (< netstandard1.3))
      System.Runtime.Handles (>= 4.3) - restriction: || (&& (< monoandroid) (< monotouch) (< net46) (>= netstandard1.6) (< xamarinios) (< xamarinmac) (< xamarintvos) (< xamarinwatchos)) (&& (< monoandroid) (< net46) (>= netstandard1.3) (< netstandard1.4)) (&& (< monoandroid) (< net46) (>= netstandard1.4) (< netstandard1.6)) (&& (< monoandroid) (< netstandard1.3))
      System.Runtime.InteropServices (>= 4.3) - restriction: || (&& (< monoandroid) (< monotouch) (< net46) (>= netstandard1.6) (< xamarinios) (< xamarinmac) (< xamarintvos) (< xamarinwatchos)) (&& (< monoandroid) (< netstandard1.3))
      System.Runtime.Numerics (>= 4.3) - restriction: || (&& (< monoandroid) (< monotouch) (< net46) (>= netstandard1.6) (< xamarinios) (< xamarinmac) (< xamarintvos) (< xamarinwatchos)) (&& (< monoandroid) (< netstandard1.3))
      System.Security.Cryptography.Algorithms (>= 4.3) - restriction: || (&& (< monoandroid) (< monotouch) (< net46) (>= netstandard1.6) (< xamarinios) (< xamarinmac) (< xamarintvos) (< xamarinwatchos)) (&& (< monoandroid) (< net46) (>= netstandard1.3) (< netstandard1.4)) (&& (< monoandroid) (< net46) (>= netstandard1.4) (< netstandard1.6)) (&& (< monoandroid) (< netstandard1.3)) (&& (>= net46) (< netstandard1.4)) (>= net461)
      System.Security.Cryptography.Cng (>= 4.3) - restriction: || (&& (< monoandroid) (< monotouch) (< net46) (>= netstandard1.6) (< xamarinios) (< xamarinmac) (< xamarintvos) (< xamarinwatchos)) (&& (< monoandroid) (< netstandard1.3))
      System.Security.Cryptography.Csp (>= 4.3) - restriction: && (< monoandroid) (< monotouch) (< net46) (>= netstandard1.6) (< xamarinios) (< xamarinmac) (< xamarintvos) (< xamarinwatchos)
      System.Security.Cryptography.Encoding (>= 4.3) - restriction: || (&& (< monoandroid) (< monotouch) (< net46) (>= netstandard1.6) (< xamarinios) (< xamarinmac) (< xamarintvos) (< xamarinwatchos)) (&& (< monoandroid) (< net46) (>= netstandard1.3) (< netstandard1.4)) (&& (< monoandroid) (< net46) (>= netstandard1.4) (< netstandard1.6)) (&& (< monoandroid) (< netstandard1.3)) (&& (>= net46) (< netstandard1.4)) (>= net461)
      System.Security.Cryptography.OpenSsl (>= 4.3) - restriction: && (< monoandroid) (< monotouch) (< net46) (>= netstandard1.6) (< xamarinios) (< xamarinmac) (< xamarintvos) (< xamarinwatchos)
      System.Security.Cryptography.Primitives (>= 4.3) - restriction: || (&& (< monoandroid) (< monotouch) (< net46) (>= netstandard1.6) (< xamarinios) (< xamarinmac) (< xamarintvos) (< xamarinwatchos)) (&& (< monoandroid) (< netstandard1.3))
      System.Text.Encoding (>= 4.3) - restriction: || (&& (< monoandroid) (< monotouch) (< net46) (>= netstandard1.6) (< xamarinios) (< xamarinmac) (< xamarintvos) (< xamarinwatchos)) (&& (< monoandroid) (< netstandard1.3))
      System.Threading (>= 4.3) - restriction: || (&& (< monoandroid) (< monotouch) (< net46) (>= netstandard1.6) (< xamarinios) (< xamarinmac) (< xamarintvos) (< xamarinwatchos)) (&& (< monoandroid) (< netstandard1.3))
    System.Text.Encoding (4.3) - restriction: || (&& (< monoandroid) (< monotouch) (< net40) (>= netstandard1.3) (< netstandard2.0) (< win8) (< wpa81) (< xamarinios) (< xamarinmac) (< xamarintvos) (< xamarinwatchos)) (&& (< monoandroid) (< monotouch) (< net40) (>= netstandard1.6) (< netstandard2.0) (< xamarinios) (< xamarinmac) (< xamarintvos) (< xamarinwatchos)) (&& (< net40) (>= net46) (< netstandard1.4)) (&& (< net40) (< netstandard1.2) (>= netstandard1.3) (< win8)) (&& (< net40) (>= netstandard1.3) (< netstandard1.4) (< win8) (< wpa81)) (&& (< net40) (>= netstandard1.3) (< portable-net45+win8+wp8+wpa81)) (&& (< net40) (>= netstandard1.3) (< portable-net45+win8+wpa81)) (&& (< net40) (>= netstandard1.4) (< netstandard1.5) (< win8) (< wpa81)) (&& (< net40) (>= netstandard1.5) (< netstandard1.6) (< win8) (< wpa81)) (&& (< net40) (>= netstandard1.6) (< netstandard2.0) (< win8) (< wpa81)) (&& (< netstandard1.5) (>= uap10.0) (< uap10.1))
      Microsoft.NETCore.Platforms (>= 1.1) - restriction: || (&& (< monoandroid) (< monotouch) (< net45) (>= netstandard1.3) (< win8) (< wpa81) (< xamarinios) (< xamarinmac) (< xamarintvos) (< xamarinwatchos)) (&& (< monoandroid) (< net45) (>= netstandard1.0) (< netstandard1.3) (< win8) (< wp8) (< wpa81)) (< portable-net45+win8+wp8+wpa81)
      Microsoft.NETCore.Targets (>= 1.1) - restriction: || (&& (< monoandroid) (< monotouch) (< net45) (>= netstandard1.3) (< win8) (< wpa81) (< xamarinios) (< xamarinmac) (< xamarintvos) (< xamarinwatchos)) (&& (< monoandroid) (< net45) (>= netstandard1.0) (< netstandard1.3) (< win8) (< wp8) (< wpa81)) (< portable-net45+win8+wp8+wpa81)
      System.Runtime (>= 4.3) - restriction: || (&& (< monoandroid) (< monotouch) (< net45) (>= netstandard1.3) (< win8) (< wpa81) (< xamarinios) (< xamarinmac) (< xamarintvos) (< xamarinwatchos)) (&& (< monoandroid) (< net45) (>= netstandard1.0) (< netstandard1.3) (< win8) (< wp8) (< wpa81)) (< portable-net45+win8+wp8+wpa81)
    System.Text.Encoding.Extensions (4.3) - restriction: || (&& (< net40) (>= net46) (< netstandard1.4)) (&& (< net40) (>= net46) (< portable-net45+win8+wp8+wpa81)) (&& (< net40) (< netstandard1.2) (>= netstandard1.3) (< win8)) (&& (< net40) (>= netstandard1.3) (< netstandard1.4) (< win8) (< wpa81)) (&& (< net40) (>= netstandard1.3) (< portable-net45+win8+wp8+wpa81)) (&& (< net40) (>= netstandard1.3) (< portable-net45+win8+wpa81)) (&& (< net40) (>= netstandard1.4) (< netstandard1.5) (< win8) (< wpa81)) (&& (< net40) (>= netstandard1.4) (< portable-net45+win8+wp8+wpa81)) (&& (< net40) (>= netstandard1.5) (< netstandard1.6) (< win8) (< wpa81)) (&& (< net40) (>= netstandard1.5) (< portable-net45+win8+wp8+wpa81)) (&& (< net40) (>= netstandard1.6) (< netstandard2.0) (< win8) (< wpa81)) (&& (< net40) (>= netstandard1.6) (< portable-net45+win8+wp8+wpa81)) (&& (< netstandard1.5) (>= uap10.0) (< uap10.1)) (&& (< netstandard1.5) (>= uap10.0) (< win8) (< wpa81)) (&& (< portable-net45+win8+wp8+wpa81) (>= uap10.0))
      Microsoft.NETCore.Platforms (>= 1.1) - restriction: || (&& (< monoandroid) (< monotouch) (< net45) (>= netstandard1.3) (< win8) (< wpa81) (< xamarinios) (< xamarinmac) (< xamarintvos) (< xamarinwatchos)) (&& (< monoandroid) (< net45) (>= netstandard1.0) (< netstandard1.3) (< win8) (< wp8) (< wpa81)) (< portable-net45+win8+wp8+wpa81)
      Microsoft.NETCore.Targets (>= 1.1) - restriction: || (&& (< monoandroid) (< monotouch) (< net45) (>= netstandard1.3) (< win8) (< wpa81) (< xamarinios) (< xamarinmac) (< xamarintvos) (< xamarinwatchos)) (&& (< monoandroid) (< net45) (>= netstandard1.0) (< netstandard1.3) (< win8) (< wp8) (< wpa81)) (< portable-net45+win8+wp8+wpa81)
      System.Runtime (>= 4.3) - restriction: || (&& (< monoandroid) (< monotouch) (< net45) (>= netstandard1.3) (< win8) (< wpa81) (< xamarinios) (< xamarinmac) (< xamarintvos) (< xamarinwatchos)) (&& (< monoandroid) (< net45) (>= netstandard1.0) (< netstandard1.3) (< win8) (< wp8) (< wpa81)) (< portable-net45+win8+wp8+wpa81)
      System.Text.Encoding (>= 4.3) - restriction: || (&& (< monoandroid) (< monotouch) (< net45) (>= netstandard1.3) (< win8) (< wpa81) (< xamarinios) (< xamarinmac) (< xamarintvos) (< xamarinwatchos)) (&& (< monoandroid) (< net45) (>= netstandard1.0) (< netstandard1.3) (< win8) (< wp8) (< wpa81)) (< portable-net45+win8+wp8+wpa81)
    System.Text.RegularExpressions (4.3) - restriction: || (&& (< net40) (>= net46) (< netstandard1.4)) (&& (< net40) (>= net46) (< portable-net45+win8+wp8+wpa81)) (&& (< net40) (< netstandard1.2) (>= netstandard1.3) (< win8)) (&& (< net40) (>= netstandard1.3) (< netstandard1.4) (< win8) (< wpa81)) (&& (< net40) (>= netstandard1.3) (< portable-net45+win8+wp8+wpa81)) (&& (< net40) (>= netstandard1.3) (< portable-net45+win8+wpa81)) (&& (< net40) (>= netstandard1.4) (< netstandard1.5) (< win8) (< wpa81)) (&& (< net40) (>= netstandard1.4) (< portable-net45+win8+wp8+wpa81)) (&& (< net40) (>= netstandard1.5) (< netstandard1.6) (< win8) (< wpa81)) (&& (< net40) (>= netstandard1.5) (< portable-net45+win8+wp8+wpa81)) (&& (< net40) (>= netstandard1.6) (< netstandard2.0) (< win8) (< wpa81)) (&& (< net40) (>= netstandard1.6) (< portable-net45+win8+wp8+wpa81)) (&& (< netstandard1.5) (>= uap10.0) (< uap10.1)) (&& (< netstandard1.5) (>= uap10.0) (< win8) (< wpa81)) (&& (< portable-net45+win8+wp8+wpa81) (>= uap10.0))
      System.Collections (>= 4.3) - restriction: || (&& (< monoandroid) (< monotouch) (< net45) (< netcoreapp1.1) (>= netstandard1.6) (< xamarinios) (< xamarinmac) (< xamarintvos) (< xamarinwatchos)) (< portable-net45+win8+wp8+wpa81)
      System.Globalization (>= 4.3) - restriction: || (&& (< monoandroid) (< monotouch) (< net45) (< netcoreapp1.1) (>= netstandard1.6) (< xamarinios) (< xamarinmac) (< xamarintvos) (< xamarinwatchos)) (< portable-net45+win8+wp8+wpa81)
      System.Resources.ResourceManager (>= 4.3) - restriction: || (&& (< monoandroid) (< monotouch) (< net45) (< netcoreapp1.1) (>= netstandard1.6) (< xamarinios) (< xamarinmac) (< xamarintvos) (< xamarinwatchos)) (< portable-net45+win8+wp8+wpa81)
      System.Runtime (>= 4.3) - restriction: || (&& (< monoandroid) (< monotouch) (< net45) (>= netstandard1.6) (< xamarinios) (< xamarinmac) (< xamarintvos) (< xamarinwatchos)) (&& (< monoandroid) (< net45) (>= netstandard1.0) (< netstandard1.3) (< win8) (< wp8) (< wpa81)) (&& (< monoandroid) (< net45) (>= netstandard1.3) (< netstandard1.6) (< win8) (< wpa81)) (>= netcoreapp1.1) (< portable-net45+win8+wp8+wpa81)
      System.Runtime.Extensions (>= 4.3) - restriction: || (&& (< monoandroid) (< monotouch) (< net45) (< netcoreapp1.1) (>= netstandard1.6) (< xamarinios) (< xamarinmac) (< xamarintvos) (< xamarinwatchos)) (< portable-net45+win8+wp8+wpa81)
      System.Threading (>= 4.3) - restriction: || (&& (< monoandroid) (< monotouch) (< net45) (< netcoreapp1.1) (>= netstandard1.6) (< xamarinios) (< xamarinmac) (< xamarintvos) (< xamarinwatchos)) (< portable-net45+win8+wp8+wpa81)
    System.Threading (4.3) - restriction: || (&& (< monoandroid) (< net40) (< netstandard1.2) (>= netstandard1.6) (< win8)) (&& (< monoandroid) (< net40) (< netstandard1.4) (>= netstandard1.6) (< win8) (< wpa81)) (&& (< monoandroid) (< net40) (< netstandard1.5) (>= netstandard1.6) (< win8) (< wpa81)) (&& (< net40) (>= net46) (< netstandard1.4)) (&& (< net40) (>= net46) (< portable-net45+win8+wpa81)) (&& (< net40) (< netstandard1.2) (>= netstandard1.3) (< win8)) (&& (< net40) (>= netstandard1.3) (< netstandard1.4) (< win8) (< wpa81)) (&& (< net40) (>= netstandard1.3) (< portable-net45+win8+wp8+wpa81)) (&& (< net40) (>= netstandard1.3) (< portable-net45+win8+wpa81)) (&& (< net40) (>= netstandard1.4) (< netstandard1.5) (< win8) (< wpa81)) (&& (< net40) (>= netstandard1.4) (< portable-net45+win8+wp8+wpa81)) (&& (< net40) (>= netstandard1.4) (< portable-net45+win8+wpa81)) (&& (< net40) (>= netstandard1.5) (< netstandard1.6) (< win8) (< wpa81)) (&& (< net40) (>= netstandard1.5) (< portable-net45+win8+wp8+wpa81)) (&& (< net40) (>= netstandard1.5) (< portable-net45+win8+wpa81)) (&& (< net40) (>= netstandard1.6) (< netstandard2.0) (< win8) (< wpa81)) (&& (< net40) (>= netstandard1.6) (< portable-net45+win8+wp8+wpa81)) (&& (< net40) (>= netstandard1.6) (< portable-net45+win8+wpa81)) (&& (< netstandard1.5) (>= netstandard1.6) (>= uap10.0)) (&& (< netstandard1.5) (>= uap10.0) (< uap10.1)) (&& (< netstandard1.5) (>= uap10.0) (< win8) (< wpa81)) (&& (< portable-net45+win8+wp8+wpa81) (>= uap10.0)) (&& (< portable-net45+win8+wpa81) (>= uap10.0))
      System.Runtime (>= 4.3) - restriction: || (&& (< monoandroid) (< monotouch) (< net45) (>= netstandard1.3) (< win8) (< wpa81) (< xamarinios) (< xamarinmac) (< xamarintvos) (< xamarinwatchos)) (&& (< monoandroid) (< net45) (>= netstandard1.0) (< netstandard1.3) (< win8) (< wp8) (< wpa81)) (< portable-net45+win8+wp8+wpa81)
      System.Threading.Tasks (>= 4.3) - restriction: || (&& (< monoandroid) (< monotouch) (< net45) (>= netstandard1.3) (< win8) (< wpa81) (< xamarinios) (< xamarinmac) (< xamarintvos) (< xamarinwatchos)) (&& (< monoandroid) (< net45) (>= netstandard1.0) (< netstandard1.3) (< win8) (< wp8) (< wpa81)) (< portable-net45+win8+wp8+wpa81)
    System.Threading.Tasks (4.3) - restriction: || (&& (< monoandroid) (< net40) (< netstandard1.2) (>= netstandard1.6) (< win8)) (&& (< monoandroid) (< net40) (< netstandard1.3) (>= netstandard1.4) (< win8) (< wpa81)) (&& (< monoandroid) (< net40) (< netstandard1.3) (>= netstandard1.5) (< win8) (< wpa81)) (&& (< monoandroid) (< net40) (< netstandard1.3) (>= netstandard1.6) (< win8) (< wpa81)) (&& (< monoandroid) (< net40) (< netstandard1.4) (>= netstandard1.6) (< win8) (< wpa81)) (&& (< monoandroid) (< net40) (< netstandard1.5) (>= netstandard1.6) (< win8) (< wpa81)) (&& (< net40) (>= net46) (< netstandard1.3)) (&& (< net40) (>= net46) (< netstandard1.4)) (&& (< net40) (>= net46) (< portable-net45+win8+wpa81)) (&& (< net40) (< netstandard1.2) (>= netstandard1.3) (< win8)) (&& (< net40) (>= netstandard1.3) (< netstandard1.4) (< win8) (< wpa81)) (&& (< net40) (>= netstandard1.3) (< portable-net45+win8+wpa81)) (&& (< net40) (>= netstandard1.4) (< netstandard1.5) (< win8) (< wpa81)) (&& (< net40) (>= netstandard1.4) (< portable-net45+win8+wpa81)) (&& (< net40) (>= netstandard1.5) (< netstandard1.6) (< win8) (< wpa81)) (&& (< net40) (>= netstandard1.5) (< portable-net45+win8+wpa81)) (&& (< net40) (>= netstandard1.6) (< netstandard2.0) (< win8) (< wpa81)) (&& (< net40) (>= netstandard1.6) (< portable-net45+win8+wpa81)) (&& (< netstandard1.3) (>= uap10.0) (< win8) (< wpa81)) (&& (< netstandard1.5) (>= netstandard1.6) (>= uap10.0)) (&& (< netstandard1.5) (>= uap10.0) (< uap10.1)) (&& (< netstandard1.5) (>= uap10.0) (< win8) (< wpa81)) (&& (< portable-net45+win8+wpa81) (>= uap10.0))
      Microsoft.NETCore.Platforms (>= 1.1) - restriction: || (&& (< monoandroid) (< monotouch) (< net45) (>= netstandard1.3) (< win8) (< wpa81) (< xamarinios) (< xamarinmac) (< xamarintvos) (< xamarinwatchos)) (&& (< monoandroid) (< net45) (>= netstandard1.0) (< netstandard1.3) (< win8) (< wp8) (< wpa81)) (< portable-net45+win8+wp8+wpa81)
      Microsoft.NETCore.Targets (>= 1.1) - restriction: || (&& (< monoandroid) (< monotouch) (< net45) (>= netstandard1.3) (< win8) (< wpa81) (< xamarinios) (< xamarinmac) (< xamarintvos) (< xamarinwatchos)) (&& (< monoandroid) (< net45) (>= netstandard1.0) (< netstandard1.3) (< win8) (< wp8) (< wpa81)) (< portable-net45+win8+wp8+wpa81)
      System.Runtime (>= 4.3) - restriction: || (&& (< monoandroid) (< monotouch) (< net45) (>= netstandard1.3) (< win8) (< wpa81) (< xamarinios) (< xamarinmac) (< xamarintvos) (< xamarinwatchos)) (&& (< monoandroid) (< net45) (>= netstandard1.0) (< netstandard1.3) (< win8) (< wp8) (< wpa81)) (< portable-net45+win8+wp8+wpa81)
    System.Threading.Tasks.Extensions (4.5.1) - restriction: || (&& (< monoandroid) (< monotouch) (< net40) (>= netstandard1.6) (< netstandard2.0) (< win8) (< wpa81) (< xamarinios) (< xamarinmac) (< xamarintvos) (< xamarinwatchos)) (&& (< monoandroid) (< net40) (< netstandard1.2) (>= netstandard1.3) (< win8)) (&& (< monoandroid) (< net40) (>= netstandard1.3) (< netstandard1.4) (< win8) (< wpa81)) (&& (< monoandroid) (< net40) (>= netstandard1.4) (< netstandard1.5) (< win8) (< wpa81)) (&& (< monoandroid) (< net40) (>= netstandard1.5) (< netstandard1.6) (< win8) (< wpa81)) (&& (< net40) (>= net46) (< netstandard1.4)) (&& (< net40) (>= net46) (< portable-net45+win8+wp8+wpa81)) (&& (< net40) (>= netstandard1.3) (< portable-net45+win8+wp8+wpa81)) (&& (< net40) (>= netstandard1.3) (< portable-net45+win8+wpa81)) (&& (< net40) (>= netstandard1.4) (< portable-net45+win8+wp8+wpa81)) (&& (< net40) (>= netstandard1.5) (< portable-net45+win8+wp8+wpa81)) (&& (< net40) (>= netstandard1.6) (< portable-net45+win8+wp8+wpa81)) (&& (< netstandard1.5) (>= uap10.0) (< win8) (< wpa81)) (&& (< portable-net45+win8+wp8+wpa81) (>= uap10.0))
      System.Collections (>= 4.3) - restriction: && (< monoandroid) (< monotouch) (< net45) (>= netstandard1.0) (< netstandard2.0) (< win8) (< wp8) (< wpa81) (< xamarinios) (< xamarinmac) (< xamarintvos) (< xamarinwatchos)
      System.Runtime (>= 4.3) - restriction: && (< monoandroid) (< monotouch) (< net45) (>= netstandard1.0) (< netstandard2.0) (< win8) (< wp8) (< wpa81) (< xamarinios) (< xamarinmac) (< xamarintvos) (< xamarinwatchos)
      System.Runtime.CompilerServices.Unsafe (>= 4.5) - restriction: || (&& (< monoandroid) (< monotouch) (>= netstandard1.0) (< netstandard2.0) (< win8) (< wpa81) (< xamarinios) (< xamarinmac) (< xamarintvos) (< xamarinwatchos)) (&& (< monoandroid) (< netstandard1.0) (>= portable-net45+win8+wp8+wpa81) (< win8)) (>= net45) (&& (< netcoreapp2.1) (>= netstandard2.0)) (&& (< netstandard1.0) (>= win8)) (&& (< netstandard2.0) (>= wpa81)) (>= wp8)
      System.Threading.Tasks (>= 4.3) - restriction: && (< monoandroid) (< monotouch) (< net45) (>= netstandard1.0) (< netstandard2.0) (< win8) (< wp8) (< wpa81) (< xamarinios) (< xamarinmac) (< xamarintvos) (< xamarinwatchos)
    System.Threading.Timer (4.3) - restriction: || (&& (< net40) (>= netstandard1.3) (< netstandard1.4) (< win8) (< wpa81)) (&& (< net40) (>= netstandard1.4) (< netstandard1.5) (< win8) (< wpa81)) (&& (< net40) (>= netstandard1.5) (< netstandard1.6) (< win8) (< wpa81)) (&& (< net40) (>= netstandard1.6) (< netstandard2.0) (< win8) (< wpa81)) (&& (< netstandard1.5) (>= uap10.0) (< uap10.1))
      Microsoft.NETCore.Platforms (>= 1.1) - restriction: || (&& (< monoandroid) (< monotouch) (< net451) (>= netstandard1.2) (< win81) (< wpa81) (< xamarinios) (< xamarinmac) (< xamarintvos) (< xamarinwatchos)) (< portable-net451+win81+wpa81)
      Microsoft.NETCore.Targets (>= 1.1) - restriction: || (&& (< monoandroid) (< monotouch) (< net451) (>= netstandard1.2) (< win81) (< wpa81) (< xamarinios) (< xamarinmac) (< xamarintvos) (< xamarinwatchos)) (< portable-net451+win81+wpa81)
      System.Runtime (>= 4.3) - restriction: || (&& (< monoandroid) (< monotouch) (< net451) (>= netstandard1.2) (< win81) (< wpa81) (< xamarinios) (< xamarinmac) (< xamarintvos) (< xamarinwatchos)) (< portable-net451+win81+wpa81)
    System.Xml.ReaderWriter (4.3.1) - restriction: || (&& (< monoandroid) (< monotouch) (< net40) (>= netstandard1.3) (< netstandard2.0) (< win8) (< wpa81) (< xamarinios) (< xamarinmac) (< xamarintvos) (< xamarinwatchos)) (&& (< net40) (>= net46) (< netstandard1.4)) (&& (< net40) (< netstandard1.2) (>= netstandard1.3) (< win8)) (&& (< net40) (>= netstandard1.3) (< netstandard1.4) (< win8) (< wpa81)) (&& (< net40) (>= netstandard1.3) (< portable-net45+win8+wp8+wpa81)) (&& (< net40) (>= netstandard1.3) (< portable-net45+win8+wpa81)) (&& (< net40) (>= netstandard1.4) (< netstandard1.5) (< win8) (< wpa81)) (&& (< net40) (>= netstandard1.5) (< netstandard1.6) (< win8) (< wpa81)) (&& (< net40) (>= netstandard1.6) (< netstandard2.0) (< win8) (< wpa81)) (&& (< netstandard1.5) (>= uap10.0) (< uap10.1))
      System.Collections (>= 4.3) - restriction: || (&& (< monoandroid) (< monotouch) (< net45) (>= netstandard1.3) (< win8) (< wpa81) (< xamarinios) (< xamarinmac) (< xamarintvos) (< xamarinwatchos)) (< portable-net45+win8+wp8+wpa81)
      System.Diagnostics.Debug (>= 4.3) - restriction: || (&& (< monoandroid) (< monotouch) (< net45) (>= netstandard1.3) (< win8) (< wpa81) (< xamarinios) (< xamarinmac) (< xamarintvos) (< xamarinwatchos)) (< portable-net45+win8+wp8+wpa81)
      System.Globalization (>= 4.3) - restriction: || (&& (< monoandroid) (< monotouch) (< net45) (>= netstandard1.3) (< win8) (< wpa81) (< xamarinios) (< xamarinmac) (< xamarintvos) (< xamarinwatchos)) (< portable-net45+win8+wp8+wpa81)
      System.IO (>= 4.3) - restriction: || (&& (< monoandroid) (< monotouch) (< net45) (>= netstandard1.3) (< win8) (< wpa81) (< xamarinios) (< xamarinmac) (< xamarintvos) (< xamarinwatchos)) (&& (< monoandroid) (< net45) (>= netstandard1.0) (< netstandard1.3) (< win8) (< wp8) (< wpa81)) (< portable-net45+win8+wp8+wpa81)
      System.IO.FileSystem (>= 4.3) - restriction: || (&& (< monoandroid) (< monotouch) (< net45) (>= netstandard1.3) (< win8) (< wpa81) (< xamarinios) (< xamarinmac) (< xamarintvos) (< xamarinwatchos)) (< portable-net45+win8+wp8+wpa81)
      System.IO.FileSystem.Primitives (>= 4.3) - restriction: || (&& (< monoandroid) (< monotouch) (< net45) (>= netstandard1.3) (< win8) (< wpa81) (< xamarinios) (< xamarinmac) (< xamarintvos) (< xamarinwatchos)) (< portable-net45+win8+wp8+wpa81)
      System.Resources.ResourceManager (>= 4.3) - restriction: || (&& (< monoandroid) (< monotouch) (< net45) (>= netstandard1.3) (< win8) (< wpa81) (< xamarinios) (< xamarinmac) (< xamarintvos) (< xamarinwatchos)) (< portable-net45+win8+wp8+wpa81)
      System.Runtime (>= 4.3) - restriction: || (&& (< monoandroid) (< monotouch) (< net45) (>= netstandard1.3) (< win8) (< wpa81) (< xamarinios) (< xamarinmac) (< xamarintvos) (< xamarinwatchos)) (&& (< monoandroid) (< net45) (>= netstandard1.0) (< netstandard1.3) (< win8) (< wp8) (< wpa81)) (< portable-net45+win8+wp8+wpa81)
      System.Runtime.Extensions (>= 4.3) - restriction: || (&& (< monoandroid) (< monotouch) (< net45) (>= netstandard1.3) (< win8) (< wpa81) (< xamarinios) (< xamarinmac) (< xamarintvos) (< xamarinwatchos)) (< portable-net45+win8+wp8+wpa81)
      System.Runtime.InteropServices (>= 4.3) - restriction: || (&& (< monoandroid) (< monotouch) (< net45) (>= netstandard1.3) (< win8) (< wpa81) (< xamarinios) (< xamarinmac) (< xamarintvos) (< xamarinwatchos)) (< portable-net45+win8+wp8+wpa81)
      System.Text.Encoding (>= 4.3) - restriction: || (&& (< monoandroid) (< monotouch) (< net45) (>= netstandard1.3) (< win8) (< wpa81) (< xamarinios) (< xamarinmac) (< xamarintvos) (< xamarinwatchos)) (&& (< monoandroid) (< net45) (>= netstandard1.0) (< netstandard1.3) (< win8) (< wp8) (< wpa81)) (< portable-net45+win8+wp8+wpa81)
      System.Text.Encoding.Extensions (>= 4.3) - restriction: || (&& (< monoandroid) (< monotouch) (< net45) (>= netstandard1.3) (< win8) (< wpa81) (< xamarinios) (< xamarinmac) (< xamarintvos) (< xamarinwatchos)) (< portable-net45+win8+wp8+wpa81)
      System.Text.RegularExpressions (>= 4.3) - restriction: || (&& (< monoandroid) (< monotouch) (< net45) (>= netstandard1.3) (< win8) (< wpa81) (< xamarinios) (< xamarinmac) (< xamarintvos) (< xamarinwatchos)) (< portable-net45+win8+wp8+wpa81)
      System.Threading.Tasks (>= 4.3) - restriction: || (&& (< monoandroid) (< monotouch) (< net45) (>= netstandard1.3) (< win8) (< wpa81) (< xamarinios) (< xamarinmac) (< xamarintvos) (< xamarinwatchos)) (&& (< monoandroid) (< net45) (>= netstandard1.0) (< netstandard1.3) (< win8) (< wp8) (< wpa81)) (< portable-net45+win8+wp8+wpa81)
      System.Threading.Tasks.Extensions (>= 4.3) - restriction: || (&& (< monoandroid) (< monotouch) (< net45) (>= netstandard1.3) (< win8) (< wpa81) (< xamarinios) (< xamarinmac) (< xamarintvos) (< xamarinwatchos)) (< portable-net45+win8+wp8+wpa81)
    System.Xml.XDocument (4.3) - restriction: || (&& (< monoandroid) (< monotouch) (< net40) (>= netstandard1.3) (< netstandard2.0) (< win8) (< wpa81) (< xamarinios) (< xamarinmac) (< xamarintvos) (< xamarinwatchos)) (&& (< net40) (< netstandard1.2) (>= netstandard1.3) (< win8)) (&& (< net40) (>= netstandard1.3) (< netstandard1.4) (< win8) (< wpa81)) (&& (< net40) (>= netstandard1.3) (< portable-net45+win8+wp8+wpa81)) (&& (< net40) (>= netstandard1.3) (< portable-net45+win8+wpa81)) (&& (< net40) (>= netstandard1.4) (< netstandard1.5) (< win8) (< wpa81)) (&& (< net40) (>= netstandard1.5) (< netstandard1.6) (< win8) (< wpa81)) (&& (< net40) (>= netstandard1.6) (< netstandard2.0) (< win8) (< wpa81)) (&& (< netstandard1.5) (>= uap10.0) (< uap10.1))
      System.Collections (>= 4.3) - restriction: || (&& (< monoandroid) (< monotouch) (< net45) (>= netstandard1.3) (< win8) (< wpa81) (< xamarinios) (< xamarinmac) (< xamarintvos) (< xamarinwatchos)) (< portable-net45+win8+wp8+wpa81)
      System.Diagnostics.Debug (>= 4.3) - restriction: || (&& (< monoandroid) (< monotouch) (< net45) (>= netstandard1.3) (< win8) (< wpa81) (< xamarinios) (< xamarinmac) (< xamarintvos) (< xamarinwatchos)) (< portable-net45+win8+wp8+wpa81)
      System.Diagnostics.Tools (>= 4.3) - restriction: || (&& (< monoandroid) (< monotouch) (< net45) (>= netstandard1.3) (< win8) (< wpa81) (< xamarinios) (< xamarinmac) (< xamarintvos) (< xamarinwatchos)) (< portable-net45+win8+wp8+wpa81)
      System.Globalization (>= 4.3) - restriction: || (&& (< monoandroid) (< monotouch) (< net45) (>= netstandard1.3) (< win8) (< wpa81) (< xamarinios) (< xamarinmac) (< xamarintvos) (< xamarinwatchos)) (< portable-net45+win8+wp8+wpa81)
      System.IO (>= 4.3) - restriction: || (&& (< monoandroid) (< monotouch) (< net45) (>= netstandard1.3) (< win8) (< wpa81) (< xamarinios) (< xamarinmac) (< xamarintvos) (< xamarinwatchos)) (&& (< monoandroid) (< net45) (>= netstandard1.0) (< netstandard1.3) (< win8) (< wp8) (< wpa81)) (< portable-net45+win8+wp8+wpa81)
      System.Reflection (>= 4.3) - restriction: || (&& (< monoandroid) (< monotouch) (< net45) (>= netstandard1.3) (< win8) (< wpa81) (< xamarinios) (< xamarinmac) (< xamarintvos) (< xamarinwatchos)) (< portable-net45+win8+wp8+wpa81)
      System.Resources.ResourceManager (>= 4.3) - restriction: || (&& (< monoandroid) (< monotouch) (< net45) (>= netstandard1.3) (< win8) (< wpa81) (< xamarinios) (< xamarinmac) (< xamarintvos) (< xamarinwatchos)) (< portable-net45+win8+wp8+wpa81)
      System.Runtime (>= 4.3) - restriction: || (&& (< monoandroid) (< monotouch) (< net45) (>= netstandard1.3) (< win8) (< wpa81) (< xamarinios) (< xamarinmac) (< xamarintvos) (< xamarinwatchos)) (&& (< monoandroid) (< net45) (>= netstandard1.0) (< netstandard1.3) (< win8) (< wp8) (< wpa81)) (< portable-net45+win8+wp8+wpa81)
      System.Runtime.Extensions (>= 4.3) - restriction: || (&& (< monoandroid) (< monotouch) (< net45) (>= netstandard1.3) (< win8) (< wpa81) (< xamarinios) (< xamarinmac) (< xamarintvos) (< xamarinwatchos)) (< portable-net45+win8+wp8+wpa81)
      System.Text.Encoding (>= 4.3) - restriction: || (&& (< monoandroid) (< monotouch) (< net45) (>= netstandard1.3) (< win8) (< wpa81) (< xamarinios) (< xamarinmac) (< xamarintvos) (< xamarinwatchos)) (< portable-net45+win8+wp8+wpa81)
      System.Threading (>= 4.3) - restriction: || (&& (< monoandroid) (< monotouch) (< net45) (>= netstandard1.3) (< win8) (< wpa81) (< xamarinios) (< xamarinmac) (< xamarintvos) (< xamarinwatchos)) (< portable-net45+win8+wp8+wpa81)
      System.Xml.ReaderWriter (>= 4.3) - restriction: || (&& (< monoandroid) (< monotouch) (< net45) (>= netstandard1.3) (< win8) (< wpa81) (< xamarinios) (< xamarinmac) (< xamarintvos) (< xamarinwatchos)) (&& (< monoandroid) (< net45) (>= netstandard1.0) (< netstandard1.3) (< win8) (< wp8) (< wpa81)) (< portable-net45+win8+wp8+wpa81)
    System.Xml.XmlDocument (4.3) - restriction: || (&& (< monoandroid) (< monotouch) (< net40) (>= netstandard1.3) (< netstandard2.0) (< win8) (< wpa81) (< xamarinios) (< xamarinmac) (< xamarintvos) (< xamarinwatchos)) (&& (< net40) (>= net46) (< netstandard2.0)) (&& (< net40) (>= net46) (< portable-net45+win8+wp8+wpa81)) (&& (< net40) (>= netstandard1.3) (< portable-net45+win8+wp8+wpa81))
      System.Collections (>= 4.3) - restriction: && (< monoandroid) (< monotouch) (< net46) (>= netstandard1.3) (< xamarinios) (< xamarinmac) (< xamarintvos) (< xamarinwatchos)
      System.Diagnostics.Debug (>= 4.3) - restriction: && (< monoandroid) (< monotouch) (< net46) (>= netstandard1.3) (< xamarinios) (< xamarinmac) (< xamarintvos) (< xamarinwatchos)
      System.Globalization (>= 4.3) - restriction: && (< monoandroid) (< monotouch) (< net46) (>= netstandard1.3) (< xamarinios) (< xamarinmac) (< xamarintvos) (< xamarinwatchos)
      System.IO (>= 4.3) - restriction: && (< monoandroid) (< monotouch) (< net46) (>= netstandard1.3) (< xamarinios) (< xamarinmac) (< xamarintvos) (< xamarinwatchos)
      System.Resources.ResourceManager (>= 4.3) - restriction: && (< monoandroid) (< monotouch) (< net46) (>= netstandard1.3) (< xamarinios) (< xamarinmac) (< xamarintvos) (< xamarinwatchos)
      System.Runtime (>= 4.3) - restriction: && (< monoandroid) (< monotouch) (< net46) (>= netstandard1.3) (< xamarinios) (< xamarinmac) (< xamarintvos) (< xamarinwatchos)
      System.Runtime.Extensions (>= 4.3) - restriction: && (< monoandroid) (< monotouch) (< net46) (>= netstandard1.3) (< xamarinios) (< xamarinmac) (< xamarintvos) (< xamarinwatchos)
      System.Text.Encoding (>= 4.3) - restriction: && (< monoandroid) (< monotouch) (< net46) (>= netstandard1.3) (< xamarinios) (< xamarinmac) (< xamarintvos) (< xamarinwatchos)
      System.Threading (>= 4.3) - restriction: && (< monoandroid) (< monotouch) (< net46) (>= netstandard1.3) (< xamarinios) (< xamarinmac) (< xamarintvos) (< xamarinwatchos)
      System.Xml.ReaderWriter (>= 4.3) - restriction: && (< monoandroid) (< monotouch) (< net46) (>= netstandard1.3) (< xamarinios) (< xamarinmac) (< xamarintvos) (< xamarinwatchos)
    System.Xml.XmlSerializer (4.3) - restriction: || (&& (< monoandroid) (< monotouch) (< net40) (>= netstandard1.3) (< netstandard2.0) (< win8) (< wpa81) (< xamarinios) (< xamarinmac) (< xamarintvos) (< xamarinwatchos)) (&& (< net40) (>= netstandard1.3) (< portable-net45+win8+wp8+wpa81))
      System.Collections (>= 4.3) - restriction: || (&& (< monoandroid) (< monotouch) (< net45) (>= netstandard1.3) (< win8) (< wpa81) (< xamarinios) (< xamarinmac) (< xamarintvos) (< xamarinwatchos)) (< portable-net45+win8+wp8+wpa81)
      System.Globalization (>= 4.3) - restriction: || (&& (< monoandroid) (< monotouch) (< net45) (>= netstandard1.3) (< win8) (< wpa81) (< xamarinios) (< xamarinmac) (< xamarintvos) (< xamarinwatchos)) (< portable-net45+win8+wp8+wpa81)
      System.IO (>= 4.3) - restriction: || (&& (< monoandroid) (< monotouch) (< net45) (>= netstandard1.3) (< win8) (< wpa81) (< xamarinios) (< xamarinmac) (< xamarintvos) (< xamarinwatchos)) (&& (< monoandroid) (< net45) (>= netstandard1.0) (< netstandard1.3) (< win8) (< wp8) (< wpa81)) (< portable-net45+win8+wp8+wpa81)
      System.Linq (>= 4.3) - restriction: || (&& (< monoandroid) (< monotouch) (< net45) (>= netstandard1.3) (< win8) (< wpa81) (< xamarinios) (< xamarinmac) (< xamarintvos) (< xamarinwatchos)) (< portable-net45+win8+wp8+wpa81)
      System.Reflection (>= 4.3) - restriction: || (&& (< monoandroid) (< monotouch) (< net45) (>= netstandard1.3) (< win8) (< wpa81) (< xamarinios) (< xamarinmac) (< xamarintvos) (< xamarinwatchos)) (< portable-net45+win8+wp8+wpa81)
      System.Reflection.Emit (>= 4.3) - restriction: || (&& (< monoandroid) (< monotouch) (< net45) (>= netstandard1.3) (< win8) (< wpa81) (< xamarinios) (< xamarinmac) (< xamarintvos) (< xamarinwatchos)) (< portable-net45+win8+wp8+wpa81)
      System.Reflection.Emit.ILGeneration (>= 4.3) - restriction: || (&& (< monoandroid) (< monotouch) (< net45) (>= netstandard1.3) (< win8) (< wpa81) (< xamarinios) (< xamarinmac) (< xamarintvos) (< xamarinwatchos)) (< portable-net45+win8+wp8+wpa81)
      System.Reflection.Extensions (>= 4.3) - restriction: || (&& (< monoandroid) (< monotouch) (< net45) (>= netstandard1.3) (< win8) (< wpa81) (< xamarinios) (< xamarinmac) (< xamarintvos) (< xamarinwatchos)) (< portable-net45+win8+wp8+wpa81)
      System.Reflection.Primitives (>= 4.3) - restriction: || (&& (< monoandroid) (< monotouch) (< net45) (>= netstandard1.3) (< win8) (< wpa81) (< xamarinios) (< xamarinmac) (< xamarintvos) (< xamarinwatchos)) (< portable-net45+win8+wp8+wpa81)
      System.Reflection.TypeExtensions (>= 4.3) - restriction: || (&& (< monoandroid) (< monotouch) (< net45) (>= netstandard1.3) (< win8) (< wpa81) (< xamarinios) (< xamarinmac) (< xamarintvos) (< xamarinwatchos)) (< portable-net45+win8+wp8+wpa81)
      System.Resources.ResourceManager (>= 4.3) - restriction: || (&& (< monoandroid) (< monotouch) (< net45) (>= netstandard1.3) (< win8) (< wpa81) (< xamarinios) (< xamarinmac) (< xamarintvos) (< xamarinwatchos)) (< portable-net45+win8+wp8+wpa81)
      System.Runtime (>= 4.3) - restriction: || (&& (< monoandroid) (< monotouch) (< net45) (>= netstandard1.3) (< win8) (< wpa81) (< xamarinios) (< xamarinmac) (< xamarintvos) (< xamarinwatchos)) (&& (< monoandroid) (< net45) (>= netstandard1.0) (< netstandard1.3) (< win8) (< wp8) (< wpa81)) (< portable-net45+win8+wp8+wpa81)
      System.Runtime.Extensions (>= 4.3) - restriction: || (&& (< monoandroid) (< monotouch) (< net45) (>= netstandard1.3) (< win8) (< wpa81) (< xamarinios) (< xamarinmac) (< xamarintvos) (< xamarinwatchos)) (< portable-net45+win8+wp8+wpa81)
      System.Text.RegularExpressions (>= 4.3) - restriction: || (&& (< monoandroid) (< monotouch) (< net45) (>= netstandard1.3) (< win8) (< wpa81) (< xamarinios) (< xamarinmac) (< xamarintvos) (< xamarinwatchos)) (< portable-net45+win8+wp8+wpa81)
      System.Threading (>= 4.3) - restriction: || (&& (< monoandroid) (< monotouch) (< net45) (>= netstandard1.3) (< win8) (< wpa81) (< xamarinios) (< xamarinmac) (< xamarintvos) (< xamarinwatchos)) (< portable-net45+win8+wp8+wpa81)
      System.Xml.ReaderWriter (>= 4.3) - restriction: || (&& (< monoandroid) (< monotouch) (< net45) (>= netstandard1.3) (< win8) (< wpa81) (< xamarinios) (< xamarinmac) (< xamarintvos) (< xamarinwatchos)) (&& (< monoandroid) (< net45) (>= netstandard1.0) (< netstandard1.3) (< win8) (< wp8) (< wpa81)) (< portable-net45+win8+wp8+wpa81)
      System.Xml.XmlDocument (>= 4.3) - restriction: || (&& (< monoandroid) (< monotouch) (< net45) (>= netstandard1.3) (< win8) (< wpa81) (< xamarinios) (< xamarinmac) (< xamarintvos) (< xamarinwatchos)) (< portable-net45+win8+wp8+wpa81)

GROUP Test
NUGET
  remote: https://www.nuget.org/api/v2
    Argu (5.1) - restriction: || (>= net461) (>= netstandard2.0)
      FSharp.Core (>= 4.0.0.1) - restriction: >= net45
      FSharp.Core (>= 4.3.2) - restriction: && (< net45) (>= netstandard2.0)
      System.Configuration.ConfigurationManager (>= 4.4) - restriction: && (< net45) (>= netstandard2.0)
    BenchmarkDotNet (0.11) - restriction: || (>= net461) (>= netcoreapp2.0)
      CommandLineParser (>= 2.2.1) - restriction: || (>= net46) (>= netstandard2.0)
      Microsoft.CodeAnalysis.CSharp (>= 2.8.2) - restriction: || (>= net46) (>= netstandard2.0)
      Microsoft.DotNet.InternalAbstractions (>= 1.0) - restriction: || (>= net46) (>= netstandard2.0)
      Microsoft.DotNet.PlatformAbstractions (>= 1.1.1) - restriction: || (>= net46) (>= netstandard2.0)
      Microsoft.Win32.Registry (>= 4.5) - restriction: || (>= net46) (>= netstandard2.0)
      System.Collections.Immutable (>= 1.4) - restriction: || (>= net46) (>= netstandard2.0)
      System.Diagnostics.FileVersionInfo (>= 4.3) - restriction: || (>= net46) (>= netstandard2.0)
      System.Management (>= 4.5) - restriction: || (>= net46) (>= netstandard2.0)
      System.Reflection.Emit.Lightweight (>= 4.3) - restriction: || (>= net46) (>= netstandard2.0)
      System.Reflection.Metadata (>= 1.5) - restriction: || (>= net46) (>= netstandard2.0)
      System.Runtime.Serialization.Primitives (>= 4.3) - restriction: || (>= net46) (>= netstandard2.0)
      System.Threading.Tasks.Extensions (>= 4.3) - restriction: || (>= net46) (>= netstandard2.0)
      System.ValueTuple (>= 4.3) - restriction: || (>= net46) (>= netstandard2.0)
      System.Xml.XmlSerializer (>= 4.3) - restriction: || (>= net46) (>= netstandard2.0)
      System.Xml.XPath.XmlDocument (>= 4.3) - restriction: || (>= net46) (>= netstandard2.0)
    Castle.Core (4.3.1)
      NETStandard.Library (>= 1.6.1) - restriction: || (&& (< net35) (>= netstandard1.3) (< netstandard1.5)) (&& (< net35) (>= netstandard1.5))
      System.Collections.Specialized (>= 4.3) - restriction: || (&& (< net35) (>= netstandard1.3) (< netstandard1.5)) (&& (< net35) (>= netstandard1.5))
      System.ComponentModel (>= 4.3) - restriction: || (&& (< net35) (>= netstandard1.3) (< netstandard1.5)) (&& (< net35) (>= netstandard1.5))
      System.ComponentModel.TypeConverter (>= 4.3) - restriction: || (&& (< net35) (>= netstandard1.3) (< netstandard1.5)) (&& (< net35) (>= netstandard1.5))
      System.Diagnostics.TraceSource (>= 4.3) - restriction: || (&& (< net35) (>= netstandard1.3) (< netstandard1.5)) (&& (< net35) (>= netstandard1.5))
      System.Dynamic.Runtime (>= 4.3) - restriction: || (&& (< net35) (>= netstandard1.3) (< netstandard1.5)) (&& (< net35) (>= netstandard1.5))
      System.Reflection (>= 4.3) - restriction: || (&& (< net35) (>= netstandard1.3) (< netstandard1.5)) (&& (< net35) (>= netstandard1.5))
      System.Reflection.Emit (>= 4.3) - restriction: || (&& (< net35) (>= netstandard1.3) (< netstandard1.5)) (&& (< net35) (>= netstandard1.5))
      System.Reflection.TypeExtensions (>= 4.3) - restriction: || (&& (< net35) (>= netstandard1.3) (< netstandard1.5)) (&& (< net35) (>= netstandard1.5))
      System.Xml.XmlDocument (>= 4.3) - restriction: || (&& (< net35) (>= netstandard1.3) (< netstandard1.5)) (&& (< net35) (>= netstandard1.5))
    CommandLineParser (2.2.1) - restriction: || (>= net461) (>= netcoreapp2.0)
      System.Collections (>= 4.0.11-rc2-24027) - restriction: >= netstandard1.5
      System.Console (>= 4.0.0-rc2-24027) - restriction: >= netstandard1.5
      System.Diagnostics.Debug (>= 4.0.11-rc2-24027) - restriction: >= netstandard1.5
      System.Globalization (>= 4.0.11-rc2-24027) - restriction: >= netstandard1.5
      System.IO (>= 4.1.0-rc2-24027) - restriction: >= netstandard1.5
      System.Linq (>= 4.1.0-rc2-24027) - restriction: >= netstandard1.5
      System.Linq.Expressions (>= 4.0.11-rc2-24027) - restriction: >= netstandard1.5
      System.Reflection (>= 4.1.0-rc2-24027) - restriction: >= netstandard1.5
      System.Reflection.Extensions (>= 4.0.1-rc2-24027) - restriction: >= netstandard1.5
      System.Reflection.TypeExtensions (>= 4.1.0-rc2-24027) - restriction: >= netstandard1.5
      System.Resources.ResourceManager (>= 4.0.1-rc2-24027) - restriction: >= netstandard1.5
      System.Runtime (>= 4.1.0-rc2-24027) - restriction: >= netstandard1.5
      System.Runtime.Extensions (>= 4.1.0-rc2-24027) - restriction: >= netstandard1.5
    Expecto (8.2)
      Argu (>= 5.1) - restriction: || (>= net461) (>= netstandard2.0)
      Mono.Cecil (>= 0.10) - restriction: || (>= net461) (>= netstandard2.0)
      System.Diagnostics.FileVersionInfo (>= 4.3) - restriction: && (< net461) (>= netstandard2.0)
    Expecto.BenchmarkDotNet (8.2)
      BenchmarkDotNet (>= 0.10.14) - restriction: || (>= net461) (>= netcoreapp2.0)
      FSharp.Core (>= 4.3.4) - restriction: || (>= net461) (>= netcoreapp2.0)
    Expecto.FsCheck (8.2)
      Expecto (>= 8.2) - restriction: || (>= net461) (>= netstandard2.0)
      FsCheck (>= 2.10.4) - restriction: || (>= net461) (>= netstandard2.0)
    FParsec (1.0.3)
      FSharp.Core (>= 4.0.0.1) - restriction: >= net40
      FSharp.Core (>= 4.2.3) - restriction: && (< net40) (>= netstandard1.6)
      NETStandard.Library (>= 1.6.1) - restriction: && (< net40) (>= netstandard1.6)
    FsCheck (2.11) - restriction: || (>= net461) (>= netstandard2.0)
      FSharp.Core (>= 4.0.0.1) - restriction: || (>= net452) (&& (< netstandard1.6) (>= portable-net45+win8)) (&& (< portable-net45+win8) (>= portable-net45+win8+wp8)) (&& (< portable-net45+win8+wp8) (>= portable-net45+win8+wp8+wpa81))
      FSharp.Core (>= 4.3.4) - restriction: && (< net452) (>= netstandard1.6)
      NETStandard.Library (>= 1.6.1) - restriction: && (< net452) (>= netstandard1.6)
      System.ValueTuple (>= 4.5) - restriction: && (< net452) (>= netstandard1.6)
    FSharp.Core (4.5.1)
    Hopac (0.3.23)
      FSharp.Core (>= 3.1.2.5) - restriction: < netstandard1.6
      FSharp.Core (>= 4.0.1.7-alpha) - restriction: >= netstandard1.6
      NETStandard.Library (>= 1.6) - restriction: >= netstandard1.6
    Logary (4.2.1)
      FParsec (>= 1.0.2)
      FSharp.Core (>= 4.0.0.1)
      Hopac (>= 0.3.23)
      NodaTime (>= 1.3.2)
    Logary.Adapters.Facade (4.2.1)
      Castle.Core (>= 3.3.3)
      FSharp.Core (>= 4.0.0.1)
      Hopac (>= 0.3.23)
      Logary (>= 4.2.1)
      NodaTime (>= 1.3.2)
    Microsoft.CodeAnalysis.Analyzers (2.6.1) - restriction: || (>= net461) (>= netcoreapp2.0)
    Microsoft.CodeAnalysis.Common (2.8.2) - restriction: || (>= net461) (>= netcoreapp2.0)
      Microsoft.CodeAnalysis.Analyzers (>= 1.1) - restriction: >= netstandard1.3
      System.AppContext (>= 4.3) - restriction: >= netstandard1.3
      System.Collections (>= 4.3) - restriction: >= netstandard1.3
      System.Collections.Concurrent (>= 4.3) - restriction: >= netstandard1.3
      System.Collections.Immutable (>= 1.3.1) - restriction: >= netstandard1.3
      System.Console (>= 4.3) - restriction: >= netstandard1.3
      System.Diagnostics.Debug (>= 4.3) - restriction: >= netstandard1.3
      System.Diagnostics.FileVersionInfo (>= 4.3) - restriction: >= netstandard1.3
      System.Diagnostics.StackTrace (>= 4.3) - restriction: >= netstandard1.3
      System.Diagnostics.Tools (>= 4.3) - restriction: >= netstandard1.3
      System.Dynamic.Runtime (>= 4.3) - restriction: >= netstandard1.3
      System.Globalization (>= 4.3) - restriction: >= netstandard1.3
      System.IO.Compression (>= 4.3) - restriction: >= netstandard1.3
      System.IO.FileSystem (>= 4.3) - restriction: >= netstandard1.3
      System.IO.FileSystem.Primitives (>= 4.3) - restriction: >= netstandard1.3
      System.Linq (>= 4.3) - restriction: >= netstandard1.3
      System.Linq.Expressions (>= 4.3) - restriction: >= netstandard1.3
      System.Reflection (>= 4.3) - restriction: >= netstandard1.3
      System.Reflection.Metadata (>= 1.4.2) - restriction: >= netstandard1.3
      System.Resources.ResourceManager (>= 4.3) - restriction: >= netstandard1.3
      System.Runtime (>= 4.3) - restriction: >= netstandard1.3
      System.Runtime.Extensions (>= 4.3) - restriction: >= netstandard1.3
      System.Runtime.InteropServices (>= 4.3) - restriction: >= netstandard1.3
      System.Runtime.Numerics (>= 4.3) - restriction: >= netstandard1.3
      System.Security.Cryptography.Algorithms (>= 4.3) - restriction: >= netstandard1.3
      System.Security.Cryptography.Encoding (>= 4.3) - restriction: >= netstandard1.3
      System.Security.Cryptography.X509Certificates (>= 4.3) - restriction: >= netstandard1.3
      System.Text.Encoding (>= 4.3) - restriction: >= netstandard1.3
      System.Text.Encoding.CodePages (>= 4.3) - restriction: >= netstandard1.3
      System.Text.Encoding.Extensions (>= 4.3) - restriction: >= netstandard1.3
      System.Threading (>= 4.3) - restriction: >= netstandard1.3
      System.Threading.Tasks (>= 4.3) - restriction: >= netstandard1.3
      System.Threading.Tasks.Parallel (>= 4.3) - restriction: >= netstandard1.3
      System.Threading.Thread (>= 4.3) - restriction: >= netstandard1.3
      System.ValueTuple (>= 4.3) - restriction: >= netstandard1.3
      System.Xml.ReaderWriter (>= 4.3) - restriction: >= netstandard1.3
      System.Xml.XDocument (>= 4.3) - restriction: >= netstandard1.3
      System.Xml.XmlDocument (>= 4.3) - restriction: >= netstandard1.3
      System.Xml.XPath.XDocument (>= 4.3) - restriction: >= netstandard1.3
    Microsoft.CodeAnalysis.CSharp (2.8.2) - restriction: || (>= net461) (>= netcoreapp2.0)
      Microsoft.CodeAnalysis.Common (2.8.2)
    Microsoft.DotNet.InternalAbstractions (1.0) - restriction: || (>= net461) (>= netcoreapp2.0)
      System.AppContext (>= 4.1) - restriction: && (< net451) (>= netstandard1.3)
      System.Collections (>= 4.0.11) - restriction: && (< net451) (>= netstandard1.3)
      System.IO (>= 4.1) - restriction: && (< net451) (>= netstandard1.3)
      System.IO.FileSystem (>= 4.0.1) - restriction: && (< net451) (>= netstandard1.3)
      System.Reflection.TypeExtensions (>= 4.1) - restriction: && (< net451) (>= netstandard1.3)
      System.Runtime.Extensions (>= 4.1) - restriction: && (< net451) (>= netstandard1.3)
      System.Runtime.InteropServices (>= 4.1) - restriction: && (< net451) (>= netstandard1.3)
      System.Runtime.InteropServices.RuntimeInformation (>= 4.0) - restriction: && (< net451) (>= netstandard1.3)
    Microsoft.DotNet.PlatformAbstractions (2.1) - restriction: || (>= net461) (>= netcoreapp2.0)
      System.AppContext (>= 4.1) - restriction: && (< net45) (>= netstandard1.3)
      System.Collections (>= 4.0.11) - restriction: && (< net45) (>= netstandard1.3)
      System.IO (>= 4.1) - restriction: && (< net45) (>= netstandard1.3)
      System.IO.FileSystem (>= 4.0.1) - restriction: && (< net45) (>= netstandard1.3)
      System.Reflection.TypeExtensions (>= 4.1) - restriction: && (< net45) (>= netstandard1.3)
      System.Runtime.Extensions (>= 4.1) - restriction: && (< net45) (>= netstandard1.3)
      System.Runtime.InteropServices (>= 4.1) - restriction: && (< net45) (>= netstandard1.3)
      System.Runtime.InteropServices.RuntimeInformation (>= 4.0) - restriction: || (>= net45) (>= netstandard1.3)
    Microsoft.NETCore.Platforms (2.1) - restriction: || (&& (< monoandroid) (< monotouch) (< net35) (>= netstandard1.5) (< xamarinios) (< xamarinmac) (< xamarintvos) (< xamarinwatchos)) (&& (< monoandroid) (< net35) (< netstandard1.2) (>= netstandard1.6) (< win8)) (&& (< monoandroid) (< net35) (>= netstandard1.3) (< netstandard1.5)) (&& (< monoandroid) (< net35) (< netstandard1.3) (>= netstandard1.6) (< win8) (< wpa81)) (&& (< monoandroid) (< net35) (< netstandard1.4) (>= netstandard1.6) (< win8) (< wpa81)) (&& (< net35) (>= net45) (< netstandard1.3) (>= netstandard1.5)) (&& (< net35) (>= net46) (< netstandard1.4)) (&& (< net35) (>= net46) (< portable-net45+win8+wpa81)) (&& (< net35) (>= net461) (>= netstandard1.5)) (&& (< net35) (>= net461) (< netstandard1.5)) (&& (< net35) (< netstandard1.0) (>= netstandard1.3) (< portable-net45+win8)) (&& (< net35) (< netstandard1.0) (>= netstandard1.3) (< win8)) (&& (< net35) (< netstandard1.0) (>= netstandard1.5) (< portable-net45+win8)) (&& (< net35) (< netstandard1.0) (>= netstandard1.5) (< win8)) (&& (< net35) (< netstandard1.2) (>= netstandard1.3) (< win8)) (&& (< net35) (< netstandard1.2) (>= netstandard1.5) (< win8)) (&& (< net35) (>= netstandard1.3) (< netstandard1.4) (< win8) (< wpa81)) (&& (< net35) (>= netstandard1.3) (< portable-net45+win8+wp8+wpa81)) (&& (< net35) (>= netstandard1.3) (< portable-net45+win8+wpa81)) (&& (< net35) (< netstandard1.3) (>= netstandard1.5) (< win8) (< wpa81)) (&& (< net35) (>= netstandard1.4) (< netstandard1.5) (< win8) (< wpa81)) (&& (< net35) (>= netstandard1.4) (< portable-net45+win8+wpa81)) (&& (< net35) (< netstandard1.4) (>= netstandard1.5) (< win8) (< wpa81)) (&& (< net35) (>= netstandard1.5) (< netstandard1.6) (< win8) (< wpa81)) (&& (< net35) (>= netstandard1.5) (< portable-net45+win8+wp8+wpa81)) (&& (< net35) (>= netstandard1.5) (< portable-net45+win8+wpa81)) (&& (< net35) (< netstandard1.5) (>= netstandard1.6) (< win8) (< wpa81)) (&& (< net35) (>= netstandard1.6) (< netstandard2.0) (< win8) (< wpa81)) (&& (< net35) (>= netstandard1.6) (< portable-net45+win8+wpa81)) (&& (< net35) (>= netstandard2.0)) (&& (< net45) (>= netstandard2.0) (< win8) (< wpa81)) (&& (< net46) (>= netstandard2.0)) (>= netcoreapp2.0) (&& (< netstandard1.0) (>= netstandard1.3) (>= win8)) (&& (< netstandard1.0) (>= netstandard1.5) (>= win8)) (&& (>= netstandard1.3) (>= wp8)) (&& (< netstandard1.3) (>= netstandard1.5) (< win8) (>= wpa81)) (&& (< netstandard1.3) (>= netstandard2.0)) (&& (>= netstandard1.5) (>= wp8)) (&& (< netstandard1.5) (>= uap10.0)) (&& (>= netstandard2.0) (< portable-net45+win8+wp8+wpa81)) (&& (< portable-net45+win8+wpa81) (>= uap10.0)) (>= uap10.1)
    Microsoft.NETCore.Targets (2.1) - restriction: || (&& (< monoandroid) (< monotouch) (< net35) (>= netstandard1.5) (< xamarinios) (< xamarinmac) (< xamarintvos) (< xamarinwatchos)) (&& (< monoandroid) (< monotouch) (< net35) (>= netstandard1.6) (< netstandard2.0) (< win8) (< wpa81) (< xamarinios) (< xamarinmac) (< xamarintvos) (< xamarinwatchos)) (&& (< monoandroid) (< net35) (< netstandard1.2) (>= netstandard1.3) (< win8)) (&& (< monoandroid) (< net35) (< netstandard1.2) (>= netstandard1.5) (< win8)) (&& (< monoandroid) (< net35) (< netstandard1.2) (>= netstandard1.6) (< win8)) (&& (< monoandroid) (< net35) (>= netstandard1.3) (< netstandard1.4) (< win8) (< wpa81)) (&& (< monoandroid) (< net35) (>= netstandard1.3) (< netstandard1.5)) (&& (< monoandroid) (< net35) (< netstandard1.3) (>= netstandard1.5) (< win8) (< wpa81)) (&& (< monoandroid) (< net35) (< netstandard1.3) (>= netstandard1.6) (< win8) (< wpa81)) (&& (< monoandroid) (< net35) (>= netstandard1.4) (< netstandard1.5) (< win8) (< wpa81)) (&& (< monoandroid) (< net35) (< netstandard1.4) (>= netstandard1.5) (< win8) (< wpa81)) (&& (< monoandroid) (< net35) (< netstandard1.4) (>= netstandard1.6) (< win8) (< wpa81)) (&& (< monoandroid) (< net35) (>= netstandard1.5) (< netstandard1.6) (< win8) (< wpa81)) (&& (< monoandroid) (< net35) (< netstandard1.5) (>= netstandard1.6) (< win8) (< wpa81)) (&& (< net35) (>= net46) (< netstandard1.4)) (&& (< net35) (>= net46) (< portable-net45+win8+wpa81)) (&& (< net35) (>= netstandard1.3) (< portable-net45+win8+wp8+wpa81)) (&& (< net35) (>= netstandard1.3) (< portable-net45+win8+wpa81)) (&& (< net35) (>= netstandard1.4) (< portable-net45+win8+wpa81)) (&& (< net35) (>= netstandard1.5) (< portable-net45+win8+wp8+wpa81)) (&& (< net35) (>= netstandard1.5) (< portable-net45+win8+wpa81)) (&& (< net35) (>= netstandard1.6) (< portable-net45+win8+wpa81)) (&& (< net45) (>= netstandard2.0) (< win8) (< wpa81)) (&& (< net46) (>= netstandard2.0)) (&& (< netstandard1.3) (>= netstandard2.0)) (&& (< netstandard1.5) (>= netstandard1.6) (>= uap10.0)) (&& (< netstandard1.5) (>= uap10.0) (< uap10.1)) (&& (< netstandard1.5) (>= uap10.0) (< win8) (< wpa81)) (&& (>= netstandard2.0) (< portable-net45+win8+wp8+wpa81)) (&& (< portable-net45+win8+wpa81) (>= uap10.0))
    Microsoft.Win32.Primitives (4.3) - restriction: || (&& (< monoandroid) (< net35) (< netstandard1.2) (>= netstandard1.3) (< win8)) (&& (< monoandroid) (< net35) (< netstandard1.2) (>= netstandard1.5) (< win8)) (&& (< monoandroid) (< net35) (< netstandard1.3) (>= netstandard1.5) (< win8) (< wpa81)) (&& (< net35) (>= net46) (< netstandard1.4)) (&& (< net35) (>= netstandard1.3) (< netstandard1.4) (< win8) (< wpa81)) (&& (< net35) (>= netstandard1.4) (< netstandard1.5) (< win8) (< wpa81)) (&& (< net35) (< netstandard1.4) (>= netstandard1.5) (< win8) (< wpa81)) (&& (< net35) (>= netstandard1.5) (< netstandard1.6) (< win8) (< wpa81)) (&& (< net35) (< netstandard1.5) (>= netstandard1.6) (< win8) (< wpa81)) (&& (< net35) (>= netstandard1.6) (< netstandard2.0) (< win8) (< wpa81)) (&& (< netstandard1.5) (>= uap10.0) (< uap10.1)) (&& (< netstandard1.5) (>= uap10.0) (< win8) (< wpa81))
      Microsoft.NETCore.Platforms (>= 1.1) - restriction: && (< monoandroid) (< monotouch) (< net46) (>= netstandard1.3) (< xamarinios) (< xamarinmac) (< xamarintvos) (< xamarinwatchos)
      Microsoft.NETCore.Targets (>= 1.1) - restriction: && (< monoandroid) (< monotouch) (< net46) (>= netstandard1.3) (< xamarinios) (< xamarinmac) (< xamarintvos) (< xamarinwatchos)
      System.Runtime (>= 4.3) - restriction: && (< monoandroid) (< monotouch) (< net46) (>= netstandard1.3) (< xamarinios) (< xamarinmac) (< xamarintvos) (< xamarinwatchos)
    Microsoft.Win32.Registry (4.5) - restriction: || (>= net461) (>= netcoreapp2.0)
      System.Memory (>= 4.5) - restriction: || (&& (< net46) (< netcoreapp2.1) (>= netstandard2.0)) (>= netcoreapp2.0) (>= uap10.1)
      System.Security.AccessControl (>= 4.5) - restriction: || (>= monoandroid) (>= monotouch) (&& (< net46) (>= netstandard2.0)) (>= net461) (>= netcoreapp2.0) (>= netcoreapp2.1) (>= xamarinios) (>= xamarinmac) (>= xamarintvos) (>= xamarinwatchos)
      System.Security.Principal.Windows (>= 4.5) - restriction: || (>= monoandroid) (>= monotouch) (&& (< net46) (>= netstandard2.0)) (>= net461) (>= netcoreapp2.0) (>= netcoreapp2.1) (>= xamarinios) (>= xamarinmac) (>= xamarintvos) (>= xamarinwatchos)
    Mono.Cecil (0.10) - restriction: || (>= net461) (>= netstandard2.0)
      System.Collections (>= 4.0.11) - restriction: && (< net35) (>= netstandard1.3)
      System.IO.FileSystem (>= 4.0.1) - restriction: && (< net35) (>= netstandard1.3)
      System.IO.FileSystem.Primitives (>= 4.0.1) - restriction: && (< net35) (>= netstandard1.3)
      System.Reflection (>= 4.1) - restriction: && (< net35) (>= netstandard1.3)
      System.Runtime.Extensions (>= 4.1) - restriction: && (< net35) (>= netstandard1.3)
      System.Security.Cryptography.Algorithms (>= 4.2) - restriction: && (< net35) (>= netstandard1.3)
      System.Security.Cryptography.Csp (>= 4.0) - restriction: && (< net35) (>= netstandard1.3)
      System.Threading (>= 4.0.11) - restriction: && (< net35) (>= netstandard1.3)
    NETStandard.Library (2.0.3) - restriction: || (&& (< net35) (>= netstandard1.3) (< netstandard1.5)) (&& (< net35) (>= netstandard1.5)) (&& (< net452) (>= netstandard2.0)) (>= netstandard1.6)
      Microsoft.NETCore.Platforms (>= 1.1) - restriction: || (&& (>= net45) (< netstandard1.3)) (&& (< net45) (>= netstandard1.1) (< netstandard1.2) (< win8)) (&& (< net45) (>= netstandard1.2) (< netstandard1.3) (< win8) (< wpa81)) (&& (< net45) (>= netstandard1.3) (< netstandard1.4) (< win8) (< wpa81)) (&& (< net45) (>= netstandard1.4) (< netstandard1.5) (< win8) (< wpa81)) (&& (< net45) (>= netstandard1.5) (< netstandard1.6) (< win8) (< wpa81)) (&& (< net45) (>= netstandard1.6) (< netstandard2.0) (< win8) (< wpa81)) (&& (< net45) (>= netstandard2.0)) (&& (>= net46) (< netstandard1.4)) (>= net461) (>= netcoreapp2.0) (&& (>= netstandard1.0) (< portable-net45+win8+wpa81)) (&& (< netstandard1.0) (>= portable-net45+win8) (< win8)) (&& (< netstandard1.0) (< portable-net45+win8) (>= portable-net45+win8+wpa81)) (&& (< netstandard1.0) (>= portable-net45+win8+wp8+wpa81) (< portable-net45+win8+wpa81)) (&& (< netstandard1.0) (>= win8)) (&& (< netstandard1.3) (< win8) (>= wpa81)) (&& (< netstandard1.5) (>= uap10.0)) (>= uap10.1) (>= wp8)
      Microsoft.Win32.Primitives (>= 4.3) - restriction: || (&& (< net45) (>= netstandard1.3) (< netstandard1.4) (< win8) (< wpa81)) (&& (< net45) (>= netstandard1.4) (< netstandard1.5) (< win8) (< wpa81)) (&& (< net45) (>= netstandard1.5) (< netstandard1.6) (< win8) (< wpa81)) (&& (< net45) (>= netstandard1.6) (< netstandard2.0) (< win8) (< wpa81)) (&& (>= net46) (< netstandard1.4)) (&& (< netstandard1.5) (>= uap10.0) (< uap10.1))
      System.AppContext (>= 4.3) - restriction: || (&& (< net45) (>= netstandard1.3) (< netstandard1.4) (< win8) (< wpa81)) (&& (< net45) (>= netstandard1.4) (< netstandard1.5) (< win8) (< wpa81)) (&& (< net45) (>= netstandard1.5) (< netstandard1.6) (< win8) (< wpa81)) (&& (< net45) (>= netstandard1.6) (< netstandard2.0) (< win8) (< wpa81)) (&& (>= net46) (< netstandard1.4)) (&& (< netstandard1.5) (>= uap10.0) (< uap10.1))
      System.Collections (>= 4.3) - restriction: || (&& (< net45) (>= netstandard1.1) (< netstandard1.2) (< win8)) (&& (< net45) (>= netstandard1.2) (< netstandard1.3) (< win8) (< wpa81)) (&& (< net45) (>= netstandard1.3) (< netstandard1.4) (< win8) (< wpa81)) (&& (< net45) (>= netstandard1.4) (< netstandard1.5) (< win8) (< wpa81)) (&& (< net45) (>= netstandard1.5) (< netstandard1.6) (< win8) (< wpa81)) (&& (< net45) (>= netstandard1.6) (< netstandard2.0) (< win8) (< wpa81)) (&& (>= netstandard1.0) (< portable-net45+win8+wpa81) (< wp8)) (&& (< netstandard1.5) (>= uap10.0) (< uap10.1))
      System.Collections.Concurrent (>= 4.3) - restriction: || (&& (< net45) (>= netstandard1.1) (< netstandard1.2) (< win8)) (&& (< net45) (>= netstandard1.2) (< netstandard1.3) (< win8) (< wpa81)) (&& (< net45) (>= netstandard1.3) (< netstandard1.4) (< win8) (< wpa81)) (&& (< net45) (>= netstandard1.4) (< netstandard1.5) (< win8) (< wpa81)) (&& (< net45) (>= netstandard1.5) (< netstandard1.6) (< win8) (< wpa81)) (&& (< net45) (>= netstandard1.6) (< netstandard2.0) (< win8) (< wpa81)) (&& (< netstandard1.5) (>= uap10.0) (< uap10.1))
      System.Console (>= 4.3) - restriction: || (&& (< net45) (>= netstandard1.3) (< netstandard1.4) (< win8) (< wpa81)) (&& (< net45) (>= netstandard1.4) (< netstandard1.5) (< win8) (< wpa81)) (&& (< net45) (>= netstandard1.5) (< netstandard1.6) (< win8) (< wpa81)) (&& (< net45) (>= netstandard1.6) (< netstandard2.0) (< win8) (< wpa81)) (&& (>= net46) (< netstandard1.4)) (&& (< netstandard1.5) (>= uap10.0) (< uap10.1))
      System.Diagnostics.Debug (>= 4.3) - restriction: || (&& (< net45) (>= netstandard1.1) (< netstandard1.2) (< win8)) (&& (< net45) (>= netstandard1.2) (< netstandard1.3) (< win8) (< wpa81)) (&& (< net45) (>= netstandard1.3) (< netstandard1.4) (< win8) (< wpa81)) (&& (< net45) (>= netstandard1.4) (< netstandard1.5) (< win8) (< wpa81)) (&& (< net45) (>= netstandard1.5) (< netstandard1.6) (< win8) (< wpa81)) (&& (< net45) (>= netstandard1.6) (< netstandard2.0) (< win8) (< wpa81)) (&& (>= netstandard1.0) (< portable-net45+win8+wpa81) (< wp8)) (&& (< netstandard1.5) (>= uap10.0) (< uap10.1))
      System.Diagnostics.Tools (>= 4.3) - restriction: || (&& (< net45) (>= netstandard1.1) (< netstandard1.2) (< win8)) (&& (< net45) (>= netstandard1.2) (< netstandard1.3) (< win8) (< wpa81)) (&& (< net45) (>= netstandard1.3) (< netstandard1.4) (< win8) (< wpa81)) (&& (< net45) (>= netstandard1.4) (< netstandard1.5) (< win8) (< wpa81)) (&& (< net45) (>= netstandard1.5) (< netstandard1.6) (< win8) (< wpa81)) (&& (< net45) (>= netstandard1.6) (< netstandard2.0) (< win8) (< wpa81)) (&& (>= netstandard1.0) (< portable-net45+win8+wpa81) (< wp8)) (&& (< netstandard1.5) (>= uap10.0) (< uap10.1))
      System.Diagnostics.Tracing (>= 4.3) - restriction: || (&& (< net45) (>= netstandard1.1) (< netstandard1.2) (< win8)) (&& (< net45) (>= netstandard1.2) (< netstandard1.3) (< win8) (< wpa81)) (&& (< net45) (>= netstandard1.3) (< netstandard1.4) (< win8) (< wpa81)) (&& (< net45) (>= netstandard1.4) (< netstandard1.5) (< win8) (< wpa81)) (&& (< net45) (>= netstandard1.5) (< netstandard1.6) (< win8) (< wpa81)) (&& (< net45) (>= netstandard1.6) (< netstandard2.0) (< win8) (< wpa81)) (&& (< netstandard1.5) (>= uap10.0) (< uap10.1))
      System.Globalization (>= 4.3) - restriction: || (&& (< net45) (>= netstandard1.1) (< netstandard1.2) (< win8)) (&& (< net45) (>= netstandard1.2) (< netstandard1.3) (< win8) (< wpa81)) (&& (< net45) (>= netstandard1.3) (< netstandard1.4) (< win8) (< wpa81)) (&& (< net45) (>= netstandard1.4) (< netstandard1.5) (< win8) (< wpa81)) (&& (< net45) (>= netstandard1.5) (< netstandard1.6) (< win8) (< wpa81)) (&& (< net45) (>= netstandard1.6) (< netstandard2.0) (< win8) (< wpa81)) (&& (>= netstandard1.0) (< portable-net45+win8+wpa81) (< wp8)) (&& (< netstandard1.5) (>= uap10.0) (< uap10.1))
      System.Globalization.Calendars (>= 4.3) - restriction: || (&& (< net45) (>= netstandard1.3) (< netstandard1.4) (< win8) (< wpa81)) (&& (< net45) (>= netstandard1.4) (< netstandard1.5) (< win8) (< wpa81)) (&& (< net45) (>= netstandard1.5) (< netstandard1.6) (< win8) (< wpa81)) (&& (< net45) (>= netstandard1.6) (< netstandard2.0) (< win8) (< wpa81)) (&& (>= net46) (< netstandard1.4)) (&& (< netstandard1.5) (>= uap10.0) (< uap10.1))
      System.IO (>= 4.3) - restriction: || (&& (< net45) (>= netstandard1.1) (< netstandard1.2) (< win8)) (&& (< net45) (>= netstandard1.2) (< netstandard1.3) (< win8) (< wpa81)) (&& (< net45) (>= netstandard1.3) (< netstandard1.4) (< win8) (< wpa81)) (&& (< net45) (>= netstandard1.4) (< netstandard1.5) (< win8) (< wpa81)) (&& (< net45) (>= netstandard1.5) (< netstandard1.6) (< win8) (< wpa81)) (&& (< net45) (>= netstandard1.6) (< netstandard2.0) (< win8) (< wpa81)) (&& (>= netstandard1.0) (< portable-net45+win8+wpa81) (< wp8)) (&& (< netstandard1.5) (>= uap10.0) (< uap10.1))
      System.IO.Compression (>= 4.3) - restriction: || (&& (< net45) (>= netstandard1.1) (< netstandard1.2) (< win8)) (&& (< net45) (>= netstandard1.2) (< netstandard1.3) (< win8) (< wpa81)) (&& (< net45) (>= netstandard1.3) (< netstandard1.4) (< win8) (< wpa81)) (&& (< net45) (>= netstandard1.4) (< netstandard1.5) (< win8) (< wpa81)) (&& (< net45) (>= netstandard1.5) (< netstandard1.6) (< win8) (< wpa81)) (&& (< net45) (>= netstandard1.6) (< netstandard2.0) (< win8) (< wpa81)) (&& (>= net46) (< netstandard1.4)) (&& (< netstandard1.5) (>= uap10.0) (< uap10.1))
      System.IO.Compression.ZipFile (>= 4.3) - restriction: || (&& (< net45) (>= netstandard1.3) (< netstandard1.4) (< win8) (< wpa81)) (&& (< net45) (>= netstandard1.4) (< netstandard1.5) (< win8) (< wpa81)) (&& (< net45) (>= netstandard1.5) (< netstandard1.6) (< win8) (< wpa81)) (&& (< net45) (>= netstandard1.6) (< netstandard2.0) (< win8) (< wpa81)) (&& (>= net46) (< netstandard1.4)) (&& (< netstandard1.5) (>= uap10.0) (< uap10.1))
      System.IO.FileSystem (>= 4.3) - restriction: || (&& (< net45) (>= netstandard1.3) (< netstandard1.4) (< win8) (< wpa81)) (&& (< net45) (>= netstandard1.4) (< netstandard1.5) (< win8) (< wpa81)) (&& (< net45) (>= netstandard1.5) (< netstandard1.6) (< win8) (< wpa81)) (&& (< net45) (>= netstandard1.6) (< netstandard2.0) (< win8) (< wpa81)) (&& (>= net46) (< netstandard1.4)) (&& (< netstandard1.5) (>= uap10.0) (< uap10.1))
      System.IO.FileSystem.Primitives (>= 4.3) - restriction: || (&& (< net45) (>= netstandard1.3) (< netstandard1.4) (< win8) (< wpa81)) (&& (< net45) (>= netstandard1.4) (< netstandard1.5) (< win8) (< wpa81)) (&& (< net45) (>= netstandard1.5) (< netstandard1.6) (< win8) (< wpa81)) (&& (< net45) (>= netstandard1.6) (< netstandard2.0) (< win8) (< wpa81)) (&& (>= net46) (< netstandard1.4)) (&& (< netstandard1.5) (>= uap10.0) (< uap10.1))
      System.Linq (>= 4.3) - restriction: || (&& (< net45) (>= netstandard1.1) (< netstandard1.2) (< win8)) (&& (< net45) (>= netstandard1.2) (< netstandard1.3) (< win8) (< wpa81)) (&& (< net45) (>= netstandard1.3) (< netstandard1.4) (< win8) (< wpa81)) (&& (< net45) (>= netstandard1.4) (< netstandard1.5) (< win8) (< wpa81)) (&& (< net45) (>= netstandard1.5) (< netstandard1.6) (< win8) (< wpa81)) (&& (< net45) (>= netstandard1.6) (< netstandard2.0) (< win8) (< wpa81)) (&& (>= netstandard1.0) (< portable-net45+win8+wpa81) (< wp8)) (&& (< netstandard1.5) (>= uap10.0) (< uap10.1))
      System.Linq.Expressions (>= 4.3) - restriction: || (&& (< net45) (>= netstandard1.1) (< netstandard1.2) (< win8)) (&& (< net45) (>= netstandard1.2) (< netstandard1.3) (< win8) (< wpa81)) (&& (< net45) (>= netstandard1.3) (< netstandard1.4) (< win8) (< wpa81)) (&& (< net45) (>= netstandard1.4) (< netstandard1.5) (< win8) (< wpa81)) (&& (< net45) (>= netstandard1.5) (< netstandard1.6) (< win8) (< wpa81)) (&& (< net45) (>= netstandard1.6) (< netstandard2.0) (< win8) (< wpa81)) (&& (>= netstandard1.0) (< portable-net45+win8+wpa81) (< wp8)) (&& (< netstandard1.5) (>= uap10.0) (< uap10.1))
      System.Net.Http (>= 4.3.2) - restriction: || (&& (< net45) (>= netstandard1.1) (< netstandard1.2) (< win8)) (&& (< net45) (>= netstandard1.2) (< netstandard1.3) (< win8) (< wpa81)) (&& (< net45) (>= netstandard1.3) (< netstandard1.4) (< win8) (< wpa81)) (&& (< net45) (>= netstandard1.4) (< netstandard1.5) (< win8) (< wpa81)) (&& (< net45) (>= netstandard1.5) (< netstandard1.6) (< win8) (< wpa81)) (&& (< net45) (>= netstandard1.6) (< netstandard2.0) (< win8) (< wpa81)) (&& (>= net46) (< netstandard1.4)) (&& (< netstandard1.5) (>= uap10.0) (< uap10.1))
      System.Net.Primitives (>= 4.3) - restriction: || (&& (< net45) (>= netstandard1.1) (< netstandard1.2) (< win8)) (&& (< net45) (>= netstandard1.2) (< netstandard1.3) (< win8) (< wpa81)) (&& (< net45) (>= netstandard1.3) (< netstandard1.4) (< win8) (< wpa81)) (&& (< net45) (>= netstandard1.4) (< netstandard1.5) (< win8) (< wpa81)) (&& (< net45) (>= netstandard1.5) (< netstandard1.6) (< win8) (< wpa81)) (&& (< net45) (>= netstandard1.6) (< netstandard2.0) (< win8) (< wpa81)) (&& (>= netstandard1.0) (< portable-net45+win8+wpa81) (< wp8)) (&& (< netstandard1.5) (>= uap10.0) (< uap10.1))
      System.Net.Sockets (>= 4.3) - restriction: || (&& (< net45) (>= netstandard1.3) (< netstandard1.4) (< win8) (< wpa81)) (&& (< net45) (>= netstandard1.4) (< netstandard1.5) (< win8) (< wpa81)) (&& (< net45) (>= netstandard1.5) (< netstandard1.6) (< win8) (< wpa81)) (&& (< net45) (>= netstandard1.6) (< netstandard2.0) (< win8) (< wpa81)) (&& (>= net46) (< netstandard1.4)) (&& (< netstandard1.5) (>= uap10.0) (< uap10.1))
      System.ObjectModel (>= 4.3) - restriction: || (&& (< net45) (>= netstandard1.1) (< netstandard1.2) (< win8)) (&& (< net45) (>= netstandard1.2) (< netstandard1.3) (< win8) (< wpa81)) (&& (< net45) (>= netstandard1.3) (< netstandard1.4) (< win8) (< wpa81)) (&& (< net45) (>= netstandard1.4) (< netstandard1.5) (< win8) (< wpa81)) (&& (< net45) (>= netstandard1.5) (< netstandard1.6) (< win8) (< wpa81)) (&& (< net45) (>= netstandard1.6) (< netstandard2.0) (< win8) (< wpa81)) (&& (>= netstandard1.0) (< portable-net45+win8+wpa81) (< wp8)) (&& (< netstandard1.5) (>= uap10.0) (< uap10.1))
      System.Reflection (>= 4.3) - restriction: || (&& (< net45) (>= netstandard1.1) (< netstandard1.2) (< win8)) (&& (< net45) (>= netstandard1.2) (< netstandard1.3) (< win8) (< wpa81)) (&& (< net45) (>= netstandard1.3) (< netstandard1.4) (< win8) (< wpa81)) (&& (< net45) (>= netstandard1.4) (< netstandard1.5) (< win8) (< wpa81)) (&& (< net45) (>= netstandard1.5) (< netstandard1.6) (< win8) (< wpa81)) (&& (< net45) (>= netstandard1.6) (< netstandard2.0) (< win8) (< wpa81)) (&& (>= netstandard1.0) (< portable-net45+win8+wpa81) (< wp8)) (&& (< netstandard1.5) (>= uap10.0) (< uap10.1))
      System.Reflection.Extensions (>= 4.3) - restriction: || (&& (< net45) (>= netstandard1.1) (< netstandard1.2) (< win8)) (&& (< net45) (>= netstandard1.2) (< netstandard1.3) (< win8) (< wpa81)) (&& (< net45) (>= netstandard1.3) (< netstandard1.4) (< win8) (< wpa81)) (&& (< net45) (>= netstandard1.4) (< netstandard1.5) (< win8) (< wpa81)) (&& (< net45) (>= netstandard1.5) (< netstandard1.6) (< win8) (< wpa81)) (&& (< net45) (>= netstandard1.6) (< netstandard2.0) (< win8) (< wpa81)) (&& (>= netstandard1.0) (< portable-net45+win8+wpa81) (< wp8)) (&& (< netstandard1.5) (>= uap10.0) (< uap10.1))
      System.Reflection.Primitives (>= 4.3) - restriction: || (&& (< net45) (>= netstandard1.1) (< netstandard1.2) (< win8)) (&& (< net45) (>= netstandard1.2) (< netstandard1.3) (< win8) (< wpa81)) (&& (< net45) (>= netstandard1.3) (< netstandard1.4) (< win8) (< wpa81)) (&& (< net45) (>= netstandard1.4) (< netstandard1.5) (< win8) (< wpa81)) (&& (< net45) (>= netstandard1.5) (< netstandard1.6) (< win8) (< wpa81)) (&& (< net45) (>= netstandard1.6) (< netstandard2.0) (< win8) (< wpa81)) (&& (>= netstandard1.0) (< portable-net45+win8+wpa81) (< wp8)) (&& (< netstandard1.5) (>= uap10.0) (< uap10.1))
      System.Resources.ResourceManager (>= 4.3) - restriction: || (&& (< net45) (>= netstandard1.1) (< netstandard1.2) (< win8)) (&& (< net45) (>= netstandard1.2) (< netstandard1.3) (< win8) (< wpa81)) (&& (< net45) (>= netstandard1.3) (< netstandard1.4) (< win8) (< wpa81)) (&& (< net45) (>= netstandard1.4) (< netstandard1.5) (< win8) (< wpa81)) (&& (< net45) (>= netstandard1.5) (< netstandard1.6) (< win8) (< wpa81)) (&& (< net45) (>= netstandard1.6) (< netstandard2.0) (< win8) (< wpa81)) (&& (>= netstandard1.0) (< portable-net45+win8+wpa81) (< wp8)) (&& (< netstandard1.5) (>= uap10.0) (< uap10.1))
      System.Runtime (>= 4.3) - restriction: || (&& (< net45) (>= netstandard1.1) (< netstandard1.2) (< win8)) (&& (< net45) (>= netstandard1.2) (< netstandard1.3) (< win8) (< wpa81)) (&& (< net45) (>= netstandard1.3) (< netstandard1.4) (< win8) (< wpa81)) (&& (< net45) (>= netstandard1.4) (< netstandard1.5) (< win8) (< wpa81)) (&& (< net45) (>= netstandard1.5) (< netstandard1.6) (< win8) (< wpa81)) (&& (< net45) (>= netstandard1.6) (< netstandard2.0) (< win8) (< wpa81)) (&& (>= netstandard1.0) (< portable-net45+win8+wpa81) (< wp8)) (&& (< netstandard1.5) (>= uap10.0) (< uap10.1))
      System.Runtime.Extensions (>= 4.3) - restriction: || (&& (< net45) (>= netstandard1.1) (< netstandard1.2) (< win8)) (&& (< net45) (>= netstandard1.2) (< netstandard1.3) (< win8) (< wpa81)) (&& (< net45) (>= netstandard1.3) (< netstandard1.4) (< win8) (< wpa81)) (&& (< net45) (>= netstandard1.4) (< netstandard1.5) (< win8) (< wpa81)) (&& (< net45) (>= netstandard1.5) (< netstandard1.6) (< win8) (< wpa81)) (&& (< net45) (>= netstandard1.6) (< netstandard2.0) (< win8) (< wpa81)) (&& (>= netstandard1.0) (< portable-net45+win8+wpa81) (< wp8)) (&& (< netstandard1.5) (>= uap10.0) (< uap10.1))
      System.Runtime.Handles (>= 4.3) - restriction: || (&& (< net45) (>= netstandard1.3) (< netstandard1.4) (< win8) (< wpa81)) (&& (< net45) (>= netstandard1.4) (< netstandard1.5) (< win8) (< wpa81)) (&& (< net45) (>= netstandard1.5) (< netstandard1.6) (< win8) (< wpa81)) (&& (< net45) (>= netstandard1.6) (< netstandard2.0) (< win8) (< wpa81)) (&& (< netstandard1.5) (>= uap10.0) (< uap10.1))
      System.Runtime.InteropServices (>= 4.3) - restriction: || (&& (< net45) (>= netstandard1.1) (< netstandard1.2) (< win8)) (&& (< net45) (>= netstandard1.2) (< netstandard1.3) (< win8) (< wpa81)) (&& (< net45) (>= netstandard1.3) (< netstandard1.4) (< win8) (< wpa81)) (&& (< net45) (>= netstandard1.4) (< netstandard1.5) (< win8) (< wpa81)) (&& (< net45) (>= netstandard1.5) (< netstandard1.6) (< win8) (< wpa81)) (&& (< net45) (>= netstandard1.6) (< netstandard2.0) (< win8) (< wpa81)) (&& (< netstandard1.5) (>= uap10.0) (< uap10.1))
      System.Runtime.InteropServices.RuntimeInformation (>= 4.3) - restriction: || (&& (>= net45) (< netstandard1.3)) (&& (< net45) (>= netstandard1.1) (< netstandard1.2) (< win8)) (&& (< net45) (>= netstandard1.2) (< netstandard1.3) (< win8) (< wpa81)) (&& (< net45) (>= netstandard1.3) (< netstandard1.4) (< win8) (< wpa81)) (&& (< net45) (>= netstandard1.4) (< netstandard1.5) (< win8) (< wpa81)) (&& (< net45) (>= netstandard1.5) (< netstandard1.6) (< win8) (< wpa81)) (&& (< net45) (>= netstandard1.6) (< netstandard2.0) (< win8) (< wpa81)) (&& (>= net46) (< netstandard1.4)) (&& (< netstandard1.0) (>= portable-net45+win8) (< win8)) (&& (< netstandard1.0) (< portable-net45+win8) (>= portable-net45+win8+wpa81)) (&& (< netstandard1.0) (>= win8)) (&& (< netstandard1.3) (< win8) (>= wpa81)) (&& (< netstandard1.5) (>= uap10.0) (< uap10.1))
      System.Runtime.Numerics (>= 4.3) - restriction: || (&& (< net45) (>= netstandard1.1) (< netstandard1.2) (< win8)) (&& (< net45) (>= netstandard1.2) (< netstandard1.3) (< win8) (< wpa81)) (&& (< net45) (>= netstandard1.3) (< netstandard1.4) (< win8) (< wpa81)) (&& (< net45) (>= netstandard1.4) (< netstandard1.5) (< win8) (< wpa81)) (&& (< net45) (>= netstandard1.5) (< netstandard1.6) (< win8) (< wpa81)) (&& (< net45) (>= netstandard1.6) (< netstandard2.0) (< win8) (< wpa81)) (&& (< netstandard1.5) (>= uap10.0) (< uap10.1))
      System.Security.Cryptography.Algorithms (>= 4.3) - restriction: || (&& (< net45) (>= netstandard1.3) (< netstandard1.4) (< win8) (< wpa81)) (&& (< net45) (>= netstandard1.4) (< netstandard1.5) (< win8) (< wpa81)) (&& (< net45) (>= netstandard1.5) (< netstandard1.6) (< win8) (< wpa81)) (&& (< net45) (>= netstandard1.6) (< netstandard2.0) (< win8) (< wpa81)) (&& (>= net46) (< netstandard1.4)) (&& (< netstandard1.5) (>= uap10.0) (< uap10.1))
      System.Security.Cryptography.Encoding (>= 4.3) - restriction: || (&& (< net45) (>= netstandard1.3) (< netstandard1.4) (< win8) (< wpa81)) (&& (< net45) (>= netstandard1.4) (< netstandard1.5) (< win8) (< wpa81)) (&& (< net45) (>= netstandard1.5) (< netstandard1.6) (< win8) (< wpa81)) (&& (< net45) (>= netstandard1.6) (< netstandard2.0) (< win8) (< wpa81)) (&& (>= net46) (< netstandard1.4)) (&& (< netstandard1.5) (>= uap10.0) (< uap10.1))
      System.Security.Cryptography.Primitives (>= 4.3) - restriction: || (&& (< net45) (>= netstandard1.3) (< netstandard1.4) (< win8) (< wpa81)) (&& (< net45) (>= netstandard1.4) (< netstandard1.5) (< win8) (< wpa81)) (&& (< net45) (>= netstandard1.5) (< netstandard1.6) (< win8) (< wpa81)) (&& (< net45) (>= netstandard1.6) (< netstandard2.0) (< win8) (< wpa81)) (&& (>= net46) (< netstandard1.4)) (&& (< netstandard1.5) (>= uap10.0) (< uap10.1))
      System.Security.Cryptography.X509Certificates (>= 4.3) - restriction: || (&& (< net45) (>= netstandard1.3) (< netstandard1.4) (< win8) (< wpa81)) (&& (< net45) (>= netstandard1.4) (< netstandard1.5) (< win8) (< wpa81)) (&& (< net45) (>= netstandard1.5) (< netstandard1.6) (< win8) (< wpa81)) (&& (< net45) (>= netstandard1.6) (< netstandard2.0) (< win8) (< wpa81)) (&& (>= net46) (< netstandard1.4)) (&& (< netstandard1.5) (>= uap10.0) (< uap10.1))
      System.Text.Encoding (>= 4.3) - restriction: || (&& (< net45) (>= netstandard1.1) (< netstandard1.2) (< win8)) (&& (< net45) (>= netstandard1.2) (< netstandard1.3) (< win8) (< wpa81)) (&& (< net45) (>= netstandard1.3) (< netstandard1.4) (< win8) (< wpa81)) (&& (< net45) (>= netstandard1.4) (< netstandard1.5) (< win8) (< wpa81)) (&& (< net45) (>= netstandard1.5) (< netstandard1.6) (< win8) (< wpa81)) (&& (< net45) (>= netstandard1.6) (< netstandard2.0) (< win8) (< wpa81)) (&& (>= netstandard1.0) (< portable-net45+win8+wpa81) (< wp8)) (&& (< netstandard1.5) (>= uap10.0) (< uap10.1))
      System.Text.Encoding.Extensions (>= 4.3) - restriction: || (&& (< net45) (>= netstandard1.1) (< netstandard1.2) (< win8)) (&& (< net45) (>= netstandard1.2) (< netstandard1.3) (< win8) (< wpa81)) (&& (< net45) (>= netstandard1.3) (< netstandard1.4) (< win8) (< wpa81)) (&& (< net45) (>= netstandard1.4) (< netstandard1.5) (< win8) (< wpa81)) (&& (< net45) (>= netstandard1.5) (< netstandard1.6) (< win8) (< wpa81)) (&& (< net45) (>= netstandard1.6) (< netstandard2.0) (< win8) (< wpa81)) (&& (>= netstandard1.0) (< portable-net45+win8+wpa81) (< wp8)) (&& (< netstandard1.5) (>= uap10.0) (< uap10.1))
      System.Text.RegularExpressions (>= 4.3) - restriction: || (&& (< net45) (>= netstandard1.1) (< netstandard1.2) (< win8)) (&& (< net45) (>= netstandard1.2) (< netstandard1.3) (< win8) (< wpa81)) (&& (< net45) (>= netstandard1.3) (< netstandard1.4) (< win8) (< wpa81)) (&& (< net45) (>= netstandard1.4) (< netstandard1.5) (< win8) (< wpa81)) (&& (< net45) (>= netstandard1.5) (< netstandard1.6) (< win8) (< wpa81)) (&& (< net45) (>= netstandard1.6) (< netstandard2.0) (< win8) (< wpa81)) (&& (>= netstandard1.0) (< portable-net45+win8+wpa81) (< wp8)) (&& (< netstandard1.5) (>= uap10.0) (< uap10.1))
      System.Threading (>= 4.3) - restriction: || (&& (< net45) (>= netstandard1.1) (< netstandard1.2) (< win8)) (&& (< net45) (>= netstandard1.2) (< netstandard1.3) (< win8) (< wpa81)) (&& (< net45) (>= netstandard1.3) (< netstandard1.4) (< win8) (< wpa81)) (&& (< net45) (>= netstandard1.4) (< netstandard1.5) (< win8) (< wpa81)) (&& (< net45) (>= netstandard1.5) (< netstandard1.6) (< win8) (< wpa81)) (&& (< net45) (>= netstandard1.6) (< netstandard2.0) (< win8) (< wpa81)) (&& (>= netstandard1.0) (< portable-net45+win8+wpa81) (< wp8)) (&& (< netstandard1.5) (>= uap10.0) (< uap10.1))
      System.Threading.Tasks (>= 4.3) - restriction: || (&& (< net45) (>= netstandard1.1) (< netstandard1.2) (< win8)) (&& (< net45) (>= netstandard1.2) (< netstandard1.3) (< win8) (< wpa81)) (&& (< net45) (>= netstandard1.3) (< netstandard1.4) (< win8) (< wpa81)) (&& (< net45) (>= netstandard1.4) (< netstandard1.5) (< win8) (< wpa81)) (&& (< net45) (>= netstandard1.5) (< netstandard1.6) (< win8) (< wpa81)) (&& (< net45) (>= netstandard1.6) (< netstandard2.0) (< win8) (< wpa81)) (&& (>= netstandard1.0) (< portable-net45+win8+wpa81) (< wp8)) (&& (< netstandard1.5) (>= uap10.0) (< uap10.1))
      System.Threading.Timer (>= 4.3) - restriction: || (&& (< net45) (>= netstandard1.2) (< netstandard1.3) (< win8) (< wpa81)) (&& (< net45) (>= netstandard1.3) (< netstandard1.4) (< win8) (< wpa81)) (&& (< net45) (>= netstandard1.4) (< netstandard1.5) (< win8) (< wpa81)) (&& (< net45) (>= netstandard1.5) (< netstandard1.6) (< win8) (< wpa81)) (&& (< net45) (>= netstandard1.6) (< netstandard2.0) (< win8) (< wpa81)) (&& (< netstandard1.5) (>= uap10.0) (< uap10.1))
      System.Xml.ReaderWriter (>= 4.3) - restriction: || (&& (< net45) (>= netstandard1.1) (< netstandard1.2) (< win8)) (&& (< net45) (>= netstandard1.2) (< netstandard1.3) (< win8) (< wpa81)) (&& (< net45) (>= netstandard1.3) (< netstandard1.4) (< win8) (< wpa81)) (&& (< net45) (>= netstandard1.4) (< netstandard1.5) (< win8) (< wpa81)) (&& (< net45) (>= netstandard1.5) (< netstandard1.6) (< win8) (< wpa81)) (&& (< net45) (>= netstandard1.6) (< netstandard2.0) (< win8) (< wpa81)) (&& (>= net46) (< netstandard1.4)) (&& (>= netstandard1.0) (< portable-net45+win8+wpa81) (< wp8)) (&& (< netstandard1.5) (>= uap10.0) (< uap10.1))
      System.Xml.XDocument (>= 4.3) - restriction: || (&& (< net45) (>= netstandard1.1) (< netstandard1.2) (< win8)) (&& (< net45) (>= netstandard1.2) (< netstandard1.3) (< win8) (< wpa81)) (&& (< net45) (>= netstandard1.3) (< netstandard1.4) (< win8) (< wpa81)) (&& (< net45) (>= netstandard1.4) (< netstandard1.5) (< win8) (< wpa81)) (&& (< net45) (>= netstandard1.5) (< netstandard1.6) (< win8) (< wpa81)) (&& (< net45) (>= netstandard1.6) (< netstandard2.0) (< win8) (< wpa81)) (&& (>= netstandard1.0) (< portable-net45+win8+wpa81) (< wp8)) (&& (< netstandard1.5) (>= uap10.0) (< uap10.1))
    NodaTime (2.3)
      NETStandard.Library (>= 1.6.1) - restriction: && (< net45) (>= netstandard1.3)
      System.Runtime.Serialization.Xml (>= 4.1.1) - restriction: && (< net45) (>= netstandard1.3)
    runtime.debian.8-x64.runtime.native.System.Security.Cryptography.OpenSsl (4.3.3) - restriction: || (&& (< net35) (>= net461) (>= netstandard1.6)) (&& (< net35) (>= netstandard2.0))
    runtime.debian.9-x64.runtime.native.System.Security.Cryptography.OpenSsl (4.3.3) - restriction: || (&& (< net35) (>= net461) (>= netstandard1.6)) (&& (< net35) (>= netstandard2.0))
    runtime.fedora.23-x64.runtime.native.System.Security.Cryptography.OpenSsl (4.3.3) - restriction: || (&& (< net35) (>= net461) (>= netstandard1.6)) (&& (< net35) (>= netstandard2.0))
    runtime.fedora.24-x64.runtime.native.System.Security.Cryptography.OpenSsl (4.3.3) - restriction: || (&& (< net35) (>= net461) (>= netstandard1.6)) (&& (< net35) (>= netstandard2.0))
    runtime.fedora.27-x64.runtime.native.System.Security.Cryptography.OpenSsl (4.3.3) - restriction: || (&& (< net35) (>= net461) (>= netstandard1.6)) (&& (< net35) (>= netstandard2.0))
    runtime.fedora.28-x64.runtime.native.System.Security.Cryptography.OpenSsl (4.3.3) - restriction: || (&& (< net35) (>= net461) (>= netstandard1.6)) (&& (< net35) (>= netstandard2.0))
    runtime.native.System (4.3.1) - restriction: || (&& (< monoandroid) (< monotouch) (< net35) (>= netstandard1.5) (< xamarinios) (< xamarinmac) (< xamarintvos) (< xamarinwatchos)) (&& (< monoandroid) (< monotouch) (< net35) (>= netstandard1.6) (< netstandard2.0) (< win8) (< wpa81) (< xamarinios) (< xamarinmac) (< xamarintvos) (< xamarinwatchos)) (&& (< monoandroid) (< net35) (< netstandard1.2) (>= netstandard1.3) (< win8)) (&& (< monoandroid) (< net35) (< netstandard1.2) (>= netstandard1.5) (< win8)) (&& (< monoandroid) (< net35) (< netstandard1.2) (>= netstandard1.6) (< win8)) (&& (< monoandroid) (< net35) (>= netstandard1.3) (< netstandard1.4) (< win8) (< wpa81)) (&& (< monoandroid) (< net35) (>= netstandard1.3) (< netstandard1.5)) (&& (< monoandroid) (< net35) (< netstandard1.3) (>= netstandard1.5) (< win8) (< wpa81)) (&& (< monoandroid) (< net35) (< netstandard1.3) (>= netstandard1.6) (< win8) (< wpa81)) (&& (< monoandroid) (< net35) (>= netstandard1.4) (< netstandard1.5) (< win8) (< wpa81)) (&& (< monoandroid) (< net35) (< netstandard1.4) (>= netstandard1.5) (< win8) (< wpa81)) (&& (< monoandroid) (< net35) (< netstandard1.4) (>= netstandard1.6) (< win8) (< wpa81)) (&& (< monoandroid) (< net35) (>= netstandard1.5) (< netstandard1.6) (< win8) (< wpa81)) (&& (< monoandroid) (< net35) (< netstandard1.5) (>= netstandard1.6) (< win8) (< wpa81)) (&& (< net35) (>= net46) (< netstandard1.4)) (&& (< netstandard1.5) (>= netstandard1.6) (>= uap10.0)) (&& (< netstandard1.5) (>= uap10.0) (< win8) (< wpa81))
      Microsoft.NETCore.Platforms (>= 1.1.1)
      Microsoft.NETCore.Targets (>= 1.1.3)
    runtime.native.System.IO.Compression (4.3.2) - restriction: || (&& (< monoandroid) (< monotouch) (< net35) (>= netstandard1.6) (< netstandard2.0) (< win8) (< wpa81) (< xamarinios) (< xamarinmac) (< xamarintvos) (< xamarinwatchos)) (&& (< monoandroid) (< net35) (< netstandard1.2) (>= netstandard1.3) (< win8)) (&& (< monoandroid) (< net35) (< netstandard1.2) (>= netstandard1.5) (< win8)) (&& (< monoandroid) (< net35) (>= netstandard1.3) (< netstandard1.4) (< win8) (< wpa81)) (&& (< monoandroid) (< net35) (< netstandard1.3) (>= netstandard1.5) (< win8) (< wpa81)) (&& (< monoandroid) (< net35) (>= netstandard1.4) (< netstandard1.5) (< win8) (< wpa81)) (&& (< monoandroid) (< net35) (< netstandard1.4) (>= netstandard1.5) (< win8) (< wpa81)) (&& (< monoandroid) (< net35) (>= netstandard1.5) (< netstandard1.6) (< win8) (< wpa81)) (&& (< monoandroid) (< net35) (< netstandard1.5) (>= netstandard1.6) (< win8) (< wpa81)) (&& (< net35) (>= net46) (< netstandard1.4)) (&& (< net35) (>= net46) (< portable-net45+win8+wpa81)) (&& (< net35) (>= netstandard1.3) (< portable-net45+win8+wpa81)) (&& (< net35) (>= netstandard1.4) (< portable-net45+win8+wpa81)) (&& (< net35) (>= netstandard1.5) (< portable-net45+win8+wpa81)) (&& (< net35) (>= netstandard1.6) (< portable-net45+win8+wpa81)) (&& (< netstandard1.5) (>= uap10.0) (< win8) (< wpa81)) (&& (< portable-net45+win8+wpa81) (>= uap10.0))
      Microsoft.NETCore.Platforms (>= 1.1.1)
      Microsoft.NETCore.Targets (>= 1.1.3)
    runtime.native.System.Net.Http (4.3.1) - restriction: || (&& (< monoandroid) (< monotouch) (< net35) (>= netstandard1.6) (< netstandard2.0) (< win8) (< wpa81) (< xamarinios) (< xamarinmac) (< xamarintvos) (< xamarinwatchos)) (&& (< monoandroid) (< net35) (< netstandard1.2) (>= netstandard1.6) (< win8)) (&& (< monoandroid) (< net35) (< netstandard1.3) (>= netstandard1.6) (< win8) (< wpa81)) (&& (< monoandroid) (< net35) (< netstandard1.4) (>= netstandard1.6) (< win8) (< wpa81)) (&& (< monoandroid) (< net35) (< netstandard1.5) (>= netstandard1.6) (< win8) (< wpa81)) (&& (< net35) (>= net46) (< netstandard1.4) (>= netstandard1.6)) (&& (< netstandard1.5) (>= netstandard1.6) (>= uap10.0))
      Microsoft.NETCore.Platforms (>= 1.1.1)
      Microsoft.NETCore.Targets (>= 1.1.3)
    runtime.native.System.Security.Cryptography.Apple (4.3.1) - restriction: || (&& (< net35) (>= net461) (>= netstandard1.6)) (&& (< net35) (>= netstandard2.0))
      runtime.osx.10.10-x64.runtime.native.System.Security.Cryptography.Apple (>= 4.3.1)
    runtime.native.System.Security.Cryptography.OpenSsl (4.3.3) - restriction: || (&& (< monoandroid) (< monotouch) (< net35) (>= netstandard1.6) (< netstandard2.0) (< win8) (< wpa81) (< xamarinios) (< xamarinmac) (< xamarintvos) (< xamarinwatchos)) (&& (< monoandroid) (< net35) (< netstandard1.2) (>= netstandard1.6) (< win8)) (&& (< monoandroid) (< net35) (>= netstandard1.3) (< netstandard1.4) (< win8) (< wpa81)) (&& (< monoandroid) (< net35) (< netstandard1.3) (>= netstandard1.6) (< win8) (< wpa81)) (&& (< monoandroid) (< net35) (>= netstandard1.4) (< netstandard1.5) (< win8) (< wpa81)) (&& (< monoandroid) (< net35) (< netstandard1.4) (>= netstandard1.5) (< win8) (< wpa81)) (&& (< monoandroid) (< net35) (< netstandard1.4) (>= netstandard1.6) (< win8) (< wpa81)) (&& (< monoandroid) (< net35) (>= netstandard1.5) (< netstandard1.6) (< win8) (< wpa81)) (&& (< monoandroid) (< net35) (< netstandard1.5) (>= netstandard1.6) (< win8) (< wpa81)) (&& (< net35) (>= net46) (< netstandard1.4)) (&& (< net35) (>= net461) (>= netstandard1.6)) (&& (< net35) (>= netstandard2.0)) (&& (< netstandard1.5) (>= netstandard1.6) (>= uap10.0)) (&& (< netstandard1.5) (>= uap10.0) (< uap10.1))
      runtime.debian.8-x64.runtime.native.System.Security.Cryptography.OpenSsl (>= 4.3.3)
      runtime.debian.9-x64.runtime.native.System.Security.Cryptography.OpenSsl (>= 4.3.3)
      runtime.fedora.23-x64.runtime.native.System.Security.Cryptography.OpenSsl (>= 4.3.3)
      runtime.fedora.24-x64.runtime.native.System.Security.Cryptography.OpenSsl (>= 4.3.3)
      runtime.fedora.27-x64.runtime.native.System.Security.Cryptography.OpenSsl (>= 4.3.3)
      runtime.fedora.28-x64.runtime.native.System.Security.Cryptography.OpenSsl (>= 4.3.3)
      runtime.opensuse.13.2-x64.runtime.native.System.Security.Cryptography.OpenSsl (>= 4.3.3)
      runtime.opensuse.42.1-x64.runtime.native.System.Security.Cryptography.OpenSsl (>= 4.3.3)
      runtime.opensuse.42.3-x64.runtime.native.System.Security.Cryptography.OpenSsl (>= 4.3.3)
      runtime.osx.10.10-x64.runtime.native.System.Security.Cryptography.OpenSsl (>= 4.3.3)
      runtime.rhel.7-x64.runtime.native.System.Security.Cryptography.OpenSsl (>= 4.3.3)
      runtime.ubuntu.14.04-x64.runtime.native.System.Security.Cryptography.OpenSsl (>= 4.3.3)
      runtime.ubuntu.16.04-x64.runtime.native.System.Security.Cryptography.OpenSsl (>= 4.3.3)
      runtime.ubuntu.16.10-x64.runtime.native.System.Security.Cryptography.OpenSsl (>= 4.3.3)
      runtime.ubuntu.18.04-x64.runtime.native.System.Security.Cryptography.OpenSsl (>= 4.3.3)
    runtime.opensuse.13.2-x64.runtime.native.System.Security.Cryptography.OpenSsl (4.3.3) - restriction: || (&& (< net35) (>= net461) (>= netstandard1.6)) (&& (< net35) (>= netstandard2.0))
    runtime.opensuse.42.1-x64.runtime.native.System.Security.Cryptography.OpenSsl (4.3.3) - restriction: || (&& (< net35) (>= net461) (>= netstandard1.6)) (&& (< net35) (>= netstandard2.0))
    runtime.opensuse.42.3-x64.runtime.native.System.Security.Cryptography.OpenSsl (4.3.3) - restriction: || (&& (< net35) (>= net461) (>= netstandard1.6)) (&& (< net35) (>= netstandard2.0))
    runtime.osx.10.10-x64.runtime.native.System.Security.Cryptography.Apple (4.3.1) - restriction: || (&& (< net35) (>= net461) (>= netstandard1.6)) (&& (< net35) (>= netstandard2.0))
    runtime.osx.10.10-x64.runtime.native.System.Security.Cryptography.OpenSsl (4.3.3) - restriction: || (&& (< net35) (>= net461) (>= netstandard1.6)) (&& (< net35) (>= netstandard2.0))
    runtime.rhel.7-x64.runtime.native.System.Security.Cryptography.OpenSsl (4.3.3) - restriction: || (&& (< net35) (>= net461) (>= netstandard1.6)) (&& (< net35) (>= netstandard2.0))
    runtime.ubuntu.14.04-x64.runtime.native.System.Security.Cryptography.OpenSsl (4.3.3) - restriction: || (&& (< net35) (>= net461) (>= netstandard1.6)) (&& (< net35) (>= netstandard2.0))
    runtime.ubuntu.16.04-x64.runtime.native.System.Security.Cryptography.OpenSsl (4.3.3) - restriction: || (&& (< net35) (>= net461) (>= netstandard1.6)) (&& (< net35) (>= netstandard2.0))
    runtime.ubuntu.16.10-x64.runtime.native.System.Security.Cryptography.OpenSsl (4.3.3) - restriction: || (&& (< net35) (>= net461) (>= netstandard1.6)) (&& (< net35) (>= netstandard2.0))
    runtime.ubuntu.18.04-x64.runtime.native.System.Security.Cryptography.OpenSsl (4.3.3) - restriction: || (&& (< net35) (>= net461) (>= netstandard1.6)) (&& (< net35) (>= netstandard2.0))
    System.AppContext (4.3) - restriction: || (&& (< net35) (>= net46) (< netstandard1.4)) (&& (< net35) (>= netstandard1.3) (< netstandard1.4) (< win8) (< wpa81)) (&& (< net35) (>= netstandard1.4) (< netstandard1.5) (< win8) (< wpa81)) (&& (< net35) (< netstandard1.4) (>= netstandard1.5) (< win8) (< wpa81)) (&& (< net35) (>= netstandard1.5) (< netstandard1.6) (< win8) (< wpa81)) (&& (< net35) (< netstandard1.5) (>= netstandard1.6) (< win8) (< wpa81)) (&& (< net35) (>= netstandard1.6) (< netstandard2.0) (< win8) (< wpa81)) (>= net461) (>= netcoreapp2.0) (&& (< netstandard1.5) (>= uap10.0) (< uap10.1))
      System.Runtime (>= 4.3) - restriction: || (&& (< monoandroid) (< monotouch) (< net46) (>= netstandard1.6) (< xamarinios) (< xamarinmac) (< xamarintvos) (< xamarinwatchos)) (&& (< monoandroid) (< net46) (>= netstandard1.3) (< netstandard1.6)) (&& (< monoandroid) (< netstandard1.3))
    System.Buffers (4.5) - restriction: || (&& (< monoandroid) (< monotouch) (< net35) (>= netstandard1.6) (< netstandard2.0) (< win8) (< wpa81) (< xamarinios) (< xamarinmac) (< xamarintvos) (< xamarinwatchos)) (&& (< monoandroid) (< net35) (< netstandard1.2) (>= netstandard1.3) (< win8)) (&& (< monoandroid) (< net35) (< netstandard1.2) (>= netstandard1.5) (< win8)) (&& (< monoandroid) (< net35) (>= netstandard1.3) (< netstandard1.4) (< win8) (< wpa81)) (&& (< monoandroid) (< net35) (< netstandard1.3) (>= netstandard1.5) (< win8) (< wpa81)) (&& (< monoandroid) (< net35) (>= netstandard1.4) (< netstandard1.5) (< win8) (< wpa81)) (&& (< monoandroid) (< net35) (< netstandard1.4) (>= netstandard1.5) (< win8) (< wpa81)) (&& (< monoandroid) (< net35) (>= netstandard1.5) (< netstandard1.6) (< win8) (< wpa81)) (&& (< monoandroid) (< net35) (< netstandard1.5) (>= netstandard1.6) (< win8) (< wpa81)) (&& (< net35) (>= net46) (< netstandard1.4)) (&& (< net35) (>= net46) (< portable-net45+win8+wpa81)) (&& (< net35) (>= netstandard1.3) (< portable-net45+win8+wpa81)) (&& (< net35) (>= netstandard1.4) (< portable-net45+win8+wpa81)) (&& (< net35) (>= netstandard1.5) (< portable-net45+win8+wpa81)) (&& (< net35) (>= netstandard1.6) (< portable-net45+win8+wpa81)) (&& (< netstandard1.5) (>= uap10.0) (< uap10.1)) (&& (< netstandard1.5) (>= uap10.0) (< win8) (< wpa81)) (&& (< portable-net45+win8+wpa81) (>= uap10.0))
      System.Diagnostics.Debug (>= 4.3) - restriction: && (< net45) (>= netstandard1.1) (< netstandard2.0) (< win8) (< wpa81)
      System.Diagnostics.Tracing (>= 4.3) - restriction: && (< net45) (>= netstandard1.1) (< netstandard2.0) (< win8) (< wpa81)
      System.Resources.ResourceManager (>= 4.3) - restriction: && (< net45) (>= netstandard1.1) (< netstandard2.0) (< win8) (< wpa81)
      System.Runtime (>= 4.3) - restriction: && (< net45) (>= netstandard1.1) (< netstandard2.0) (< win8) (< wpa81)
      System.Threading (>= 4.3) - restriction: && (< net45) (>= netstandard1.1) (< netstandard2.0) (< win8) (< wpa81)
    System.CodeDom (4.5) - restriction: || (&& (< net45) (>= net461) (>= netstandard2.0)) (>= netcoreapp2.0)
    System.Collections (4.3) - restriction: || (&& (< monoandroid) (< monotouch) (< net35) (>= netstandard1.5) (< xamarinios) (< xamarinmac) (< xamarintvos) (< xamarinwatchos)) (&& (< monoandroid) (< net35) (< netstandard1.2) (>= netstandard1.6) (< win8)) (&& (< monoandroid) (< net35) (>= netstandard1.3) (< netstandard1.5)) (&& (< monoandroid) (< net35) (< netstandard1.3) (>= netstandard1.6) (< win8) (< wpa81)) (&& (< monoandroid) (< net35) (< netstandard1.4) (>= netstandard1.6) (< win8) (< wpa81)) (&& (< net35) (>= net46) (< netstandard1.4)) (&& (< net35) (>= net46) (< portable-net45+win8+wpa81)) (&& (< net35) (< netstandard1.2) (>= netstandard1.3) (< win8)) (&& (< net35) (< netstandard1.2) (>= netstandard1.5) (< win8)) (&& (< net35) (>= netstandard1.3) (< netstandard1.4) (< win8) (< wpa81)) (&& (< net35) (>= netstandard1.3) (< portable-net45+win8+wp8+wpa81)) (&& (< net35) (>= netstandard1.3) (< portable-net45+win8+wpa81)) (&& (< net35) (< netstandard1.3) (>= netstandard1.5) (< win8) (< wpa81)) (&& (< net35) (>= netstandard1.4) (< netstandard1.5) (< win8) (< wpa81)) (&& (< net35) (>= netstandard1.4) (< portable-net45+win8+wp8+wpa81)) (&& (< net35) (>= netstandard1.4) (< portable-net45+win8+wpa81)) (&& (< net35) (< netstandard1.4) (>= netstandard1.5) (< win8) (< wpa81)) (&& (< net35) (>= netstandard1.5) (< netstandard1.6) (< win8) (< wpa81)) (&& (< net35) (>= netstandard1.5) (< portable-net45+win8+wp8+wpa81)) (&& (< net35) (>= netstandard1.5) (< portable-net45+win8+wpa81)) (&& (< net35) (< netstandard1.5) (>= netstandard1.6) (< win8) (< wpa81)) (&& (< net35) (>= netstandard1.6) (< netstandard2.0) (< win8) (< wpa81)) (&& (< net35) (>= netstandard1.6) (< portable-net45+win8+wp8+wpa81)) (&& (< net35) (>= netstandard1.6) (< portable-net45+win8+wpa81)) (&& (< net35) (>= netstandard2.0)) (>= net461) (>= netcoreapp2.0) (&& (< netstandard1.5) (>= netstandard1.6) (>= uap10.0)) (&& (< netstandard1.5) (>= uap10.0) (< uap10.1)) (&& (< netstandard1.5) (>= uap10.0) (< win8) (< wpa81)) (&& (< portable-net45+win8+wp8+wpa81) (>= uap10.0)) (&& (< portable-net45+win8+wpa81) (>= uap10.0))
      Microsoft.NETCore.Platforms (>= 1.1) - restriction: || (&& (< monoandroid) (< monotouch) (< net45) (>= netstandard1.3) (< win8) (< wpa81) (< xamarinios) (< xamarinmac) (< xamarintvos) (< xamarinwatchos)) (&& (< monoandroid) (< net45) (>= netstandard1.0) (< netstandard1.3) (< win8) (< wp8) (< wpa81)) (< portable-net45+win8+wp8+wpa81)
      Microsoft.NETCore.Targets (>= 1.1) - restriction: || (&& (< monoandroid) (< monotouch) (< net45) (>= netstandard1.3) (< win8) (< wpa81) (< xamarinios) (< xamarinmac) (< xamarintvos) (< xamarinwatchos)) (&& (< monoandroid) (< net45) (>= netstandard1.0) (< netstandard1.3) (< win8) (< wp8) (< wpa81)) (< portable-net45+win8+wp8+wpa81)
      System.Runtime (>= 4.3) - restriction: || (&& (< monoandroid) (< monotouch) (< net45) (>= netstandard1.3) (< win8) (< wpa81) (< xamarinios) (< xamarinmac) (< xamarintvos) (< xamarinwatchos)) (&& (< monoandroid) (< net45) (>= netstandard1.0) (< netstandard1.3) (< win8) (< wp8) (< wpa81)) (< portable-net45+win8+wp8+wpa81)
    System.Collections.Concurrent (4.3) - restriction: || (&& (< monoandroid) (< monotouch) (< net45) (>= netstandard1.3) (< win8) (< wpa81) (< xamarinios) (< xamarinmac) (< xamarintvos) (< xamarinwatchos)) (&& (< net35) (>= net46) (< netstandard1.4)) (&& (< net35) (< netstandard1.2) (>= netstandard1.3) (< win8)) (&& (< net35) (< netstandard1.2) (>= netstandard1.5) (< win8)) (&& (< net35) (>= netstandard1.3) (< netstandard1.4) (< win8) (< wpa81)) (&& (< net35) (< netstandard1.3) (>= netstandard1.5) (< win8) (< wpa81)) (&& (< net35) (>= netstandard1.4) (< netstandard1.5) (< win8) (< wpa81)) (&& (< net35) (< netstandard1.4) (>= netstandard1.5) (< win8) (< wpa81)) (&& (< net35) (>= netstandard1.5) (< netstandard1.6) (< win8) (< wpa81)) (&& (< net35) (< netstandard1.5) (>= netstandard1.6) (< win8) (< wpa81)) (&& (< net35) (>= netstandard1.6) (< netstandard2.0) (< win8) (< wpa81)) (>= net461) (>= netcoreapp2.0) (&& (>= netstandard1.3) (< portable-net45+win8+wp8+wpa81)) (&& (< netstandard1.5) (>= uap10.0) (< uap10.1))
      System.Collections (>= 4.3) - restriction: || (&& (< monoandroid) (< monotouch) (< net45) (>= netstandard1.3) (< win8) (< wpa81) (< xamarinios) (< xamarinmac) (< xamarintvos) (< xamarinwatchos)) (< portable-net45+win8+wpa81)
      System.Diagnostics.Debug (>= 4.3) - restriction: || (&& (< monoandroid) (< monotouch) (< net45) (>= netstandard1.3) (< win8) (< wpa81) (< xamarinios) (< xamarinmac) (< xamarintvos) (< xamarinwatchos)) (< portable-net45+win8+wpa81)
      System.Diagnostics.Tracing (>= 4.3) - restriction: || (&& (< monoandroid) (< monotouch) (< net45) (>= netstandard1.3) (< win8) (< wpa81) (< xamarinios) (< xamarinmac) (< xamarintvos) (< xamarinwatchos)) (< portable-net45+win8+wpa81)
      System.Globalization (>= 4.3) - restriction: || (&& (< monoandroid) (< monotouch) (< net45) (>= netstandard1.3) (< win8) (< wpa81) (< xamarinios) (< xamarinmac) (< xamarintvos) (< xamarinwatchos)) (< portable-net45+win8+wpa81)
      System.Reflection (>= 4.3) - restriction: && (< monoandroid) (< monotouch) (< net45) (>= netstandard1.3) (< win8) (< wpa81) (< xamarinios) (< xamarinmac) (< xamarintvos) (< xamarinwatchos)
      System.Resources.ResourceManager (>= 4.3) - restriction: || (&& (< monoandroid) (< monotouch) (< net45) (>= netstandard1.3) (< win8) (< wpa81) (< xamarinios) (< xamarinmac) (< xamarintvos) (< xamarinwatchos)) (< portable-net45+win8+wpa81)
      System.Runtime (>= 4.3) - restriction: || (&& (< monoandroid) (< monotouch) (< net45) (>= netstandard1.3) (< win8) (< wpa81) (< xamarinios) (< xamarinmac) (< xamarintvos) (< xamarinwatchos)) (&& (< monoandroid) (< net45) (>= netstandard1.1) (< netstandard1.3) (< win8) (< wpa81)) (< portable-net45+win8+wpa81)
      System.Runtime.Extensions (>= 4.3) - restriction: || (&& (< monoandroid) (< monotouch) (< net45) (>= netstandard1.3) (< win8) (< wpa81) (< xamarinios) (< xamarinmac) (< xamarintvos) (< xamarinwatchos)) (< portable-net45+win8+wpa81)
      System.Threading (>= 4.3) - restriction: || (&& (< monoandroid) (< monotouch) (< net45) (>= netstandard1.3) (< win8) (< wpa81) (< xamarinios) (< xamarinmac) (< xamarintvos) (< xamarinwatchos)) (< portable-net45+win8+wpa81)
      System.Threading.Tasks (>= 4.3) - restriction: || (&& (< monoandroid) (< monotouch) (< net45) (>= netstandard1.3) (< win8) (< wpa81) (< xamarinios) (< xamarinmac) (< xamarintvos) (< xamarinwatchos)) (&& (< monoandroid) (< net45) (>= netstandard1.1) (< netstandard1.3) (< win8) (< wpa81)) (< portable-net45+win8+wpa81)
    System.Collections.Immutable (1.5) - restriction: || (>= net461) (>= netcoreapp2.0)
    System.Collections.NonGeneric (4.3) - restriction: || (&& (< monoandroid) (< monotouch) (< net35) (>= netstandard1.5) (< xamarinios) (< xamarinmac) (< xamarintvos) (< xamarinwatchos)) (&& (< monoandroid) (< net35) (>= netstandard1.3) (< netstandard1.5)) (&& (< net35) (>= net462))
      System.Diagnostics.Debug (>= 4.3) - restriction: && (< monoandroid) (< monotouch) (< net46) (>= netstandard1.3) (< xamarinios) (< xamarinmac) (< xamarintvos) (< xamarinwatchos)
      System.Globalization (>= 4.3) - restriction: && (< monoandroid) (< monotouch) (< net46) (>= netstandard1.3) (< xamarinios) (< xamarinmac) (< xamarintvos) (< xamarinwatchos)
      System.Resources.ResourceManager (>= 4.3) - restriction: && (< monoandroid) (< monotouch) (< net46) (>= netstandard1.3) (< xamarinios) (< xamarinmac) (< xamarintvos) (< xamarinwatchos)
      System.Runtime (>= 4.3) - restriction: && (< monoandroid) (< monotouch) (< net46) (>= netstandard1.3) (< xamarinios) (< xamarinmac) (< xamarintvos) (< xamarinwatchos)
      System.Runtime.Extensions (>= 4.3) - restriction: && (< monoandroid) (< monotouch) (< net46) (>= netstandard1.3) (< xamarinios) (< xamarinmac) (< xamarintvos) (< xamarinwatchos)
      System.Threading (>= 4.3) - restriction: && (< monoandroid) (< monotouch) (< net46) (>= netstandard1.3) (< xamarinios) (< xamarinmac) (< xamarintvos) (< xamarinwatchos)
    System.Collections.Specialized (4.3) - restriction: || (&& (< net35) (>= netstandard1.3) (< netstandard1.5)) (&& (< net35) (>= netstandard1.5))
      System.Collections.NonGeneric (>= 4.3) - restriction: && (< monoandroid) (< monotouch) (< net46) (>= netstandard1.3) (< xamarinios) (< xamarinmac) (< xamarintvos) (< xamarinwatchos)
      System.Globalization (>= 4.3) - restriction: && (< monoandroid) (< monotouch) (< net46) (>= netstandard1.3) (< xamarinios) (< xamarinmac) (< xamarintvos) (< xamarinwatchos)
      System.Globalization.Extensions (>= 4.3) - restriction: && (< monoandroid) (< monotouch) (< net46) (>= netstandard1.3) (< xamarinios) (< xamarinmac) (< xamarintvos) (< xamarinwatchos)
      System.Resources.ResourceManager (>= 4.3) - restriction: && (< monoandroid) (< monotouch) (< net46) (>= netstandard1.3) (< xamarinios) (< xamarinmac) (< xamarintvos) (< xamarinwatchos)
      System.Runtime (>= 4.3) - restriction: && (< monoandroid) (< monotouch) (< net46) (>= netstandard1.3) (< xamarinios) (< xamarinmac) (< xamarintvos) (< xamarinwatchos)
      System.Runtime.Extensions (>= 4.3) - restriction: && (< monoandroid) (< monotouch) (< net46) (>= netstandard1.3) (< xamarinios) (< xamarinmac) (< xamarintvos) (< xamarinwatchos)
      System.Threading (>= 4.3) - restriction: && (< monoandroid) (< monotouch) (< net46) (>= netstandard1.3) (< xamarinios) (< xamarinmac) (< xamarintvos) (< xamarinwatchos)
    System.ComponentModel (4.3) - restriction: || (&& (< net35) (>= netstandard1.3) (< netstandard1.5)) (&& (< net35) (>= netstandard1.5))
      System.Runtime (>= 4.3) - restriction: || (&& (< monoandroid) (< monotouch) (< net45) (>= netstandard1.3) (< win8) (< wpa81) (< xamarinios) (< xamarinmac) (< xamarintvos) (< xamarinwatchos)) (&& (< monoandroid) (< net45) (>= netstandard1.0) (< netstandard1.3) (< win8) (< wp8) (< wpa81)) (< portable-net45+win8+wp8+wpa81)
    System.ComponentModel.Primitives (4.3) - restriction: || (&& (< monoandroid) (< monotouch) (< net35) (>= netstandard1.5) (< win8) (< xamarinios) (< xamarinmac) (< xamarintvos) (< xamarinwatchos)) (&& (< monoandroid) (< net35) (>= netstandard1.3) (< netstandard1.5) (< win8)) (&& (< net35) (>= net45) (>= netstandard1.3) (< netstandard1.5)) (&& (< net35) (>= net462)) (&& (< netstandard1.0) (>= netstandard1.3) (>= win8)) (&& (< netstandard1.0) (>= netstandard1.5) (>= win8)) (&& (>= netstandard1.3) (< netstandard1.5) (>= wpa81)) (&& (>= netstandard1.3) (>= wp8)) (&& (>= netstandard1.5) (>= wp8)) (&& (>= netstandard1.5) (>= wpa81))
      System.ComponentModel (>= 4.3) - restriction: && (< monoandroid) (< monotouch) (< net45) (>= netstandard1.0) (< win8) (< wp8) (< wpa81) (< xamarinios) (< xamarinmac) (< xamarintvos) (< xamarinwatchos)
      System.Resources.ResourceManager (>= 4.3) - restriction: && (< monoandroid) (< monotouch) (< net45) (>= netstandard1.0) (< win8) (< wp8) (< wpa81) (< xamarinios) (< xamarinmac) (< xamarintvos) (< xamarinwatchos)
      System.Runtime (>= 4.3) - restriction: && (< monoandroid) (< monotouch) (< net45) (>= netstandard1.0) (< win8) (< wp8) (< wpa81) (< xamarinios) (< xamarinmac) (< xamarintvos) (< xamarinwatchos)
    System.ComponentModel.TypeConverter (4.3) - restriction: || (&& (< net35) (>= netstandard1.3) (< netstandard1.5)) (&& (< net35) (>= netstandard1.5))
      System.Collections (>= 4.3) - restriction: || (&& (< monoandroid) (< monotouch) (< net45) (>= netstandard1.5) (< win8) (< wpa81) (< xamarinios) (< xamarinmac) (< xamarintvos) (< xamarinwatchos)) (&& (< monoandroid) (< net45) (>= netstandard1.0) (< netstandard1.5) (< win8) (< wp8) (< wpa81))
      System.Collections.NonGeneric (>= 4.3) - restriction: || (&& (< monoandroid) (< monotouch) (< net45) (>= netstandard1.5) (< win8) (< wpa81) (< xamarinios) (< xamarinmac) (< xamarintvos) (< xamarinwatchos)) (>= net462)
      System.Collections.Specialized (>= 4.3) - restriction: && (< monoandroid) (< monotouch) (< net45) (>= netstandard1.5) (< win8) (< wpa81) (< xamarinios) (< xamarinmac) (< xamarintvos) (< xamarinwatchos)
      System.ComponentModel (>= 4.3) - restriction: || (&& (< monoandroid) (< monotouch) (< net45) (>= netstandard1.5) (< win8) (< wpa81) (< xamarinios) (< xamarinmac) (< xamarintvos) (< xamarinwatchos)) (&& (< monoandroid) (< net45) (>= netstandard1.0) (< netstandard1.5) (< win8) (< wp8) (< wpa81))
      System.ComponentModel.Primitives (>= 4.3) - restriction: || (&& (< monoandroid) (< monotouch) (< net45) (>= netstandard1.5) (< win8) (< xamarinios) (< xamarinmac) (< xamarintvos) (< xamarinwatchos)) (&& (< monoandroid) (< net45) (>= netstandard1.0) (< netstandard1.5) (< win8)) (&& (>= net45) (< netstandard1.5)) (>= net462) (&& (< netstandard1.0) (>= win8)) (>= wp8) (>= wpa81)
      System.Globalization (>= 4.3) - restriction: || (&& (< monoandroid) (< monotouch) (< net45) (>= netstandard1.5) (< win8) (< wpa81) (< xamarinios) (< xamarinmac) (< xamarintvos) (< xamarinwatchos)) (&& (< monoandroid) (< net45) (>= netstandard1.0) (< netstandard1.5) (< win8) (< wp8) (< wpa81))
      System.Linq (>= 4.3) - restriction: && (< monoandroid) (< monotouch) (< net45) (>= netstandard1.5) (< win8) (< wpa81) (< xamarinios) (< xamarinmac) (< xamarintvos) (< xamarinwatchos)
      System.Reflection (>= 4.3) - restriction: || (&& (< monoandroid) (< monotouch) (< net45) (>= netstandard1.5) (< win8) (< wpa81) (< xamarinios) (< xamarinmac) (< xamarintvos) (< xamarinwatchos)) (&& (< monoandroid) (< net45) (>= netstandard1.0) (< netstandard1.5) (< win8) (< wp8) (< wpa81))
      System.Reflection.Extensions (>= 4.3) - restriction: || (&& (< monoandroid) (< monotouch) (< net45) (>= netstandard1.5) (< win8) (< wpa81) (< xamarinios) (< xamarinmac) (< xamarintvos) (< xamarinwatchos)) (&& (< monoandroid) (< net45) (>= netstandard1.0) (< netstandard1.5) (< win8) (< wp8) (< wpa81))
      System.Reflection.Primitives (>= 4.3) - restriction: || (&& (< monoandroid) (< monotouch) (< net45) (>= netstandard1.5) (< win8) (< wpa81) (< xamarinios) (< xamarinmac) (< xamarintvos) (< xamarinwatchos)) (&& (< monoandroid) (< net45) (>= netstandard1.0) (< netstandard1.5) (< win8) (< wp8) (< wpa81))
      System.Reflection.TypeExtensions (>= 4.3) - restriction: && (< monoandroid) (< monotouch) (< net45) (>= netstandard1.5) (< win8) (< wpa81) (< xamarinios) (< xamarinmac) (< xamarintvos) (< xamarinwatchos)
      System.Resources.ResourceManager (>= 4.3) - restriction: || (&& (< monoandroid) (< monotouch) (< net45) (>= netstandard1.5) (< win8) (< wpa81) (< xamarinios) (< xamarinmac) (< xamarintvos) (< xamarinwatchos)) (&& (< monoandroid) (< net45) (>= netstandard1.0) (< netstandard1.5) (< win8) (< wp8) (< wpa81))
      System.Runtime (>= 4.3) - restriction: || (&& (< monoandroid) (< monotouch) (< net45) (>= netstandard1.5) (< win8) (< wpa81) (< xamarinios) (< xamarinmac) (< xamarintvos) (< xamarinwatchos)) (&& (< monoandroid) (< net45) (>= netstandard1.0) (< netstandard1.5) (< win8) (< wp8) (< wpa81))
      System.Runtime.Extensions (>= 4.3) - restriction: || (&& (< monoandroid) (< monotouch) (< net45) (>= netstandard1.5) (< win8) (< wpa81) (< xamarinios) (< xamarinmac) (< xamarintvos) (< xamarinwatchos)) (&& (< monoandroid) (< net45) (>= netstandard1.0) (< netstandard1.5) (< win8) (< wp8) (< wpa81))
      System.Threading (>= 4.3) - restriction: || (&& (< monoandroid) (< monotouch) (< net45) (>= netstandard1.5) (< win8) (< wpa81) (< xamarinios) (< xamarinmac) (< xamarintvos) (< xamarinwatchos)) (&& (< monoandroid) (< net45) (>= netstandard1.0) (< netstandard1.5) (< win8) (< wp8) (< wpa81))
    System.Configuration.ConfigurationManager (4.5) - restriction: && (< net45) (>= netstandard2.0)
      System.Security.Cryptography.ProtectedData (>= 4.5) - restriction: && (< net461) (>= netstandard2.0)
      System.Security.Permissions (>= 4.5) - restriction: || (>= monoandroid) (>= monotouch) (>= net461) (>= netstandard2.0) (>= xamarinios) (>= xamarinmac) (>= xamarintvos) (>= xamarinwatchos)
    System.Console (4.3.1) - restriction: || (&& (< net35) (>= net46) (< netstandard1.4)) (&& (< net35) (>= netstandard1.3) (< netstandard1.4) (< win8) (< wpa81)) (&& (< net35) (>= netstandard1.4) (< netstandard1.5) (< win8) (< wpa81)) (&& (< net35) (< netstandard1.4) (>= netstandard1.5) (< win8) (< wpa81)) (&& (< net35) (>= netstandard1.5) (< netstandard1.6) (< win8) (< wpa81)) (&& (< net35) (< netstandard1.5) (>= netstandard1.6) (< win8) (< wpa81)) (&& (< net35) (>= netstandard1.6) (< netstandard2.0) (< win8) (< wpa81)) (>= net461) (>= netcoreapp2.0) (&& (< netstandard1.5) (>= uap10.0) (< uap10.1))
      Microsoft.NETCore.Platforms (>= 1.1) - restriction: && (< monoandroid) (< monotouch) (< net46) (>= netstandard1.3) (< xamarinios) (< xamarinmac) (< xamarintvos) (< xamarinwatchos)
      Microsoft.NETCore.Targets (>= 1.1.2) - restriction: && (< monoandroid) (< monotouch) (< net46) (>= netstandard1.3) (< xamarinios) (< xamarinmac) (< xamarintvos) (< xamarinwatchos)
      System.IO (>= 4.3) - restriction: && (< monoandroid) (< monotouch) (< net46) (>= netstandard1.3) (< xamarinios) (< xamarinmac) (< xamarintvos) (< xamarinwatchos)
      System.Runtime (>= 4.3) - restriction: && (< monoandroid) (< monotouch) (< net46) (>= netstandard1.3) (< xamarinios) (< xamarinmac) (< xamarintvos) (< xamarinwatchos)
      System.Text.Encoding (>= 4.3) - restriction: && (< monoandroid) (< monotouch) (< net46) (>= netstandard1.3) (< xamarinios) (< xamarinmac) (< xamarintvos) (< xamarinwatchos)
    System.Diagnostics.Debug (4.3) - restriction: || (&& (< monoandroid) (< monotouch) (< net35) (>= netstandard1.5) (< xamarinios) (< xamarinmac) (< xamarintvos) (< xamarinwatchos)) (&& (< monoandroid) (< net35) (< netstandard1.2) (>= netstandard1.6) (< win8)) (&& (< monoandroid) (< net35) (>= netstandard1.3) (< netstandard1.5)) (&& (< monoandroid) (< net35) (< netstandard1.3) (>= netstandard1.6) (< win8) (< wpa81)) (&& (< monoandroid) (< net35) (< netstandard1.4) (>= netstandard1.6) (< win8) (< wpa81)) (&& (< net35) (>= net46) (< netstandard1.4)) (&& (< net35) (>= net46) (< portable-net45+win8+wpa81)) (&& (< net35) (< netstandard1.2) (>= netstandard1.3) (< win8)) (&& (< net35) (< netstandard1.2) (>= netstandard1.5) (< win8)) (&& (< net35) (>= netstandard1.3) (< netstandard1.4) (< win8) (< wpa81)) (&& (< net35) (>= netstandard1.3) (< portable-net45+win8+wp8+wpa81)) (&& (< net35) (>= netstandard1.3) (< portable-net45+win8+wpa81)) (&& (< net35) (< netstandard1.3) (>= netstandard1.5) (< win8) (< wpa81)) (&& (< net35) (>= netstandard1.4) (< netstandard1.5) (< win8) (< wpa81)) (&& (< net35) (>= netstandard1.4) (< portable-net45+win8+wp8+wpa81)) (&& (< net35) (>= netstandard1.4) (< portable-net45+win8+wpa81)) (&& (< net35) (< netstandard1.4) (>= netstandard1.5) (< win8) (< wpa81)) (&& (< net35) (>= netstandard1.5) (< netstandard1.6) (< win8) (< wpa81)) (&& (< net35) (>= netstandard1.5) (< portable-net45+win8+wp8+wpa81)) (&& (< net35) (>= netstandard1.5) (< portable-net45+win8+wpa81)) (&& (< net35) (< netstandard1.5) (>= netstandard1.6) (< win8) (< wpa81)) (&& (< net35) (>= netstandard1.6) (< netstandard2.0) (< win8) (< wpa81)) (&& (< net35) (>= netstandard1.6) (< portable-net45+win8+wp8+wpa81)) (&& (< net35) (>= netstandard1.6) (< portable-net45+win8+wpa81)) (>= net461) (>= netcoreapp2.0) (&& (< netstandard1.5) (>= netstandard1.6) (>= uap10.0)) (&& (< netstandard1.5) (>= uap10.0) (< uap10.1)) (&& (< netstandard1.5) (>= uap10.0) (< win8) (< wpa81)) (&& (< portable-net45+win8+wp8+wpa81) (>= uap10.0)) (&& (< portable-net45+win8+wpa81) (>= uap10.0))
      Microsoft.NETCore.Platforms (>= 1.1) - restriction: || (&& (< monoandroid) (< monotouch) (< net45) (>= netstandard1.3) (< win8) (< wpa81) (< xamarinios) (< xamarinmac) (< xamarintvos) (< xamarinwatchos)) (&& (< monoandroid) (< net45) (>= netstandard1.0) (< netstandard1.3) (< win8) (< wp8) (< wpa81)) (< portable-net45+win8+wp8+wpa81)
      Microsoft.NETCore.Targets (>= 1.1) - restriction: || (&& (< monoandroid) (< monotouch) (< net45) (>= netstandard1.3) (< win8) (< wpa81) (< xamarinios) (< xamarinmac) (< xamarintvos) (< xamarinwatchos)) (&& (< monoandroid) (< net45) (>= netstandard1.0) (< netstandard1.3) (< win8) (< wp8) (< wpa81)) (< portable-net45+win8+wp8+wpa81)
      System.Runtime (>= 4.3) - restriction: || (&& (< monoandroid) (< monotouch) (< net45) (>= netstandard1.3) (< win8) (< wpa81) (< xamarinios) (< xamarinmac) (< xamarintvos) (< xamarinwatchos)) (&& (< monoandroid) (< net45) (>= netstandard1.0) (< netstandard1.3) (< win8) (< wp8) (< wpa81)) (< portable-net45+win8+wp8+wpa81)
    System.Diagnostics.DiagnosticSource (4.5) - restriction: || (&& (< monoandroid) (< monotouch) (< net35) (>= netstandard1.6) (< netstandard2.0) (< win8) (< wpa81) (< xamarinios) (< xamarinmac) (< xamarintvos) (< xamarinwatchos)) (&& (< monoandroid) (< net35) (< netstandard1.2) (>= netstandard1.3) (< win8)) (&& (< monoandroid) (< net35) (< netstandard1.2) (>= netstandard1.5) (< win8)) (&& (< monoandroid) (< net35) (< netstandard1.2) (>= netstandard1.6) (< win8)) (&& (< monoandroid) (< net35) (>= netstandard1.3) (< netstandard1.4) (< win8) (< wpa81)) (&& (< monoandroid) (< net35) (< netstandard1.3) (>= netstandard1.5) (< win8) (< wpa81)) (&& (< monoandroid) (< net35) (< netstandard1.3) (>= netstandard1.6) (< win8) (< wpa81)) (&& (< monoandroid) (< net35) (>= netstandard1.4) (< netstandard1.5) (< win8) (< wpa81)) (&& (< monoandroid) (< net35) (< netstandard1.4) (>= netstandard1.5) (< win8) (< wpa81)) (&& (< monoandroid) (< net35) (< netstandard1.4) (>= netstandard1.6) (< win8) (< wpa81)) (&& (< monoandroid) (< net35) (>= netstandard1.5) (< netstandard1.6) (< win8) (< wpa81)) (&& (< monoandroid) (< net35) (< netstandard1.5) (>= netstandard1.6) (< win8) (< wpa81)) (&& (< net35) (>= net46) (< netstandard1.4)) (&& (< net35) (>= net46) (< portable-net45+win8+wpa81)) (&& (< net35) (>= netstandard1.3) (< portable-net45+win8+wpa81)) (&& (< net35) (>= netstandard1.4) (< portable-net45+win8+wpa81)) (&& (< net35) (>= netstandard1.5) (< portable-net45+win8+wpa81)) (&& (< net35) (>= netstandard1.6) (< portable-net45+win8+wpa81)) (&& (< netstandard1.5) (>= netstandard1.6) (>= uap10.0)) (&& (< netstandard1.5) (>= uap10.0) (< win8) (< wpa81)) (&& (< portable-net45+win8+wpa81) (>= uap10.0))
      System.Collections (>= 4.3) - restriction: || (&& (< net45) (>= netstandard1.1) (< netstandard1.3) (< win8) (< wpa81)) (&& (< net45) (>= netstandard1.3) (< netstandard2.0) (< win8) (< wpa81))
      System.Diagnostics.Debug (>= 4.3) - restriction: && (< net45) (>= netstandard1.3) (< netstandard2.0) (< win8) (< wpa81)
      System.Diagnostics.Tracing (>= 4.3) - restriction: || (&& (< net45) (>= netstandard1.1) (< netstandard1.3) (< win8) (< wpa81)) (&& (< net45) (>= netstandard1.3) (< netstandard2.0) (< win8) (< wpa81))
      System.Reflection (>= 4.3) - restriction: || (&& (< net45) (>= netstandard1.1) (< netstandard1.3) (< win8) (< wpa81)) (&& (< net45) (>= netstandard1.3) (< netstandard2.0) (< win8) (< wpa81))
      System.Runtime (>= 4.3) - restriction: || (&& (< net45) (>= netstandard1.1) (< netstandard1.3) (< win8) (< wpa81)) (&& (< net45) (>= netstandard1.3) (< netstandard2.0) (< win8) (< wpa81))
      System.Runtime.Extensions (>= 4.3) - restriction: && (< net45) (>= netstandard1.3) (< netstandard2.0) (< win8) (< wpa81)
      System.Threading (>= 4.3) - restriction: || (&& (< net45) (>= netstandard1.1) (< netstandard1.3) (< win8) (< wpa81)) (&& (< net45) (>= netstandard1.3) (< netstandard2.0) (< win8) (< wpa81))
    System.Diagnostics.FileVersionInfo (4.3) - restriction: || (>= net461) (>= netstandard2.0)
      Microsoft.NETCore.Platforms (>= 1.1) - restriction: || (&& (< monoandroid) (< monotouch) (< net46) (>= netstandard1.3) (< xamarinios) (< xamarinmac) (< xamarintvos) (< xamarinwatchos)) (&& (< monoandroid) (< netstandard1.3))
      System.Globalization (>= 4.3) - restriction: && (< monoandroid) (< monotouch) (< net46) (>= netstandard1.3) (< xamarinios) (< xamarinmac) (< xamarintvos) (< xamarinwatchos)
      System.IO (>= 4.3) - restriction: || (&& (< monoandroid) (< monotouch) (< net46) (>= netstandard1.3) (< xamarinios) (< xamarinmac) (< xamarintvos) (< xamarinwatchos)) (&& (< monoandroid) (< netstandard1.3))
      System.IO.FileSystem (>= 4.3) - restriction: || (&& (< monoandroid) (< monotouch) (< net46) (>= netstandard1.3) (< xamarinios) (< xamarinmac) (< xamarintvos) (< xamarinwatchos)) (&& (< monoandroid) (< netstandard1.3))
      System.IO.FileSystem.Primitives (>= 4.3) - restriction: || (&& (< monoandroid) (< monotouch) (< net46) (>= netstandard1.3) (< xamarinios) (< xamarinmac) (< xamarintvos) (< xamarinwatchos)) (&& (< monoandroid) (< netstandard1.3))
      System.Reflection.Metadata (>= 1.4.1) - restriction: || (&& (< monoandroid) (< monotouch) (< net46) (>= netstandard1.3) (< xamarinios) (< xamarinmac) (< xamarintvos) (< xamarinwatchos)) (&& (< monoandroid) (< netstandard1.3))
      System.Runtime (>= 4.3) - restriction: || (&& (< monoandroid) (< monotouch) (< net46) (>= netstandard1.3) (< xamarinios) (< xamarinmac) (< xamarintvos) (< xamarinwatchos)) (&& (< monoandroid) (< netstandard1.3))
      System.Runtime.Extensions (>= 4.3) - restriction: || (&& (< monoandroid) (< monotouch) (< net46) (>= netstandard1.3) (< xamarinios) (< xamarinmac) (< xamarintvos) (< xamarinwatchos)) (&& (< monoandroid) (< netstandard1.3))
      System.Runtime.InteropServices (>= 4.3) - restriction: && (< monoandroid) (< monotouch) (< net46) (>= netstandard1.3) (< xamarinios) (< xamarinmac) (< xamarintvos) (< xamarinwatchos)
    System.Diagnostics.StackTrace (4.3) - restriction: || (>= net461) (>= netcoreapp2.0)
      System.IO.FileSystem (>= 4.3) - restriction: && (< monoandroid) (< monotouch) (< net46) (>= netstandard1.3) (< xamarinios) (< xamarinmac) (< xamarintvos) (< xamarinwatchos)
      System.Reflection (>= 4.3) - restriction: && (< monoandroid) (< monotouch) (< net46) (>= netstandard1.3) (< xamarinios) (< xamarinmac) (< xamarintvos) (< xamarinwatchos)
      System.Reflection.Metadata (>= 1.4.1) - restriction: && (< monoandroid) (< monotouch) (< net46) (>= netstandard1.3) (< xamarinios) (< xamarinmac) (< xamarintvos) (< xamarinwatchos)
      System.Runtime (>= 4.3) - restriction: && (< monoandroid) (< monotouch) (< net46) (>= netstandard1.3) (< xamarinios) (< xamarinmac) (< xamarintvos) (< xamarinwatchos)
    System.Diagnostics.Tools (4.3) - restriction: || (&& (< net35) (< netstandard1.2) (>= netstandard1.3) (< win8)) (&& (< net35) (< netstandard1.2) (>= netstandard1.5) (< win8)) (&& (< net35) (>= netstandard1.3) (< netstandard1.4) (< win8) (< wpa81)) (&& (< net35) (>= netstandard1.3) (< portable-net45+win8+wp8+wpa81)) (&& (< net35) (>= netstandard1.3) (< portable-net45+win8+wpa81)) (&& (< net35) (< netstandard1.3) (>= netstandard1.5) (< win8) (< wpa81)) (&& (< net35) (>= netstandard1.4) (< netstandard1.5) (< win8) (< wpa81)) (&& (< net35) (>= netstandard1.4) (< portable-net45+win8+wp8+wpa81)) (&& (< net35) (< netstandard1.4) (>= netstandard1.5) (< win8) (< wpa81)) (&& (< net35) (>= netstandard1.5) (< netstandard1.6) (< win8) (< wpa81)) (&& (< net35) (>= netstandard1.5) (< portable-net45+win8+wp8+wpa81)) (&& (< net35) (>= netstandard1.5) (< portable-net45+win8+wpa81)) (&& (< net35) (< netstandard1.5) (>= netstandard1.6) (< win8) (< wpa81)) (&& (< net35) (>= netstandard1.6) (< netstandard2.0) (< win8) (< wpa81)) (&& (< net35) (>= netstandard1.6) (< portable-net45+win8+wp8+wpa81)) (>= net461) (>= netcoreapp2.0) (&& (< netstandard1.5) (>= uap10.0) (< uap10.1)) (&& (< netstandard1.5) (>= uap10.0) (< win8) (< wpa81)) (&& (< portable-net45+win8+wp8+wpa81) (>= uap10.0))
      Microsoft.NETCore.Platforms (>= 1.1) - restriction: || (&& (< monoandroid) (< monotouch) (< net45) (>= netstandard1.0) (< win8) (< wp8) (< wpa81) (< xamarinios) (< xamarinmac) (< xamarintvos) (< xamarinwatchos)) (< portable-net45+win8+wp8+wpa81)
      Microsoft.NETCore.Targets (>= 1.1) - restriction: || (&& (< monoandroid) (< monotouch) (< net45) (>= netstandard1.0) (< win8) (< wp8) (< wpa81) (< xamarinios) (< xamarinmac) (< xamarintvos) (< xamarinwatchos)) (< portable-net45+win8+wp8+wpa81)
      System.Runtime (>= 4.3) - restriction: || (&& (< monoandroid) (< monotouch) (< net45) (>= netstandard1.0) (< win8) (< wp8) (< wpa81) (< xamarinios) (< xamarinmac) (< xamarintvos) (< xamarinwatchos)) (< portable-net45+win8+wp8+wpa81)
    System.Diagnostics.TraceSource (4.3) - restriction: || (&& (< net35) (>= netstandard1.3) (< netstandard1.5)) (&& (< net35) (>= netstandard1.5))
      Microsoft.NETCore.Platforms (>= 1.1) - restriction: && (< monoandroid) (< monotouch) (< net46) (>= netstandard1.3) (< xamarinios) (< xamarinmac) (< xamarintvos) (< xamarinwatchos)
      runtime.native.System (>= 4.3) - restriction: && (< monoandroid) (< monotouch) (< net46) (>= netstandard1.3) (< xamarinios) (< xamarinmac) (< xamarintvos) (< xamarinwatchos)
      System.Collections (>= 4.3) - restriction: && (< monoandroid) (< monotouch) (< net46) (>= netstandard1.3) (< xamarinios) (< xamarinmac) (< xamarintvos) (< xamarinwatchos)
      System.Diagnostics.Debug (>= 4.3) - restriction: && (< monoandroid) (< monotouch) (< net46) (>= netstandard1.3) (< xamarinios) (< xamarinmac) (< xamarintvos) (< xamarinwatchos)
      System.Globalization (>= 4.3) - restriction: && (< monoandroid) (< monotouch) (< net46) (>= netstandard1.3) (< xamarinios) (< xamarinmac) (< xamarintvos) (< xamarinwatchos)
      System.Resources.ResourceManager (>= 4.3) - restriction: && (< monoandroid) (< monotouch) (< net46) (>= netstandard1.3) (< xamarinios) (< xamarinmac) (< xamarintvos) (< xamarinwatchos)
      System.Runtime (>= 4.3) - restriction: && (< monoandroid) (< monotouch) (< net46) (>= netstandard1.3) (< xamarinios) (< xamarinmac) (< xamarintvos) (< xamarinwatchos)
      System.Runtime.Extensions (>= 4.3) - restriction: && (< monoandroid) (< monotouch) (< net46) (>= netstandard1.3) (< xamarinios) (< xamarinmac) (< xamarintvos) (< xamarinwatchos)
      System.Threading (>= 4.3) - restriction: && (< monoandroid) (< monotouch) (< net46) (>= netstandard1.3) (< xamarinios) (< xamarinmac) (< xamarintvos) (< xamarinwatchos)
    System.Diagnostics.Tracing (4.3) - restriction: || (&& (< monoandroid) (< net35) (< netstandard1.2) (>= netstandard1.6) (< win8)) (&& (< monoandroid) (< net35) (< netstandard1.3) (>= netstandard1.6) (< win8) (< wpa81)) (&& (< monoandroid) (< net35) (< netstandard1.4) (>= netstandard1.6) (< win8) (< wpa81)) (&& (< net35) (>= net46) (< netstandard1.4)) (&& (< net35) (>= net46) (< portable-net45+win8+wpa81)) (&& (< net35) (< netstandard1.2) (>= netstandard1.3) (< win8)) (&& (< net35) (< netstandard1.2) (>= netstandard1.5) (< win8)) (&& (< net35) (>= netstandard1.3) (< netstandard1.4) (< win8) (< wpa81)) (&& (< net35) (>= netstandard1.3) (< portable-net45+win8+wpa81)) (&& (< net35) (< netstandard1.3) (>= netstandard1.5) (< win8) (< wpa81)) (&& (< net35) (>= netstandard1.4) (< netstandard1.5) (< win8) (< wpa81)) (&& (< net35) (>= netstandard1.4) (< portable-net45+win8+wpa81)) (&& (< net35) (< netstandard1.4) (>= netstandard1.5) (< win8) (< wpa81)) (&& (< net35) (>= netstandard1.5) (< netstandard1.6) (< win8) (< wpa81)) (&& (< net35) (>= netstandard1.5) (< portable-net45+win8+wpa81)) (&& (< net35) (< netstandard1.5) (>= netstandard1.6) (< win8) (< wpa81)) (&& (< net35) (>= netstandard1.6) (< netstandard2.0) (< win8) (< wpa81)) (&& (< net35) (>= netstandard1.6) (< portable-net45+win8+wpa81)) (&& (< net45) (>= net461)) (&& (>= net461) (< portable-net45+win8+wpa81)) (>= netcoreapp2.0) (&& (< netstandard1.5) (>= netstandard1.6) (>= uap10.0)) (&& (< netstandard1.5) (>= uap10.0) (< uap10.1)) (&& (< netstandard1.5) (>= uap10.0) (< win8) (< wpa81)) (&& (< portable-net45+win8+wpa81) (>= uap10.0))
      Microsoft.NETCore.Platforms (>= 1.1) - restriction: || (&& (< monoandroid) (< monotouch) (< net45) (>= netstandard1.5) (< win8) (< wpa81) (< xamarinios) (< xamarinmac) (< xamarintvos) (< xamarinwatchos)) (&& (< monoandroid) (< net45) (>= netstandard1.1) (< netstandard1.2) (< win8)) (&& (< monoandroid) (< net45) (>= netstandard1.2) (< netstandard1.3) (< win8) (< wpa81)) (&& (< monoandroid) (< net45) (>= netstandard1.3) (< netstandard1.5) (< win8) (< wpa81)) (< portable-net45+win8+wpa81)
      Microsoft.NETCore.Targets (>= 1.1) - restriction: || (&& (< monoandroid) (< monotouch) (< net45) (>= netstandard1.5) (< win8) (< wpa81) (< xamarinios) (< xamarinmac) (< xamarintvos) (< xamarinwatchos)) (&& (< monoandroid) (< net45) (>= netstandard1.1) (< netstandard1.2) (< win8)) (&& (< monoandroid) (< net45) (>= netstandard1.2) (< netstandard1.3) (< win8) (< wpa81)) (&& (< monoandroid) (< net45) (>= netstandard1.3) (< netstandard1.5) (< win8) (< wpa81)) (< portable-net45+win8+wpa81)
      System.Runtime (>= 4.3) - restriction: || (&& (< monoandroid) (< monotouch) (< net45) (>= netstandard1.5) (< win8) (< wpa81) (< xamarinios) (< xamarinmac) (< xamarintvos) (< xamarinwatchos)) (&& (< monoandroid) (< net45) (>= netstandard1.1) (< netstandard1.2) (< win8)) (&& (< monoandroid) (< net45) (>= netstandard1.2) (< netstandard1.3) (< win8) (< wpa81)) (&& (< monoandroid) (< net45) (>= netstandard1.3) (< netstandard1.5) (< win8) (< wpa81)) (< portable-net45+win8+wpa81)
    System.Dynamic.Runtime (4.3) - restriction: || (&& (< net35) (>= netstandard1.3) (< netstandard1.5)) (&& (< net35) (>= netstandard1.5)) (>= net461) (>= netcoreapp2.0)
      System.Collections (>= 4.3) - restriction: || (&& (< monoandroid) (< monotouch) (< net45) (>= netstandard1.3) (< win8) (< wpa81) (< xamarinios) (< xamarinmac) (< xamarintvos) (< xamarinwatchos)) (< portable-net45+win8+wp8+wpa81)
      System.Diagnostics.Debug (>= 4.3) - restriction: || (&& (< monoandroid) (< monotouch) (< net45) (>= netstandard1.3) (< win8) (< wpa81) (< xamarinios) (< xamarinmac) (< xamarintvos) (< xamarinwatchos)) (< portable-net45+win8+wp8+wpa81)
      System.Linq (>= 4.3) - restriction: || (&& (< monoandroid) (< monotouch) (< net45) (>= netstandard1.3) (< win8) (< wpa81) (< xamarinios) (< xamarinmac) (< xamarintvos) (< xamarinwatchos)) (< portable-net45+win8+wp8+wpa81)
      System.Linq.Expressions (>= 4.3) - restriction: || (&& (< monoandroid) (< monotouch) (< net45) (>= netstandard1.3) (< win8) (< wpa81) (< xamarinios) (< xamarinmac) (< xamarintvos) (< xamarinwatchos)) (&& (< monoandroid) (< net45) (>= netstandard1.0) (< netstandard1.3) (< win8) (< wp8) (< wpa81)) (< portable-net45+win8+wp8+wpa81)
      System.ObjectModel (>= 4.3) - restriction: || (&& (< monoandroid) (< monotouch) (< net45) (>= netstandard1.3) (< win8) (< wpa81) (< xamarinios) (< xamarinmac) (< xamarintvos) (< xamarinwatchos)) (&& (< monoandroid) (< net45) (>= netstandard1.0) (< netstandard1.3) (< win8) (< wp8) (< wpa81)) (< portable-net45+win8+wp8+wpa81)
      System.Reflection (>= 4.3) - restriction: || (&& (< monoandroid) (< monotouch) (< net45) (>= netstandard1.3) (< win8) (< wpa81) (< xamarinios) (< xamarinmac) (< xamarintvos) (< xamarinwatchos)) (&& (< monoandroid) (< net45) (>= netstandard1.0) (< netstandard1.3) (< win8) (< wp8) (< wpa81)) (< portable-net45+win8+wp8+wpa81)
      System.Reflection.Emit (>= 4.3) - restriction: && (< monoandroid) (< monotouch) (< net45) (>= netstandard1.3) (< win8) (< wpa81) (< xamarinios) (< xamarinmac) (< xamarintvos) (< xamarinwatchos)
      System.Reflection.Emit.ILGeneration (>= 4.3) - restriction: && (< monoandroid) (< monotouch) (< net45) (>= netstandard1.3) (< win8) (< wpa81) (< xamarinios) (< xamarinmac) (< xamarintvos) (< xamarinwatchos)
      System.Reflection.Primitives (>= 4.3) - restriction: && (< monoandroid) (< monotouch) (< net45) (>= netstandard1.3) (< win8) (< wpa81) (< xamarinios) (< xamarinmac) (< xamarintvos) (< xamarinwatchos)
      System.Reflection.TypeExtensions (>= 4.3) - restriction: || (&& (< monoandroid) (< monotouch) (< net45) (>= netstandard1.3) (< win8) (< wpa81) (< xamarinios) (< xamarinmac) (< xamarintvos) (< xamarinwatchos)) (< portable-net45+win8+wp8+wpa81)
      System.Resources.ResourceManager (>= 4.3) - restriction: || (&& (< monoandroid) (< monotouch) (< net45) (>= netstandard1.3) (< win8) (< wpa81) (< xamarinios) (< xamarinmac) (< xamarintvos) (< xamarinwatchos)) (< portable-net45+win8+wp8+wpa81)
      System.Runtime (>= 4.3) - restriction: || (&& (< monoandroid) (< monotouch) (< net45) (>= netstandard1.3) (< win8) (< wpa81) (< xamarinios) (< xamarinmac) (< xamarintvos) (< xamarinwatchos)) (&& (< monoandroid) (< net45) (>= netstandard1.0) (< netstandard1.3) (< win8) (< wp8) (< wpa81)) (< portable-net45+win8+wp8+wpa81)
      System.Runtime.Extensions (>= 4.3) - restriction: || (&& (< monoandroid) (< monotouch) (< net45) (>= netstandard1.3) (< win8) (< wpa81) (< xamarinios) (< xamarinmac) (< xamarintvos) (< xamarinwatchos)) (< portable-net45+win8+wp8+wpa81)
      System.Threading (>= 4.3) - restriction: || (&& (< monoandroid) (< monotouch) (< net45) (>= netstandard1.3) (< win8) (< wpa81) (< xamarinios) (< xamarinmac) (< xamarintvos) (< xamarinwatchos)) (< portable-net45+win8+wp8+wpa81)
    System.Globalization (4.3) - restriction: || (&& (< monoandroid) (< monotouch) (< net35) (>= netstandard1.5) (< xamarinios) (< xamarinmac) (< xamarintvos) (< xamarinwatchos)) (&& (< monoandroid) (< net35) (< netstandard1.2) (>= netstandard1.6) (< win8)) (&& (< monoandroid) (< net35) (>= netstandard1.3) (< netstandard1.5)) (&& (< monoandroid) (< net35) (< netstandard1.3) (>= netstandard1.6) (< win8) (< wpa81)) (&& (< monoandroid) (< net35) (< netstandard1.4) (>= netstandard1.6) (< win8) (< wpa81)) (&& (< net35) (>= net46) (< netstandard1.4)) (&& (< net35) (>= net46) (< portable-net45+win8+wpa81)) (&& (< net35) (< netstandard1.2) (>= netstandard1.3) (< win8)) (&& (< net35) (< netstandard1.2) (>= netstandard1.5) (< win8)) (&& (< net35) (>= netstandard1.3) (< netstandard1.4) (< win8) (< wpa81)) (&& (< net35) (>= netstandard1.3) (< portable-net45+win8+wp8+wpa81)) (&& (< net35) (>= netstandard1.3) (< portable-net45+win8+wpa81)) (&& (< net35) (< netstandard1.3) (>= netstandard1.5) (< win8) (< wpa81)) (&& (< net35) (>= netstandard1.4) (< netstandard1.5) (< win8) (< wpa81)) (&& (< net35) (>= netstandard1.4) (< portable-net45+win8+wp8+wpa81)) (&& (< net35) (>= netstandard1.4) (< portable-net45+win8+wpa81)) (&& (< net35) (< netstandard1.4) (>= netstandard1.5) (< win8) (< wpa81)) (&& (< net35) (>= netstandard1.5) (< netstandard1.6) (< win8) (< wpa81)) (&& (< net35) (>= netstandard1.5) (< portable-net45+win8+wp8+wpa81)) (&& (< net35) (>= netstandard1.5) (< portable-net45+win8+wpa81)) (&& (< net35) (< netstandard1.5) (>= netstandard1.6) (< win8) (< wpa81)) (&& (< net35) (>= netstandard1.6) (< netstandard2.0) (< win8) (< wpa81)) (&& (< net35) (>= netstandard1.6) (< portable-net45+win8+wp8+wpa81)) (&& (< net35) (>= netstandard1.6) (< portable-net45+win8+wpa81)) (&& (< net46) (>= netstandard2.0)) (>= net461) (>= netcoreapp2.0) (&& (< netstandard1.5) (>= netstandard1.6) (>= uap10.0)) (&& (< netstandard1.5) (>= uap10.0) (< uap10.1)) (&& (< netstandard1.5) (>= uap10.0) (< win8) (< wpa81)) (&& (< portable-net45+win8+wp8+wpa81) (>= uap10.0)) (&& (< portable-net45+win8+wpa81) (>= uap10.0))
      Microsoft.NETCore.Platforms (>= 1.1) - restriction: || (&& (< monoandroid) (< monotouch) (< net45) (>= netstandard1.3) (< win8) (< wpa81) (< xamarinios) (< xamarinmac) (< xamarintvos) (< xamarinwatchos)) (&& (< monoandroid) (< net45) (>= netstandard1.0) (< netstandard1.3) (< win8) (< wp8) (< wpa81)) (< portable-net45+win8+wp8+wpa81)
      Microsoft.NETCore.Targets (>= 1.1) - restriction: || (&& (< monoandroid) (< monotouch) (< net45) (>= netstandard1.3) (< win8) (< wpa81) (< xamarinios) (< xamarinmac) (< xamarintvos) (< xamarinwatchos)) (&& (< monoandroid) (< net45) (>= netstandard1.0) (< netstandard1.3) (< win8) (< wp8) (< wpa81)) (< portable-net45+win8+wp8+wpa81)
      System.Runtime (>= 4.3) - restriction: || (&& (< monoandroid) (< monotouch) (< net45) (>= netstandard1.3) (< win8) (< wpa81) (< xamarinios) (< xamarinmac) (< xamarintvos) (< xamarinwatchos)) (&& (< monoandroid) (< net45) (>= netstandard1.0) (< netstandard1.3) (< win8) (< wp8) (< wpa81)) (< portable-net45+win8+wp8+wpa81)
    System.Globalization.Calendars (4.3) - restriction: || (&& (< monoandroid) (< net35) (< netstandard1.3) (>= netstandard1.4) (< win8) (< wpa81)) (&& (< monoandroid) (< net35) (< netstandard1.3) (>= netstandard1.5) (< win8) (< wpa81)) (&& (< monoandroid) (< net35) (< netstandard1.3) (>= netstandard1.6) (< win8) (< wpa81)) (&& (< monoandroid) (< net35) (< netstandard1.4) (>= netstandard1.6) (< win8) (< wpa81)) (&& (< net35) (>= net46) (< netstandard1.3)) (&& (< net35) (>= net46) (< netstandard1.4)) (&& (< net35) (>= netstandard1.3) (< netstandard1.4) (< win8) (< wpa81)) (&& (< net35) (>= netstandard1.4) (< netstandard1.5) (< win8) (< wpa81)) (&& (< net35) (< netstandard1.4) (>= netstandard1.5) (< win8) (< wpa81)) (&& (< net35) (>= netstandard1.5) (< netstandard1.6) (< win8) (< wpa81)) (&& (< net35) (< netstandard1.5) (>= netstandard1.6) (< win8) (< wpa81)) (&& (< net35) (>= netstandard1.6) (< netstandard2.0) (< win8) (< wpa81)) (&& (< netstandard1.3) (>= uap10.0)) (&& (< netstandard1.5) (>= netstandard1.6) (>= uap10.0)) (&& (< netstandard1.5) (>= uap10.0) (< uap10.1))
      Microsoft.NETCore.Platforms (>= 1.1) - restriction: && (< monoandroid) (< monotouch) (< net46) (>= netstandard1.3) (< xamarinios) (< xamarinmac) (< xamarintvos) (< xamarinwatchos)
      Microsoft.NETCore.Targets (>= 1.1) - restriction: && (< monoandroid) (< monotouch) (< net46) (>= netstandard1.3) (< xamarinios) (< xamarinmac) (< xamarintvos) (< xamarinwatchos)
      System.Globalization (>= 4.3) - restriction: && (< monoandroid) (< monotouch) (< net46) (>= netstandard1.3) (< xamarinios) (< xamarinmac) (< xamarintvos) (< xamarinwatchos)
      System.Runtime (>= 4.3) - restriction: && (< monoandroid) (< monotouch) (< net46) (>= netstandard1.3) (< xamarinios) (< xamarinmac) (< xamarintvos) (< xamarinwatchos)
    System.Globalization.Extensions (4.3) - restriction: || (&& (< monoandroid) (< monotouch) (< net35) (>= netstandard1.5) (< xamarinios) (< xamarinmac) (< xamarintvos) (< xamarinwatchos)) (&& (< monoandroid) (< monotouch) (< net35) (>= netstandard1.6) (< netstandard2.0) (< win8) (< wpa81) (< xamarinios) (< xamarinmac) (< xamarintvos) (< xamarinwatchos)) (&& (< monoandroid) (< net35) (< netstandard1.2) (>= netstandard1.6) (< win8)) (&& (< monoandroid) (< net35) (>= netstandard1.3) (< netstandard1.5)) (&& (< monoandroid) (< net35) (< netstandard1.3) (>= netstandard1.6) (< win8) (< wpa81)) (&& (< monoandroid) (< net35) (< netstandard1.4) (>= netstandard1.6) (< win8) (< wpa81)) (&& (< monoandroid) (< net35) (< netstandard1.5) (>= netstandard1.6) (< win8) (< wpa81)) (&& (< net35) (>= net46) (< netstandard1.4) (>= netstandard1.6)) (&& (< netstandard1.5) (>= netstandard1.6) (>= uap10.0))
      Microsoft.NETCore.Platforms (>= 1.1) - restriction: && (< monoandroid) (< monotouch) (< net46) (>= netstandard1.3) (< xamarinios) (< xamarinmac) (< xamarintvos) (< xamarinwatchos)
      System.Globalization (>= 4.3) - restriction: && (< monoandroid) (< monotouch) (< net46) (>= netstandard1.3) (< xamarinios) (< xamarinmac) (< xamarintvos) (< xamarinwatchos)
      System.Resources.ResourceManager (>= 4.3) - restriction: && (< monoandroid) (< monotouch) (< net46) (>= netstandard1.3) (< xamarinios) (< xamarinmac) (< xamarintvos) (< xamarinwatchos)
      System.Runtime (>= 4.3) - restriction: && (< monoandroid) (< monotouch) (< net46) (>= netstandard1.3) (< xamarinios) (< xamarinmac) (< xamarintvos) (< xamarinwatchos)
      System.Runtime.Extensions (>= 4.3) - restriction: && (< monoandroid) (< monotouch) (< net46) (>= netstandard1.3) (< xamarinios) (< xamarinmac) (< xamarintvos) (< xamarinwatchos)
      System.Runtime.InteropServices (>= 4.3) - restriction: && (< monoandroid) (< monotouch) (< net46) (>= netstandard1.3) (< xamarinios) (< xamarinmac) (< xamarintvos) (< xamarinwatchos)
    System.IO (4.3) - restriction: || (&& (< monoandroid) (< monotouch) (< net35) (>= netstandard1.5) (< xamarinios) (< xamarinmac) (< xamarintvos) (< xamarinwatchos)) (&& (< monoandroid) (< net35) (< netstandard1.2) (>= netstandard1.6) (< win8)) (&& (< monoandroid) (< net35) (>= netstandard1.3) (< netstandard1.5)) (&& (< monoandroid) (< net35) (< netstandard1.3) (>= netstandard1.4) (< win8) (< wpa81)) (&& (< monoandroid) (< net35) (< netstandard1.3) (>= netstandard1.6) (< win8) (< wpa81)) (&& (< monoandroid) (< net35) (< netstandard1.4) (>= netstandard1.6) (< win8) (< wpa81)) (&& (< net35) (>= net46) (< netstandard1.3)) (&& (< net35) (>= net46) (< netstandard1.4)) (&& (< net35) (>= net46) (< portable-net45+win8+wpa81)) (&& (< net35) (< netstandard1.2) (>= netstandard1.3) (< win8)) (&& (< net35) (< netstandard1.2) (>= netstandard1.5) (< win8)) (&& (< net35) (>= netstandard1.3) (< netstandard1.4) (< win8) (< wpa81)) (&& (< net35) (>= netstandard1.3) (< portable-net45+win8+wp8+wpa81)) (&& (< net35) (>= netstandard1.3) (< portable-net45+win8+wpa81)) (&& (< net35) (< netstandard1.3) (>= netstandard1.5) (< win8) (< wpa81)) (&& (< net35) (>= netstandard1.4) (< netstandard1.5) (< win8) (< wpa81)) (&& (< net35) (>= netstandard1.4) (< portable-net45+win8+wp8+wpa81)) (&& (< net35) (>= netstandard1.4) (< portable-net45+win8+wpa81)) (&& (< net35) (< netstandard1.4) (>= netstandard1.5) (< win8) (< wpa81)) (&& (< net35) (>= netstandard1.5) (< netstandard1.6) (< win8) (< wpa81)) (&& (< net35) (>= netstandard1.5) (< portable-net45+win8+wp8+wpa81)) (&& (< net35) (>= netstandard1.5) (< portable-net45+win8+wpa81)) (&& (< net35) (< netstandard1.5) (>= netstandard1.6) (< win8) (< wpa81)) (&& (< net35) (>= netstandard1.6) (< netstandard2.0) (< win8) (< wpa81)) (&& (< net35) (>= netstandard1.6) (< portable-net45+win8+wp8+wpa81)) (&& (< net35) (>= netstandard1.6) (< portable-net45+win8+wpa81)) (&& (< net45) (>= net461)) (&& (< net46) (>= netstandard2.0)) (&& (>= net461) (>= netstandard1.5)) (&& (>= net461) (< portable-net45+win8+wp8+wpa81)) (>= netcoreapp2.0) (&& (< netstandard1.3) (>= netstandard2.0)) (&& (< netstandard1.3) (>= uap10.0) (< win8) (< wpa81)) (&& (< netstandard1.5) (>= netstandard1.6) (>= uap10.0)) (&& (< netstandard1.5) (>= uap10.0) (< uap10.1)) (&& (< netstandard1.5) (>= uap10.0) (< win8) (< wpa81)) (&& (< portable-net45+win8+wp8+wpa81) (>= uap10.0)) (&& (< portable-net45+win8+wpa81) (>= uap10.0))
      Microsoft.NETCore.Platforms (>= 1.1) - restriction: || (&& (< monoandroid) (< monotouch) (< net45) (>= netstandard1.5) (< win8) (< wpa81) (< xamarinios) (< xamarinmac) (< xamarintvos) (< xamarinwatchos)) (&& (< monoandroid) (< net45) (>= netstandard1.0) (< netstandard1.3) (< win8) (< wp8) (< wpa81)) (&& (< monoandroid) (< net45) (>= netstandard1.3) (< netstandard1.5) (< win8) (< wpa81)) (< portable-net45+win8+wp8+wpa81)
      Microsoft.NETCore.Targets (>= 1.1) - restriction: || (&& (< monoandroid) (< monotouch) (< net45) (>= netstandard1.5) (< win8) (< wpa81) (< xamarinios) (< xamarinmac) (< xamarintvos) (< xamarinwatchos)) (&& (< monoandroid) (< net45) (>= netstandard1.0) (< netstandard1.3) (< win8) (< wp8) (< wpa81)) (&& (< monoandroid) (< net45) (>= netstandard1.3) (< netstandard1.5) (< win8) (< wpa81)) (< portable-net45+win8+wp8+wpa81)
      System.Runtime (>= 4.3) - restriction: || (&& (< monoandroid) (< monotouch) (< net45) (>= netstandard1.5) (< win8) (< wpa81) (< xamarinios) (< xamarinmac) (< xamarintvos) (< xamarinwatchos)) (&& (< monoandroid) (< net45) (>= netstandard1.0) (< netstandard1.3) (< win8) (< wp8) (< wpa81)) (&& (< monoandroid) (< net45) (>= netstandard1.3) (< netstandard1.5) (< win8) (< wpa81)) (< portable-net45+win8+wp8+wpa81)
      System.Text.Encoding (>= 4.3) - restriction: || (&& (< monoandroid) (< monotouch) (< net45) (>= netstandard1.5) (< win8) (< wpa81) (< xamarinios) (< xamarinmac) (< xamarintvos) (< xamarinwatchos)) (&& (< monoandroid) (< net45) (>= netstandard1.0) (< netstandard1.3) (< win8) (< wp8) (< wpa81)) (&& (< monoandroid) (< net45) (>= netstandard1.3) (< netstandard1.5) (< win8) (< wpa81)) (< portable-net45+win8+wp8+wpa81)
      System.Threading.Tasks (>= 4.3) - restriction: || (&& (< monoandroid) (< monotouch) (< net45) (>= netstandard1.5) (< win8) (< wpa81) (< xamarinios) (< xamarinmac) (< xamarintvos) (< xamarinwatchos)) (&& (< monoandroid) (< net45) (>= netstandard1.0) (< netstandard1.3) (< win8) (< wp8) (< wpa81)) (&& (< monoandroid) (< net45) (>= netstandard1.3) (< netstandard1.5) (< win8) (< wpa81)) (< portable-net45+win8+wp8+wpa81)
    System.IO.Compression (4.3) - restriction: || (&& (< net35) (>= net46) (< netstandard1.4)) (&& (< net35) (< netstandard1.2) (>= netstandard1.3) (< win8)) (&& (< net35) (< netstandard1.2) (>= netstandard1.5) (< win8)) (&& (< net35) (>= netstandard1.3) (< netstandard1.4) (< win8) (< wpa81)) (&& (< net35) (< netstandard1.3) (>= netstandard1.5) (< win8) (< wpa81)) (&& (< net35) (>= netstandard1.4) (< netstandard1.5) (< win8) (< wpa81)) (&& (< net35) (< netstandard1.4) (>= netstandard1.5) (< win8) (< wpa81)) (&& (< net35) (>= netstandard1.5) (< netstandard1.6) (< win8) (< wpa81)) (&& (< net35) (< netstandard1.5) (>= netstandard1.6) (< win8) (< wpa81)) (&& (< net35) (>= netstandard1.6) (< netstandard2.0) (< win8) (< wpa81)) (>= net461) (>= netcoreapp2.0) (&& (< netstandard1.5) (>= uap10.0) (< uap10.1)) (&& (< netstandard1.5) (>= uap10.0) (< win8) (< wpa81))
      Microsoft.NETCore.Platforms (>= 1.1) - restriction: && (< monoandroid) (< monotouch) (< net45) (>= netstandard1.3) (< win8) (< wpa81) (< xamarinios) (< xamarinmac) (< xamarintvos) (< xamarinwatchos)
      runtime.native.System (>= 4.3) - restriction: && (< monoandroid) (< monotouch) (< net45) (>= netstandard1.3) (< win8) (< wpa81) (< xamarinios) (< xamarinmac) (< xamarintvos) (< xamarinwatchos)
      runtime.native.System.IO.Compression (>= 4.3) - restriction: || (&& (< monoandroid) (< monotouch) (< net45) (>= netstandard1.3) (< win8) (< wpa81) (< xamarinios) (< xamarinmac) (< xamarintvos) (< xamarinwatchos)) (< portable-net45+win8+wpa81)
      System.Buffers (>= 4.3) - restriction: || (&& (< monoandroid) (< monotouch) (< net45) (>= netstandard1.3) (< win8) (< wpa81) (< xamarinios) (< xamarinmac) (< xamarintvos) (< xamarinwatchos)) (< portable-net45+win8+wpa81)
      System.Collections (>= 4.3) - restriction: || (&& (< monoandroid) (< monotouch) (< net45) (>= netstandard1.3) (< win8) (< wpa81) (< xamarinios) (< xamarinmac) (< xamarintvos) (< xamarinwatchos)) (< portable-net45+win8+wpa81)
      System.Diagnostics.Debug (>= 4.3) - restriction: || (&& (< monoandroid) (< monotouch) (< net45) (>= netstandard1.3) (< win8) (< wpa81) (< xamarinios) (< xamarinmac) (< xamarintvos) (< xamarinwatchos)) (< portable-net45+win8+wpa81)
      System.IO (>= 4.3) - restriction: || (&& (< monoandroid) (< monotouch) (< net45) (>= netstandard1.3) (< win8) (< wpa81) (< xamarinios) (< xamarinmac) (< xamarintvos) (< xamarinwatchos)) (&& (< monoandroid) (< net45) (>= netstandard1.1) (< netstandard1.3) (< win8) (< wpa81)) (< portable-net45+win8+wpa81)
      System.Resources.ResourceManager (>= 4.3) - restriction: || (&& (< monoandroid) (< monotouch) (< net45) (>= netstandard1.3) (< win8) (< wpa81) (< xamarinios) (< xamarinmac) (< xamarintvos) (< xamarinwatchos)) (< portable-net45+win8+wpa81)
      System.Runtime (>= 4.3) - restriction: || (&& (< monoandroid) (< monotouch) (< net45) (>= netstandard1.3) (< win8) (< wpa81) (< xamarinios) (< xamarinmac) (< xamarintvos) (< xamarinwatchos)) (&& (< monoandroid) (< net45) (>= netstandard1.1) (< netstandard1.3) (< win8) (< wpa81)) (< portable-net45+win8+wpa81)
      System.Runtime.Extensions (>= 4.3) - restriction: || (&& (< monoandroid) (< monotouch) (< net45) (>= netstandard1.3) (< win8) (< wpa81) (< xamarinios) (< xamarinmac) (< xamarintvos) (< xamarinwatchos)) (< portable-net45+win8+wpa81)
      System.Runtime.Handles (>= 4.3) - restriction: || (&& (< monoandroid) (< monotouch) (< net45) (>= netstandard1.3) (< win8) (< wpa81) (< xamarinios) (< xamarinmac) (< xamarintvos) (< xamarinwatchos)) (< portable-net45+win8+wpa81)
      System.Runtime.InteropServices (>= 4.3) - restriction: || (&& (< monoandroid) (< monotouch) (< net45) (>= netstandard1.3) (< win8) (< wpa81) (< xamarinios) (< xamarinmac) (< xamarintvos) (< xamarinwatchos)) (< portable-net45+win8+wpa81)
      System.Text.Encoding (>= 4.3) - restriction: || (&& (< monoandroid) (< monotouch) (< net45) (>= netstandard1.3) (< win8) (< wpa81) (< xamarinios) (< xamarinmac) (< xamarintvos) (< xamarinwatchos)) (&& (< monoandroid) (< net45) (>= netstandard1.1) (< netstandard1.3) (< win8) (< wpa81)) (< portable-net45+win8+wpa81)
      System.Threading (>= 4.3) - restriction: || (&& (< monoandroid) (< monotouch) (< net45) (>= netstandard1.3) (< win8) (< wpa81) (< xamarinios) (< xamarinmac) (< xamarintvos) (< xamarinwatchos)) (< portable-net45+win8+wpa81)
      System.Threading.Tasks (>= 4.3) - restriction: || (&& (< monoandroid) (< monotouch) (< net45) (>= netstandard1.3) (< win8) (< wpa81) (< xamarinios) (< xamarinmac) (< xamarintvos) (< xamarinwatchos)) (< portable-net45+win8+wpa81)
    System.IO.Compression.ZipFile (4.3) - restriction: || (&& (< net35) (>= net46) (< netstandard1.4)) (&& (< net35) (>= netstandard1.3) (< netstandard1.4) (< win8) (< wpa81)) (&& (< net35) (>= netstandard1.4) (< netstandard1.5) (< win8) (< wpa81)) (&& (< net35) (< netstandard1.4) (>= netstandard1.5) (< win8) (< wpa81)) (&& (< net35) (>= netstandard1.5) (< netstandard1.6) (< win8) (< wpa81)) (&& (< net35) (< netstandard1.5) (>= netstandard1.6) (< win8) (< wpa81)) (&& (< net35) (>= netstandard1.6) (< netstandard2.0) (< win8) (< wpa81)) (&& (< netstandard1.5) (>= uap10.0) (< uap10.1))
      System.Buffers (>= 4.3) - restriction: && (< monoandroid) (< monotouch) (< net46) (>= netstandard1.3) (< xamarinios) (< xamarinmac) (< xamarintvos) (< xamarinwatchos)
      System.IO (>= 4.3) - restriction: && (< monoandroid) (< monotouch) (< net46) (>= netstandard1.3) (< xamarinios) (< xamarinmac) (< xamarintvos) (< xamarinwatchos)
      System.IO.Compression (>= 4.3) - restriction: && (< monoandroid) (< monotouch) (< net46) (>= netstandard1.3) (< xamarinios) (< xamarinmac) (< xamarintvos) (< xamarinwatchos)
      System.IO.FileSystem (>= 4.3) - restriction: && (< monoandroid) (< monotouch) (< net46) (>= netstandard1.3) (< xamarinios) (< xamarinmac) (< xamarintvos) (< xamarinwatchos)
      System.IO.FileSystem.Primitives (>= 4.3) - restriction: && (< monoandroid) (< monotouch) (< net46) (>= netstandard1.3) (< xamarinios) (< xamarinmac) (< xamarintvos) (< xamarinwatchos)
      System.Resources.ResourceManager (>= 4.3) - restriction: && (< monoandroid) (< monotouch) (< net46) (>= netstandard1.3) (< xamarinios) (< xamarinmac) (< xamarintvos) (< xamarinwatchos)
      System.Runtime (>= 4.3) - restriction: && (< monoandroid) (< monotouch) (< net46) (>= netstandard1.3) (< xamarinios) (< xamarinmac) (< xamarintvos) (< xamarinwatchos)
      System.Runtime.Extensions (>= 4.3) - restriction: && (< monoandroid) (< monotouch) (< net46) (>= netstandard1.3) (< xamarinios) (< xamarinmac) (< xamarintvos) (< xamarinwatchos)
      System.Text.Encoding (>= 4.3) - restriction: && (< monoandroid) (< monotouch) (< net46) (>= netstandard1.3) (< xamarinios) (< xamarinmac) (< xamarintvos) (< xamarinwatchos)
    System.IO.FileSystem (4.3) - restriction: || (&& (< monoandroid) (< net35) (< netstandard1.2) (>= netstandard1.3) (< win8)) (&& (< monoandroid) (< net35) (< netstandard1.2) (>= netstandard1.5) (< win8)) (&& (< monoandroid) (< net35) (< netstandard1.2) (>= netstandard1.6) (< win8)) (&& (< monoandroid) (< net35) (< netstandard1.3) (>= netstandard1.5) (< win8) (< wpa81)) (&& (< monoandroid) (< net35) (< netstandard1.3) (>= netstandard1.6) (< win8) (< wpa81)) (&& (< monoandroid) (< net35) (< netstandard1.4) (>= netstandard1.6) (< win8) (< wpa81)) (&& (< net35) (>= net46) (< netstandard1.4)) (&& (< net35) (>= net46) (< portable-net45+win8+wp8+wpa81)) (&& (< net35) (>= netstandard1.3) (< netstandard1.4) (< win8) (< wpa81)) (&& (< net35) (>= netstandard1.3) (< portable-net45+win8+wp8+wpa81)) (&& (< net35) (>= netstandard1.3) (< portable-net45+win8+wpa81)) (&& (< net35) (>= netstandard1.4) (< netstandard1.5) (< win8) (< wpa81)) (&& (< net35) (>= netstandard1.4) (< portable-net45+win8+wp8+wpa81)) (&& (< net35) (< netstandard1.4) (>= netstandard1.5) (< win8) (< wpa81)) (&& (< net35) (>= netstandard1.5) (< netstandard1.6) (< win8) (< wpa81)) (&& (< net35) (>= netstandard1.5) (< portable-net45+win8+wp8+wpa81)) (&& (< net35) (>= netstandard1.5) (< portable-net45+win8+wpa81)) (&& (< net35) (< netstandard1.5) (>= netstandard1.6) (< win8) (< wpa81)) (&& (< net35) (>= netstandard1.6) (< netstandard2.0) (< win8) (< wpa81)) (&& (< net35) (>= netstandard1.6) (< portable-net45+win8+wp8+wpa81)) (&& (< net46) (>= netstandard2.0)) (>= net461) (>= netcoreapp2.0) (&& (< netstandard1.3) (>= netstandard2.0)) (&& (< netstandard1.5) (>= netstandard1.6) (>= uap10.0)) (&& (< netstandard1.5) (>= uap10.0) (< uap10.1)) (&& (< netstandard1.5) (>= uap10.0) (< win8) (< wpa81)) (&& (< portable-net45+win8+wp8+wpa81) (>= uap10.0))
      Microsoft.NETCore.Platforms (>= 1.1) - restriction: && (< monoandroid) (< monotouch) (< net46) (>= netstandard1.3) (< xamarinios) (< xamarinmac) (< xamarintvos) (< xamarinwatchos)
      Microsoft.NETCore.Targets (>= 1.1) - restriction: && (< monoandroid) (< monotouch) (< net46) (>= netstandard1.3) (< xamarinios) (< xamarinmac) (< xamarintvos) (< xamarinwatchos)
      System.IO (>= 4.3) - restriction: && (< monoandroid) (< monotouch) (< net46) (>= netstandard1.3) (< xamarinios) (< xamarinmac) (< xamarintvos) (< xamarinwatchos)
      System.IO.FileSystem.Primitives (>= 4.3) - restriction: || (&& (< monoandroid) (< monotouch) (>= netstandard1.3) (< xamarinios) (< xamarinmac) (< xamarintvos) (< xamarinwatchos)) (>= net46)
      System.Runtime (>= 4.3) - restriction: && (< monoandroid) (< monotouch) (< net46) (>= netstandard1.3) (< xamarinios) (< xamarinmac) (< xamarintvos) (< xamarinwatchos)
      System.Runtime.Handles (>= 4.3) - restriction: && (< monoandroid) (< monotouch) (< net46) (>= netstandard1.3) (< xamarinios) (< xamarinmac) (< xamarintvos) (< xamarinwatchos)
      System.Text.Encoding (>= 4.3) - restriction: && (< monoandroid) (< monotouch) (< net46) (>= netstandard1.3) (< xamarinios) (< xamarinmac) (< xamarintvos) (< xamarinwatchos)
      System.Threading.Tasks (>= 4.3) - restriction: && (< monoandroid) (< monotouch) (< net46) (>= netstandard1.3) (< xamarinios) (< xamarinmac) (< xamarintvos) (< xamarinwatchos)
    System.IO.FileSystem.Primitives (4.3) - restriction: || (&& (< monoandroid) (< net35) (< netstandard1.2) (>= netstandard1.3) (< win8)) (&& (< monoandroid) (< net35) (< netstandard1.2) (>= netstandard1.5) (< win8)) (&& (< monoandroid) (< net35) (< netstandard1.3) (>= netstandard1.5) (< win8) (< wpa81)) (&& (< monoandroid) (< net35) (< netstandard1.4) (>= netstandard1.6) (< win8) (< wpa81)) (&& (< net35) (>= net46) (< netstandard1.4)) (&& (< net35) (>= net46) (< portable-net45+win8+wp8+wpa81)) (&& (< net35) (>= netstandard1.3) (< netstandard1.4) (< win8) (< wpa81)) (&& (< net35) (>= netstandard1.3) (< portable-net45+win8+wp8+wpa81)) (&& (< net35) (>= netstandard1.3) (< portable-net45+win8+wpa81)) (&& (< net35) (>= netstandard1.4) (< netstandard1.5) (< win8) (< wpa81)) (&& (< net35) (>= netstandard1.4) (< portable-net45+win8+wp8+wpa81)) (&& (< net35) (< netstandard1.4) (>= netstandard1.5) (< win8) (< wpa81)) (&& (< net35) (>= netstandard1.5) (< netstandard1.6) (< win8) (< wpa81)) (&& (< net35) (>= netstandard1.5) (< portable-net45+win8+wp8+wpa81)) (&& (< net35) (>= netstandard1.5) (< portable-net45+win8+wpa81)) (&& (< net35) (< netstandard1.5) (>= netstandard1.6) (< win8) (< wpa81)) (&& (< net35) (>= netstandard1.6) (< netstandard2.0) (< win8) (< wpa81)) (&& (< net35) (>= netstandard1.6) (< portable-net45+win8+wp8+wpa81)) (&& (< net46) (>= netstandard2.0)) (>= net461) (>= netcoreapp2.0) (&& (< netstandard1.3) (>= netstandard2.0)) (&& (< netstandard1.5) (>= netstandard1.6) (>= uap10.0)) (&& (< netstandard1.5) (>= uap10.0) (< uap10.1)) (&& (< netstandard1.5) (>= uap10.0) (< win8) (< wpa81)) (&& (< portable-net45+win8+wp8+wpa81) (>= uap10.0))
      System.Runtime (>= 4.3) - restriction: && (< monoandroid) (< monotouch) (< net46) (>= netstandard1.3) (< xamarinios) (< xamarinmac) (< xamarintvos) (< xamarinwatchos)
    System.Linq (4.3) - restriction: || (&& (< monoandroid) (< monotouch) (< net35) (>= netstandard1.5) (< win8) (< wpa81) (< xamarinios) (< xamarinmac) (< xamarintvos) (< xamarinwatchos)) (&& (< monoandroid) (< net35) (< netstandard1.2) (>= netstandard1.6) (< win8)) (&& (< monoandroid) (< net35) (>= netstandard1.3) (< netstandard1.5) (< win8) (< wpa81)) (&& (< monoandroid) (< net35) (< netstandard1.3) (>= netstandard1.6) (< win8) (< wpa81)) (&& (< monoandroid) (< net35) (< netstandard1.4) (>= netstandard1.6) (< win8) (< wpa81)) (&& (< net35) (>= net46) (< netstandard1.4)) (&& (< net35) (< netstandard1.2) (>= netstandard1.3) (< win8)) (&& (< net35) (< netstandard1.2) (>= netstandard1.5) (< win8)) (&& (< net35) (>= netstandard1.3) (< netstandard1.4) (< win8) (< wpa81)) (&& (< net35) (>= netstandard1.3) (< portable-net45+win8+wp8+wpa81)) (&& (< net35) (>= netstandard1.3) (< portable-net45+win8+wpa81)) (&& (< net35) (< netstandard1.3) (>= netstandard1.5) (< win8) (< wpa81)) (&& (< net35) (>= netstandard1.4) (< netstandard1.5) (< win8) (< wpa81)) (&& (< net35) (>= netstandard1.4) (< portable-net45+win8+wp8+wpa81)) (&& (< net35) (< netstandard1.4) (>= netstandard1.5) (< win8) (< wpa81)) (&& (< net35) (>= netstandard1.5) (< netstandard1.6) (< win8) (< wpa81)) (&& (< net35) (>= netstandard1.5) (< portable-net45+win8+wp8+wpa81)) (&& (< net35) (>= netstandard1.5) (< portable-net45+win8+wpa81)) (&& (< net35) (< netstandard1.5) (>= netstandard1.6) (< win8) (< wpa81)) (&& (< net35) (>= netstandard1.6) (< netstandard2.0) (< win8) (< wpa81)) (&& (< net35) (>= netstandard1.6) (< portable-net45+win8+wp8+wpa81)) (&& (< net35) (>= netstandard1.6) (< portable-net45+win8+wpa81)) (>= net461) (>= netcoreapp2.0) (&& (< netstandard1.5) (>= netstandard1.6) (>= uap10.0)) (&& (< netstandard1.5) (>= uap10.0) (< uap10.1)) (&& (< portable-net45+win8+wp8+wpa81) (>= uap10.0))
      System.Collections (>= 4.3) - restriction: || (&& (< monoandroid) (< monotouch) (< net45) (>= netstandard1.6) (< xamarinios) (< xamarinmac) (< xamarintvos) (< xamarinwatchos)) (&& (< monoandroid) (< net45) (>= netstandard1.0) (< netstandard1.6) (< win8) (< wp8) (< wpa81)) (< portable-net45+win8+wp8+wpa81)
      System.Diagnostics.Debug (>= 4.3) - restriction: || (&& (< monoandroid) (< monotouch) (< net45) (>= netstandard1.6) (< xamarinios) (< xamarinmac) (< xamarintvos) (< xamarinwatchos)) (< portable-net45+win8+wp8+wpa81)
      System.Resources.ResourceManager (>= 4.3) - restriction: || (&& (< monoandroid) (< monotouch) (< net45) (>= netstandard1.6) (< xamarinios) (< xamarinmac) (< xamarintvos) (< xamarinwatchos)) (< portable-net45+win8+wp8+wpa81)
      System.Runtime (>= 4.3) - restriction: || (&& (< monoandroid) (< monotouch) (< net45) (>= netstandard1.6) (< xamarinios) (< xamarinmac) (< xamarintvos) (< xamarinwatchos)) (&& (< monoandroid) (< net45) (>= netstandard1.0) (< netstandard1.6) (< win8) (< wp8) (< wpa81)) (< portable-net45+win8+wp8+wpa81)
      System.Runtime.Extensions (>= 4.3) - restriction: || (&& (< monoandroid) (< monotouch) (< net45) (>= netstandard1.6) (< xamarinios) (< xamarinmac) (< xamarintvos) (< xamarinwatchos)) (< portable-net45+win8+wp8+wpa81)
    System.Linq.Expressions (4.3) - restriction: || (&& (< monoandroid) (< monotouch) (< net35) (>= netstandard1.5) (< win8) (< wpa81) (< xamarinios) (< xamarinmac) (< xamarintvos) (< xamarinwatchos)) (&& (< monoandroid) (< net35) (>= netstandard1.3) (< netstandard1.5) (< win8) (< wpa81)) (&& (< net35) (< netstandard1.2) (>= netstandard1.3) (< win8)) (&& (< net35) (< netstandard1.2) (>= netstandard1.5) (< win8)) (&& (< net35) (>= netstandard1.3) (< netstandard1.4) (< win8) (< wpa81)) (&& (< net35) (>= netstandard1.3) (< portable-net45+win8+wp8+wpa81)) (&& (< net35) (>= netstandard1.3) (< portable-net45+win8+wpa81)) (&& (< net35) (< netstandard1.3) (>= netstandard1.5) (< win8) (< wpa81)) (&& (< net35) (>= netstandard1.4) (< netstandard1.5) (< win8) (< wpa81)) (&& (< net35) (< netstandard1.4) (>= netstandard1.5) (< win8) (< wpa81)) (&& (< net35) (>= netstandard1.5) (< netstandard1.6) (< win8) (< wpa81)) (&& (< net35) (>= netstandard1.5) (< portable-net45+win8+wp8+wpa81)) (&& (< net35) (>= netstandard1.5) (< portable-net45+win8+wpa81)) (&& (< net35) (< netstandard1.5) (>= netstandard1.6) (< win8) (< wpa81)) (&& (< net35) (>= netstandard1.6) (< netstandard2.0) (< win8) (< wpa81)) (>= net461) (>= netcoreapp2.0) (&& (< netstandard1.5) (>= uap10.0) (< uap10.1))
      System.Collections (>= 4.3) - restriction: || (&& (< monoandroid) (< monotouch) (< net45) (>= netstandard1.6) (< xamarinios) (< xamarinmac) (< xamarintvos) (< xamarinwatchos)) (< portable-net45+win8+wp8+wpa81)
      System.Diagnostics.Debug (>= 4.3) - restriction: || (&& (< monoandroid) (< monotouch) (< net45) (>= netstandard1.6) (< xamarinios) (< xamarinmac) (< xamarintvos) (< xamarinwatchos)) (< portable-net45+win8+wp8+wpa81)
      System.Globalization (>= 4.3) - restriction: || (&& (< monoandroid) (< monotouch) (< net45) (>= netstandard1.6) (< xamarinios) (< xamarinmac) (< xamarintvos) (< xamarinwatchos)) (< portable-net45+win8+wp8+wpa81)
      System.IO (>= 4.3) - restriction: || (&& (< monoandroid) (< monotouch) (< net45) (>= netstandard1.6) (< xamarinios) (< xamarinmac) (< xamarintvos) (< xamarinwatchos)) (< portable-net45+win8+wp8+wpa81)
      System.Linq (>= 4.3) - restriction: || (&& (< monoandroid) (< monotouch) (< net45) (>= netstandard1.6) (< xamarinios) (< xamarinmac) (< xamarintvos) (< xamarinwatchos)) (< portable-net45+win8+wp8+wpa81)
      System.ObjectModel (>= 4.3) - restriction: && (< monoandroid) (< monotouch) (< net45) (>= netstandard1.6) (< xamarinios) (< xamarinmac) (< xamarintvos) (< xamarinwatchos)
      System.Reflection (>= 4.3) - restriction: || (&& (< monoandroid) (< monotouch) (< net45) (>= netstandard1.6) (< xamarinios) (< xamarinmac) (< xamarintvos) (< xamarinwatchos)) (&& (< monoandroid) (< net45) (>= netstandard1.0) (< netstandard1.3) (< win8) (< wp8) (< wpa81)) (&& (< monoandroid) (< net45) (>= netstandard1.3) (< netstandard1.6) (< win8) (< wpa81)) (< portable-net45+win8+wp8+wpa81)
      System.Reflection.Emit (>= 4.3) - restriction: && (< monoandroid) (< monotouch) (< net45) (>= netstandard1.6) (< xamarinios) (< xamarinmac) (< xamarintvos) (< xamarinwatchos)
      System.Reflection.Emit.ILGeneration (>= 4.3) - restriction: || (&& (< monoandroid) (< monotouch) (< net45) (>= netstandard1.6) (< xamarinios) (< xamarinmac) (< xamarintvos) (< xamarinwatchos)) (< portable-net45+win8+wp8+wpa81)
      System.Reflection.Emit.Lightweight (>= 4.3) - restriction: || (&& (< monoandroid) (< monotouch) (< net45) (>= netstandard1.6) (< xamarinios) (< xamarinmac) (< xamarintvos) (< xamarinwatchos)) (< portable-net45+win8+wp8+wpa81)
      System.Reflection.Extensions (>= 4.3) - restriction: || (&& (< monoandroid) (< monotouch) (< net45) (>= netstandard1.6) (< xamarinios) (< xamarinmac) (< xamarintvos) (< xamarinwatchos)) (< portable-net45+win8+wp8+wpa81)
      System.Reflection.Primitives (>= 4.3) - restriction: || (&& (< monoandroid) (< monotouch) (< net45) (>= netstandard1.6) (< xamarinios) (< xamarinmac) (< xamarintvos) (< xamarinwatchos)) (< portable-net45+win8+wp8+wpa81)
      System.Reflection.TypeExtensions (>= 4.3) - restriction: || (&& (< monoandroid) (< monotouch) (< net45) (>= netstandard1.6) (< xamarinios) (< xamarinmac) (< xamarintvos) (< xamarinwatchos)) (< portable-net45+win8+wp8+wpa81)
      System.Resources.ResourceManager (>= 4.3) - restriction: || (&& (< monoandroid) (< monotouch) (< net45) (>= netstandard1.6) (< xamarinios) (< xamarinmac) (< xamarintvos) (< xamarinwatchos)) (< portable-net45+win8+wp8+wpa81)
      System.Runtime (>= 4.3) - restriction: || (&& (< monoandroid) (< monotouch) (< net45) (>= netstandard1.6) (< xamarinios) (< xamarinmac) (< xamarintvos) (< xamarinwatchos)) (&& (< monoandroid) (< net45) (>= netstandard1.0) (< netstandard1.3) (< win8) (< wp8) (< wpa81)) (&& (< monoandroid) (< net45) (>= netstandard1.3) (< netstandard1.6) (< win8) (< wpa81)) (< portable-net45+win8+wp8+wpa81)
      System.Runtime.Extensions (>= 4.3) - restriction: || (&& (< monoandroid) (< monotouch) (< net45) (>= netstandard1.6) (< xamarinios) (< xamarinmac) (< xamarintvos) (< xamarinwatchos)) (< portable-net45+win8+wp8+wpa81)
      System.Threading (>= 4.3) - restriction: || (&& (< monoandroid) (< monotouch) (< net45) (>= netstandard1.6) (< xamarinios) (< xamarinmac) (< xamarintvos) (< xamarinwatchos)) (< portable-net45+win8+wp8+wpa81)
    System.Management (4.5) - restriction: || (>= net461) (>= netcoreapp2.0)
      Microsoft.NETCore.Platforms (>= 2.0) - restriction: >= netcoreapp2.0
      Microsoft.Win32.Registry (>= 4.5) - restriction: >= netcoreapp2.0
      System.CodeDom (>= 4.5) - restriction: || (&& (< net45) (>= netstandard2.0)) (>= netcoreapp2.0)
    System.Memory (4.5.1) - restriction: || (&& (< net45) (< netcoreapp2.1) (>= netstandard2.0)) (&& (< net46) (>= net461) (>= netstandard2.0)) (&& (>= net461) (>= uap10.1)) (>= netcoreapp2.0)
      System.Runtime.CompilerServices.Unsafe (>= 4.5) - restriction: || (>= monoandroid) (>= monotouch) (&& (>= net45) (< netstandard2.0)) (&& (< net45) (< netcoreapp2.1) (>= netstandard2.0)) (&& (< net45) (>= netstandard1.1) (< netstandard2.0) (< win8) (< wpa81)) (>= net461) (>= netcoreapp2.0) (&& (< netstandard1.1) (>= portable-net45+win8+wpa81) (< win8)) (&& (< netstandard1.1) (>= win8)) (&& (< netstandard2.0) (>= wpa81)) (>= uap10.1) (>= xamarinios) (>= xamarinmac) (>= xamarintvos) (>= xamarinwatchos)
    System.Net.Http (4.3.3) - restriction: || (&& (< net35) (>= net46) (< netstandard1.4)) (&& (< net35) (< netstandard1.2) (>= netstandard1.3) (< win8)) (&& (< net35) (< netstandard1.2) (>= netstandard1.5) (< win8)) (&& (< net35) (>= netstandard1.3) (< netstandard1.4) (< win8) (< wpa81)) (&& (< net35) (< netstandard1.3) (>= netstandard1.5) (< win8) (< wpa81)) (&& (< net35) (>= netstandard1.4) (< netstandard1.5) (< win8) (< wpa81)) (&& (< net35) (< netstandard1.4) (>= netstandard1.5) (< win8) (< wpa81)) (&& (< net35) (>= netstandard1.5) (< netstandard1.6) (< win8) (< wpa81)) (&& (< net35) (< netstandard1.5) (>= netstandard1.6) (< win8) (< wpa81)) (&& (< net35) (>= netstandard1.6) (< netstandard2.0) (< win8) (< wpa81)) (&& (< netstandard1.5) (>= uap10.0) (< uap10.1))
      Microsoft.NETCore.Platforms (>= 1.1) - restriction: || (&& (< monoandroid) (< monotouch) (< net45) (>= netstandard1.6) (< xamarinios) (< xamarinmac) (< xamarintvos) (< xamarinwatchos)) (&& (< monoandroid) (< net45) (>= netstandard1.3) (< netstandard1.6) (< win8) (< wpa81)) (< portable-net45+win8+wpa81)
      Microsoft.Win32.Primitives (>= 4.3) - restriction: && (< monoandroid) (< net45) (>= netstandard1.3) (< netstandard1.6) (< win8) (< wpa81)
      runtime.native.System (>= 4.3) - restriction: && (< monoandroid) (< monotouch) (< net45) (>= netstandard1.6) (< xamarinios) (< xamarinmac) (< xamarintvos) (< xamarinwatchos)
      runtime.native.System.Net.Http (>= 4.3) - restriction: && (< monoandroid) (< monotouch) (< net45) (>= netstandard1.6) (< xamarinios) (< xamarinmac) (< xamarintvos) (< xamarinwatchos)
      runtime.native.System.Security.Cryptography.OpenSsl (>= 4.3.2) - restriction: && (< monoandroid) (< monotouch) (< net45) (>= netstandard1.6) (< xamarinios) (< xamarinmac) (< xamarintvos) (< xamarinwatchos)
      System.Collections (>= 4.3) - restriction: || (&& (< monoandroid) (< monotouch) (< net45) (>= netstandard1.6) (< xamarinios) (< xamarinmac) (< xamarintvos) (< xamarinwatchos)) (&& (< monoandroid) (< net45) (>= netstandard1.3) (< netstandard1.6) (< win8) (< wpa81)) (< portable-net45+win8+wpa81)
      System.Diagnostics.Debug (>= 4.3) - restriction: || (&& (< monoandroid) (< monotouch) (< net45) (>= netstandard1.6) (< xamarinios) (< xamarinmac) (< xamarintvos) (< xamarinwatchos)) (&& (< monoandroid) (< net45) (>= netstandard1.3) (< netstandard1.6) (< win8) (< wpa81)) (< portable-net45+win8+wpa81)
      System.Diagnostics.DiagnosticSource (>= 4.3) - restriction: || (&& (< monoandroid) (< monotouch) (< net45) (>= netstandard1.6) (< xamarinios) (< xamarinmac) (< xamarintvos) (< xamarinwatchos)) (&& (< monoandroid) (< net45) (>= netstandard1.3) (< netstandard1.6) (< win8) (< wpa81)) (< portable-net45+win8+wpa81)
      System.Diagnostics.Tracing (>= 4.3) - restriction: || (&& (< monoandroid) (< monotouch) (< net45) (>= netstandard1.6) (< xamarinios) (< xamarinmac) (< xamarintvos) (< xamarinwatchos)) (&& (< monoandroid) (< net45) (>= netstandard1.3) (< netstandard1.6) (< win8) (< wpa81)) (< portable-net45+win8+wpa81)
      System.Globalization (>= 4.3) - restriction: || (&& (< monoandroid) (< monotouch) (< net45) (>= netstandard1.6) (< xamarinios) (< xamarinmac) (< xamarintvos) (< xamarinwatchos)) (&& (< monoandroid) (< net45) (>= netstandard1.3) (< netstandard1.6) (< win8) (< wpa81)) (< portable-net45+win8+wpa81)
      System.Globalization.Extensions (>= 4.3) - restriction: && (< monoandroid) (< monotouch) (< net45) (>= netstandard1.6) (< xamarinios) (< xamarinmac) (< xamarintvos) (< xamarinwatchos)
      System.IO (>= 4.3) - restriction: || (&& (< monoandroid) (< monotouch) (< net45) (>= netstandard1.6) (< xamarinios) (< xamarinmac) (< xamarintvos) (< xamarinwatchos)) (&& (< monoandroid) (< net45) (>= netstandard1.1) (< netstandard1.3) (< win8) (< wpa81)) (&& (< monoandroid) (< net45) (>= netstandard1.3) (< netstandard1.6) (< win8) (< wpa81)) (< portable-net45+win8+wpa81)
      System.IO.Compression (>= 4.3) - restriction: && (< monoandroid) (< net45) (>= netstandard1.3) (< netstandard1.6) (< win8) (< wpa81)
      System.IO.FileSystem (>= 4.3) - restriction: && (< monoandroid) (< monotouch) (< net45) (>= netstandard1.6) (< xamarinios) (< xamarinmac) (< xamarintvos) (< xamarinwatchos)
      System.Net.Primitives (>= 4.3) - restriction: || (&& (< monoandroid) (< monotouch) (< net45) (>= netstandard1.6) (< xamarinios) (< xamarinmac) (< xamarintvos) (< xamarinwatchos)) (&& (< monoandroid) (< net45) (>= netstandard1.1) (< netstandard1.3) (< win8) (< wpa81)) (&& (< monoandroid) (< net45) (>= netstandard1.3) (< netstandard1.6) (< win8) (< wpa81)) (< portable-net45+win8+wpa81)
      System.Resources.ResourceManager (>= 4.3) - restriction: || (&& (< monoandroid) (< monotouch) (< net45) (>= netstandard1.6) (< xamarinios) (< xamarinmac) (< xamarintvos) (< xamarinwatchos)) (&& (< monoandroid) (< net45) (>= netstandard1.3) (< netstandard1.6) (< win8) (< wpa81)) (< portable-net45+win8+wpa81)
      System.Runtime (>= 4.3) - restriction: || (&& (< monoandroid) (< monotouch) (< net45) (>= netstandard1.6) (< xamarinios) (< xamarinmac) (< xamarintvos) (< xamarinwatchos)) (&& (< monoandroid) (< net45) (>= netstandard1.1) (< netstandard1.3) (< win8) (< wpa81)) (&& (< monoandroid) (< net45) (>= netstandard1.3) (< netstandard1.6) (< win8) (< wpa81)) (< portable-net45+win8+wpa81)
      System.Runtime.Extensions (>= 4.3) - restriction: || (&& (< monoandroid) (< monotouch) (< net45) (>= netstandard1.6) (< xamarinios) (< xamarinmac) (< xamarintvos) (< xamarinwatchos)) (&& (< monoandroid) (< net45) (>= netstandard1.3) (< netstandard1.6) (< win8) (< wpa81)) (< portable-net45+win8+wpa81)
      System.Runtime.Handles (>= 4.3) - restriction: || (&& (< monoandroid) (< monotouch) (< net45) (>= netstandard1.6) (< xamarinios) (< xamarinmac) (< xamarintvos) (< xamarinwatchos)) (&& (< monoandroid) (< net45) (>= netstandard1.3) (< netstandard1.6) (< win8) (< wpa81))
      System.Runtime.InteropServices (>= 4.3) - restriction: || (&& (< monoandroid) (< monotouch) (< net45) (>= netstandard1.6) (< xamarinios) (< xamarinmac) (< xamarintvos) (< xamarinwatchos)) (&& (< monoandroid) (< net45) (>= netstandard1.3) (< netstandard1.6) (< win8) (< wpa81)) (< portable-net45+win8+wpa81)
      System.Security.Cryptography.Algorithms (>= 4.3) - restriction: && (< monoandroid) (< monotouch) (< net45) (>= netstandard1.6) (< xamarinios) (< xamarinmac) (< xamarintvos) (< xamarinwatchos)
      System.Security.Cryptography.Encoding (>= 4.3) - restriction: || (&& (< monoandroid) (< monotouch) (< net45) (>= netstandard1.6) (< xamarinios) (< xamarinmac) (< xamarintvos) (< xamarinwatchos)) (&& (< monoandroid) (< net45) (>= netstandard1.3) (< netstandard1.6) (< win8) (< wpa81))
      System.Security.Cryptography.OpenSsl (>= 4.3) - restriction: && (< monoandroid) (< monotouch) (< net45) (>= netstandard1.6) (< xamarinios) (< xamarinmac) (< xamarintvos) (< xamarinwatchos)
      System.Security.Cryptography.Primitives (>= 4.3) - restriction: && (< monoandroid) (< monotouch) (< net45) (>= netstandard1.6) (< xamarinios) (< xamarinmac) (< xamarintvos) (< xamarinwatchos)
      System.Security.Cryptography.X509Certificates (>= 4.3) - restriction: || (&& (< monoandroid) (< monotouch) (< net45) (>= netstandard1.6) (< xamarinios) (< xamarinmac) (< xamarintvos) (< xamarinwatchos)) (&& (< monoandroid) (< net45) (>= netstandard1.3) (< netstandard1.6) (< win8) (< wpa81)) (>= net46) (< portable-net45+win8+wpa81)
      System.Text.Encoding (>= 4.3) - restriction: || (&& (< monoandroid) (< monotouch) (< net45) (>= netstandard1.6) (< xamarinios) (< xamarinmac) (< xamarintvos) (< xamarinwatchos)) (&& (< monoandroid) (< net45) (>= netstandard1.1) (< netstandard1.3) (< win8) (< wpa81)) (&& (< monoandroid) (< net45) (>= netstandard1.3) (< netstandard1.6) (< win8) (< wpa81)) (< portable-net45+win8+wpa81)
      System.Threading (>= 4.3) - restriction: || (&& (< monoandroid) (< monotouch) (< net45) (>= netstandard1.6) (< xamarinios) (< xamarinmac) (< xamarintvos) (< xamarinwatchos)) (&& (< monoandroid) (< net45) (>= netstandard1.3) (< netstandard1.6) (< win8) (< wpa81)) (< portable-net45+win8+wpa81)
      System.Threading.Tasks (>= 4.3) - restriction: || (&& (< monoandroid) (< monotouch) (< net45) (>= netstandard1.6) (< xamarinios) (< xamarinmac) (< xamarintvos) (< xamarinwatchos)) (&& (< monoandroid) (< net45) (>= netstandard1.1) (< netstandard1.3) (< win8) (< wpa81)) (&& (< monoandroid) (< net45) (>= netstandard1.3) (< netstandard1.6) (< win8) (< wpa81)) (< portable-net45+win8+wpa81)
    System.Net.Primitives (4.3) - restriction: || (&& (< monoandroid) (< net35) (< netstandard1.2) (>= netstandard1.6) (< win8)) (&& (< monoandroid) (< net35) (< netstandard1.3) (>= netstandard1.4) (< win8) (< wpa81)) (&& (< monoandroid) (< net35) (< netstandard1.3) (>= netstandard1.6) (< win8) (< wpa81)) (&& (< monoandroid) (< net35) (< netstandard1.4) (>= netstandard1.6) (< win8) (< wpa81)) (&& (< net35) (>= net46) (< netstandard1.3)) (&& (< net35) (>= net46) (< netstandard1.4)) (&& (< net35) (>= net46) (< portable-net45+win8+wpa81)) (&& (< net35) (< netstandard1.2) (>= netstandard1.3) (< win8)) (&& (< net35) (< netstandard1.2) (>= netstandard1.5) (< win8)) (&& (< net35) (>= netstandard1.3) (< netstandard1.4) (< win8) (< wpa81)) (&& (< net35) (>= netstandard1.3) (< portable-net45+win8+wpa81)) (&& (< net35) (< netstandard1.3) (>= netstandard1.5) (< win8) (< wpa81)) (&& (< net35) (>= netstandard1.4) (< netstandard1.5) (< win8) (< wpa81)) (&& (< net35) (>= netstandard1.4) (< portable-net45+win8+wpa81)) (&& (< net35) (< netstandard1.4) (>= netstandard1.5) (< win8) (< wpa81)) (&& (< net35) (>= netstandard1.5) (< netstandard1.6) (< win8) (< wpa81)) (&& (< net35) (>= netstandard1.5) (< portable-net45+win8+wpa81)) (&& (< net35) (< netstandard1.5) (>= netstandard1.6) (< win8) (< wpa81)) (&& (< net35) (>= netstandard1.6) (< netstandard2.0) (< win8) (< wpa81)) (&& (< net35) (>= netstandard1.6) (< portable-net45+win8+wpa81)) (&& (< netstandard1.3) (>= uap10.0) (< win8) (< wpa81)) (&& (< netstandard1.5) (>= netstandard1.6) (>= uap10.0)) (&& (< netstandard1.5) (>= uap10.0) (< uap10.1)) (&& (< netstandard1.5) (>= uap10.0) (< win8) (< wpa81)) (&& (< portable-net45+win8+wpa81) (>= uap10.0))
      Microsoft.NETCore.Platforms (>= 1.1) - restriction: || (&& (< monoandroid) (< monotouch) (< net45) (>= netstandard1.3) (< win8) (< wpa81) (< xamarinios) (< xamarinmac) (< xamarintvos) (< xamarinwatchos)) (&& (< monoandroid) (< net45) (>= netstandard1.1) (< netstandard1.3) (< win8) (< wpa81)) (&& (< monoandroid) (>= netstandard1.0) (< netstandard1.1) (< win8) (< wp8)) (< portable-net45+win8+wp8+wpa81)
      Microsoft.NETCore.Targets (>= 1.1) - restriction: || (&& (< monoandroid) (< monotouch) (< net45) (>= netstandard1.3) (< win8) (< wpa81) (< xamarinios) (< xamarinmac) (< xamarintvos) (< xamarinwatchos)) (&& (< monoandroid) (< net45) (>= netstandard1.1) (< netstandard1.3) (< win8) (< wpa81)) (&& (< monoandroid) (>= netstandard1.0) (< netstandard1.1) (< win8) (< wp8)) (< portable-net45+win8+wp8+wpa81)
      System.Runtime (>= 4.3) - restriction: || (&& (< monoandroid) (< monotouch) (< net45) (>= netstandard1.3) (< win8) (< wpa81) (< xamarinios) (< xamarinmac) (< xamarintvos) (< xamarinwatchos)) (&& (< monoandroid) (< net45) (>= netstandard1.1) (< netstandard1.3) (< win8) (< wpa81)) (&& (< monoandroid) (>= netstandard1.0) (< netstandard1.1) (< win8) (< wp8)) (< portable-net45+win8+wp8+wpa81)
      System.Runtime.Handles (>= 4.3) - restriction: || (&& (< monoandroid) (< monotouch) (< net45) (>= netstandard1.3) (< win8) (< wpa81) (< xamarinios) (< xamarinmac) (< xamarintvos) (< xamarinwatchos)) (< portable-net45+win8+wp8+wpa81)
    System.Net.Sockets (4.3) - restriction: || (&& (< net35) (>= net46) (< netstandard1.4)) (&& (< net35) (>= netstandard1.3) (< netstandard1.4) (< win8) (< wpa81)) (&& (< net35) (>= netstandard1.4) (< netstandard1.5) (< win8) (< wpa81)) (&& (< net35) (< netstandard1.4) (>= netstandard1.5) (< win8) (< wpa81)) (&& (< net35) (>= netstandard1.5) (< netstandard1.6) (< win8) (< wpa81)) (&& (< net35) (< netstandard1.5) (>= netstandard1.6) (< win8) (< wpa81)) (&& (< net35) (>= netstandard1.6) (< netstandard2.0) (< win8) (< wpa81)) (&& (< netstandard1.5) (>= uap10.0) (< uap10.1))
      Microsoft.NETCore.Platforms (>= 1.1) - restriction: && (< monoandroid) (< monotouch) (< net46) (>= netstandard1.3) (< xamarinios) (< xamarinmac) (< xamarintvos) (< xamarinwatchos)
      Microsoft.NETCore.Targets (>= 1.1) - restriction: && (< monoandroid) (< monotouch) (< net46) (>= netstandard1.3) (< xamarinios) (< xamarinmac) (< xamarintvos) (< xamarinwatchos)
      System.IO (>= 4.3) - restriction: && (< monoandroid) (< monotouch) (< net46) (>= netstandard1.3) (< xamarinios) (< xamarinmac) (< xamarintvos) (< xamarinwatchos)
      System.Net.Primitives (>= 4.3) - restriction: && (< monoandroid) (< monotouch) (< net46) (>= netstandard1.3) (< xamarinios) (< xamarinmac) (< xamarintvos) (< xamarinwatchos)
      System.Runtime (>= 4.3) - restriction: && (< monoandroid) (< monotouch) (< net46) (>= netstandard1.3) (< xamarinios) (< xamarinmac) (< xamarintvos) (< xamarinwatchos)
      System.Threading.Tasks (>= 4.3) - restriction: && (< monoandroid) (< monotouch) (< net46) (>= netstandard1.3) (< xamarinios) (< xamarinmac) (< xamarintvos) (< xamarinwatchos)
    System.ObjectModel (4.3) - restriction: || (&& (< monoandroid) (< monotouch) (< net35) (>= netstandard1.5) (< win8) (< wpa81) (< xamarinios) (< xamarinmac) (< xamarintvos) (< xamarinwatchos)) (&& (< monoandroid) (< net35) (< netstandard1.2) (>= netstandard1.6) (< win8)) (&& (< monoandroid) (< net35) (>= netstandard1.3) (< netstandard1.5) (< win8) (< wpa81)) (&& (< monoandroid) (< net35) (< netstandard1.3) (>= netstandard1.6) (< win8) (< wpa81)) (&& (< monoandroid) (< net35) (< netstandard1.4) (>= netstandard1.6) (< win8) (< wpa81)) (&& (< net35) (< netstandard1.2) (>= netstandard1.3) (< win8)) (&& (< net35) (< netstandard1.2) (>= netstandard1.5) (< win8)) (&& (< net35) (>= netstandard1.3) (< netstandard1.4) (< win8) (< wpa81)) (&& (< net35) (>= netstandard1.3) (< portable-net45+win8+wp8+wpa81)) (&& (< net35) (>= netstandard1.3) (< portable-net45+win8+wpa81)) (&& (< net35) (< netstandard1.3) (>= netstandard1.5) (< win8) (< wpa81)) (&& (< net35) (>= netstandard1.4) (< netstandard1.5) (< win8) (< wpa81)) (&& (< net35) (< netstandard1.4) (>= netstandard1.5) (< win8) (< wpa81)) (&& (< net35) (>= netstandard1.5) (< netstandard1.6) (< win8) (< wpa81)) (&& (< net35) (>= netstandard1.5) (< portable-net45+win8+wp8+wpa81)) (&& (< net35) (>= netstandard1.5) (< portable-net45+win8+wpa81)) (&& (< net35) (< netstandard1.5) (>= netstandard1.6) (< win8) (< wpa81)) (&& (< net35) (>= netstandard1.6) (< netstandard2.0) (< win8) (< wpa81)) (&& (< net35) (>= netstandard1.6) (< portable-net45+win8+wpa81)) (&& (< netstandard1.5) (>= netstandard1.6) (>= uap10.0)) (&& (< netstandard1.5) (>= uap10.0) (< uap10.1))
      System.Collections (>= 4.3) - restriction: || (&& (< monoandroid) (< monotouch) (< net45) (>= netstandard1.3) (< win8) (< wpa81) (< xamarinios) (< xamarinmac) (< xamarintvos) (< xamarinwatchos)) (< portable-net45+win8+wp8+wpa81)
      System.Diagnostics.Debug (>= 4.3) - restriction: || (&& (< monoandroid) (< monotouch) (< net45) (>= netstandard1.3) (< win8) (< wpa81) (< xamarinios) (< xamarinmac) (< xamarintvos) (< xamarinwatchos)) (< portable-net45+win8+wp8+wpa81)
      System.Resources.ResourceManager (>= 4.3) - restriction: || (&& (< monoandroid) (< monotouch) (< net45) (>= netstandard1.3) (< win8) (< wpa81) (< xamarinios) (< xamarinmac) (< xamarintvos) (< xamarinwatchos)) (< portable-net45+win8+wp8+wpa81)
      System.Runtime (>= 4.3) - restriction: || (&& (< monoandroid) (< monotouch) (< net45) (>= netstandard1.3) (< win8) (< wpa81) (< xamarinios) (< xamarinmac) (< xamarintvos) (< xamarinwatchos)) (&& (< monoandroid) (< net45) (>= netstandard1.0) (< netstandard1.3) (< win8) (< wp8) (< wpa81)) (< portable-net45+win8+wp8+wpa81)
      System.Threading (>= 4.3) - restriction: || (&& (< monoandroid) (< monotouch) (< net45) (>= netstandard1.3) (< win8) (< wpa81) (< xamarinios) (< xamarinmac) (< xamarintvos) (< xamarinwatchos)) (< portable-net45+win8+wp8+wpa81)
    System.Private.DataContractSerialization (4.3) - restriction: || (&& (< monoandroid) (< monotouch) (< net45) (>= netstandard1.3) (< win8) (< wpa81) (< xamarinios) (< xamarinmac) (< xamarintvos) (< xamarinwatchos)) (&& (>= netstandard1.3) (< portable-net45+win8+wp8+wpa81))
      System.Collections (>= 4.3) - restriction: || (&& (< monoandroid) (< monotouch) (< net46) (>= netstandard1.3) (< xamarinios) (< xamarinmac) (< xamarintvos) (< xamarinwatchos)) (&& (< monoandroid) (< netstandard1.3))
      System.Collections.Concurrent (>= 4.3) - restriction: || (&& (< monoandroid) (< monotouch) (< net46) (>= netstandard1.3) (< xamarinios) (< xamarinmac) (< xamarintvos) (< xamarinwatchos)) (&& (< monoandroid) (< netstandard1.3))
      System.Diagnostics.Debug (>= 4.3) - restriction: || (&& (< monoandroid) (< monotouch) (< net46) (>= netstandard1.3) (< xamarinios) (< xamarinmac) (< xamarintvos) (< xamarinwatchos)) (&& (< monoandroid) (< netstandard1.3))
      System.Globalization (>= 4.3) - restriction: || (&& (< monoandroid) (< monotouch) (< net46) (>= netstandard1.3) (< xamarinios) (< xamarinmac) (< xamarintvos) (< xamarinwatchos)) (&& (< monoandroid) (< netstandard1.3))
      System.IO (>= 4.3) - restriction: || (&& (< monoandroid) (< monotouch) (< net46) (>= netstandard1.3) (< xamarinios) (< xamarinmac) (< xamarintvos) (< xamarinwatchos)) (&& (< monoandroid) (< netstandard1.3))
      System.Linq (>= 4.3) - restriction: || (&& (< monoandroid) (< monotouch) (< net46) (>= netstandard1.3) (< xamarinios) (< xamarinmac) (< xamarintvos) (< xamarinwatchos)) (&& (< monoandroid) (< netstandard1.3))
      System.Reflection (>= 4.3) - restriction: || (&& (< monoandroid) (< monotouch) (< net46) (>= netstandard1.3) (< xamarinios) (< xamarinmac) (< xamarintvos) (< xamarinwatchos)) (&& (< monoandroid) (< netstandard1.3))
      System.Reflection.Emit.ILGeneration (>= 4.3) - restriction: && (< monoandroid) (< monotouch) (< net46) (>= netstandard1.3) (< xamarinios) (< xamarinmac) (< xamarintvos) (< xamarinwatchos)
      System.Reflection.Emit.Lightweight (>= 4.3) - restriction: && (< monoandroid) (< monotouch) (< net46) (>= netstandard1.3) (< xamarinios) (< xamarinmac) (< xamarintvos) (< xamarinwatchos)
      System.Reflection.Extensions (>= 4.3) - restriction: || (&& (< monoandroid) (< monotouch) (< net46) (>= netstandard1.3) (< xamarinios) (< xamarinmac) (< xamarintvos) (< xamarinwatchos)) (&& (< monoandroid) (< netstandard1.3))
      System.Reflection.Primitives (>= 4.3) - restriction: || (&& (< monoandroid) (< monotouch) (< net46) (>= netstandard1.3) (< xamarinios) (< xamarinmac) (< xamarintvos) (< xamarinwatchos)) (&& (< monoandroid) (< netstandard1.3))
      System.Reflection.TypeExtensions (>= 4.3) - restriction: || (&& (< monoandroid) (< monotouch) (>= netstandard1.3) (< xamarinios) (< xamarinmac) (< xamarintvos) (< xamarinwatchos)) (&& (< monoandroid) (< netstandard1.3)) (>= net46)
      System.Resources.ResourceManager (>= 4.3) - restriction: || (&& (< monoandroid) (< monotouch) (< net46) (>= netstandard1.3) (< xamarinios) (< xamarinmac) (< xamarintvos) (< xamarinwatchos)) (&& (< monoandroid) (< netstandard1.3))
      System.Runtime (>= 4.3) - restriction: || (&& (< monoandroid) (< monotouch) (< net46) (>= netstandard1.3) (< xamarinios) (< xamarinmac) (< xamarintvos) (< xamarinwatchos)) (&& (< monoandroid) (< netstandard1.3))
      System.Runtime.Extensions (>= 4.3) - restriction: || (&& (< monoandroid) (< monotouch) (< net46) (>= netstandard1.3) (< xamarinios) (< xamarinmac) (< xamarintvos) (< xamarinwatchos)) (&& (< monoandroid) (< netstandard1.3))
      System.Runtime.Serialization.Primitives (>= 4.3) - restriction: || (&& (< monoandroid) (< monotouch) (>= netstandard1.3) (< xamarinios) (< xamarinmac) (< xamarintvos) (< xamarinwatchos)) (&& (< monoandroid) (< netstandard1.3)) (>= net46)
      System.Text.Encoding (>= 4.3) - restriction: || (&& (< monoandroid) (< monotouch) (< net46) (>= netstandard1.3) (< xamarinios) (< xamarinmac) (< xamarintvos) (< xamarinwatchos)) (&& (< monoandroid) (< netstandard1.3))
      System.Text.Encoding.Extensions (>= 4.3) - restriction: || (&& (< monoandroid) (< monotouch) (< net46) (>= netstandard1.3) (< xamarinios) (< xamarinmac) (< xamarintvos) (< xamarinwatchos)) (&& (< monoandroid) (< netstandard1.3))
      System.Text.RegularExpressions (>= 4.3) - restriction: || (&& (< monoandroid) (< monotouch) (< net46) (>= netstandard1.3) (< xamarinios) (< xamarinmac) (< xamarintvos) (< xamarinwatchos)) (&& (< monoandroid) (< netstandard1.3))
      System.Threading (>= 4.3) - restriction: || (&& (< monoandroid) (< monotouch) (< net46) (>= netstandard1.3) (< xamarinios) (< xamarinmac) (< xamarintvos) (< xamarinwatchos)) (&& (< monoandroid) (< netstandard1.3))
      System.Threading.Tasks (>= 4.3) - restriction: || (&& (< monoandroid) (< monotouch) (< net46) (>= netstandard1.3) (< xamarinios) (< xamarinmac) (< xamarintvos) (< xamarinwatchos)) (&& (< monoandroid) (< netstandard1.3))
      System.Xml.ReaderWriter (>= 4.3) - restriction: || (&& (< monoandroid) (< monotouch) (< net46) (>= netstandard1.3) (< xamarinios) (< xamarinmac) (< xamarintvos) (< xamarinwatchos)) (&& (< monoandroid) (< netstandard1.3))
      System.Xml.XDocument (>= 4.3) - restriction: || (&& (< monoandroid) (< monotouch) (< net46) (>= netstandard1.3) (< xamarinios) (< xamarinmac) (< xamarintvos) (< xamarinwatchos)) (&& (< monoandroid) (< netstandard1.3))
      System.Xml.XmlDocument (>= 4.3) - restriction: || (&& (< monoandroid) (< monotouch) (>= netstandard1.3) (< xamarinios) (< xamarinmac) (< xamarintvos) (< xamarinwatchos)) (&& (< monoandroid) (< netstandard1.3)) (>= net46)
      System.Xml.XmlSerializer (>= 4.3) - restriction: || (&& (< monoandroid) (< monotouch) (< net46) (>= netstandard1.3) (< xamarinios) (< xamarinmac) (< xamarintvos) (< xamarinwatchos)) (&& (< monoandroid) (< netstandard1.3))
    System.Reflection (4.3) - restriction: || (&& (< net35) (< netstandard1.2) (>= netstandard1.3) (< win8)) (&& (< net35) (>= netstandard1.3) (< netstandard1.4) (< win8) (< wpa81)) (&& (< net35) (>= netstandard1.3) (< netstandard1.5)) (&& (< net35) (>= netstandard1.3) (< portable-net45+win8+wpa81)) (&& (< net35) (>= netstandard1.4) (< netstandard1.5) (< win8) (< wpa81)) (&& (< net35) (>= netstandard1.5)) (&& (< net35) (< netstandard1.5) (>= netstandard1.6) (< win8) (< wpa81)) (&& (< net35) (>= netstandard1.6) (< netstandard2.0) (< win8) (< wpa81)) (&& (< net35) (>= netstandard2.0)) (&& (< net45) (< netstandard1.2) (>= netstandard2.0) (< win8)) (&& (< net45) (>= netstandard2.0) (< win8) (< wpa81)) (>= net461) (&& (>= netcoreapp1.0) (< netstandard1.5)) (&& (>= netcoreapp1.0) (< netstandard2.0)) (&& (>= netcoreapp1.1) (>= netstandard2.0)) (>= netcoreapp2.0) (&& (< netstandard1.5) (>= uap10.0) (< uap10.1)) (&& (< netstandard1.5) (>= uap10.0) (< win8) (< wpa81)) (&& (>= netstandard2.0) (< portable-net45+win8+wpa81))
      Microsoft.NETCore.Platforms (>= 1.1) - restriction: || (&& (< monoandroid) (< monotouch) (< net45) (>= netstandard1.5) (< win8) (< wpa81) (< xamarinios) (< xamarinmac) (< xamarintvos) (< xamarinwatchos)) (&& (< monoandroid) (< net45) (>= netstandard1.0) (< netstandard1.3) (< win8) (< wp8) (< wpa81)) (&& (< monoandroid) (< net45) (>= netstandard1.3) (< netstandard1.5) (< win8) (< wpa81)) (< portable-net45+win8+wp8+wpa81)
      Microsoft.NETCore.Targets (>= 1.1) - restriction: || (&& (< monoandroid) (< monotouch) (< net45) (>= netstandard1.5) (< win8) (< wpa81) (< xamarinios) (< xamarinmac) (< xamarintvos) (< xamarinwatchos)) (&& (< monoandroid) (< net45) (>= netstandard1.0) (< netstandard1.3) (< win8) (< wp8) (< wpa81)) (&& (< monoandroid) (< net45) (>= netstandard1.3) (< netstandard1.5) (< win8) (< wpa81)) (< portable-net45+win8+wp8+wpa81)
      System.IO (>= 4.3) - restriction: || (&& (< monoandroid) (< monotouch) (< net45) (>= netstandard1.5) (< win8) (< wpa81) (< xamarinios) (< xamarinmac) (< xamarintvos) (< xamarinwatchos)) (&& (< monoandroid) (< net45) (>= netstandard1.0) (< netstandard1.3) (< win8) (< wp8) (< wpa81)) (&& (< monoandroid) (< net45) (>= netstandard1.3) (< netstandard1.5) (< win8) (< wpa81)) (< portable-net45+win8+wp8+wpa81)
      System.Reflection.Primitives (>= 4.3) - restriction: || (&& (< monoandroid) (< monotouch) (< net45) (>= netstandard1.5) (< win8) (< wpa81) (< xamarinios) (< xamarinmac) (< xamarintvos) (< xamarinwatchos)) (&& (< monoandroid) (< net45) (>= netstandard1.0) (< netstandard1.3) (< win8) (< wp8) (< wpa81)) (&& (< monoandroid) (< net45) (>= netstandard1.3) (< netstandard1.5) (< win8) (< wpa81)) (< portable-net45+win8+wp8+wpa81)
      System.Runtime (>= 4.3) - restriction: || (&& (< monoandroid) (< monotouch) (< net45) (>= netstandard1.5) (< win8) (< wpa81) (< xamarinios) (< xamarinmac) (< xamarintvos) (< xamarinwatchos)) (&& (< monoandroid) (< net45) (>= netstandard1.0) (< netstandard1.3) (< win8) (< wp8) (< wpa81)) (&& (< monoandroid) (< net45) (>= netstandard1.3) (< netstandard1.5) (< win8) (< wpa81)) (< portable-net45+win8+wp8+wpa81)
    System.Reflection.Emit (4.3) - restriction: || (&& (< monoandroid) (< monotouch) (< net35) (>= netstandard1.6) (< netstandard2.0) (< win8) (< wpa81) (< xamarinios) (< xamarinmac) (< xamarintvos) (< xamarinwatchos)) (&& (< monoandroid) (< net35) (< netstandard1.2) (>= netstandard1.6) (< win8)) (&& (< monoandroid) (< net35) (< netstandard1.3) (>= netstandard1.6) (< win8) (< wpa81)) (&& (< monoandroid) (< net35) (< netstandard1.4) (>= netstandard1.6) (< win8) (< wpa81)) (&& (< monoandroid) (< net35) (< netstandard1.5) (>= netstandard1.6) (< win8) (< wpa81)) (&& (< net35) (>= netstandard1.3) (< netstandard1.5)) (&& (< net35) (>= netstandard1.5)) (&& (< net35) (>= netstandard1.6) (< portable-net45+win8+wpa81)) (&& (< net45) (>= net461)) (&& (>= net461) (< portable-net45+win8+wp8+wpa81)) (>= netcoreapp2.0) (&& (< netstandard1.5) (>= netstandard1.6) (>= uap10.0))
      System.IO (>= 4.3) - restriction: && (< monoandroid) (< monotouch) (< net45) (>= netstandard1.1) (< xamarinios) (< xamarinmac) (< xamarintvos) (< xamarinwatchos)
      System.Reflection (>= 4.3) - restriction: && (< monoandroid) (< monotouch) (< net45) (>= netstandard1.1) (< xamarinios) (< xamarinmac) (< xamarintvos) (< xamarinwatchos)
      System.Reflection.Emit.ILGeneration (>= 4.3) - restriction: && (< monoandroid) (< monotouch) (< net45) (>= netstandard1.1) (< xamarinios) (< xamarinmac) (< xamarintvos) (< xamarinwatchos)
      System.Reflection.Primitives (>= 4.3) - restriction: && (< monoandroid) (< monotouch) (< net45) (>= netstandard1.1) (< xamarinios) (< xamarinmac) (< xamarintvos) (< xamarinwatchos)
      System.Runtime (>= 4.3) - restriction: && (< monoandroid) (< monotouch) (< net45) (>= netstandard1.1) (< xamarinios) (< xamarinmac) (< xamarintvos) (< xamarinwatchos)
    System.Reflection.Emit.ILGeneration (4.3) - restriction: || (&& (< monoandroid) (< monotouch) (< net35) (>= netstandard1.5) (< xamarinios) (< xamarinmac) (< xamarintvos) (< xamarinwatchos)) (&& (< monoandroid) (< monotouch) (< net35) (>= netstandard1.6) (< netstandard2.0) (< win8) (< wpa81) (< xamarinios) (< xamarinmac) (< xamarintvos) (< xamarinwatchos)) (&& (< monoandroid) (< net35) (< netstandard1.2) (>= netstandard1.6) (< win8)) (&& (< monoandroid) (< net35) (>= netstandard1.3) (< netstandard1.5)) (&& (< monoandroid) (< net35) (< netstandard1.3) (>= netstandard1.6) (< win8) (< wpa81)) (&& (< monoandroid) (< net35) (< netstandard1.4) (>= netstandard1.6) (< win8) (< wpa81)) (&& (< monoandroid) (< net35) (< netstandard1.5) (>= netstandard1.6) (< win8) (< wpa81)) (&& (< net35) (>= netstandard1.3) (< portable-net45+win8+wp8+wpa81)) (&& (< net35) (>= netstandard1.4) (< portable-net45+win8+wp8+wpa81)) (&& (< net35) (>= netstandard1.5) (< portable-net45+win8+wp8+wpa81)) (&& (< net35) (>= netstandard1.6) (< portable-net45+win8+wp8+wpa81)) (&& (< net35) (>= netstandard1.6) (< portable-net45+win8+wpa81)) (&& (< net45) (>= net461)) (>= netcoreapp2.0) (&& (< netstandard1.5) (>= netstandard1.6) (>= uap10.0)) (&& (< portable-net45+win8+wp8+wpa81) (>= uap10.0))
      System.Reflection (>= 4.3) - restriction: && (< monoandroid) (< monotouch) (< net45) (>= netstandard1.0) (< wp8) (< xamarinios) (< xamarinmac) (< xamarintvos) (< xamarinwatchos)
      System.Reflection.Primitives (>= 4.3) - restriction: && (< monoandroid) (< monotouch) (< net45) (>= netstandard1.0) (< wp8) (< xamarinios) (< xamarinmac) (< xamarintvos) (< xamarinwatchos)
      System.Runtime (>= 4.3) - restriction: && (< monoandroid) (< monotouch) (< net45) (>= netstandard1.0) (< wp8) (< xamarinios) (< xamarinmac) (< xamarintvos) (< xamarinwatchos)
    System.Reflection.Emit.Lightweight (4.3) - restriction: || (&& (< monoandroid) (< monotouch) (< net35) (>= netstandard1.6) (< netstandard2.0) (< win8) (< wpa81) (< xamarinios) (< xamarinmac) (< xamarintvos) (< xamarinwatchos)) (&& (< monoandroid) (< monotouch) (< net45) (>= netstandard1.3) (< win8) (< wpa81) (< xamarinios) (< xamarinmac) (< xamarintvos) (< xamarinwatchos)) (&& (< monoandroid) (< net35) (< netstandard1.2) (>= netstandard1.6) (< win8)) (&& (< monoandroid) (< net35) (< netstandard1.3) (>= netstandard1.6) (< win8) (< wpa81)) (&& (< monoandroid) (< net35) (< netstandard1.4) (>= netstandard1.6) (< win8) (< wpa81)) (&& (< monoandroid) (< net35) (< netstandard1.5) (>= netstandard1.6) (< win8) (< wpa81)) (&& (< net35) (>= netstandard1.4) (< portable-net45+win8+wp8+wpa81)) (&& (< net35) (>= netstandard1.5) (< portable-net45+win8+wp8+wpa81)) (&& (< net35) (>= netstandard1.6) (< portable-net45+win8+wp8+wpa81)) (&& (< net35) (>= netstandard1.6) (< portable-net45+win8+wpa81)) (>= net461) (>= netcoreapp2.0) (&& (>= netstandard1.3) (< portable-net45+win8+wp8+wpa81)) (&& (< netstandard1.5) (>= netstandard1.6) (>= uap10.0)) (&& (< portable-net45+win8+wp8+wpa81) (>= uap10.0))
      System.Reflection (>= 4.3) - restriction: && (< monoandroid) (< monotouch) (< net45) (>= netstandard1.0) (< wp8) (< xamarinios) (< xamarinmac) (< xamarintvos) (< xamarinwatchos)
      System.Reflection.Emit.ILGeneration (>= 4.3) - restriction: && (< monoandroid) (< monotouch) (< net45) (>= netstandard1.0) (< wp8) (< xamarinios) (< xamarinmac) (< xamarintvos) (< xamarinwatchos)
      System.Reflection.Primitives (>= 4.3) - restriction: && (< monoandroid) (< monotouch) (< net45) (>= netstandard1.0) (< wp8) (< xamarinios) (< xamarinmac) (< xamarintvos) (< xamarinwatchos)
      System.Runtime (>= 4.3) - restriction: && (< monoandroid) (< monotouch) (< net45) (>= netstandard1.0) (< wp8) (< xamarinios) (< xamarinmac) (< xamarintvos) (< xamarinwatchos)
    System.Reflection.Extensions (4.3) - restriction: || (&& (< monoandroid) (< monotouch) (< net35) (>= netstandard1.5) (< win8) (< wpa81) (< xamarinios) (< xamarinmac) (< xamarintvos) (< xamarinwatchos)) (&& (< monoandroid) (< net35) (< netstandard1.0) (>= netstandard1.3) (< win8)) (&& (< monoandroid) (< net35) (< netstandard1.0) (>= netstandard1.5) (< win8)) (&& (< monoandroid) (< net35) (< netstandard1.1) (>= netstandard1.3) (< win8)) (&& (< monoandroid) (< net35) (< netstandard1.1) (>= netstandard1.4) (< win8)) (&& (< monoandroid) (< net35) (< netstandard1.1) (>= netstandard1.5) (< win8)) (&& (< monoandroid) (< net35) (< netstandard1.1) (>= netstandard1.6) (< win8)) (&& (< monoandroid) (< net35) (< netstandard1.2) (>= netstandard1.6) (< win8)) (&& (< monoandroid) (< net35) (>= netstandard1.3) (< netstandard1.5) (< win8) (< wpa81)) (&& (< monoandroid) (< net35) (< netstandard1.3) (>= netstandard1.6) (< win8) (< wpa81)) (&& (< monoandroid) (< net35) (< netstandard1.4) (>= netstandard1.6) (< win8) (< wpa81)) (&& (< net35) (>= net45) (< netstandard1.1) (>= netstandard1.5)) (&& (< net35) (>= net45) (< netstandard1.3) (>= netstandard1.5)) (&& (< net35) (>= net46) (< netstandard1.1)) (&& (< net35) (>= net46) (< netstandard1.4)) (&& (< net35) (< netstandard1.0) (>= netstandard1.3) (< portable-net45+win8)) (&& (< net35) (< netstandard1.0) (>= netstandard1.5) (< portable-net45+win8)) (&& (< net35) (< netstandard1.2) (>= netstandard1.3) (< win8)) (&& (< net35) (< netstandard1.2) (>= netstandard1.5) (< win8)) (&& (< net35) (>= netstandard1.3) (< netstandard1.4) (< win8) (< wpa81)) (&& (< net35) (>= netstandard1.3) (< portable-net45+win8+wp8+wpa81)) (&& (< net35) (>= netstandard1.3) (< portable-net45+win8+wpa81)) (&& (< net35) (< netstandard1.3) (>= netstandard1.5) (< win8) (< wpa81)) (&& (< net35) (>= netstandard1.4) (< netstandard1.5) (< win8) (< wpa81)) (&& (< net35) (>= netstandard1.4) (< portable-net45+win8+wp8+wpa81)) (&& (< net35) (< netstandard1.4) (>= netstandard1.5) (< win8) (< wpa81)) (&& (< net35) (>= netstandard1.5) (< netstandard1.6) (< win8) (< wpa81)) (&& (< net35) (>= netstandard1.5) (< portable-net45+win8+wp8+wpa81)) (&& (< net35) (>= netstandard1.5) (< portable-net45+win8+wpa81)) (&& (< net35) (< netstandard1.5) (>= netstandard1.6) (< win8) (< wpa81)) (&& (< net35) (>= netstandard1.6) (< netstandard2.0) (< win8) (< wpa81)) (&& (< net35) (>= netstandard1.6) (< portable-net45+win8+wp8+wpa81)) (&& (< net35) (>= netstandard1.6) (< portable-net45+win8+wpa81)) (&& (< net45) (>= net461)) (&& (>= net461) (>= netstandard1.5)) (&& (>= net461) (< portable-net45+win8+wp8+wpa81)) (>= netcoreapp2.0) (&& (< netstandard1.1) (>= netstandard1.5) (< win8) (>= wpa81)) (&& (< netstandard1.1) (>= uap10.0) (< win8)) (&& (< netstandard1.5) (>= netstandard1.6) (>= uap10.0)) (&& (< netstandard1.5) (>= uap10.0) (< uap10.1)) (&& (< netstandard1.5) (>= uap10.0) (< win8) (< wpa81)) (&& (< portable-net45+win8+wp8+wpa81) (>= uap10.0))
      Microsoft.NETCore.Platforms (>= 1.1) - restriction: || (&& (< monoandroid) (< monotouch) (< net45) (>= netstandard1.0) (< win8) (< wp8) (< wpa81) (< xamarinios) (< xamarinmac) (< xamarintvos) (< xamarinwatchos)) (< portable-net45+win8+wp8+wpa81)
      Microsoft.NETCore.Targets (>= 1.1) - restriction: || (&& (< monoandroid) (< monotouch) (< net45) (>= netstandard1.0) (< win8) (< wp8) (< wpa81) (< xamarinios) (< xamarinmac) (< xamarintvos) (< xamarinwatchos)) (< portable-net45+win8+wp8+wpa81)
      System.Reflection (>= 4.3) - restriction: || (&& (< monoandroid) (< monotouch) (< net45) (>= netstandard1.0) (< win8) (< wp8) (< wpa81) (< xamarinios) (< xamarinmac) (< xamarintvos) (< xamarinwatchos)) (< portable-net45+win8+wp8+wpa81)
      System.Runtime (>= 4.3) - restriction: || (&& (< monoandroid) (< monotouch) (< net45) (>= netstandard1.0) (< win8) (< wp8) (< wpa81) (< xamarinios) (< xamarinmac) (< xamarintvos) (< xamarinwatchos)) (< portable-net45+win8+wp8+wpa81)
    System.Reflection.Metadata (1.6) - restriction: || (&& (< net46) (>= netstandard2.0)) (>= net461) (>= netcoreapp2.0) (&& (< netstandard1.3) (>= netstandard2.0))
      System.Collections.Immutable (>= 1.5) - restriction: || (>= net45) (&& (< netcoreapp2.1) (>= netstandard2.0)) (&& (>= netstandard1.1) (< netstandard2.0) (< win8) (< wpa81)) (&& (< netstandard1.1) (>= portable-net45+win8+wpa81) (< win8)) (&& (< netstandard1.1) (>= win8)) (&& (< netstandard2.0) (< uap10.1) (>= wpa81))
    System.Reflection.Primitives (4.3) - restriction: || (&& (< monoandroid) (< monotouch) (< net35) (>= netstandard1.5) (< xamarinios) (< xamarinmac) (< xamarintvos) (< xamarinwatchos)) (&& (< monoandroid) (< net35) (< netstandard1.2) (>= netstandard1.6) (< win8)) (&& (< monoandroid) (< net35) (>= netstandard1.3) (< netstandard1.5)) (&& (< monoandroid) (< net35) (< netstandard1.3) (>= netstandard1.6) (< win8) (< wpa81)) (&& (< monoandroid) (< net35) (< netstandard1.4) (>= netstandard1.6) (< win8) (< wpa81)) (&& (< net35) (< netstandard1.2) (>= netstandard1.3) (< win8)) (&& (< net35) (< netstandard1.2) (>= netstandard1.5) (< win8)) (&& (< net35) (>= netstandard1.3) (< netstandard1.4) (< win8) (< wpa81)) (&& (< net35) (>= netstandard1.3) (< portable-net45+win8+wp8+wpa81)) (&& (< net35) (>= netstandard1.3) (< portable-net45+win8+wpa81)) (&& (< net35) (< netstandard1.3) (>= netstandard1.5) (< win8) (< wpa81)) (&& (< net35) (>= netstandard1.4) (< netstandard1.5) (< win8) (< wpa81)) (&& (< net35) (>= netstandard1.4) (< portable-net45+win8+wp8+wpa81)) (&& (< net35) (< netstandard1.4) (>= netstandard1.5) (< win8) (< wpa81)) (&& (< net35) (>= netstandard1.5) (< netstandard1.6) (< win8) (< wpa81)) (&& (< net35) (>= netstandard1.5) (< portable-net45+win8+wp8+wpa81)) (&& (< net35) (>= netstandard1.5) (< portable-net45+win8+wpa81)) (&& (< net35) (< netstandard1.5) (>= netstandard1.6) (< win8) (< wpa81)) (&& (< net35) (>= netstandard1.6) (< netstandard2.0) (< win8) (< wpa81)) (&& (< net35) (>= netstandard1.6) (< portable-net45+win8+wp8+wpa81)) (&& (< net35) (>= netstandard1.6) (< portable-net45+win8+wpa81)) (&& (< net45) (>= net461)) (&& (< net45) (< netstandard1.2) (>= netstandard2.0) (< win8)) (&& (< net45) (>= netstandard2.0) (< win8) (< wpa81)) (&& (>= netcoreapp1.1) (>= netstandard2.0)) (>= netcoreapp2.0) (&& (< netstandard1.5) (>= netstandard1.6) (>= uap10.0)) (&& (< netstandard1.5) (>= uap10.0) (< uap10.1)) (&& (>= netstandard2.0) (< portable-net45+win8+wpa81)) (&& (< portable-net45+win8+wp8+wpa81) (>= uap10.0))
      Microsoft.NETCore.Platforms (>= 1.1) - restriction: || (&& (< monoandroid) (< monotouch) (< net45) (>= netstandard1.0) (< win8) (< wp8) (< wpa81) (< xamarinios) (< xamarinmac) (< xamarintvos) (< xamarinwatchos)) (< portable-net45+win8+wp8+wpa81)
      Microsoft.NETCore.Targets (>= 1.1) - restriction: || (&& (< monoandroid) (< monotouch) (< net45) (>= netstandard1.0) (< win8) (< wp8) (< wpa81) (< xamarinios) (< xamarinmac) (< xamarintvos) (< xamarinwatchos)) (< portable-net45+win8+wp8+wpa81)
      System.Runtime (>= 4.3) - restriction: || (&& (< monoandroid) (< monotouch) (< net45) (>= netstandard1.0) (< win8) (< wp8) (< wpa81) (< xamarinios) (< xamarinmac) (< xamarintvos) (< xamarinwatchos)) (< portable-net45+win8+wp8+wpa81)
    System.Reflection.TypeExtensions (4.5) - restriction: || (&& (< monoandroid) (< monotouch) (< net35) (>= netstandard1.6) (< netstandard2.0) (< win8) (< wpa81) (< xamarinios) (< xamarinmac) (< xamarintvos) (< xamarinwatchos)) (&& (< monoandroid) (< net35) (< netstandard1.2) (>= netstandard1.6) (< win8)) (&& (< monoandroid) (< net35) (< netstandard1.3) (>= netstandard1.6) (< win8) (< wpa81)) (&& (< monoandroid) (< net35) (< netstandard1.4) (>= netstandard1.6) (< win8) (< wpa81)) (&& (< monoandroid) (< net35) (< netstandard1.5) (>= netstandard1.6) (< win8) (< wpa81)) (&& (< net35) (>= netstandard1.3) (< netstandard1.5)) (&& (< net35) (>= netstandard1.3) (< portable-net45+win8+wp8+wpa81)) (&& (< net35) (>= netstandard1.4) (< portable-net45+win8+wp8+wpa81)) (&& (< net35) (>= netstandard1.5)) (&& (< net35) (>= netstandard1.6) (< portable-net45+win8+wp8+wpa81)) (&& (< net35) (>= netstandard1.6) (< portable-net45+win8+wpa81)) (&& (< net45) (>= net461)) (&& (>= net461) (>= netstandard1.5)) (&& (>= net461) (< portable-net45+win8+wp8+wpa81)) (>= netcoreapp2.0) (&& (< netstandard1.5) (>= netstandard1.6) (>= uap10.0)) (&& (< portable-net45+win8+wp8+wpa81) (>= uap10.0))
      System.Reflection (>= 4.3) - restriction: || (&& (< monoandroid) (< monotouch) (< net46) (< netcoreapp1.0) (>= netstandard1.5) (< netstandard2.0) (< xamarinios) (< xamarinmac) (< xamarintvos) (< xamarinwatchos)) (&& (< monoandroid) (< net46) (>= netstandard1.3) (< netstandard1.5) (< uap10.1)) (&& (< monoandroid) (< netstandard1.3)) (&& (>= netcoreapp1.0) (< netstandard2.0))
      System.Resources.ResourceManager (>= 4.3) - restriction: || (&& (< monoandroid) (< monotouch) (< net46) (< netcoreapp1.0) (>= netstandard1.5) (< netstandard2.0) (< xamarinios) (< xamarinmac) (< xamarintvos) (< xamarinwatchos)) (&& (< monoandroid) (< net46) (>= netstandard1.3) (< netstandard1.5) (< uap10.1)) (&& (< monoandroid) (< netstandard1.3)) (&& (>= netcoreapp1.0) (< netstandard2.0))
      System.Runtime (>= 4.3) - restriction: || (&& (< monoandroid) (< monotouch) (< net46) (< netcoreapp1.0) (>= netstandard1.5) (< netstandard2.0) (< xamarinios) (< xamarinmac) (< xamarintvos) (< xamarinwatchos)) (&& (< monoandroid) (< net46) (>= netstandard1.3) (< netstandard1.5) (< uap10.1)) (&& (< monoandroid) (< netstandard1.3)) (&& (>= netcoreapp1.0) (< netstandard2.0))
    System.Resources.ResourceManager (4.3) - restriction: || (&& (< monoandroid) (< monotouch) (< net35) (>= netstandard1.5) (< xamarinios) (< xamarinmac) (< xamarintvos) (< xamarinwatchos)) (&& (< monoandroid) (< net35) (< netstandard1.2) (>= netstandard1.6) (< win8)) (&& (< monoandroid) (< net35) (>= netstandard1.3) (< netstandard1.5)) (&& (< monoandroid) (< net35) (< netstandard1.3) (>= netstandard1.5)) (&& (< monoandroid) (< net35) (< netstandard1.3) (>= netstandard1.6) (< win8) (< wpa81)) (&& (< monoandroid) (< net35) (< netstandard1.4) (>= netstandard1.6) (< win8) (< wpa81)) (&& (< net35) (>= net46) (< netstandard1.4)) (&& (< net35) (>= net46) (< portable-net45+win8+wpa81)) (&& (< net35) (< netstandard1.2) (>= netstandard1.3) (< win8)) (&& (< net35) (< netstandard1.2) (>= netstandard1.5) (< win8)) (&& (< net35) (>= netstandard1.3) (< netstandard1.4) (< win8) (< wpa81)) (&& (< net35) (>= netstandard1.3) (< portable-net45+win8+wp8+wpa81)) (&& (< net35) (>= netstandard1.3) (< portable-net45+win8+wpa81)) (&& (< net35) (< netstandard1.3) (>= netstandard1.5) (< win8) (< wpa81)) (&& (< net35) (>= netstandard1.4) (< netstandard1.5) (< win8) (< wpa81)) (&& (< net35) (>= netstandard1.4) (< portable-net45+win8+wp8+wpa81)) (&& (< net35) (>= netstandard1.4) (< portable-net45+win8+wpa81)) (&& (< net35) (< netstandard1.4) (>= netstandard1.5) (< win8) (< wpa81)) (&& (< net35) (>= netstandard1.5) (< netstandard1.6) (< win8) (< wpa81)) (&& (< net35) (>= netstandard1.5) (< portable-net45+win8+wp8+wpa81)) (&& (< net35) (>= netstandard1.5) (< portable-net45+win8+wpa81)) (&& (< net35) (< netstandard1.5) (>= netstandard1.6) (< win8) (< wpa81)) (&& (< net35) (>= netstandard1.6) (< netstandard2.0) (< win8) (< wpa81)) (&& (< net35) (>= netstandard1.6) (< portable-net45+win8+wp8+wpa81)) (&& (< net35) (>= netstandard1.6) (< portable-net45+win8+wpa81)) (&& (< net35) (>= netstandard2.0)) (>= net461) (&& (>= netcoreapp1.0) (< netstandard1.5)) (&& (>= netcoreapp1.0) (< netstandard2.0)) (>= netcoreapp2.0) (&& (< netstandard1.5) (>= netstandard1.6) (>= uap10.0)) (&& (< netstandard1.5) (>= uap10.0) (< uap10.1)) (&& (< netstandard1.5) (>= uap10.0) (< win8) (< wpa81)) (&& (< portable-net45+win8+wp8+wpa81) (>= uap10.0)) (&& (< portable-net45+win8+wpa81) (>= uap10.0))
      Microsoft.NETCore.Platforms (>= 1.1) - restriction: || (&& (< monoandroid) (< monotouch) (< net45) (>= netstandard1.0) (< win8) (< wp8) (< wpa81) (< xamarinios) (< xamarinmac) (< xamarintvos) (< xamarinwatchos)) (< portable-net45+win8+wp8+wpa81)
      Microsoft.NETCore.Targets (>= 1.1) - restriction: || (&& (< monoandroid) (< monotouch) (< net45) (>= netstandard1.0) (< win8) (< wp8) (< wpa81) (< xamarinios) (< xamarinmac) (< xamarintvos) (< xamarinwatchos)) (< portable-net45+win8+wp8+wpa81)
      System.Globalization (>= 4.3) - restriction: || (&& (< monoandroid) (< monotouch) (< net45) (>= netstandard1.0) (< win8) (< wp8) (< wpa81) (< xamarinios) (< xamarinmac) (< xamarintvos) (< xamarinwatchos)) (< portable-net45+win8+wp8+wpa81)
      System.Reflection (>= 4.3) - restriction: || (&& (< monoandroid) (< monotouch) (< net45) (>= netstandard1.0) (< win8) (< wp8) (< wpa81) (< xamarinios) (< xamarinmac) (< xamarintvos) (< xamarinwatchos)) (< portable-net45+win8+wp8+wpa81)
      System.Runtime (>= 4.3) - restriction: || (&& (< monoandroid) (< monotouch) (< net45) (>= netstandard1.0) (< win8) (< wp8) (< wpa81) (< xamarinios) (< xamarinmac) (< xamarintvos) (< xamarinwatchos)) (< portable-net45+win8+wp8+wpa81)
    System.Runtime (4.3) - restriction: || (&& (< monoandroid) (< monotouch) (< net35) (>= netstandard1.5) (< xamarinios) (< xamarinmac) (< xamarintvos) (< xamarinwatchos)) (&& (< monoandroid) (< net35) (< netstandard1.2) (>= netstandard1.6) (< win8)) (&& (< monoandroid) (< net35) (>= netstandard1.3) (< netstandard1.5)) (&& (< monoandroid) (< net35) (< netstandard1.3) (>= netstandard1.4) (< win8) (< wpa81)) (&& (< monoandroid) (< net35) (< netstandard1.3) (>= netstandard1.5)) (&& (< monoandroid) (< net35) (< netstandard1.3) (>= netstandard1.6) (< win8) (< wpa81)) (&& (< monoandroid) (< net35) (< netstandard1.4) (>= netstandard1.6) (< win8) (< wpa81)) (&& (< net35) (>= net46) (< netstandard1.3)) (&& (< net35) (>= net46) (< netstandard1.4)) (&& (< net35) (>= net46) (< portable-net45+win8+wpa81)) (&& (< net35) (< netstandard1.2) (>= netstandard1.3) (< win8)) (&& (< net35) (< netstandard1.2) (>= netstandard1.5) (< win8)) (&& (< net35) (>= netstandard1.3) (< netstandard1.4) (< win8) (< wpa81)) (&& (< net35) (>= netstandard1.3) (< portable-net45+win8+wp8+wpa81)) (&& (< net35) (>= netstandard1.3) (< portable-net45+win8+wpa81)) (&& (< net35) (< netstandard1.3) (>= netstandard1.5) (< win8) (< wpa81)) (&& (< net35) (>= netstandard1.4) (< netstandard1.5) (< win8) (< wpa81)) (&& (< net35) (>= netstandard1.4) (< portable-net45+win8+wpa81)) (&& (< net35) (< netstandard1.4) (>= netstandard1.5) (< win8) (< wpa81)) (&& (< net35) (>= netstandard1.5) (< netstandard1.6) (< win8) (< wpa81)) (&& (< net35) (>= netstandard1.5) (< portable-net45+win8+wp8+wpa81)) (&& (< net35) (>= netstandard1.5) (< portable-net45+win8+wpa81)) (&& (< net35) (< netstandard1.5) (>= netstandard1.6) (< win8) (< wpa81)) (&& (< net35) (>= netstandard1.6) (< netstandard2.0) (< win8) (< wpa81)) (&& (< net35) (>= netstandard1.6) (< portable-net45+win8+wpa81)) (&& (< net45) (>= netstandard2.0) (< win8) (< wpa81)) (&& (< net46) (>= netstandard2.0)) (>= net461) (&& (>= netcoreapp1.0) (< netstandard1.5)) (&& (>= netcoreapp1.0) (< netstandard2.0)) (>= netcoreapp2.0) (&& (< netstandard1.3) (>= netstandard2.0)) (&& (< netstandard1.3) (>= uap10.0) (< win8) (< wpa81)) (&& (< netstandard1.5) (>= netstandard1.6) (>= uap10.0)) (&& (< netstandard1.5) (>= uap10.0) (< uap10.1)) (&& (< netstandard1.5) (>= uap10.0) (< win8) (< wpa81)) (&& (>= netstandard2.0) (< portable-net45+win8+wp8+wpa81)) (&& (< portable-net45+win8+wpa81) (>= uap10.0))
      Microsoft.NETCore.Platforms (>= 1.1) - restriction: || (&& (< monoandroid) (< monotouch) (< net45) (>= netstandard1.5) (< win8) (< wpa81) (< xamarinios) (< xamarinmac) (< xamarintvos) (< xamarinwatchos)) (&& (< monoandroid) (< net45) (>= netstandard1.0) (< netstandard1.2) (< win8) (< wp8)) (&& (< monoandroid) (< net45) (>= netstandard1.2) (< netstandard1.3) (< win8) (< wpa81)) (&& (< monoandroid) (< net45) (>= netstandard1.3) (< netstandard1.5) (< win8) (< wpa81)) (< portable-net45+win8+wp8+wpa81)
      Microsoft.NETCore.Targets (>= 1.1) - restriction: || (&& (< monoandroid) (< monotouch) (< net45) (>= netstandard1.5) (< win8) (< wpa81) (< xamarinios) (< xamarinmac) (< xamarintvos) (< xamarinwatchos)) (&& (< monoandroid) (< net45) (>= netstandard1.0) (< netstandard1.2) (< win8) (< wp8)) (&& (< monoandroid) (< net45) (>= netstandard1.2) (< netstandard1.3) (< win8) (< wpa81)) (&& (< monoandroid) (< net45) (>= netstandard1.3) (< netstandard1.5) (< win8) (< wpa81)) (< portable-net45+win8+wp8+wpa81)
    System.Runtime.CompilerServices.Unsafe (4.5.1) - restriction: || (>= net461) (>= netcoreapp2.0)
    System.Runtime.Extensions (4.3) - restriction: || (&& (< monoandroid) (< monotouch) (< net35) (>= netstandard1.5) (< xamarinios) (< xamarinmac) (< xamarintvos) (< xamarinwatchos)) (&& (< monoandroid) (< net35) (< netstandard1.2) (>= netstandard1.6) (< win8)) (&& (< monoandroid) (< net35) (>= netstandard1.3) (< netstandard1.5)) (&& (< monoandroid) (< net35) (< netstandard1.3) (>= netstandard1.6) (< win8) (< wpa81)) (&& (< monoandroid) (< net35) (< netstandard1.4) (>= netstandard1.6) (< win8) (< wpa81)) (&& (< net35) (>= net46) (< netstandard1.4)) (&& (< net35) (>= net46) (< portable-net45+win8+wpa81)) (&& (< net35) (< netstandard1.2) (>= netstandard1.3) (< win8)) (&& (< net35) (< netstandard1.2) (>= netstandard1.5) (< win8)) (&& (< net35) (>= netstandard1.3) (< netstandard1.4) (< win8) (< wpa81)) (&& (< net35) (>= netstandard1.3) (< portable-net45+win8+wp8+wpa81)) (&& (< net35) (>= netstandard1.3) (< portable-net45+win8+wpa81)) (&& (< net35) (< netstandard1.3) (>= netstandard1.5) (< win8) (< wpa81)) (&& (< net35) (>= netstandard1.4) (< netstandard1.5) (< win8) (< wpa81)) (&& (< net35) (>= netstandard1.4) (< portable-net45+win8+wp8+wpa81)) (&& (< net35) (>= netstandard1.4) (< portable-net45+win8+wpa81)) (&& (< net35) (< netstandard1.4) (>= netstandard1.5) (< win8) (< wpa81)) (&& (< net35) (>= netstandard1.5) (< netstandard1.6) (< win8) (< wpa81)) (&& (< net35) (>= netstandard1.5) (< portable-net45+win8+wp8+wpa81)) (&& (< net35) (>= netstandard1.5) (< portable-net45+win8+wpa81)) (&& (< net35) (< netstandard1.5) (>= netstandard1.6) (< win8) (< wpa81)) (&& (< net35) (>= netstandard1.6) (< netstandard2.0) (< win8) (< wpa81)) (&& (< net35) (>= netstandard1.6) (< portable-net45+win8+wp8+wpa81)) (&& (< net35) (>= netstandard1.6) (< portable-net45+win8+wpa81)) (&& (< net46) (>= netstandard2.0)) (>= net461) (>= netcoreapp2.0) (&& (< netstandard1.3) (>= netstandard2.0)) (&& (< netstandard1.5) (>= netstandard1.6) (>= uap10.0)) (&& (< netstandard1.5) (>= uap10.0) (< uap10.1)) (&& (< netstandard1.5) (>= uap10.0) (< win8) (< wpa81)) (&& (< portable-net45+win8+wp8+wpa81) (>= uap10.0)) (&& (< portable-net45+win8+wpa81) (>= uap10.0))
      Microsoft.NETCore.Platforms (>= 1.1) - restriction: || (&& (< monoandroid) (< monotouch) (< net45) (>= netstandard1.5) (< win8) (< wpa81) (< xamarinios) (< xamarinmac) (< xamarintvos) (< xamarinwatchos)) (&& (< monoandroid) (< net45) (>= netstandard1.0) (< netstandard1.3) (< win8) (< wp8) (< wpa81)) (&& (< monoandroid) (< net45) (>= netstandard1.3) (< netstandard1.5) (< win8) (< wpa81)) (< portable-net45+win8+wp8+wpa81)
      Microsoft.NETCore.Targets (>= 1.1) - restriction: || (&& (< monoandroid) (< monotouch) (< net45) (>= netstandard1.5) (< win8) (< wpa81) (< xamarinios) (< xamarinmac) (< xamarintvos) (< xamarinwatchos)) (&& (< monoandroid) (< net45) (>= netstandard1.0) (< netstandard1.3) (< win8) (< wp8) (< wpa81)) (&& (< monoandroid) (< net45) (>= netstandard1.3) (< netstandard1.5) (< win8) (< wpa81)) (< portable-net45+win8+wp8+wpa81)
      System.Runtime (>= 4.3) - restriction: || (&& (< monoandroid) (< monotouch) (< net45) (>= netstandard1.5) (< win8) (< wpa81) (< xamarinios) (< xamarinmac) (< xamarintvos) (< xamarinwatchos)) (&& (< monoandroid) (< net45) (>= netstandard1.0) (< netstandard1.3) (< win8) (< wp8) (< wpa81)) (&& (< monoandroid) (< net45) (>= netstandard1.3) (< netstandard1.5) (< win8) (< wpa81)) (< portable-net45+win8+wp8+wpa81)
    System.Runtime.Handles (4.3) - restriction: || (&& (< monoandroid) (< net35) (< netstandard1.2) (>= netstandard1.3) (< win8)) (&& (< monoandroid) (< net35) (< netstandard1.2) (>= netstandard1.5) (< win8)) (&& (< monoandroid) (< net35) (< netstandard1.2) (>= netstandard1.6) (< win8)) (&& (< monoandroid) (< net35) (< netstandard1.3) (>= netstandard1.5) (< win8) (< wpa81)) (&& (< monoandroid) (< net35) (< netstandard1.3) (>= netstandard1.6) (< win8) (< wpa81)) (&& (< monoandroid) (< net35) (< netstandard1.4) (>= netstandard1.6) (< win8) (< wpa81)) (&& (< net35) (>= net46) (< netstandard1.4)) (&& (< net35) (>= netstandard1.3) (< netstandard1.4) (< win8) (< wpa81)) (&& (< net35) (>= netstandard1.4) (< netstandard1.5) (< win8) (< wpa81)) (&& (< net35) (< netstandard1.4) (>= netstandard1.5) (< win8) (< wpa81)) (&& (< net35) (>= netstandard1.5) (< netstandard1.6) (< win8) (< wpa81)) (&& (< net35) (< netstandard1.5) (>= netstandard1.6) (< win8) (< wpa81)) (&& (< net35) (>= netstandard1.6) (< netstandard2.0) (< win8) (< wpa81)) (&& (< net45) (>= netstandard2.0) (< win8) (< wpa81)) (&& (< net46) (>= netstandard2.0)) (&& (>= netcoreapp1.1) (>= netstandard2.0)) (&& (< netstandard1.3) (>= netstandard2.0)) (&& (< netstandard1.5) (>= netstandard1.6) (>= uap10.0)) (&& (< netstandard1.5) (>= uap10.0) (< uap10.1)) (&& (< netstandard1.5) (>= uap10.0) (< win8) (< wpa81)) (&& (>= netstandard2.0) (< portable-net45+win8+wpa81))
      Microsoft.NETCore.Platforms (>= 1.1) - restriction: && (< monoandroid) (< monotouch) (< net46) (>= netstandard1.3) (< xamarinios) (< xamarinmac) (< xamarintvos) (< xamarinwatchos)
      Microsoft.NETCore.Targets (>= 1.1) - restriction: && (< monoandroid) (< monotouch) (< net46) (>= netstandard1.3) (< xamarinios) (< xamarinmac) (< xamarintvos) (< xamarinwatchos)
      System.Runtime (>= 4.3) - restriction: && (< monoandroid) (< monotouch) (< net46) (>= netstandard1.3) (< xamarinios) (< xamarinmac) (< xamarintvos) (< xamarinwatchos)
    System.Runtime.InteropServices (4.3) - restriction: || (&& (< monoandroid) (< monotouch) (< net35) (>= netstandard1.5) (< xamarinios) (< xamarinmac) (< xamarintvos) (< xamarinwatchos)) (&& (< monoandroid) (< net35) (< netstandard1.2) (>= netstandard1.6) (< win8)) (&& (< monoandroid) (< net35) (>= netstandard1.3) (< netstandard1.5)) (&& (< monoandroid) (< net35) (< netstandard1.3) (>= netstandard1.4) (< win8) (< wpa81)) (&& (< monoandroid) (< net35) (< netstandard1.3) (>= netstandard1.6) (< win8) (< wpa81)) (&& (< monoandroid) (< net35) (< netstandard1.4) (>= netstandard1.6) (< win8) (< wpa81)) (&& (< net35) (>= net46) (< netstandard1.3)) (&& (< net35) (>= net46) (< netstandard1.4)) (&& (< net35) (>= net46) (< portable-net45+win8+wpa81)) (&& (< net35) (< netstandard1.2) (>= netstandard1.3) (< win8)) (&& (< net35) (< netstandard1.2) (>= netstandard1.5) (< win8)) (&& (< net35) (>= netstandard1.3) (< netstandard1.4) (< win8) (< wpa81)) (&& (< net35) (>= netstandard1.3) (< portable-net45+win8+wpa81)) (&& (< net35) (< netstandard1.3) (>= netstandard1.5) (< win8) (< wpa81)) (&& (< net35) (>= netstandard1.4) (< netstandard1.5) (< win8) (< wpa81)) (&& (< net35) (>= netstandard1.4) (< portable-net45+win8+wpa81)) (&& (< net35) (< netstandard1.4) (>= netstandard1.5) (< win8) (< wpa81)) (&& (< net35) (>= netstandard1.5) (< netstandard1.6) (< win8) (< wpa81)) (&& (< net35) (>= netstandard1.5) (< portable-net45+win8+wpa81)) (&& (< net35) (< netstandard1.5) (>= netstandard1.6) (< win8) (< wpa81)) (&& (< net35) (>= netstandard1.6) (< netstandard2.0) (< win8) (< wpa81)) (&& (< net35) (>= netstandard1.6) (< portable-net45+win8+wpa81)) (&& (< net46) (>= netstandard2.0)) (>= net461) (>= netcoreapp2.0) (&& (< netstandard1.3) (>= uap10.0)) (&& (< netstandard1.5) (>= netstandard1.6) (>= uap10.0)) (&& (< netstandard1.5) (>= uap10.0) (< uap10.1)) (&& (< netstandard1.5) (>= uap10.0) (< win8) (< wpa81)) (&& (< portable-net45+win8+wpa81) (>= uap10.0))
      Microsoft.NETCore.Platforms (>= 1.1) - restriction: || (&& (< monoandroid) (< monotouch) (< net45) (>= netstandard1.5) (< win8) (< wpa81) (< xamarinios) (< xamarinmac) (< xamarintvos) (< xamarinwatchos)) (&& (< monoandroid) (< net45) (>= netstandard1.1) (< netstandard1.2) (< win8)) (&& (< monoandroid) (< net45) (>= netstandard1.2) (< netstandard1.3) (< win8) (< wpa81)) (&& (< monoandroid) (< net45) (>= netstandard1.3) (< netstandard1.5) (< win8) (< wpa81)) (>= netcoreapp1.1) (< portable-net45+win8+wpa81)
      Microsoft.NETCore.Targets (>= 1.1) - restriction: || (&& (< monoandroid) (< monotouch) (< net45) (>= netstandard1.5) (< win8) (< wpa81) (< xamarinios) (< xamarinmac) (< xamarintvos) (< xamarinwatchos)) (&& (< monoandroid) (< net45) (>= netstandard1.1) (< netstandard1.2) (< win8)) (&& (< monoandroid) (< net45) (>= netstandard1.2) (< netstandard1.3) (< win8) (< wpa81)) (&& (< monoandroid) (< net45) (>= netstandard1.3) (< netstandard1.5) (< win8) (< wpa81)) (>= netcoreapp1.1) (< portable-net45+win8+wpa81)
      System.Reflection (>= 4.3) - restriction: || (&& (< monoandroid) (< monotouch) (< net45) (>= netstandard1.5) (< win8) (< wpa81) (< xamarinios) (< xamarinmac) (< xamarintvos) (< xamarinwatchos)) (&& (< monoandroid) (< net45) (>= netstandard1.1) (< netstandard1.2) (< win8)) (&& (< monoandroid) (< net45) (>= netstandard1.2) (< netstandard1.3) (< win8) (< wpa81)) (&& (< monoandroid) (< net45) (>= netstandard1.3) (< netstandard1.5) (< win8) (< wpa81)) (>= netcoreapp1.1) (< portable-net45+win8+wpa81)
      System.Reflection.Primitives (>= 4.3) - restriction: || (&& (< monoandroid) (< monotouch) (< net45) (>= netstandard1.5) (< win8) (< wpa81) (< xamarinios) (< xamarinmac) (< xamarintvos) (< xamarinwatchos)) (&& (< monoandroid) (< net45) (>= netstandard1.1) (< netstandard1.2) (< win8)) (&& (< monoandroid) (< net45) (>= netstandard1.2) (< netstandard1.3) (< win8) (< wpa81)) (&& (< monoandroid) (< net45) (>= netstandard1.3) (< netstandard1.5) (< win8) (< wpa81)) (>= netcoreapp1.1) (< portable-net45+win8+wpa81)
      System.Runtime (>= 4.3) - restriction: || (&& (< monoandroid) (< monotouch) (< net45) (>= netstandard1.5) (< win8) (< wpa81) (< xamarinios) (< xamarinmac) (< xamarintvos) (< xamarinwatchos)) (&& (< monoandroid) (< net45) (>= netstandard1.1) (< netstandard1.2) (< win8)) (&& (< monoandroid) (< net45) (>= netstandard1.2) (< netstandard1.3) (< win8) (< wpa81)) (&& (< monoandroid) (< net45) (>= netstandard1.3) (< netstandard1.5) (< win8) (< wpa81)) (>= net462) (>= netcoreapp1.1) (< portable-net45+win8+wpa81)
      System.Runtime.Handles (>= 4.3) - restriction: || (&& (< monoandroid) (< monotouch) (< net45) (>= netstandard1.5) (< win8) (< wpa81) (< xamarinios) (< xamarinmac) (< xamarintvos) (< xamarinwatchos)) (&& (< monoandroid) (< net45) (>= netstandard1.3) (< netstandard1.5) (< win8) (< wpa81)) (>= netcoreapp1.1) (< portable-net45+win8+wpa81)
    System.Runtime.InteropServices.RuntimeInformation (4.3) - restriction: || (&& (< net35) (>= net45) (< netstandard1.3) (>= netstandard1.5)) (&& (< net35) (>= net46) (< netstandard1.4)) (&& (< net35) (< netstandard1.0) (>= netstandard1.3) (< portable-net45+win8)) (&& (< net35) (< netstandard1.0) (>= netstandard1.3) (< win8)) (&& (< net35) (< netstandard1.0) (>= netstandard1.5) (< portable-net45+win8)) (&& (< net35) (< netstandard1.0) (>= netstandard1.5) (< win8)) (&& (< net35) (< netstandard1.2) (>= netstandard1.3) (< win8)) (&& (< net35) (< netstandard1.2) (>= netstandard1.5) (< win8)) (&& (< net35) (>= netstandard1.3) (< netstandard1.4) (< win8) (< wpa81)) (&& (< net35) (< netstandard1.3) (>= netstandard1.5) (< win8) (< wpa81)) (&& (< net35) (>= netstandard1.4) (< netstandard1.5) (< win8) (< wpa81)) (&& (< net35) (< netstandard1.4) (>= netstandard1.5) (< win8) (< wpa81)) (&& (< net35) (>= netstandard1.5) (< netstandard1.6) (< win8) (< wpa81)) (&& (< net35) (< netstandard1.5) (>= netstandard1.6) (< win8) (< wpa81)) (&& (< net35) (>= netstandard1.6) (< netstandard2.0) (< win8) (< wpa81)) (>= net461) (>= netcoreapp2.0) (&& (< netstandard1.0) (>= netstandard1.3) (>= win8)) (&& (< netstandard1.0) (>= netstandard1.5) (>= win8)) (&& (< netstandard1.3) (>= netstandard1.5) (< win8) (>= wpa81)) (&& (< netstandard1.5) (>= uap10.0) (< uap10.1))
      runtime.native.System (>= 4.3) - restriction: && (< monoandroid) (< monotouch) (< net45) (>= netstandard1.1) (< win8) (< wpa81) (< xamarinios) (< xamarinmac) (< xamarintvos) (< xamarinwatchos)
      System.Reflection (>= 4.3) - restriction: || (&& (< monoandroid) (< monotouch) (< net45) (>= netstandard1.1) (< win8) (< wpa81) (< xamarinios) (< xamarinmac) (< xamarintvos) (< xamarinwatchos)) (&& (< monoandroid) (< netstandard1.1) (< win8))
      System.Reflection.Extensions (>= 4.3) - restriction: || (&& (< monoandroid) (< monotouch) (< net45) (>= netstandard1.1) (< win8) (< wpa81) (< xamarinios) (< xamarinmac) (< xamarintvos) (< xamarinwatchos)) (&& (< monoandroid) (< netstandard1.1) (< win8))
      System.Resources.ResourceManager (>= 4.3) - restriction: || (&& (< monoandroid) (< monotouch) (< net45) (>= netstandard1.1) (< win8) (< wpa81) (< xamarinios) (< xamarinmac) (< xamarintvos) (< xamarinwatchos)) (&& (< monoandroid) (< netstandard1.1) (< win8))
      System.Runtime (>= 4.3) - restriction: || (&& (< monoandroid) (< monotouch) (< net45) (>= netstandard1.1) (< win8) (< wpa81) (< xamarinios) (< xamarinmac) (< xamarintvos) (< xamarinwatchos)) (&& (< monoandroid) (< netstandard1.1) (< win8))
      System.Runtime.InteropServices (>= 4.3) - restriction: && (< monoandroid) (< monotouch) (< net45) (>= netstandard1.1) (< win8) (< wpa81) (< xamarinios) (< xamarinmac) (< xamarintvos) (< xamarinwatchos)
      System.Threading (>= 4.3) - restriction: || (&& (< monoandroid) (< monotouch) (< net45) (>= netstandard1.1) (< win8) (< wpa81) (< xamarinios) (< xamarinmac) (< xamarintvos) (< xamarinwatchos)) (&& (< monoandroid) (< netstandard1.1) (< win8))
    System.Runtime.Numerics (4.3) - restriction: || (&& (< monoandroid) (< net35) (< netstandard1.3) (>= netstandard1.4) (< win8) (< wpa81)) (&& (< monoandroid) (< net35) (< netstandard1.3) (>= netstandard1.6) (< win8) (< wpa81)) (&& (< monoandroid) (< net35) (< netstandard1.4) (>= netstandard1.6) (< win8) (< wpa81)) (&& (< net35) (>= net46) (< netstandard1.3)) (&& (< net35) (>= net46) (< netstandard1.4) (>= netstandard1.6)) (&& (< net35) (< netstandard1.2) (>= netstandard1.3) (< win8)) (&& (< net35) (< netstandard1.2) (>= netstandard1.5) (< win8)) (&& (< net35) (>= netstandard1.3) (< netstandard1.4) (< win8) (< wpa81)) (&& (< net35) (< netstandard1.3) (>= netstandard1.5) (< win8) (< wpa81)) (&& (< net35) (>= netstandard1.4) (< netstandard1.5) (< win8) (< wpa81)) (&& (< net35) (< netstandard1.4) (>= netstandard1.5) (< win8) (< wpa81)) (&& (< net35) (>= netstandard1.5) (< netstandard1.6) (< win8) (< wpa81)) (&& (< net35) (< netstandard1.5) (>= netstandard1.6) (< win8) (< wpa81)) (&& (< net35) (>= netstandard1.6) (< netstandard2.0) (< win8) (< wpa81)) (&& (< net35) (>= netstandard2.0)) (>= net461) (>= netcoreapp2.0) (&& (< netstandard1.3) (>= uap10.0)) (&& (< netstandard1.5) (>= netstandard1.6) (>= uap10.0)) (&& (< netstandard1.5) (>= uap10.0) (< uap10.1))
      System.Globalization (>= 4.3) - restriction: || (&& (< monoandroid) (< monotouch) (< net45) (>= netstandard1.3) (< win8) (< wpa81) (< xamarinios) (< xamarinmac) (< xamarintvos) (< xamarinwatchos)) (< portable-net45+win8+wpa81)
      System.Resources.ResourceManager (>= 4.3) - restriction: || (&& (< monoandroid) (< monotouch) (< net45) (>= netstandard1.3) (< win8) (< wpa81) (< xamarinios) (< xamarinmac) (< xamarintvos) (< xamarinwatchos)) (< portable-net45+win8+wpa81)
      System.Runtime (>= 4.3) - restriction: || (&& (< monoandroid) (< monotouch) (< net45) (>= netstandard1.3) (< win8) (< wpa81) (< xamarinios) (< xamarinmac) (< xamarintvos) (< xamarinwatchos)) (&& (< monoandroid) (< net45) (>= netstandard1.1) (< netstandard1.3) (< win8) (< wpa81)) (< portable-net45+win8+wpa81)
      System.Runtime.Extensions (>= 4.3) - restriction: || (&& (< monoandroid) (< monotouch) (< net45) (>= netstandard1.3) (< win8) (< wpa81) (< xamarinios) (< xamarinmac) (< xamarintvos) (< xamarinwatchos)) (< portable-net45+win8+wpa81)
    System.Runtime.Serialization.Primitives (4.3) - restriction: || (&& (< monoandroid) (< monotouch) (< net45) (>= netstandard1.3) (< win8) (< wpa81) (< xamarinios) (< xamarinmac) (< xamarintvos) (< xamarinwatchos)) (&& (< net45) (>= net46)) (>= net461) (>= netcoreapp2.0) (&& (>= netstandard1.3) (< portable-net45+win8+wp8+wpa81))
      System.Resources.ResourceManager (>= 4.3) - restriction: || (&& (< monoandroid) (< monotouch) (< net45) (>= netstandard1.3) (< win8) (< wpa81) (< xamarinios) (< xamarinmac) (< xamarintvos) (< xamarinwatchos)) (< portable-net45+win8+wp8+wpa81)
      System.Runtime (>= 4.3) - restriction: || (&& (< monoandroid) (< monotouch) (< net45) (>= netstandard1.3) (< win8) (< wpa81) (< xamarinios) (< xamarinmac) (< xamarintvos) (< xamarinwatchos)) (&& (< monoandroid) (< net45) (>= netstandard1.0) (< netstandard1.3) (< win8) (< wp8) (< wpa81)) (< portable-net45+win8+wp8+wpa81)
    System.Runtime.Serialization.Xml (4.3) - restriction: && (< net45) (>= netstandard1.3)
      System.IO (>= 4.3) - restriction: || (&& (< monoandroid) (< monotouch) (< net45) (>= netstandard1.3) (< win8) (< wpa81) (< xamarinios) (< xamarinmac) (< xamarintvos) (< xamarinwatchos)) (&& (< monoandroid) (< net45) (>= netstandard1.0) (< netstandard1.3) (< win8) (< wp8) (< wpa81)) (< portable-net45+win8+wp8+wpa81)
      System.Private.DataContractSerialization (>= 4.3) - restriction: || (&& (< monoandroid) (< monotouch) (< net45) (>= netstandard1.3) (< win8) (< wpa81) (< xamarinios) (< xamarinmac) (< xamarintvos) (< xamarinwatchos)) (< portable-net45+win8+wp8+wpa81)
      System.Runtime (>= 4.3) - restriction: || (&& (< monoandroid) (< monotouch) (< net45) (>= netstandard1.3) (< win8) (< wpa81) (< xamarinios) (< xamarinmac) (< xamarintvos) (< xamarinwatchos)) (&& (< monoandroid) (< net45) (>= netstandard1.0) (< netstandard1.3) (< win8) (< wp8) (< wpa81)) (< portable-net45+win8+wp8+wpa81)
      System.Runtime.Serialization.Primitives (>= 4.3) - restriction: || (&& (< monoandroid) (< monotouch) (< net45) (>= netstandard1.3) (< win8) (< wpa81) (< xamarinios) (< xamarinmac) (< xamarintvos) (< xamarinwatchos)) (>= net46) (< portable-net45+win8+wp8+wpa81)
      System.Text.Encoding (>= 4.3) - restriction: || (&& (< monoandroid) (< monotouch) (< net45) (>= netstandard1.3) (< win8) (< wpa81) (< xamarinios) (< xamarinmac) (< xamarintvos) (< xamarinwatchos)) (&& (< monoandroid) (< net45) (>= netstandard1.0) (< netstandard1.3) (< win8) (< wp8) (< wpa81)) (< portable-net45+win8+wp8+wpa81)
      System.Xml.ReaderWriter (>= 4.3) - restriction: || (&& (< monoandroid) (< monotouch) (< net45) (>= netstandard1.3) (< win8) (< wpa81) (< xamarinios) (< xamarinmac) (< xamarintvos) (< xamarinwatchos)) (&& (< monoandroid) (< net45) (>= netstandard1.0) (< netstandard1.3) (< win8) (< wp8) (< wpa81)) (< portable-net45+win8+wp8+wpa81)
    System.Security.AccessControl (4.5) - restriction: || (&& (>= monoandroid) (>= netstandard2.0)) (&& (>= monotouch) (>= netstandard2.0)) (&& (< net45) (>= netstandard2.0)) (>= net461) (>= netcoreapp2.0) (&& (>= netstandard2.0) (>= xamarinios)) (&& (>= netstandard2.0) (>= xamarinmac)) (&& (>= netstandard2.0) (>= xamarintvos)) (&& (>= netstandard2.0) (>= xamarinwatchos))
      Microsoft.NETCore.Platforms (>= 2.0) - restriction: >= netcoreapp2.0
      System.Security.Principal.Windows (>= 4.5) - restriction: || (&& (< net46) (>= netstandard2.0)) (>= net461) (>= netcoreapp2.0)
    System.Security.Cryptography.Algorithms (4.3.1) - restriction: || (&& (< monoandroid) (< net35) (< netstandard1.2) (>= netstandard1.6) (< win8)) (&& (< monoandroid) (< net35) (< netstandard1.3) (>= netstandard1.4) (< win8) (< wpa81)) (&& (< monoandroid) (< net35) (< netstandard1.3) (>= netstandard1.5) (< win8) (< wpa81)) (&& (< monoandroid) (< net35) (< netstandard1.3) (>= netstandard1.6) (< win8) (< wpa81)) (&& (< monoandroid) (< net35) (< netstandard1.4) (>= netstandard1.6) (< win8) (< wpa81)) (&& (< net35) (>= net46) (< netstandard1.3)) (&& (< net35) (>= net46) (< netstandard1.4)) (&& (< net35) (>= netstandard1.3) (< netstandard1.4) (< win8) (< wpa81)) (&& (< net35) (>= netstandard1.4) (< netstandard1.5) (< win8) (< wpa81)) (&& (< net35) (< netstandard1.4) (>= netstandard1.5) (< win8) (< wpa81)) (&& (< net35) (>= netstandard1.5) (< netstandard1.6) (< win8) (< wpa81)) (&& (< net35) (< netstandard1.5) (>= netstandard1.6) (< win8) (< wpa81)) (&& (< net35) (>= netstandard1.6) (< netstandard2.0) (< win8) (< wpa81)) (&& (< net35) (>= netstandard2.0)) (>= net461) (>= netcoreapp2.0) (&& (< netstandard1.3) (>= uap10.0)) (&& (< netstandard1.4) (>= uap10.0)) (&& (< netstandard1.5) (>= netstandard1.6) (>= uap10.0)) (&& (< netstandard1.5) (>= uap10.0) (< uap10.1))
      Microsoft.NETCore.Platforms (>= 1.1) - restriction: || (&& (< monoandroid) (< monotouch) (< net46) (>= netstandard1.6) (< xamarinios) (< xamarinmac) (< xamarintvos) (< xamarinwatchos)) (&& (< monoandroid) (< netstandard1.3))
      runtime.native.System.Security.Cryptography.Apple (>= 4.3.1) - restriction: && (< monoandroid) (< monotouch) (< net46) (>= netstandard1.6) (< xamarinios) (< xamarinmac) (< xamarintvos) (< xamarinwatchos)
      runtime.native.System.Security.Cryptography.OpenSsl (>= 4.3.2) - restriction: && (< monoandroid) (< monotouch) (< net46) (>= netstandard1.6) (< xamarinios) (< xamarinmac) (< xamarintvos) (< xamarinwatchos)
      System.Collections (>= 4.3) - restriction: && (< monoandroid) (< monotouch) (< net46) (>= netstandard1.6) (< xamarinios) (< xamarinmac) (< xamarintvos) (< xamarinwatchos)
      System.IO (>= 4.3) - restriction: || (&& (< monoandroid) (< monotouch) (< net46) (>= netstandard1.6) (< xamarinios) (< xamarinmac) (< xamarintvos) (< xamarinwatchos)) (&& (< monoandroid) (< net46) (>= netstandard1.3) (< netstandard1.4)) (&& (< monoandroid) (< net46) (>= netstandard1.4) (< netstandard1.6)) (&& (< monoandroid) (< netstandard1.3)) (>= net463)
      System.Resources.ResourceManager (>= 4.3) - restriction: || (&& (< monoandroid) (< monotouch) (< net46) (>= netstandard1.6) (< xamarinios) (< xamarinmac) (< xamarintvos) (< xamarinwatchos)) (&& (< monoandroid) (< netstandard1.3))
      System.Runtime (>= 4.3) - restriction: || (&& (< monoandroid) (< monotouch) (< net46) (>= netstandard1.6) (< xamarinios) (< xamarinmac) (< xamarintvos) (< xamarinwatchos)) (&& (< monoandroid) (< net46) (>= netstandard1.3) (< netstandard1.4)) (&& (< monoandroid) (< net46) (>= netstandard1.4) (< netstandard1.6)) (&& (< monoandroid) (< netstandard1.3)) (>= net463)
      System.Runtime.Extensions (>= 4.3) - restriction: || (&& (< monoandroid) (< monotouch) (< net46) (>= netstandard1.6) (< xamarinios) (< xamarinmac) (< xamarintvos) (< xamarinwatchos)) (&& (< monoandroid) (< netstandard1.3))
      System.Runtime.Handles (>= 4.3) - restriction: || (&& (< monoandroid) (< monotouch) (< net46) (>= netstandard1.6) (< xamarinios) (< xamarinmac) (< xamarintvos) (< xamarinwatchos)) (&& (< monoandroid) (< netstandard1.3))
      System.Runtime.InteropServices (>= 4.3) - restriction: || (&& (< monoandroid) (< monotouch) (< net46) (>= netstandard1.6) (< xamarinios) (< xamarinmac) (< xamarintvos) (< xamarinwatchos)) (&& (< monoandroid) (< netstandard1.3))
      System.Runtime.Numerics (>= 4.3) - restriction: && (< monoandroid) (< monotouch) (< net46) (>= netstandard1.6) (< xamarinios) (< xamarinmac) (< xamarintvos) (< xamarinwatchos)
      System.Security.Cryptography.Encoding (>= 4.3) - restriction: || (&& (< monoandroid) (< monotouch) (< net46) (>= netstandard1.6) (< xamarinios) (< xamarinmac) (< xamarintvos) (< xamarinwatchos)) (&& (< monoandroid) (< netstandard1.3)) (>= net463)
      System.Security.Cryptography.Primitives (>= 4.3) - restriction: || (&& (< monoandroid) (< monotouch) (< net46) (>= netstandard1.6) (< xamarinios) (< xamarinmac) (< xamarintvos) (< xamarinwatchos)) (&& (< monoandroid) (< net46) (>= netstandard1.3) (< netstandard1.4)) (&& (< monoandroid) (< net46) (>= netstandard1.4) (< netstandard1.6)) (&& (< monoandroid) (< netstandard1.3)) (&& (>= net46) (< netstandard1.4)) (&& (>= net461) (< netstandard1.6)) (>= net463)
      System.Text.Encoding (>= 4.3) - restriction: || (&& (< monoandroid) (< monotouch) (< net46) (>= netstandard1.6) (< xamarinios) (< xamarinmac) (< xamarintvos) (< xamarinwatchos)) (&& (< monoandroid) (< netstandard1.3))
    System.Security.Cryptography.Cng (4.5) - restriction: || (&& (< monoandroid) (< monotouch) (< net35) (>= netstandard1.6) (< netstandard2.0) (< win8) (< wpa81) (< xamarinios) (< xamarinmac) (< xamarintvos) (< xamarinwatchos)) (&& (< monoandroid) (< net35) (< netstandard1.3) (>= netstandard1.4) (< win8) (< wpa81)) (&& (< monoandroid) (< net35) (< netstandard1.3) (>= netstandard1.5) (< win8) (< wpa81)) (&& (< monoandroid) (< net35) (< netstandard1.3) (>= netstandard1.6) (< win8) (< wpa81)) (&& (< monoandroid) (< net35) (< netstandard1.4) (>= netstandard1.6) (< win8) (< wpa81)) (&& (< monoandroid) (< net35) (< netstandard1.5) (>= netstandard1.6) (< win8) (< wpa81)) (&& (< net35) (>= net46) (< netstandard1.3)) (&& (< net35) (>= net46) (< netstandard1.4) (>= netstandard1.6)) (&& (< netstandard1.3) (>= uap10.0)) (&& (< netstandard1.5) (>= netstandard1.6) (>= uap10.0))
      System.IO (>= 4.3) - restriction: || (&& (< monoandroid) (< monotouch) (< net46) (>= netstandard1.6) (< netstandard2.0) (< xamarinios) (< xamarinmac) (< xamarintvos) (< xamarinwatchos)) (&& (< monoandroid) (< net46) (>= netstandard1.3) (< netstandard1.4)) (&& (< monoandroid) (< net46) (>= netstandard1.4) (< netstandard1.6) (< uap10.1))
      System.Resources.ResourceManager (>= 4.3) - restriction: || (&& (< monoandroid) (< monotouch) (< net46) (>= netstandard1.6) (< netstandard2.0) (< xamarinios) (< xamarinmac) (< xamarintvos) (< xamarinwatchos)) (&& (< monoandroid) (< net46) (>= netstandard1.3) (< netstandard1.4)) (&& (< monoandroid) (< net46) (>= netstandard1.4) (< netstandard1.6) (< uap10.1))
      System.Runtime (>= 4.3) - restriction: || (&& (< monoandroid) (< monotouch) (< net46) (>= netstandard1.6) (< netstandard2.0) (< xamarinios) (< xamarinmac) (< xamarintvos) (< xamarinwatchos)) (&& (< monoandroid) (< net46) (>= netstandard1.3) (< netstandard1.4)) (&& (< monoandroid) (< net46) (>= netstandard1.4) (< netstandard1.6) (< uap10.1))
      System.Runtime.Extensions (>= 4.3) - restriction: || (&& (< monoandroid) (< monotouch) (< net46) (>= netstandard1.6) (< netstandard2.0) (< xamarinios) (< xamarinmac) (< xamarintvos) (< xamarinwatchos)) (&& (< monoandroid) (< net46) (>= netstandard1.4) (< netstandard1.6) (< uap10.1))
      System.Runtime.Handles (>= 4.3) - restriction: || (&& (< monoandroid) (< monotouch) (< net46) (>= netstandard1.6) (< netstandard2.0) (< xamarinios) (< xamarinmac) (< xamarintvos) (< xamarinwatchos)) (&& (< monoandroid) (< net46) (>= netstandard1.3) (< netstandard1.4)) (&& (< monoandroid) (< net46) (>= netstandard1.4) (< netstandard1.6) (< uap10.1))
      System.Runtime.InteropServices (>= 4.3) - restriction: || (&& (< monoandroid) (< monotouch) (< net46) (>= netstandard1.6) (< netstandard2.0) (< xamarinios) (< xamarinmac) (< xamarintvos) (< xamarinwatchos)) (&& (< monoandroid) (< net46) (>= netstandard1.3) (< netstandard1.4)) (&& (< monoandroid) (< net46) (>= netstandard1.4) (< netstandard1.6) (< uap10.1))
      System.Security.Cryptography.Algorithms (>= 4.3) - restriction: || (&& (< monoandroid) (< monotouch) (< net46) (>= netstandard1.6) (< netstandard2.0) (< xamarinios) (< xamarinmac) (< xamarintvos) (< xamarinwatchos)) (&& (< monoandroid) (< net46) (>= netstandard1.3) (< netstandard1.4)) (&& (< monoandroid) (< net46) (>= netstandard1.4) (< netstandard1.6) (< uap10.1)) (&& (>= net46) (< netstandard1.4))
      System.Security.Cryptography.Encoding (>= 4.3) - restriction: || (&& (< monoandroid) (< monotouch) (< net46) (>= netstandard1.6) (< netstandard2.0) (< xamarinios) (< xamarinmac) (< xamarintvos) (< xamarinwatchos)) (&& (< monoandroid) (< net46) (>= netstandard1.4) (< netstandard1.6) (< uap10.1))
      System.Security.Cryptography.Primitives (>= 4.3) - restriction: || (&& (< monoandroid) (< monotouch) (< net46) (>= netstandard1.6) (< netstandard2.0) (< xamarinios) (< xamarinmac) (< xamarintvos) (< xamarinwatchos)) (&& (< monoandroid) (< net46) (>= netstandard1.3) (< netstandard1.4)) (&& (< monoandroid) (< net46) (>= netstandard1.4) (< netstandard1.6) (< uap10.1)) (&& (>= net46) (< netstandard1.4))
      System.Text.Encoding (>= 4.3) - restriction: || (&& (< monoandroid) (< monotouch) (< net46) (>= netstandard1.6) (< netstandard2.0) (< xamarinios) (< xamarinmac) (< xamarintvos) (< xamarinwatchos)) (&& (< monoandroid) (< net46) (>= netstandard1.4) (< netstandard1.6) (< uap10.1))
    System.Security.Cryptography.Csp (4.3) - restriction: || (&& (< monoandroid) (< monotouch) (< net35) (>= netstandard1.6) (< netstandard2.0) (< win8) (< wpa81) (< xamarinios) (< xamarinmac) (< xamarintvos) (< xamarinwatchos)) (&& (< monoandroid) (< net35) (< netstandard1.4) (>= netstandard1.6) (< win8) (< wpa81)) (&& (< monoandroid) (< net35) (< netstandard1.5) (>= netstandard1.6) (< win8) (< wpa81)) (&& (< net35) (>= net46) (< netstandard1.4) (>= netstandard1.6)) (&& (< net35) (>= net461)) (&& (< net35) (>= netstandard2.0)) (&& (< netstandard1.5) (>= netstandard1.6) (>= uap10.0))
      Microsoft.NETCore.Platforms (>= 1.1) - restriction: && (< monoandroid) (< monotouch) (< net46) (>= netstandard1.3) (< xamarinios) (< xamarinmac) (< xamarintvos) (< xamarinwatchos)
      System.IO (>= 4.3) - restriction: && (< monoandroid) (< monotouch) (< net46) (>= netstandard1.3) (< xamarinios) (< xamarinmac) (< xamarintvos) (< xamarinwatchos)
      System.Reflection (>= 4.3) - restriction: && (< monoandroid) (< monotouch) (< net46) (>= netstandard1.3) (< xamarinios) (< xamarinmac) (< xamarintvos) (< xamarinwatchos)
      System.Resources.ResourceManager (>= 4.3) - restriction: && (< monoandroid) (< monotouch) (< net46) (>= netstandard1.3) (< xamarinios) (< xamarinmac) (< xamarintvos) (< xamarinwatchos)
      System.Runtime (>= 4.3) - restriction: && (< monoandroid) (< monotouch) (< net46) (>= netstandard1.3) (< xamarinios) (< xamarinmac) (< xamarintvos) (< xamarinwatchos)
      System.Runtime.Extensions (>= 4.3) - restriction: && (< monoandroid) (< monotouch) (< net46) (>= netstandard1.3) (< xamarinios) (< xamarinmac) (< xamarintvos) (< xamarinwatchos)
      System.Runtime.Handles (>= 4.3) - restriction: && (< monoandroid) (< monotouch) (< net46) (>= netstandard1.3) (< xamarinios) (< xamarinmac) (< xamarintvos) (< xamarinwatchos)
      System.Runtime.InteropServices (>= 4.3) - restriction: && (< monoandroid) (< monotouch) (< net46) (>= netstandard1.3) (< xamarinios) (< xamarinmac) (< xamarintvos) (< xamarinwatchos)
      System.Security.Cryptography.Algorithms (>= 4.3) - restriction: || (&& (< monoandroid) (< monotouch) (>= netstandard1.3) (< xamarinios) (< xamarinmac) (< xamarintvos) (< xamarinwatchos)) (>= net46)
      System.Security.Cryptography.Encoding (>= 4.3) - restriction: && (< monoandroid) (< monotouch) (< net46) (>= netstandard1.3) (< xamarinios) (< xamarinmac) (< xamarintvos) (< xamarinwatchos)
      System.Security.Cryptography.Primitives (>= 4.3) - restriction: || (&& (< monoandroid) (< monotouch) (>= netstandard1.3) (< xamarinios) (< xamarinmac) (< xamarintvos) (< xamarinwatchos)) (>= net46)
      System.Text.Encoding (>= 4.3) - restriction: && (< monoandroid) (< monotouch) (< net46) (>= netstandard1.3) (< xamarinios) (< xamarinmac) (< xamarintvos) (< xamarinwatchos)
      System.Threading (>= 4.3) - restriction: && (< monoandroid) (< monotouch) (< net46) (>= netstandard1.3) (< xamarinios) (< xamarinmac) (< xamarintvos) (< xamarinwatchos)
    System.Security.Cryptography.Encoding (4.3) - restriction: || (&& (< monoandroid) (< net35) (< netstandard1.2) (>= netstandard1.3) (< win8)) (&& (< monoandroid) (< net35) (< netstandard1.2) (>= netstandard1.5) (< win8)) (&& (< monoandroid) (< net35) (< netstandard1.2) (>= netstandard1.6) (< win8)) (&& (< monoandroid) (< net35) (< netstandard1.3) (>= netstandard1.4) (< win8) (< wpa81)) (&& (< monoandroid) (< net35) (< netstandard1.3) (>= netstandard1.5) (< win8) (< wpa81)) (&& (< monoandroid) (< net35) (< netstandard1.3) (>= netstandard1.6) (< win8) (< wpa81)) (&& (< monoandroid) (< net35) (< netstandard1.4) (>= netstandard1.6) (< win8) (< wpa81)) (&& (< net35) (>= net46) (< netstandard1.3)) (&& (< net35) (>= net46) (< netstandard1.4)) (&& (< net35) (>= net463)) (&& (< net35) (>= netstandard1.3) (< netstandard1.4) (< win8) (< wpa81)) (&& (< net35) (>= netstandard1.4) (< netstandard1.5) (< win8) (< wpa81)) (&& (< net35) (< netstandard1.4) (>= netstandard1.5) (< win8) (< wpa81)) (&& (< net35) (>= netstandard1.5) (< netstandard1.6) (< win8) (< wpa81)) (&& (< net35) (< netstandard1.5) (>= netstandard1.6) (< win8) (< wpa81)) (&& (< net35) (>= netstandard1.6) (< netstandard2.0) (< win8) (< wpa81)) (&& (< net35) (>= netstandard2.0)) (>= net461) (>= netcoreapp2.0) (&& (< netstandard1.3) (>= uap10.0)) (&& (< netstandard1.4) (>= uap10.0)) (&& (< netstandard1.5) (>= netstandard1.6) (>= uap10.0)) (&& (< netstandard1.5) (>= uap10.0) (< uap10.1)) (&& (< netstandard1.5) (>= uap10.0) (< win8) (< wpa81))
      Microsoft.NETCore.Platforms (>= 1.1) - restriction: && (< monoandroid) (< monotouch) (< net46) (>= netstandard1.3) (< xamarinios) (< xamarinmac) (< xamarintvos) (< xamarinwatchos)
      runtime.native.System.Security.Cryptography.OpenSsl (>= 4.3) - restriction: && (< monoandroid) (< monotouch) (< net46) (>= netstandard1.3) (< xamarinios) (< xamarinmac) (< xamarintvos) (< xamarinwatchos)
      System.Collections (>= 4.3) - restriction: && (< monoandroid) (< monotouch) (< net46) (>= netstandard1.3) (< xamarinios) (< xamarinmac) (< xamarintvos) (< xamarinwatchos)
      System.Collections.Concurrent (>= 4.3) - restriction: && (< monoandroid) (< monotouch) (< net46) (>= netstandard1.3) (< xamarinios) (< xamarinmac) (< xamarintvos) (< xamarinwatchos)
      System.Linq (>= 4.3) - restriction: && (< monoandroid) (< monotouch) (< net46) (>= netstandard1.3) (< xamarinios) (< xamarinmac) (< xamarintvos) (< xamarinwatchos)
      System.Resources.ResourceManager (>= 4.3) - restriction: && (< monoandroid) (< monotouch) (< net46) (>= netstandard1.3) (< xamarinios) (< xamarinmac) (< xamarintvos) (< xamarinwatchos)
      System.Runtime (>= 4.3) - restriction: && (< monoandroid) (< monotouch) (< net46) (>= netstandard1.3) (< xamarinios) (< xamarinmac) (< xamarintvos) (< xamarinwatchos)
      System.Runtime.Extensions (>= 4.3) - restriction: && (< monoandroid) (< monotouch) (< net46) (>= netstandard1.3) (< xamarinios) (< xamarinmac) (< xamarintvos) (< xamarinwatchos)
      System.Runtime.Handles (>= 4.3) - restriction: && (< monoandroid) (< monotouch) (< net46) (>= netstandard1.3) (< xamarinios) (< xamarinmac) (< xamarintvos) (< xamarinwatchos)
      System.Runtime.InteropServices (>= 4.3) - restriction: && (< monoandroid) (< monotouch) (< net46) (>= netstandard1.3) (< xamarinios) (< xamarinmac) (< xamarintvos) (< xamarinwatchos)
      System.Security.Cryptography.Primitives (>= 4.3) - restriction: && (< monoandroid) (< monotouch) (< net46) (>= netstandard1.3) (< xamarinios) (< xamarinmac) (< xamarintvos) (< xamarinwatchos)
      System.Text.Encoding (>= 4.3) - restriction: && (< monoandroid) (< monotouch) (< net46) (>= netstandard1.3) (< xamarinios) (< xamarinmac) (< xamarintvos) (< xamarinwatchos)
    System.Security.Cryptography.OpenSsl (4.5) - restriction: || (&& (< monoandroid) (< monotouch) (< net35) (>= netstandard1.6) (< netstandard2.0) (< win8) (< wpa81) (< xamarinios) (< xamarinmac) (< xamarintvos) (< xamarinwatchos)) (&& (< monoandroid) (< net35) (< netstandard1.2) (>= netstandard1.6) (< win8)) (&& (< monoandroid) (< net35) (< netstandard1.3) (>= netstandard1.6) (< win8) (< wpa81)) (&& (< monoandroid) (< net35) (< netstandard1.4) (>= netstandard1.6) (< win8) (< wpa81)) (&& (< monoandroid) (< net35) (< netstandard1.5) (>= netstandard1.6) (< win8) (< wpa81)) (&& (< net35) (>= net46) (< netstandard1.4) (>= netstandard1.6)) (&& (< netstandard1.5) (>= netstandard1.6) (>= uap10.0))
      System.Collections (>= 4.3) - restriction: && (>= netstandard1.6) (< netstandard2.0)
      System.IO (>= 4.3) - restriction: && (>= netstandard1.6) (< netstandard2.0)
      System.Resources.ResourceManager (>= 4.3) - restriction: && (>= netstandard1.6) (< netstandard2.0)
      System.Runtime (>= 4.3) - restriction: && (>= netstandard1.6) (< netstandard2.0)
      System.Runtime.Extensions (>= 4.3) - restriction: && (>= netstandard1.6) (< netstandard2.0)
      System.Runtime.Handles (>= 4.3) - restriction: && (>= netstandard1.6) (< netstandard2.0)
      System.Runtime.InteropServices (>= 4.3) - restriction: && (>= netstandard1.6) (< netstandard2.0)
      System.Runtime.Numerics (>= 4.3) - restriction: && (>= netstandard1.6) (< netstandard2.0)
      System.Security.Cryptography.Algorithms (>= 4.3) - restriction: && (>= netstandard1.6) (< netstandard2.0)
      System.Security.Cryptography.Encoding (>= 4.3) - restriction: && (>= netstandard1.6) (< netstandard2.0)
      System.Security.Cryptography.Primitives (>= 4.3) - restriction: && (>= netstandard1.6) (< netstandard2.0)
      System.Text.Encoding (>= 4.3) - restriction: && (>= netstandard1.6) (< netstandard2.0)
    System.Security.Cryptography.Primitives (4.3) - restriction: || (&& (< monoandroid) (< net35) (< netstandard1.2) (>= netstandard1.6) (< win8)) (&& (< monoandroid) (< net35) (< netstandard1.3) (>= netstandard1.6) (< win8) (< wpa81)) (&& (< monoandroid) (< net35) (< netstandard1.4) (>= netstandard1.6) (< win8) (< wpa81)) (&& (< net35) (>= net46) (< netstandard1.4)) (&& (< net35) (>= net461) (< netstandard1.3)) (&& (< net35) (>= net461) (< netstandard1.4)) (&& (< net35) (>= net461) (>= netstandard1.6)) (&& (< net35) (>= net461) (< netstandard1.6)) (&& (< net35) (>= net463)) (&& (< net35) (>= netstandard1.3) (< netstandard1.4) (< win8) (< wpa81)) (&& (< net35) (>= netstandard1.4) (< netstandard1.5) (< win8) (< wpa81)) (&& (< net35) (< netstandard1.4) (>= netstandard1.5) (< win8) (< wpa81)) (&& (< net35) (>= netstandard1.5) (< netstandard1.6) (< win8) (< wpa81)) (&& (< net35) (< netstandard1.5) (>= netstandard1.6) (< win8) (< wpa81)) (&& (< net35) (>= netstandard1.6) (< netstandard2.0) (< win8) (< wpa81)) (&& (< net35) (>= netstandard2.0)) (&& (< netstandard1.5) (>= netstandard1.6) (>= uap10.0)) (&& (< netstandard1.5) (>= uap10.0) (< uap10.1))
      System.Diagnostics.Debug (>= 4.3) - restriction: && (< monoandroid) (< monotouch) (< net46) (>= netstandard1.3) (< xamarinios) (< xamarinmac) (< xamarintvos) (< xamarinwatchos)
      System.Globalization (>= 4.3) - restriction: && (< monoandroid) (< monotouch) (< net46) (>= netstandard1.3) (< xamarinios) (< xamarinmac) (< xamarintvos) (< xamarinwatchos)
      System.IO (>= 4.3) - restriction: && (< monoandroid) (< monotouch) (< net46) (>= netstandard1.3) (< xamarinios) (< xamarinmac) (< xamarintvos) (< xamarinwatchos)
      System.Resources.ResourceManager (>= 4.3) - restriction: && (< monoandroid) (< monotouch) (< net46) (>= netstandard1.3) (< xamarinios) (< xamarinmac) (< xamarintvos) (< xamarinwatchos)
      System.Runtime (>= 4.3) - restriction: && (< monoandroid) (< monotouch) (< net46) (>= netstandard1.3) (< xamarinios) (< xamarinmac) (< xamarintvos) (< xamarinwatchos)
      System.Threading (>= 4.3) - restriction: && (< monoandroid) (< monotouch) (< net46) (>= netstandard1.3) (< xamarinios) (< xamarinmac) (< xamarintvos) (< xamarinwatchos)
      System.Threading.Tasks (>= 4.3) - restriction: && (< monoandroid) (< monotouch) (< net46) (>= netstandard1.3) (< xamarinios) (< xamarinmac) (< xamarintvos) (< xamarinwatchos)
    System.Security.Cryptography.ProtectedData (4.5) - restriction: && (< net45) (>= netstandard2.0)
      System.Memory (>= 4.5) - restriction: && (< net46) (< netcoreapp2.1) (>= netstandard2.0)
    System.Security.Cryptography.X509Certificates (4.3.2) - restriction: || (&& (< monoandroid) (< net35) (< netstandard1.2) (>= netstandard1.3) (< win8)) (&& (< monoandroid) (< net35) (< netstandard1.2) (>= netstandard1.5) (< win8)) (&& (< monoandroid) (< net35) (< netstandard1.2) (>= netstandard1.6) (< win8)) (&& (< monoandroid) (< net35) (< netstandard1.3) (>= netstandard1.5) (< win8) (< wpa81)) (&& (< monoandroid) (< net35) (< netstandard1.3) (>= netstandard1.6) (< win8) (< wpa81)) (&& (< monoandroid) (< net35) (< netstandard1.4) (>= netstandard1.6) (< win8) (< wpa81)) (&& (< net35) (>= net46) (< netstandard1.2)) (&& (< net35) (>= net46) (< netstandard1.3) (>= netstandard1.5)) (&& (< net35) (>= net46) (>= netstandard1.4) (< netstandard1.5)) (&& (< net35) (>= net46) (< netstandard1.4)) (&& (< net35) (>= net46) (>= netstandard1.5) (< netstandard1.6)) (&& (< net35) (>= net46) (< netstandard1.5) (>= netstandard1.6)) (&& (< net35) (>= net46) (>= netstandard1.6) (< netstandard2.0)) (&& (< net35) (>= net46) (< portable-net45+win8+wpa81)) (&& (< net35) (>= netstandard1.3) (< netstandard1.4) (< win8) (< wpa81)) (&& (< net35) (>= netstandard1.3) (< portable-net45+win8+wpa81)) (&& (< net35) (>= netstandard1.4) (< netstandard1.5) (< win8) (< wpa81)) (&& (< net35) (>= netstandard1.4) (< portable-net45+win8+wpa81)) (&& (< net35) (< netstandard1.4) (>= netstandard1.5) (< win8) (< wpa81)) (&& (< net35) (>= netstandard1.5) (< netstandard1.6) (< win8) (< wpa81)) (&& (< net35) (>= netstandard1.5) (< portable-net45+win8+wpa81)) (&& (< net35) (< netstandard1.5) (>= netstandard1.6) (< win8) (< wpa81)) (&& (< net35) (>= netstandard1.6) (< netstandard2.0) (< win8) (< wpa81)) (&& (< net35) (>= netstandard1.6) (< portable-net45+win8+wpa81)) (&& (>= net46) (< netstandard1.5) (>= uap10.0)) (>= net461) (>= netcoreapp2.0) (&& (< netstandard1.5) (>= netstandard1.6) (>= uap10.0)) (&& (< netstandard1.5) (>= uap10.0) (< uap10.1)) (&& (< netstandard1.5) (>= uap10.0) (< win8) (< wpa81)) (&& (< portable-net45+win8+wpa81) (>= uap10.0))
      Microsoft.NETCore.Platforms (>= 1.1) - restriction: || (&& (< monoandroid) (< monotouch) (< net46) (>= netstandard1.6) (< xamarinios) (< xamarinmac) (< xamarintvos) (< xamarinwatchos)) (&& (< monoandroid) (< netstandard1.3))
      runtime.native.System (>= 4.3) - restriction: && (< monoandroid) (< monotouch) (< net46) (>= netstandard1.6) (< xamarinios) (< xamarinmac) (< xamarintvos) (< xamarinwatchos)
      runtime.native.System.Net.Http (>= 4.3) - restriction: && (< monoandroid) (< monotouch) (< net46) (>= netstandard1.6) (< xamarinios) (< xamarinmac) (< xamarintvos) (< xamarinwatchos)
      runtime.native.System.Security.Cryptography.OpenSsl (>= 4.3.2) - restriction: && (< monoandroid) (< monotouch) (< net46) (>= netstandard1.6) (< xamarinios) (< xamarinmac) (< xamarintvos) (< xamarinwatchos)
      System.Collections (>= 4.3) - restriction: || (&& (< monoandroid) (< monotouch) (< net46) (>= netstandard1.6) (< xamarinios) (< xamarinmac) (< xamarintvos) (< xamarinwatchos)) (&& (< monoandroid) (< netstandard1.3))
      System.Diagnostics.Debug (>= 4.3) - restriction: && (< monoandroid) (< monotouch) (< net46) (>= netstandard1.6) (< xamarinios) (< xamarinmac) (< xamarintvos) (< xamarinwatchos)
      System.Globalization (>= 4.3) - restriction: || (&& (< monoandroid) (< monotouch) (< net46) (>= netstandard1.6) (< xamarinios) (< xamarinmac) (< xamarintvos) (< xamarinwatchos)) (&& (< monoandroid) (< netstandard1.3))
      System.Globalization.Calendars (>= 4.3) - restriction: || (&& (< monoandroid) (< monotouch) (< net46) (>= netstandard1.6) (< xamarinios) (< xamarinmac) (< xamarintvos) (< xamarinwatchos)) (&& (< monoandroid) (< netstandard1.3))
      System.IO (>= 4.3) - restriction: || (&& (< monoandroid) (< monotouch) (< net46) (>= netstandard1.6) (< xamarinios) (< xamarinmac) (< xamarintvos) (< xamarinwatchos)) (&& (< monoandroid) (< netstandard1.3))
      System.IO.FileSystem (>= 4.3) - restriction: || (&& (< monoandroid) (< monotouch) (< net46) (>= netstandard1.6) (< xamarinios) (< xamarinmac) (< xamarintvos) (< xamarinwatchos)) (&& (< monoandroid) (< netstandard1.3))
      System.IO.FileSystem.Primitives (>= 4.3) - restriction: && (< monoandroid) (< monotouch) (< net46) (>= netstandard1.6) (< xamarinios) (< xamarinmac) (< xamarintvos) (< xamarinwatchos)
      System.Resources.ResourceManager (>= 4.3) - restriction: || (&& (< monoandroid) (< monotouch) (< net46) (>= netstandard1.6) (< xamarinios) (< xamarinmac) (< xamarintvos) (< xamarinwatchos)) (&& (< monoandroid) (< netstandard1.3))
      System.Runtime (>= 4.3) - restriction: || (&& (< monoandroid) (< monotouch) (< net46) (>= netstandard1.6) (< xamarinios) (< xamarinmac) (< xamarintvos) (< xamarinwatchos)) (&& (< monoandroid) (< net46) (>= netstandard1.3) (< netstandard1.4)) (&& (< monoandroid) (< net46) (>= netstandard1.4) (< netstandard1.6)) (&& (< monoandroid) (< netstandard1.3))
      System.Runtime.Extensions (>= 4.3) - restriction: || (&& (< monoandroid) (< monotouch) (< net46) (>= netstandard1.6) (< xamarinios) (< xamarinmac) (< xamarintvos) (< xamarinwatchos)) (&& (< monoandroid) (< netstandard1.3))
      System.Runtime.Handles (>= 4.3) - restriction: || (&& (< monoandroid) (< monotouch) (< net46) (>= netstandard1.6) (< xamarinios) (< xamarinmac) (< xamarintvos) (< xamarinwatchos)) (&& (< monoandroid) (< net46) (>= netstandard1.3) (< netstandard1.4)) (&& (< monoandroid) (< net46) (>= netstandard1.4) (< netstandard1.6)) (&& (< monoandroid) (< netstandard1.3))
      System.Runtime.InteropServices (>= 4.3) - restriction: || (&& (< monoandroid) (< monotouch) (< net46) (>= netstandard1.6) (< xamarinios) (< xamarinmac) (< xamarintvos) (< xamarinwatchos)) (&& (< monoandroid) (< netstandard1.3))
      System.Runtime.Numerics (>= 4.3) - restriction: || (&& (< monoandroid) (< monotouch) (< net46) (>= netstandard1.6) (< xamarinios) (< xamarinmac) (< xamarintvos) (< xamarinwatchos)) (&& (< monoandroid) (< netstandard1.3))
      System.Security.Cryptography.Algorithms (>= 4.3) - restriction: || (&& (< monoandroid) (< monotouch) (< net46) (>= netstandard1.6) (< xamarinios) (< xamarinmac) (< xamarintvos) (< xamarinwatchos)) (&& (< monoandroid) (< net46) (>= netstandard1.3) (< netstandard1.4)) (&& (< monoandroid) (< net46) (>= netstandard1.4) (< netstandard1.6)) (&& (< monoandroid) (< netstandard1.3)) (&& (>= net46) (< netstandard1.4)) (>= net461)
      System.Security.Cryptography.Cng (>= 4.3) - restriction: || (&& (< monoandroid) (< monotouch) (< net46) (>= netstandard1.6) (< xamarinios) (< xamarinmac) (< xamarintvos) (< xamarinwatchos)) (&& (< monoandroid) (< netstandard1.3))
      System.Security.Cryptography.Csp (>= 4.3) - restriction: && (< monoandroid) (< monotouch) (< net46) (>= netstandard1.6) (< xamarinios) (< xamarinmac) (< xamarintvos) (< xamarinwatchos)
      System.Security.Cryptography.Encoding (>= 4.3) - restriction: || (&& (< monoandroid) (< monotouch) (< net46) (>= netstandard1.6) (< xamarinios) (< xamarinmac) (< xamarintvos) (< xamarinwatchos)) (&& (< monoandroid) (< net46) (>= netstandard1.3) (< netstandard1.4)) (&& (< monoandroid) (< net46) (>= netstandard1.4) (< netstandard1.6)) (&& (< monoandroid) (< netstandard1.3)) (&& (>= net46) (< netstandard1.4)) (>= net461)
      System.Security.Cryptography.OpenSsl (>= 4.3) - restriction: && (< monoandroid) (< monotouch) (< net46) (>= netstandard1.6) (< xamarinios) (< xamarinmac) (< xamarintvos) (< xamarinwatchos)
      System.Security.Cryptography.Primitives (>= 4.3) - restriction: || (&& (< monoandroid) (< monotouch) (< net46) (>= netstandard1.6) (< xamarinios) (< xamarinmac) (< xamarintvos) (< xamarinwatchos)) (&& (< monoandroid) (< netstandard1.3))
      System.Text.Encoding (>= 4.3) - restriction: || (&& (< monoandroid) (< monotouch) (< net46) (>= netstandard1.6) (< xamarinios) (< xamarinmac) (< xamarintvos) (< xamarinwatchos)) (&& (< monoandroid) (< netstandard1.3))
      System.Threading (>= 4.3) - restriction: || (&& (< monoandroid) (< monotouch) (< net46) (>= netstandard1.6) (< xamarinios) (< xamarinmac) (< xamarintvos) (< xamarinwatchos)) (&& (< monoandroid) (< netstandard1.3))
    System.Security.Permissions (4.5) - restriction: || (&& (>= monoandroid) (>= netstandard2.0)) (&& (>= monotouch) (>= netstandard2.0)) (&& (< net45) (>= netstandard2.0)) (&& (>= netstandard2.0) (>= xamarinios)) (&& (>= netstandard2.0) (>= xamarinmac)) (&& (>= netstandard2.0) (>= xamarintvos)) (&& (>= netstandard2.0) (>= xamarinwatchos))
      System.Security.AccessControl (>= 4.5) - restriction: || (>= net461) (>= netstandard2.0)
    System.Security.Principal.Windows (4.5) - restriction: || (>= net461) (>= netcoreapp2.0)
      Microsoft.NETCore.Platforms (>= 2.0) - restriction: >= netcoreapp2.0
    System.Text.Encoding (4.3) - restriction: || (&& (< monoandroid) (< monotouch) (< net35) (>= netstandard1.5) (< xamarinios) (< xamarinmac) (< xamarintvos) (< xamarinwatchos)) (&& (< monoandroid) (< monotouch) (< net45) (>= netstandard1.3) (< win8) (< wpa81) (< xamarinios) (< xamarinmac) (< xamarintvos) (< xamarinwatchos)) (&& (< monoandroid) (< net35) (< netstandard1.2) (>= netstandard1.6) (< win8)) (&& (< monoandroid) (< net35) (>= netstandard1.3) (< netstandard1.5)) (&& (< monoandroid) (< net35) (< netstandard1.3) (>= netstandard1.4) (< win8) (< wpa81)) (&& (< monoandroid) (< net35) (< netstandard1.3) (>= netstandard1.6) (< win8) (< wpa81)) (&& (< monoandroid) (< net35) (< netstandard1.4) (>= netstandard1.6) (< win8) (< wpa81)) (&& (< net35) (>= net46) (< netstandard1.3)) (&& (< net35) (>= net46) (< netstandard1.4)) (&& (< net35) (>= net46) (< portable-net45+win8+wpa81)) (&& (< net35) (< netstandard1.2) (>= netstandard1.3) (< win8)) (&& (< net35) (< netstandard1.2) (>= netstandard1.5) (< win8)) (&& (< net35) (>= netstandard1.3) (< netstandard1.4) (< win8) (< wpa81)) (&& (< net35) (>= netstandard1.3) (< portable-net45+win8+wpa81)) (&& (< net35) (< netstandard1.3) (>= netstandard1.5) (< win8) (< wpa81)) (&& (< net35) (>= netstandard1.4) (< netstandard1.5) (< win8) (< wpa81)) (&& (< net35) (>= netstandard1.4) (< portable-net45+win8+wpa81)) (&& (< net35) (< netstandard1.4) (>= netstandard1.5) (< win8) (< wpa81)) (&& (< net35) (>= netstandard1.5) (< netstandard1.6) (< win8) (< wpa81)) (&& (< net35) (>= netstandard1.5) (< portable-net45+win8+wpa81)) (&& (< net35) (< netstandard1.5) (>= netstandard1.6) (< win8) (< wpa81)) (&& (< net35) (>= netstandard1.6) (< netstandard2.0) (< win8) (< wpa81)) (&& (< net35) (>= netstandard1.6) (< portable-net45+win8+wpa81)) (&& (< net45) (>= netstandard2.0) (< win8) (< wpa81)) (&& (< net46) (>= netstandard2.0)) (>= net461) (>= netcoreapp2.0) (&& (>= netstandard1.3) (< portable-net45+win8+wp8+wpa81)) (&& (< netstandard1.3) (>= netstandard2.0)) (&& (< netstandard1.3) (>= uap10.0)) (&& (< netstandard1.5) (>= netstandard1.6) (>= uap10.0)) (&& (< netstandard1.5) (>= uap10.0) (< uap10.1)) (&& (< netstandard1.5) (>= uap10.0) (< win8) (< wpa81)) (&& (>= netstandard2.0) (< portable-net45+win8+wp8+wpa81)) (&& (< portable-net45+win8+wpa81) (>= uap10.0))
      Microsoft.NETCore.Platforms (>= 1.1) - restriction: || (&& (< monoandroid) (< monotouch) (< net45) (>= netstandard1.3) (< win8) (< wpa81) (< xamarinios) (< xamarinmac) (< xamarintvos) (< xamarinwatchos)) (&& (< monoandroid) (< net45) (>= netstandard1.0) (< netstandard1.3) (< win8) (< wp8) (< wpa81)) (< portable-net45+win8+wp8+wpa81)
      Microsoft.NETCore.Targets (>= 1.1) - restriction: || (&& (< monoandroid) (< monotouch) (< net45) (>= netstandard1.3) (< win8) (< wpa81) (< xamarinios) (< xamarinmac) (< xamarintvos) (< xamarinwatchos)) (&& (< monoandroid) (< net45) (>= netstandard1.0) (< netstandard1.3) (< win8) (< wp8) (< wpa81)) (< portable-net45+win8+wp8+wpa81)
      System.Runtime (>= 4.3) - restriction: || (&& (< monoandroid) (< monotouch) (< net45) (>= netstandard1.3) (< win8) (< wpa81) (< xamarinios) (< xamarinmac) (< xamarintvos) (< xamarinwatchos)) (&& (< monoandroid) (< net45) (>= netstandard1.0) (< netstandard1.3) (< win8) (< wp8) (< wpa81)) (< portable-net45+win8+wp8+wpa81)
    System.Text.Encoding.CodePages (4.5) - restriction: || (>= net461) (>= netcoreapp2.0)
      Microsoft.NETCore.Platforms (>= 2.0) - restriction: >= netcoreapp2.0
      System.Runtime.CompilerServices.Unsafe (>= 4.5) - restriction: || (&& (< net46) (>= netstandard2.0)) (>= net461) (>= netcoreapp2.0)
    System.Text.Encoding.Extensions (4.3) - restriction: || (&& (< monoandroid) (< monotouch) (< net45) (>= netstandard1.3) (< win8) (< wpa81) (< xamarinios) (< xamarinmac) (< xamarintvos) (< xamarinwatchos)) (&& (< net35) (>= net46) (< netstandard1.4)) (&& (< net35) (>= net46) (< portable-net45+win8+wp8+wpa81)) (&& (< net35) (< netstandard1.2) (>= netstandard1.3) (< win8)) (&& (< net35) (< netstandard1.2) (>= netstandard1.5) (< win8)) (&& (< net35) (>= netstandard1.3) (< netstandard1.4) (< win8) (< wpa81)) (&& (< net35) (>= netstandard1.3) (< portable-net45+win8+wpa81)) (&& (< net35) (< netstandard1.3) (>= netstandard1.5) (< win8) (< wpa81)) (&& (< net35) (>= netstandard1.4) (< netstandard1.5) (< win8) (< wpa81)) (&& (< net35) (>= netstandard1.4) (< portable-net45+win8+wp8+wpa81)) (&& (< net35) (< netstandard1.4) (>= netstandard1.5) (< win8) (< wpa81)) (&& (< net35) (>= netstandard1.5) (< netstandard1.6) (< win8) (< wpa81)) (&& (< net35) (>= netstandard1.5) (< portable-net45+win8+wp8+wpa81)) (&& (< net35) (>= netstandard1.5) (< portable-net45+win8+wpa81)) (&& (< net35) (< netstandard1.5) (>= netstandard1.6) (< win8) (< wpa81)) (&& (< net35) (>= netstandard1.6) (< netstandard2.0) (< win8) (< wpa81)) (&& (< net35) (>= netstandard1.6) (< portable-net45+win8+wp8+wpa81)) (>= net461) (>= netcoreapp2.0) (&& (>= netstandard1.3) (< portable-net45+win8+wp8+wpa81)) (&& (< netstandard1.5) (>= uap10.0) (< uap10.1)) (&& (< netstandard1.5) (>= uap10.0) (< win8) (< wpa81)) (&& (< portable-net45+win8+wp8+wpa81) (>= uap10.0))
      Microsoft.NETCore.Platforms (>= 1.1) - restriction: || (&& (< monoandroid) (< monotouch) (< net45) (>= netstandard1.3) (< win8) (< wpa81) (< xamarinios) (< xamarinmac) (< xamarintvos) (< xamarinwatchos)) (&& (< monoandroid) (< net45) (>= netstandard1.0) (< netstandard1.3) (< win8) (< wp8) (< wpa81)) (< portable-net45+win8+wp8+wpa81)
      Microsoft.NETCore.Targets (>= 1.1) - restriction: || (&& (< monoandroid) (< monotouch) (< net45) (>= netstandard1.3) (< win8) (< wpa81) (< xamarinios) (< xamarinmac) (< xamarintvos) (< xamarinwatchos)) (&& (< monoandroid) (< net45) (>= netstandard1.0) (< netstandard1.3) (< win8) (< wp8) (< wpa81)) (< portable-net45+win8+wp8+wpa81)
      System.Runtime (>= 4.3) - restriction: || (&& (< monoandroid) (< monotouch) (< net45) (>= netstandard1.3) (< win8) (< wpa81) (< xamarinios) (< xamarinmac) (< xamarintvos) (< xamarinwatchos)) (&& (< monoandroid) (< net45) (>= netstandard1.0) (< netstandard1.3) (< win8) (< wp8) (< wpa81)) (< portable-net45+win8+wp8+wpa81)
      System.Text.Encoding (>= 4.3) - restriction: || (&& (< monoandroid) (< monotouch) (< net45) (>= netstandard1.3) (< win8) (< wpa81) (< xamarinios) (< xamarinmac) (< xamarintvos) (< xamarinwatchos)) (&& (< monoandroid) (< net45) (>= netstandard1.0) (< netstandard1.3) (< win8) (< wp8) (< wpa81)) (< portable-net45+win8+wp8+wpa81)
    System.Text.RegularExpressions (4.3) - restriction: || (&& (< monoandroid) (< monotouch) (< net45) (>= netstandard1.3) (< win8) (< wpa81) (< xamarinios) (< xamarinmac) (< xamarintvos) (< xamarinwatchos)) (&& (< net35) (>= net46) (< netstandard1.4)) (&& (< net35) (>= net46) (< portable-net45+win8+wp8+wpa81)) (&& (< net35) (< netstandard1.2) (>= netstandard1.3) (< win8)) (&& (< net35) (< netstandard1.2) (>= netstandard1.5) (< win8)) (&& (< net35) (>= netstandard1.3) (< netstandard1.4) (< win8) (< wpa81)) (&& (< net35) (>= netstandard1.3) (< portable-net45+win8+wpa81)) (&& (< net35) (< netstandard1.3) (>= netstandard1.5) (< win8) (< wpa81)) (&& (< net35) (>= netstandard1.4) (< netstandard1.5) (< win8) (< wpa81)) (&& (< net35) (>= netstandard1.4) (< portable-net45+win8+wp8+wpa81)) (&& (< net35) (< netstandard1.4) (>= netstandard1.5) (< win8) (< wpa81)) (&& (< net35) (>= netstandard1.5) (< netstandard1.6) (< win8) (< wpa81)) (&& (< net35) (>= netstandard1.5) (< portable-net45+win8+wp8+wpa81)) (&& (< net35) (>= netstandard1.5) (< portable-net45+win8+wpa81)) (&& (< net35) (< netstandard1.5) (>= netstandard1.6) (< win8) (< wpa81)) (&& (< net35) (>= netstandard1.6) (< netstandard2.0) (< win8) (< wpa81)) (&& (< net35) (>= netstandard1.6) (< portable-net45+win8+wp8+wpa81)) (&& (< net45) (>= net461)) (&& (>= net461) (< portable-net45+win8+wp8+wpa81)) (>= netcoreapp2.0) (&& (>= netstandard1.3) (< portable-net45+win8+wp8+wpa81)) (&& (< netstandard1.5) (>= uap10.0) (< uap10.1)) (&& (< netstandard1.5) (>= uap10.0) (< win8) (< wpa81)) (&& (< portable-net45+win8+wp8+wpa81) (>= uap10.0))
      System.Collections (>= 4.3) - restriction: || (&& (< monoandroid) (< monotouch) (< net45) (< netcoreapp1.1) (>= netstandard1.6) (< xamarinios) (< xamarinmac) (< xamarintvos) (< xamarinwatchos)) (< portable-net45+win8+wp8+wpa81)
      System.Globalization (>= 4.3) - restriction: || (&& (< monoandroid) (< monotouch) (< net45) (< netcoreapp1.1) (>= netstandard1.6) (< xamarinios) (< xamarinmac) (< xamarintvos) (< xamarinwatchos)) (< portable-net45+win8+wp8+wpa81)
      System.Resources.ResourceManager (>= 4.3) - restriction: || (&& (< monoandroid) (< monotouch) (< net45) (< netcoreapp1.1) (>= netstandard1.6) (< xamarinios) (< xamarinmac) (< xamarintvos) (< xamarinwatchos)) (< portable-net45+win8+wp8+wpa81)
      System.Runtime (>= 4.3) - restriction: || (&& (< monoandroid) (< monotouch) (< net45) (>= netstandard1.6) (< xamarinios) (< xamarinmac) (< xamarintvos) (< xamarinwatchos)) (&& (< monoandroid) (< net45) (>= netstandard1.0) (< netstandard1.3) (< win8) (< wp8) (< wpa81)) (&& (< monoandroid) (< net45) (>= netstandard1.3) (< netstandard1.6) (< win8) (< wpa81)) (>= netcoreapp1.1) (< portable-net45+win8+wp8+wpa81)
      System.Runtime.Extensions (>= 4.3) - restriction: || (&& (< monoandroid) (< monotouch) (< net45) (< netcoreapp1.1) (>= netstandard1.6) (< xamarinios) (< xamarinmac) (< xamarintvos) (< xamarinwatchos)) (< portable-net45+win8+wp8+wpa81)
      System.Threading (>= 4.3) - restriction: || (&& (< monoandroid) (< monotouch) (< net45) (< netcoreapp1.1) (>= netstandard1.6) (< xamarinios) (< xamarinmac) (< xamarintvos) (< xamarinwatchos)) (< portable-net45+win8+wp8+wpa81)
    System.Threading (4.3) - restriction: || (&& (< monoandroid) (< monotouch) (< net35) (>= netstandard1.5) (< xamarinios) (< xamarinmac) (< xamarintvos) (< xamarinwatchos)) (&& (< monoandroid) (< net35) (< netstandard1.2) (>= netstandard1.6) (< win8)) (&& (< monoandroid) (< net35) (>= netstandard1.3) (< netstandard1.5)) (&& (< monoandroid) (< net35) (< netstandard1.3) (>= netstandard1.6) (< win8) (< wpa81)) (&& (< monoandroid) (< net35) (< netstandard1.4) (>= netstandard1.6) (< win8) (< wpa81)) (&& (< net35) (>= net46) (< netstandard1.4)) (&& (< net35) (>= net46) (< portable-net45+win8+wpa81)) (&& (< net35) (< netstandard1.2) (>= netstandard1.3) (< win8)) (&& (< net35) (< netstandard1.2) (>= netstandard1.5) (< win8)) (&& (< net35) (>= netstandard1.3) (< netstandard1.4) (< win8) (< wpa81)) (&& (< net35) (>= netstandard1.3) (< portable-net45+win8+wp8+wpa81)) (&& (< net35) (>= netstandard1.3) (< portable-net45+win8+wpa81)) (&& (< net35) (< netstandard1.3) (>= netstandard1.5) (< win8) (< wpa81)) (&& (< net35) (>= netstandard1.4) (< netstandard1.5) (< win8) (< wpa81)) (&& (< net35) (>= netstandard1.4) (< portable-net45+win8+wp8+wpa81)) (&& (< net35) (>= netstandard1.4) (< portable-net45+win8+wpa81)) (&& (< net35) (< netstandard1.4) (>= netstandard1.5) (< win8) (< wpa81)) (&& (< net35) (>= netstandard1.5) (< netstandard1.6) (< win8) (< wpa81)) (&& (< net35) (>= netstandard1.5) (< portable-net45+win8+wp8+wpa81)) (&& (< net35) (>= netstandard1.5) (< portable-net45+win8+wpa81)) (&& (< net35) (< netstandard1.5) (>= netstandard1.6) (< win8) (< wpa81)) (&& (< net35) (>= netstandard1.6) (< netstandard2.0) (< win8) (< wpa81)) (&& (< net35) (>= netstandard1.6) (< portable-net45+win8+wp8+wpa81)) (&& (< net35) (>= netstandard1.6) (< portable-net45+win8+wpa81)) (&& (< net35) (>= netstandard2.0)) (>= net461) (>= netcoreapp2.0) (&& (< netstandard1.5) (>= netstandard1.6) (>= uap10.0)) (&& (< netstandard1.5) (>= uap10.0) (< uap10.1)) (&& (< netstandard1.5) (>= uap10.0) (< win8) (< wpa81)) (&& (< portable-net45+win8+wp8+wpa81) (>= uap10.0)) (&& (< portable-net45+win8+wpa81) (>= uap10.0))
      System.Runtime (>= 4.3) - restriction: || (&& (< monoandroid) (< monotouch) (< net45) (>= netstandard1.3) (< win8) (< wpa81) (< xamarinios) (< xamarinmac) (< xamarintvos) (< xamarinwatchos)) (&& (< monoandroid) (< net45) (>= netstandard1.0) (< netstandard1.3) (< win8) (< wp8) (< wpa81)) (< portable-net45+win8+wp8+wpa81)
      System.Threading.Tasks (>= 4.3) - restriction: || (&& (< monoandroid) (< monotouch) (< net45) (>= netstandard1.3) (< win8) (< wpa81) (< xamarinios) (< xamarinmac) (< xamarintvos) (< xamarinwatchos)) (&& (< monoandroid) (< net45) (>= netstandard1.0) (< netstandard1.3) (< win8) (< wp8) (< wpa81)) (< portable-net45+win8+wp8+wpa81)
    System.Threading.Tasks (4.3) - restriction: || (&& (< monoandroid) (< monotouch) (< net45) (>= netstandard1.3) (< win8) (< wpa81) (< xamarinios) (< xamarinmac) (< xamarintvos) (< xamarinwatchos)) (&& (< monoandroid) (< net35) (< netstandard1.2) (>= netstandard1.6) (< win8)) (&& (< monoandroid) (< net35) (< netstandard1.3) (>= netstandard1.4) (< win8) (< wpa81)) (&& (< monoandroid) (< net35) (< netstandard1.3) (>= netstandard1.6) (< win8) (< wpa81)) (&& (< monoandroid) (< net35) (< netstandard1.4) (>= netstandard1.6) (< win8) (< wpa81)) (&& (< net35) (>= net46) (< netstandard1.3)) (&& (< net35) (>= net46) (< netstandard1.4)) (&& (< net35) (>= net46) (< portable-net45+win8+wpa81)) (&& (< net35) (< netstandard1.2) (>= netstandard1.3) (< win8)) (&& (< net35) (< netstandard1.2) (>= netstandard1.5) (< win8)) (&& (< net35) (>= netstandard1.3) (< netstandard1.4) (< win8) (< wpa81)) (&& (< net35) (>= netstandard1.3) (< portable-net45+win8+wpa81)) (&& (< net35) (< netstandard1.3) (>= netstandard1.5) (< win8) (< wpa81)) (&& (< net35) (>= netstandard1.4) (< netstandard1.5) (< win8) (< wpa81)) (&& (< net35) (>= netstandard1.4) (< portable-net45+win8+wpa81)) (&& (< net35) (< netstandard1.4) (>= netstandard1.5) (< win8) (< wpa81)) (&& (< net35) (>= netstandard1.5) (< netstandard1.6) (< win8) (< wpa81)) (&& (< net35) (>= netstandard1.5) (< portable-net45+win8+wpa81)) (&& (< net35) (< netstandard1.5) (>= netstandard1.6) (< win8) (< wpa81)) (&& (< net35) (>= netstandard1.6) (< netstandard2.0) (< win8) (< wpa81)) (&& (< net35) (>= netstandard1.6) (< portable-net45+win8+wpa81)) (&& (< net45) (>= netstandard2.0) (< win8) (< wpa81)) (&& (< net46) (>= netstandard2.0)) (>= net461) (>= netcoreapp2.0) (&& (>= netstandard1.3) (< portable-net45+win8+wp8+wpa81)) (&& (< netstandard1.3) (>= netstandard2.0)) (&& (< netstandard1.3) (>= uap10.0) (< win8) (< wpa81)) (&& (< netstandard1.5) (>= netstandard1.6) (>= uap10.0)) (&& (< netstandard1.5) (>= uap10.0) (< uap10.1)) (&& (< netstandard1.5) (>= uap10.0) (< win8) (< wpa81)) (&& (>= netstandard2.0) (< portable-net45+win8+wp8+wpa81)) (&& (< portable-net45+win8+wpa81) (>= uap10.0))
      Microsoft.NETCore.Platforms (>= 1.1) - restriction: || (&& (< monoandroid) (< monotouch) (< net45) (>= netstandard1.3) (< win8) (< wpa81) (< xamarinios) (< xamarinmac) (< xamarintvos) (< xamarinwatchos)) (&& (< monoandroid) (< net45) (>= netstandard1.0) (< netstandard1.3) (< win8) (< wp8) (< wpa81)) (< portable-net45+win8+wp8+wpa81)
      Microsoft.NETCore.Targets (>= 1.1) - restriction: || (&& (< monoandroid) (< monotouch) (< net45) (>= netstandard1.3) (< win8) (< wpa81) (< xamarinios) (< xamarinmac) (< xamarintvos) (< xamarinwatchos)) (&& (< monoandroid) (< net45) (>= netstandard1.0) (< netstandard1.3) (< win8) (< wp8) (< wpa81)) (< portable-net45+win8+wp8+wpa81)
      System.Runtime (>= 4.3) - restriction: || (&& (< monoandroid) (< monotouch) (< net45) (>= netstandard1.3) (< win8) (< wpa81) (< xamarinios) (< xamarinmac) (< xamarintvos) (< xamarinwatchos)) (&& (< monoandroid) (< net45) (>= netstandard1.0) (< netstandard1.3) (< win8) (< wp8) (< wpa81)) (< portable-net45+win8+wp8+wpa81)
    System.Threading.Tasks.Extensions (4.5.1) - restriction: || (&& (< monoandroid) (< monotouch) (< net35) (>= netstandard1.6) (< netstandard2.0) (< win8) (< wpa81) (< xamarinios) (< xamarinmac) (< xamarintvos) (< xamarinwatchos)) (&& (< monoandroid) (< net35) (< netstandard1.2) (>= netstandard1.3) (< win8)) (&& (< monoandroid) (< net35) (< netstandard1.2) (>= netstandard1.5) (< win8)) (&& (< monoandroid) (< net35) (>= netstandard1.3) (< netstandard1.4) (< win8) (< wpa81)) (&& (< monoandroid) (< net35) (< netstandard1.3) (>= netstandard1.5) (< win8) (< wpa81)) (&& (< monoandroid) (< net35) (>= netstandard1.4) (< netstandard1.5) (< win8) (< wpa81)) (&& (< monoandroid) (< net35) (< netstandard1.4) (>= netstandard1.5) (< win8) (< wpa81)) (&& (< monoandroid) (< net35) (>= netstandard1.5) (< netstandard1.6) (< win8) (< wpa81)) (&& (< monoandroid) (< net35) (< netstandard1.5) (>= netstandard1.6) (< win8) (< wpa81)) (&& (< net35) (>= net46) (< netstandard1.4)) (&& (< net35) (>= net46) (< portable-net45+win8+wp8+wpa81)) (&& (< net35) (>= netstandard1.3) (< portable-net45+win8+wp8+wpa81)) (&& (< net35) (>= netstandard1.3) (< portable-net45+win8+wpa81)) (&& (< net35) (>= netstandard1.4) (< portable-net45+win8+wp8+wpa81)) (&& (< net35) (>= netstandard1.5) (< portable-net45+win8+wp8+wpa81)) (&& (< net35) (>= netstandard1.5) (< portable-net45+win8+wpa81)) (&& (< net35) (>= netstandard1.6) (< portable-net45+win8+wp8+wpa81)) (>= net461) (>= netcoreapp2.0) (&& (< netstandard1.5) (>= uap10.0) (< win8) (< wpa81)) (&& (< portable-net45+win8+wp8+wpa81) (>= uap10.0))
      System.Runtime.CompilerServices.Unsafe (>= 4.5) - restriction: || (&& (< monoandroid) (< monotouch) (>= netstandard1.0) (< netstandard2.0) (< win8) (< wpa81) (< xamarinios) (< xamarinmac) (< xamarintvos) (< xamarinwatchos)) (&& (< monoandroid) (< netstandard1.0) (>= portable-net45+win8+wp8+wpa81) (< win8)) (>= net45) (&& (< netcoreapp2.1) (>= netstandard2.0)) (&& (< netstandard1.0) (>= win8)) (&& (< netstandard2.0) (>= wpa81)) (>= wp8)
    System.Threading.Tasks.Parallel (4.3) - restriction: || (>= net461) (>= netcoreapp2.0)
      System.Collections.Concurrent (>= 4.3) - restriction: || (&& (< monoandroid) (< monotouch) (< net45) (>= netstandard1.3) (< win8) (< wpa81) (< xamarinios) (< xamarinmac) (< xamarintvos) (< xamarinwatchos)) (&& (< monoandroid) (< net45) (>= netstandard1.1) (< netstandard1.3) (< win8) (< wpa81)) (< portable-net45+win8+wpa81)
      System.Diagnostics.Debug (>= 4.3) - restriction: || (&& (< monoandroid) (< monotouch) (< net45) (>= netstandard1.3) (< win8) (< wpa81) (< xamarinios) (< xamarinmac) (< xamarintvos) (< xamarinwatchos)) (< portable-net45+win8+wpa81)
      System.Diagnostics.Tracing (>= 4.3) - restriction: || (&& (< monoandroid) (< monotouch) (< net45) (>= netstandard1.3) (< win8) (< wpa81) (< xamarinios) (< xamarinmac) (< xamarintvos) (< xamarinwatchos)) (< portable-net45+win8+wpa81)
      System.Resources.ResourceManager (>= 4.3) - restriction: || (&& (< monoandroid) (< monotouch) (< net45) (>= netstandard1.3) (< win8) (< wpa81) (< xamarinios) (< xamarinmac) (< xamarintvos) (< xamarinwatchos)) (< portable-net45+win8+wpa81)
      System.Runtime (>= 4.3) - restriction: || (&& (< monoandroid) (< monotouch) (< net45) (>= netstandard1.3) (< win8) (< wpa81) (< xamarinios) (< xamarinmac) (< xamarintvos) (< xamarinwatchos)) (&& (< monoandroid) (< net45) (>= netstandard1.1) (< netstandard1.3) (< win8) (< wpa81)) (< portable-net45+win8+wpa81)
      System.Runtime.Extensions (>= 4.3) - restriction: || (&& (< monoandroid) (< monotouch) (< net45) (>= netstandard1.3) (< win8) (< wpa81) (< xamarinios) (< xamarinmac) (< xamarintvos) (< xamarinwatchos)) (< portable-net45+win8+wpa81)
      System.Threading (>= 4.3) - restriction: || (&& (< monoandroid) (< monotouch) (< net45) (>= netstandard1.3) (< win8) (< wpa81) (< xamarinios) (< xamarinmac) (< xamarintvos) (< xamarinwatchos)) (< portable-net45+win8+wpa81)
      System.Threading.Tasks (>= 4.3) - restriction: || (&& (< monoandroid) (< monotouch) (< net45) (>= netstandard1.3) (< win8) (< wpa81) (< xamarinios) (< xamarinmac) (< xamarintvos) (< xamarinwatchos)) (&& (< monoandroid) (< net45) (>= netstandard1.1) (< netstandard1.3) (< win8) (< wpa81)) (< portable-net45+win8+wpa81)
    System.Threading.Thread (4.3) - restriction: || (>= net461) (>= netcoreapp2.0)
      System.Runtime (>= 4.3) - restriction: && (< monoandroid) (< monotouch) (< net46) (>= netstandard1.3) (< xamarinios) (< xamarinmac) (< xamarintvos) (< xamarinwatchos)
    System.Threading.Timer (4.3) - restriction: || (&& (< net35) (>= netstandard1.3) (< netstandard1.4) (< win8) (< wpa81)) (&& (< net35) (< netstandard1.3) (>= netstandard1.5) (< win8) (< wpa81)) (&& (< net35) (>= netstandard1.4) (< netstandard1.5) (< win8) (< wpa81)) (&& (< net35) (< netstandard1.4) (>= netstandard1.5) (< win8) (< wpa81)) (&& (< net35) (>= netstandard1.5) (< netstandard1.6) (< win8) (< wpa81)) (&& (< net35) (< netstandard1.5) (>= netstandard1.6) (< win8) (< wpa81)) (&& (< net35) (>= netstandard1.6) (< netstandard2.0) (< win8) (< wpa81)) (&& (< netstandard1.5) (>= uap10.0) (< uap10.1))
      Microsoft.NETCore.Platforms (>= 1.1) - restriction: || (&& (< monoandroid) (< monotouch) (< net451) (>= netstandard1.2) (< win81) (< wpa81) (< xamarinios) (< xamarinmac) (< xamarintvos) (< xamarinwatchos)) (< portable-net451+win81+wpa81)
      Microsoft.NETCore.Targets (>= 1.1) - restriction: || (&& (< monoandroid) (< monotouch) (< net451) (>= netstandard1.2) (< win81) (< wpa81) (< xamarinios) (< xamarinmac) (< xamarintvos) (< xamarinwatchos)) (< portable-net451+win81+wpa81)
      System.Runtime (>= 4.3) - restriction: || (&& (< monoandroid) (< monotouch) (< net451) (>= netstandard1.2) (< win81) (< wpa81) (< xamarinios) (< xamarinmac) (< xamarintvos) (< xamarinwatchos)) (< portable-net451+win81+wpa81)
    System.ValueTuple (4.5) - restriction: || (&& (< net452) (>= netstandard2.0)) (>= net461) (>= netcoreapp2.0)
    System.Xml.ReaderWriter (4.3.1) - restriction: || (&& (< monoandroid) (< monotouch) (< net35) (>= netstandard1.5) (< xamarinios) (< xamarinmac) (< xamarintvos) (< xamarinwatchos)) (&& (< monoandroid) (< monotouch) (< net45) (>= netstandard1.3) (< win8) (< wpa81) (< xamarinios) (< xamarinmac) (< xamarintvos) (< xamarinwatchos)) (&& (< monoandroid) (< net35) (>= netstandard1.3) (< netstandard1.5)) (&& (< monoandroid) (< net35) (< netstandard1.3) (>= netstandard1.4) (< win8) (< wpa81)) (&& (< monoandroid) (< net35) (< netstandard1.3) (>= netstandard1.6) (< win8) (< wpa81)) (&& (< net35) (>= net46) (< netstandard1.4)) (&& (< net35) (< netstandard1.2) (>= netstandard1.3) (< win8)) (&& (< net35) (< netstandard1.2) (>= netstandard1.5) (< win8)) (&& (< net35) (>= netstandard1.3) (< netstandard1.4) (< win8) (< wpa81)) (&& (< net35) (>= netstandard1.3) (< portable-net45+win8+wpa81)) (&& (< net35) (< netstandard1.3) (>= netstandard1.5) (< win8) (< wpa81)) (&& (< net35) (>= netstandard1.4) (< netstandard1.5) (< win8) (< wpa81)) (&& (< net35) (>= netstandard1.4) (< portable-net45+win8+wp8+wpa81)) (&& (< net35) (< netstandard1.4) (>= netstandard1.5) (< win8) (< wpa81)) (&& (< net35) (>= netstandard1.5) (< netstandard1.6) (< win8) (< wpa81)) (&& (< net35) (>= netstandard1.5) (< portable-net45+win8+wp8+wpa81)) (&& (< net35) (>= netstandard1.5) (< portable-net45+win8+wpa81)) (&& (< net35) (< netstandard1.5) (>= netstandard1.6) (< win8) (< wpa81)) (&& (< net35) (>= netstandard1.6) (< netstandard2.0) (< win8) (< wpa81)) (&& (< net35) (>= netstandard1.6) (< portable-net45+win8+wp8+wpa81)) (>= net461) (>= netcoreapp2.0) (&& (>= netstandard1.3) (< portable-net45+win8+wp8+wpa81)) (&& (< netstandard1.3) (>= uap10.0) (< win8) (< wpa81)) (&& (< netstandard1.5) (>= uap10.0) (< uap10.1)) (&& (< netstandard1.5) (>= uap10.0) (< win8) (< wpa81)) (&& (< portable-net45+win8+wp8+wpa81) (>= uap10.0))
      System.Collections (>= 4.3) - restriction: || (&& (< monoandroid) (< monotouch) (< net45) (>= netstandard1.3) (< win8) (< wpa81) (< xamarinios) (< xamarinmac) (< xamarintvos) (< xamarinwatchos)) (< portable-net45+win8+wp8+wpa81)
      System.Diagnostics.Debug (>= 4.3) - restriction: || (&& (< monoandroid) (< monotouch) (< net45) (>= netstandard1.3) (< win8) (< wpa81) (< xamarinios) (< xamarinmac) (< xamarintvos) (< xamarinwatchos)) (< portable-net45+win8+wp8+wpa81)
      System.Globalization (>= 4.3) - restriction: || (&& (< monoandroid) (< monotouch) (< net45) (>= netstandard1.3) (< win8) (< wpa81) (< xamarinios) (< xamarinmac) (< xamarintvos) (< xamarinwatchos)) (< portable-net45+win8+wp8+wpa81)
      System.IO (>= 4.3) - restriction: || (&& (< monoandroid) (< monotouch) (< net45) (>= netstandard1.3) (< win8) (< wpa81) (< xamarinios) (< xamarinmac) (< xamarintvos) (< xamarinwatchos)) (&& (< monoandroid) (< net45) (>= netstandard1.0) (< netstandard1.3) (< win8) (< wp8) (< wpa81)) (< portable-net45+win8+wp8+wpa81)
      System.IO.FileSystem (>= 4.3) - restriction: || (&& (< monoandroid) (< monotouch) (< net45) (>= netstandard1.3) (< win8) (< wpa81) (< xamarinios) (< xamarinmac) (< xamarintvos) (< xamarinwatchos)) (< portable-net45+win8+wp8+wpa81)
      System.IO.FileSystem.Primitives (>= 4.3) - restriction: || (&& (< monoandroid) (< monotouch) (< net45) (>= netstandard1.3) (< win8) (< wpa81) (< xamarinios) (< xamarinmac) (< xamarintvos) (< xamarinwatchos)) (< portable-net45+win8+wp8+wpa81)
      System.Resources.ResourceManager (>= 4.3) - restriction: || (&& (< monoandroid) (< monotouch) (< net45) (>= netstandard1.3) (< win8) (< wpa81) (< xamarinios) (< xamarinmac) (< xamarintvos) (< xamarinwatchos)) (< portable-net45+win8+wp8+wpa81)
      System.Runtime (>= 4.3) - restriction: || (&& (< monoandroid) (< monotouch) (< net45) (>= netstandard1.3) (< win8) (< wpa81) (< xamarinios) (< xamarinmac) (< xamarintvos) (< xamarinwatchos)) (&& (< monoandroid) (< net45) (>= netstandard1.0) (< netstandard1.3) (< win8) (< wp8) (< wpa81)) (< portable-net45+win8+wp8+wpa81)
      System.Runtime.Extensions (>= 4.3) - restriction: || (&& (< monoandroid) (< monotouch) (< net45) (>= netstandard1.3) (< win8) (< wpa81) (< xamarinios) (< xamarinmac) (< xamarintvos) (< xamarinwatchos)) (< portable-net45+win8+wp8+wpa81)
      System.Runtime.InteropServices (>= 4.3) - restriction: || (&& (< monoandroid) (< monotouch) (< net45) (>= netstandard1.3) (< win8) (< wpa81) (< xamarinios) (< xamarinmac) (< xamarintvos) (< xamarinwatchos)) (< portable-net45+win8+wp8+wpa81)
      System.Text.Encoding (>= 4.3) - restriction: || (&& (< monoandroid) (< monotouch) (< net45) (>= netstandard1.3) (< win8) (< wpa81) (< xamarinios) (< xamarinmac) (< xamarintvos) (< xamarinwatchos)) (&& (< monoandroid) (< net45) (>= netstandard1.0) (< netstandard1.3) (< win8) (< wp8) (< wpa81)) (< portable-net45+win8+wp8+wpa81)
      System.Text.Encoding.Extensions (>= 4.3) - restriction: || (&& (< monoandroid) (< monotouch) (< net45) (>= netstandard1.3) (< win8) (< wpa81) (< xamarinios) (< xamarinmac) (< xamarintvos) (< xamarinwatchos)) (< portable-net45+win8+wp8+wpa81)
      System.Text.RegularExpressions (>= 4.3) - restriction: || (&& (< monoandroid) (< monotouch) (< net45) (>= netstandard1.3) (< win8) (< wpa81) (< xamarinios) (< xamarinmac) (< xamarintvos) (< xamarinwatchos)) (< portable-net45+win8+wp8+wpa81)
      System.Threading.Tasks (>= 4.3) - restriction: || (&& (< monoandroid) (< monotouch) (< net45) (>= netstandard1.3) (< win8) (< wpa81) (< xamarinios) (< xamarinmac) (< xamarintvos) (< xamarinwatchos)) (&& (< monoandroid) (< net45) (>= netstandard1.0) (< netstandard1.3) (< win8) (< wp8) (< wpa81)) (< portable-net45+win8+wp8+wpa81)
      System.Threading.Tasks.Extensions (>= 4.3) - restriction: || (&& (< monoandroid) (< monotouch) (< net45) (>= netstandard1.3) (< win8) (< wpa81) (< xamarinios) (< xamarinmac) (< xamarintvos) (< xamarinwatchos)) (< portable-net45+win8+wp8+wpa81)
    System.Xml.XDocument (4.3) - restriction: || (&& (< monoandroid) (< monotouch) (< net45) (>= netstandard1.3) (< win8) (< wpa81) (< xamarinios) (< xamarinmac) (< xamarintvos) (< xamarinwatchos)) (&& (< net35) (< netstandard1.2) (>= netstandard1.3) (< win8)) (&& (< net35) (< netstandard1.2) (>= netstandard1.5) (< win8)) (&& (< net35) (>= netstandard1.3) (< netstandard1.4) (< win8) (< wpa81)) (&& (< net35) (>= netstandard1.3) (< portable-net45+win8+wpa81)) (&& (< net35) (< netstandard1.3) (>= netstandard1.5) (< win8) (< wpa81)) (&& (< net35) (>= netstandard1.4) (< netstandard1.5) (< win8) (< wpa81)) (&& (< net35) (< netstandard1.4) (>= netstandard1.5) (< win8) (< wpa81)) (&& (< net35) (>= netstandard1.5) (< netstandard1.6) (< win8) (< wpa81)) (&& (< net35) (>= netstandard1.5) (< portable-net45+win8+wpa81)) (&& (< net35) (< netstandard1.5) (>= netstandard1.6) (< win8) (< wpa81)) (&& (< net35) (>= netstandard1.6) (< netstandard2.0) (< win8) (< wpa81)) (>= net461) (>= netcoreapp2.0) (&& (>= netstandard1.3) (< portable-net45+win8+wp8+wpa81)) (&& (< netstandard1.5) (>= uap10.0) (< uap10.1))
      System.Collections (>= 4.3) - restriction: || (&& (< monoandroid) (< monotouch) (< net45) (>= netstandard1.3) (< win8) (< wpa81) (< xamarinios) (< xamarinmac) (< xamarintvos) (< xamarinwatchos)) (< portable-net45+win8+wp8+wpa81)
      System.Diagnostics.Debug (>= 4.3) - restriction: || (&& (< monoandroid) (< monotouch) (< net45) (>= netstandard1.3) (< win8) (< wpa81) (< xamarinios) (< xamarinmac) (< xamarintvos) (< xamarinwatchos)) (< portable-net45+win8+wp8+wpa81)
      System.Diagnostics.Tools (>= 4.3) - restriction: || (&& (< monoandroid) (< monotouch) (< net45) (>= netstandard1.3) (< win8) (< wpa81) (< xamarinios) (< xamarinmac) (< xamarintvos) (< xamarinwatchos)) (< portable-net45+win8+wp8+wpa81)
      System.Globalization (>= 4.3) - restriction: || (&& (< monoandroid) (< monotouch) (< net45) (>= netstandard1.3) (< win8) (< wpa81) (< xamarinios) (< xamarinmac) (< xamarintvos) (< xamarinwatchos)) (< portable-net45+win8+wp8+wpa81)
      System.IO (>= 4.3) - restriction: || (&& (< monoandroid) (< monotouch) (< net45) (>= netstandard1.3) (< win8) (< wpa81) (< xamarinios) (< xamarinmac) (< xamarintvos) (< xamarinwatchos)) (&& (< monoandroid) (< net45) (>= netstandard1.0) (< netstandard1.3) (< win8) (< wp8) (< wpa81)) (< portable-net45+win8+wp8+wpa81)
      System.Reflection (>= 4.3) - restriction: || (&& (< monoandroid) (< monotouch) (< net45) (>= netstandard1.3) (< win8) (< wpa81) (< xamarinios) (< xamarinmac) (< xamarintvos) (< xamarinwatchos)) (< portable-net45+win8+wp8+wpa81)
      System.Resources.ResourceManager (>= 4.3) - restriction: || (&& (< monoandroid) (< monotouch) (< net45) (>= netstandard1.3) (< win8) (< wpa81) (< xamarinios) (< xamarinmac) (< xamarintvos) (< xamarinwatchos)) (< portable-net45+win8+wp8+wpa81)
      System.Runtime (>= 4.3) - restriction: || (&& (< monoandroid) (< monotouch) (< net45) (>= netstandard1.3) (< win8) (< wpa81) (< xamarinios) (< xamarinmac) (< xamarintvos) (< xamarinwatchos)) (&& (< monoandroid) (< net45) (>= netstandard1.0) (< netstandard1.3) (< win8) (< wp8) (< wpa81)) (< portable-net45+win8+wp8+wpa81)
      System.Runtime.Extensions (>= 4.3) - restriction: || (&& (< monoandroid) (< monotouch) (< net45) (>= netstandard1.3) (< win8) (< wpa81) (< xamarinios) (< xamarinmac) (< xamarintvos) (< xamarinwatchos)) (< portable-net45+win8+wp8+wpa81)
      System.Text.Encoding (>= 4.3) - restriction: || (&& (< monoandroid) (< monotouch) (< net45) (>= netstandard1.3) (< win8) (< wpa81) (< xamarinios) (< xamarinmac) (< xamarintvos) (< xamarinwatchos)) (< portable-net45+win8+wp8+wpa81)
      System.Threading (>= 4.3) - restriction: || (&& (< monoandroid) (< monotouch) (< net45) (>= netstandard1.3) (< win8) (< wpa81) (< xamarinios) (< xamarinmac) (< xamarintvos) (< xamarinwatchos)) (< portable-net45+win8+wp8+wpa81)
      System.Xml.ReaderWriter (>= 4.3) - restriction: || (&& (< monoandroid) (< monotouch) (< net45) (>= netstandard1.3) (< win8) (< wpa81) (< xamarinios) (< xamarinmac) (< xamarintvos) (< xamarinwatchos)) (&& (< monoandroid) (< net45) (>= netstandard1.0) (< netstandard1.3) (< win8) (< wp8) (< wpa81)) (< portable-net45+win8+wp8+wpa81)
    System.Xml.XmlDocument (4.3) - restriction: || (&& (< monoandroid) (< monotouch) (< net45) (>= netstandard1.3) (< win8) (< wpa81) (< xamarinios) (< xamarinmac) (< xamarintvos) (< xamarinwatchos)) (&& (< net35) (>= netstandard1.3) (< netstandard1.5)) (&& (< net35) (>= netstandard1.5)) (&& (< net45) (>= net46)) (&& (>= net46) (< portable-net45+win8+wp8+wpa81)) (>= net461) (>= netcoreapp2.0) (&& (>= netstandard1.3) (< portable-net45+win8+wp8+wpa81))
      System.Collections (>= 4.3) - restriction: && (< monoandroid) (< monotouch) (< net46) (>= netstandard1.3) (< xamarinios) (< xamarinmac) (< xamarintvos) (< xamarinwatchos)
      System.Diagnostics.Debug (>= 4.3) - restriction: && (< monoandroid) (< monotouch) (< net46) (>= netstandard1.3) (< xamarinios) (< xamarinmac) (< xamarintvos) (< xamarinwatchos)
      System.Globalization (>= 4.3) - restriction: && (< monoandroid) (< monotouch) (< net46) (>= netstandard1.3) (< xamarinios) (< xamarinmac) (< xamarintvos) (< xamarinwatchos)
      System.IO (>= 4.3) - restriction: && (< monoandroid) (< monotouch) (< net46) (>= netstandard1.3) (< xamarinios) (< xamarinmac) (< xamarintvos) (< xamarinwatchos)
      System.Resources.ResourceManager (>= 4.3) - restriction: && (< monoandroid) (< monotouch) (< net46) (>= netstandard1.3) (< xamarinios) (< xamarinmac) (< xamarintvos) (< xamarinwatchos)
      System.Runtime (>= 4.3) - restriction: && (< monoandroid) (< monotouch) (< net46) (>= netstandard1.3) (< xamarinios) (< xamarinmac) (< xamarintvos) (< xamarinwatchos)
      System.Runtime.Extensions (>= 4.3) - restriction: && (< monoandroid) (< monotouch) (< net46) (>= netstandard1.3) (< xamarinios) (< xamarinmac) (< xamarintvos) (< xamarinwatchos)
      System.Text.Encoding (>= 4.3) - restriction: && (< monoandroid) (< monotouch) (< net46) (>= netstandard1.3) (< xamarinios) (< xamarinmac) (< xamarintvos) (< xamarinwatchos)
      System.Threading (>= 4.3) - restriction: && (< monoandroid) (< monotouch) (< net46) (>= netstandard1.3) (< xamarinios) (< xamarinmac) (< xamarintvos) (< xamarinwatchos)
      System.Xml.ReaderWriter (>= 4.3) - restriction: && (< monoandroid) (< monotouch) (< net46) (>= netstandard1.3) (< xamarinios) (< xamarinmac) (< xamarintvos) (< xamarinwatchos)
    System.Xml.XmlSerializer (4.3) - restriction: || (&& (< monoandroid) (< monotouch) (< net45) (>= netstandard1.3) (< win8) (< wpa81) (< xamarinios) (< xamarinmac) (< xamarintvos) (< xamarinwatchos)) (>= net461) (>= netcoreapp2.0) (&& (>= netstandard1.3) (< portable-net45+win8+wp8+wpa81))
      System.Collections (>= 4.3) - restriction: || (&& (< monoandroid) (< monotouch) (< net45) (>= netstandard1.3) (< win8) (< wpa81) (< xamarinios) (< xamarinmac) (< xamarintvos) (< xamarinwatchos)) (< portable-net45+win8+wp8+wpa81)
      System.Globalization (>= 4.3) - restriction: || (&& (< monoandroid) (< monotouch) (< net45) (>= netstandard1.3) (< win8) (< wpa81) (< xamarinios) (< xamarinmac) (< xamarintvos) (< xamarinwatchos)) (< portable-net45+win8+wp8+wpa81)
      System.IO (>= 4.3) - restriction: || (&& (< monoandroid) (< monotouch) (< net45) (>= netstandard1.3) (< win8) (< wpa81) (< xamarinios) (< xamarinmac) (< xamarintvos) (< xamarinwatchos)) (&& (< monoandroid) (< net45) (>= netstandard1.0) (< netstandard1.3) (< win8) (< wp8) (< wpa81)) (< portable-net45+win8+wp8+wpa81)
      System.Linq (>= 4.3) - restriction: || (&& (< monoandroid) (< monotouch) (< net45) (>= netstandard1.3) (< win8) (< wpa81) (< xamarinios) (< xamarinmac) (< xamarintvos) (< xamarinwatchos)) (< portable-net45+win8+wp8+wpa81)
      System.Reflection (>= 4.3) - restriction: || (&& (< monoandroid) (< monotouch) (< net45) (>= netstandard1.3) (< win8) (< wpa81) (< xamarinios) (< xamarinmac) (< xamarintvos) (< xamarinwatchos)) (< portable-net45+win8+wp8+wpa81)
      System.Reflection.Emit (>= 4.3) - restriction: || (&& (< monoandroid) (< monotouch) (< net45) (>= netstandard1.3) (< win8) (< wpa81) (< xamarinios) (< xamarinmac) (< xamarintvos) (< xamarinwatchos)) (< portable-net45+win8+wp8+wpa81)
      System.Reflection.Emit.ILGeneration (>= 4.3) - restriction: || (&& (< monoandroid) (< monotouch) (< net45) (>= netstandard1.3) (< win8) (< wpa81) (< xamarinios) (< xamarinmac) (< xamarintvos) (< xamarinwatchos)) (< portable-net45+win8+wp8+wpa81)
      System.Reflection.Extensions (>= 4.3) - restriction: || (&& (< monoandroid) (< monotouch) (< net45) (>= netstandard1.3) (< win8) (< wpa81) (< xamarinios) (< xamarinmac) (< xamarintvos) (< xamarinwatchos)) (< portable-net45+win8+wp8+wpa81)
      System.Reflection.Primitives (>= 4.3) - restriction: || (&& (< monoandroid) (< monotouch) (< net45) (>= netstandard1.3) (< win8) (< wpa81) (< xamarinios) (< xamarinmac) (< xamarintvos) (< xamarinwatchos)) (< portable-net45+win8+wp8+wpa81)
      System.Reflection.TypeExtensions (>= 4.3) - restriction: || (&& (< monoandroid) (< monotouch) (< net45) (>= netstandard1.3) (< win8) (< wpa81) (< xamarinios) (< xamarinmac) (< xamarintvos) (< xamarinwatchos)) (< portable-net45+win8+wp8+wpa81)
      System.Resources.ResourceManager (>= 4.3) - restriction: || (&& (< monoandroid) (< monotouch) (< net45) (>= netstandard1.3) (< win8) (< wpa81) (< xamarinios) (< xamarinmac) (< xamarintvos) (< xamarinwatchos)) (< portable-net45+win8+wp8+wpa81)
      System.Runtime (>= 4.3) - restriction: || (&& (< monoandroid) (< monotouch) (< net45) (>= netstandard1.3) (< win8) (< wpa81) (< xamarinios) (< xamarinmac) (< xamarintvos) (< xamarinwatchos)) (&& (< monoandroid) (< net45) (>= netstandard1.0) (< netstandard1.3) (< win8) (< wp8) (< wpa81)) (< portable-net45+win8+wp8+wpa81)
      System.Runtime.Extensions (>= 4.3) - restriction: || (&& (< monoandroid) (< monotouch) (< net45) (>= netstandard1.3) (< win8) (< wpa81) (< xamarinios) (< xamarinmac) (< xamarintvos) (< xamarinwatchos)) (< portable-net45+win8+wp8+wpa81)
      System.Text.RegularExpressions (>= 4.3) - restriction: || (&& (< monoandroid) (< monotouch) (< net45) (>= netstandard1.3) (< win8) (< wpa81) (< xamarinios) (< xamarinmac) (< xamarintvos) (< xamarinwatchos)) (< portable-net45+win8+wp8+wpa81)
      System.Threading (>= 4.3) - restriction: || (&& (< monoandroid) (< monotouch) (< net45) (>= netstandard1.3) (< win8) (< wpa81) (< xamarinios) (< xamarinmac) (< xamarintvos) (< xamarinwatchos)) (< portable-net45+win8+wp8+wpa81)
      System.Xml.ReaderWriter (>= 4.3) - restriction: || (&& (< monoandroid) (< monotouch) (< net45) (>= netstandard1.3) (< win8) (< wpa81) (< xamarinios) (< xamarinmac) (< xamarintvos) (< xamarinwatchos)) (&& (< monoandroid) (< net45) (>= netstandard1.0) (< netstandard1.3) (< win8) (< wp8) (< wpa81)) (< portable-net45+win8+wp8+wpa81)
      System.Xml.XmlDocument (>= 4.3) - restriction: || (&& (< monoandroid) (< monotouch) (< net45) (>= netstandard1.3) (< win8) (< wpa81) (< xamarinios) (< xamarinmac) (< xamarintvos) (< xamarinwatchos)) (< portable-net45+win8+wp8+wpa81)
    System.Xml.XPath (4.3) - restriction: || (>= net461) (>= netcoreapp2.0)
      System.Collections (>= 4.3) - restriction: && (< monoandroid) (< monotouch) (< net46) (>= netstandard1.3) (< xamarinios) (< xamarinmac) (< xamarintvos) (< xamarinwatchos)
      System.Diagnostics.Debug (>= 4.3) - restriction: && (< monoandroid) (< monotouch) (< net46) (>= netstandard1.3) (< xamarinios) (< xamarinmac) (< xamarintvos) (< xamarinwatchos)
      System.Globalization (>= 4.3) - restriction: && (< monoandroid) (< monotouch) (< net46) (>= netstandard1.3) (< xamarinios) (< xamarinmac) (< xamarintvos) (< xamarinwatchos)
      System.IO (>= 4.3) - restriction: && (< monoandroid) (< monotouch) (< net46) (>= netstandard1.3) (< xamarinios) (< xamarinmac) (< xamarintvos) (< xamarinwatchos)
      System.Resources.ResourceManager (>= 4.3) - restriction: && (< monoandroid) (< monotouch) (< net46) (>= netstandard1.3) (< xamarinios) (< xamarinmac) (< xamarintvos) (< xamarinwatchos)
      System.Runtime (>= 4.3) - restriction: && (< monoandroid) (< monotouch) (< net46) (>= netstandard1.3) (< xamarinios) (< xamarinmac) (< xamarintvos) (< xamarinwatchos)
      System.Runtime.Extensions (>= 4.3) - restriction: && (< monoandroid) (< monotouch) (< net46) (>= netstandard1.3) (< xamarinios) (< xamarinmac) (< xamarintvos) (< xamarinwatchos)
      System.Threading (>= 4.3) - restriction: && (< monoandroid) (< monotouch) (< net46) (>= netstandard1.3) (< xamarinios) (< xamarinmac) (< xamarintvos) (< xamarinwatchos)
      System.Xml.ReaderWriter (>= 4.3) - restriction: && (< monoandroid) (< monotouch) (< net46) (>= netstandard1.3) (< xamarinios) (< xamarinmac) (< xamarintvos) (< xamarinwatchos)
    System.Xml.XPath.XDocument (4.3) - restriction: || (>= net461) (>= netcoreapp2.0)
      System.Diagnostics.Debug (>= 4.3) - restriction: && (< monoandroid) (< monotouch) (< net46) (>= netstandard1.3) (< xamarinios) (< xamarinmac) (< xamarintvos) (< xamarinwatchos)
      System.Linq (>= 4.3) - restriction: && (< monoandroid) (< monotouch) (< net46) (>= netstandard1.3) (< xamarinios) (< xamarinmac) (< xamarintvos) (< xamarinwatchos)
      System.Resources.ResourceManager (>= 4.3) - restriction: && (< monoandroid) (< monotouch) (< net46) (>= netstandard1.3) (< xamarinios) (< xamarinmac) (< xamarintvos) (< xamarinwatchos)
      System.Runtime (>= 4.3) - restriction: && (< monoandroid) (< monotouch) (< net46) (>= netstandard1.3) (< xamarinios) (< xamarinmac) (< xamarintvos) (< xamarinwatchos)
      System.Runtime.Extensions (>= 4.3) - restriction: && (< monoandroid) (< monotouch) (< net46) (>= netstandard1.3) (< xamarinios) (< xamarinmac) (< xamarintvos) (< xamarinwatchos)
      System.Threading (>= 4.3) - restriction: && (< monoandroid) (< monotouch) (< net46) (>= netstandard1.3) (< xamarinios) (< xamarinmac) (< xamarintvos) (< xamarinwatchos)
      System.Xml.ReaderWriter (>= 4.3) - restriction: && (< monoandroid) (< monotouch) (< net46) (>= netstandard1.3) (< xamarinios) (< xamarinmac) (< xamarintvos) (< xamarinwatchos)
      System.Xml.XDocument (>= 4.3) - restriction: && (< monoandroid) (< monotouch) (< net46) (>= netstandard1.3) (< xamarinios) (< xamarinmac) (< xamarintvos) (< xamarinwatchos)
      System.Xml.XPath (>= 4.3) - restriction: || (&& (< monoandroid) (< monotouch) (>= netstandard1.3) (< xamarinios) (< xamarinmac) (< xamarintvos) (< xamarinwatchos)) (>= net46)
    System.Xml.XPath.XmlDocument (4.3) - restriction: || (>= net461) (>= netcoreapp2.0)
      System.Collections (>= 4.3) - restriction: && (< monoandroid) (< monotouch) (< net46) (>= netstandard1.3) (< xamarinios) (< xamarinmac) (< xamarintvos) (< xamarinwatchos)
      System.Globalization (>= 4.3) - restriction: && (< monoandroid) (< monotouch) (< net46) (>= netstandard1.3) (< xamarinios) (< xamarinmac) (< xamarintvos) (< xamarinwatchos)
      System.IO (>= 4.3) - restriction: && (< monoandroid) (< monotouch) (< net46) (>= netstandard1.3) (< xamarinios) (< xamarinmac) (< xamarintvos) (< xamarinwatchos)
      System.Resources.ResourceManager (>= 4.3) - restriction: && (< monoandroid) (< monotouch) (< net46) (>= netstandard1.3) (< xamarinios) (< xamarinmac) (< xamarintvos) (< xamarinwatchos)
      System.Runtime (>= 4.3) - restriction: && (< monoandroid) (< monotouch) (< net46) (>= netstandard1.3) (< xamarinios) (< xamarinmac) (< xamarintvos) (< xamarinwatchos)
      System.Runtime.Extensions (>= 4.3) - restriction: && (< monoandroid) (< monotouch) (< net46) (>= netstandard1.3) (< xamarinios) (< xamarinmac) (< xamarintvos) (< xamarinwatchos)
      System.Threading (>= 4.3) - restriction: && (< monoandroid) (< monotouch) (< net46) (>= netstandard1.3) (< xamarinios) (< xamarinmac) (< xamarintvos) (< xamarinwatchos)
      System.Xml.ReaderWriter (>= 4.3) - restriction: && (< monoandroid) (< monotouch) (< net46) (>= netstandard1.3) (< xamarinios) (< xamarinmac) (< xamarintvos) (< xamarinwatchos)
      System.Xml.XmlDocument (>= 4.3) - restriction: || (&& (< monoandroid) (< monotouch) (>= netstandard1.3) (< xamarinios) (< xamarinmac) (< xamarintvos) (< xamarinwatchos)) (>= net46)
      System.Xml.XPath (>= 4.3) - restriction: || (&& (< monoandroid) (< monotouch) (>= netstandard1.3) (< xamarinios) (< xamarinmac) (< xamarintvos) (< xamarinwatchos)) (>= net46)
